{
  "bids_meta": {
    "AcquisitionMatrixPE": 232,
    "AcquisitionNumber": 1,
    "AcquisitionTime": "14:16:41.975000",
    "BaseResolution": 256,
    "BodyPartExamined": "BRAIN",
    "ConsistencyInfo": "N4_VE11C_LATEST_20160120",
    "ConversionSoftware": "dcm2niix",
    "ConversionSoftwareVersion": "v1.0.20181114  Clang4.0.1",
    "DeviceSerialNumber": "67007",
    "DwellTime": 8.2e-06,
    "EchoTime": 0.00298,
    "FlipAngle": 9,
    "ImageOrientationPatientDICOM": [
      0,
      1,
      0,
      0,
      0,
      -1
    ],
    "ImageType": [
      "ORIGINAL",
      "PRIMARY",
      "M",
      "ND",
      "NORM"
    ],
    "ImagingFrequency": 123.211,
    "InPlanePhaseEncodingDirectionDICOM": "ROW",
    "InstitutionAddress": "Perth_Drive_100_London_Ontario_CA_N6A_5K8",
    "InstitutionName": "Robarts-CFMM",
    "InstitutionalDepartmentName": "CFMM",
    "InversionTime": 0.9,
    "MRAcquisitionType": "3D",
    "MagneticFieldStrength": 3,
    "Manufacturer": "Siemens",
    "ManufacturersModelName": "Prisma_fit",
    "Modality": "MR",
    "PartialFourier": 1,
    "PatientPosition": "HFS",
    "PercentPhaseFOV": 90.625,
    "PhaseEncodingSteps": 231,
    "PhaseResolution": 1,
    "PixelBandwidth": 240,
    "ProcedureStepDescription": "Ansari_EnumAdapt",
    "ProtocolName": "MPRAGE_SAG_iPAT2",
    "PulseSequenceDetails": "%SiemensSeq%_tfl",
    "ReceiveCoilActiveElements": "HEA;HEP",
    "ReceiveCoilName": "Head_32",
    "ReconMatrixPE": 256,
    "RepetitionTime": 2.3,
    "SAR": 0.0578007,
    "ScanOptions": "IR",
    "ScanningSequence": "GR_IR",
    "SequenceName": "_tfl3d1_16ns",
    "SequenceVariant": "SK_SP_MP",
    "SeriesDescription": "MPRAGE_SAG_iPAT2",
    "SeriesNumber": 5,
    "ShimSetting": [
      5252,
      -6160,
      -3859,
      229,
      52,
      -238,
      46,
      -52
    ],
    "SliceThickness": 1,
    "SoftwareVersions": "syngo_MR_E11",
    "StationName": "MRC35368",
    "TxRefAmp": 265.551,
    "dataset": "ds001848",
    "modality": "T1w",
    "session_id": "01",
    "subject_id": "17"
  },
  "cjv": 0.33311073080364917,
  "cnr": 3.7648268073660334,
  "efc": 0.6008941862430744,
  "fber": 5436.818166351607,
  "fwhm_avg": 4.005283333333334,
  "fwhm_x": 4.11631,
  "fwhm_y": 4.15418,
  "fwhm_z": 3.74536,
  "icvs_csf": 0.2718234351815546,
  "icvs_gm": 0.4142029904988417,
  "icvs_wm": 0.3139735743196037,
  "inu_med": 0.462835431098938,
  "inu_range": 0.12592169642448425,
  "provenance": {
    "md5sum": "eefb1cb4ef541181fde1a236a14dac07",
    "settings": {
      "testing": false
    },
    "software": "mriqc",
    "version": "22.0.6",
    "warnings": {
      "large_rot_frame": true,
      "small_air_mask": false
    },
    "webapi_port": null,
    "webapi_url": "https://mriqc.nimh.nih.gov/api/v1"
  },
  "qi_1": 0.0,
  "qi_2": 0.010056878543964011,
  "rpve_csf": 19.95259882805205,
  "rpve_gm": 12.739792038242511,
  "rpve_wm": 19.00382481957449,
  "size_x": 192,
  "size_y": 232,
  "size_z": 256,
  "snr_csf": 3.4808682110039393,
  "snr_gm": 12.96839393782525,
  "snr_total": 13.850941870546201,
  "snr_wm": 25.10356346280941,
  "snrd_csf": 21.06783093101201,
  "snrd_gm": 51.24985069645507,
  "snrd_total": 47.569394711078,
  "snrd_wm": 70.39050250576693,
  "spacing_x": 1.0,
  "spacing_y": 1.0,
  "spacing_z": 1.0,
  "summary_bg_k": 5545.817759731826,
  "summary_bg_mad": 9.30717071536207,
  "summary_bg_mean": 6.899265084895209,
  "summary_bg_median": 6.277591250836849,
  "summary_bg_n": 2438518.0,
  "summary_bg_p05": 0.0,
  "summary_bg_p95": 24.421854995191097,
  "summary_bg_stdv": 21.863926898611137,
  "summary_csf_k": 1.8464224097379613,
  "summary_csf_mad": 65.63056510897253,
  "summary_csf_mean": 307.3428925390079,
  "summary_csf_median": 299.29935060441494,
  "summary_csf_n": 78788.0,
  "summary_csf_p05": 183.6296692341566,
  "summary_csf_p95": 465.945097960904,
  "summary_csf_stdv": 85.9835630247153,
  "summary_gm_k": 0.3486127555959997,
  "summary_gm_mad": 52.990826814884045,
  "summary_gm_mean": 728.3593721521194,
  "summary_gm_median": 728.0790833309293,
  "summary_gm_n": 21930.0,
  "summary_gm_p05": 635.5352381169796,
  "summary_gm_p95": 823.6827480223029,
  "summary_gm_stdv": 56.14129911243887,
  "summary_wm_k": 0.5234049520416288,
  "summary_wm_mad": 37.58896043752681,
  "summary_wm_mean": 1000.0881470168836,
  "summary_wm_median": 1000.0000359639525,
  "summary_wm_n": 177750.0,
  "summary_wm_p05": 935.077592253685,
  "summary_wm_p95": 1065.367986150086,
  "summary_wm_stdv": 39.83487143177325,
  "tpm_overlap_csf": 0.14946652606747102,
  "tpm_overlap_gm": 0.43313946073374177,
  "tpm_overlap_wm": 0.46421284738316393,
  "wm2max": 0.45957804831064236
}