{
  "bids_meta": {
    "AcquisitionMatrixPE": 232,
    "AcquisitionNumber": 1,
    "AcquisitionTime": "09:48:52.685000",
    "BaseResolution": 256,
    "BodyPartExamined": "BRAIN",
    "ConsistencyInfo": "N4_VE11C_LATEST_20160120",
    "ConversionSoftware": "dcm2niix",
    "ConversionSoftwareVersion": "v1.0.20181114  Clang4.0.1",
    "DeviceSerialNumber": "67007",
    "DwellTime": 8.2e-06,
    "EchoTime": 0.00298,
    "FlipAngle": 9,
    "ImageOrientationPatientDICOM": [
      0.0436194,
      0.999048,
      4.0809e-09,
      0.0505447,
      -0.00220683,
      -0.998719
    ],
    "ImageType": [
      "ORIGINAL",
      "PRIMARY",
      "M",
      "ND",
      "NORM"
    ],
    "ImagingFrequency": 123.211,
    "InPlanePhaseEncodingDirectionDICOM": "ROW",
    "InstitutionAddress": "Perth_Drive_100_London_Ontario_CA_N6A_5K8",
    "InstitutionName": "Robarts_Research_Institute",
    "InstitutionalDepartmentName": "CFMM",
    "InversionTime": 0.9,
    "MRAcquisitionType": "3D",
    "MagneticFieldStrength": 3,
    "Manufacturer": "Siemens",
    "ManufacturersModelName": "Prisma_fit",
    "Modality": "MR",
    "PartialFourier": 1,
    "PatientPosition": "HFS",
    "PercentPhaseFOV": 90.625,
    "PhaseEncodingSteps": 231,
    "PhaseResolution": 1,
    "PixelBandwidth": 240,
    "ProcedureStepDescription": "Ansari_EnumAdapt",
    "ProtocolName": "MPRAGE_SAG_iPAT2",
    "PulseSequenceDetails": "%SiemensSeq%_tfl",
    "ReceiveCoilActiveElements": "HEA;HEP",
    "ReceiveCoilName": "Head_32",
    "ReconMatrixPE": 256,
    "RepetitionTime": 2.3,
    "SAR": 0.0581076,
    "ScanOptions": "IR",
    "ScanningSequence": "GR_IR",
    "SequenceName": "_tfl3d1_16ns",
    "SequenceVariant": "SK_SP_MP",
    "SeriesDescription": "MPRAGE_SAG_iPAT2",
    "SeriesNumber": 5,
    "ShimSetting": [
      5331,
      -6030,
      -3961,
      817,
      163,
      39,
      -568,
      -266
    ],
    "SliceThickness": 1,
    "SoftwareVersions": "syngo_MR_E11",
    "StationName": "MRC35368",
    "TxRefAmp": 247.552,
    "dataset": "ds001848",
    "modality": "T1w",
    "session_id": "01",
    "subject_id": "40"
  },
  "cjv": 0.3519642790581263,
  "cnr": 3.842350044534219,
  "efc": 0.5594546016489598,
  "fber": 3179.8596073765616,
  "fwhm_avg": 4.140616666666667,
  "fwhm_x": 4.0618,
  "fwhm_y": 4.41762,
  "fwhm_z": 3.94243,
  "icvs_csf": 0.22520304928108484,
  "icvs_gm": 0.4265586797097188,
  "icvs_wm": 0.3482382710091964,
  "inu_med": 0.4080851525068283,
  "inu_range": 0.11369433999061579,
  "provenance": {
    "md5sum": "33335b946a2fd6bbe9522d389c749dae",
    "settings": {
      "testing": false
    },
    "software": "mriqc",
    "version": "22.0.6",
    "warnings": {
      "large_rot_frame": true,
      "small_air_mask": false
    },
    "webapi_port": null,
    "webapi_url": "https://mriqc.nimh.nih.gov/api/v1"
  },
  "qi_1": 0.0,
  "qi_2": 0.009503596412695067,
  "rpve_csf": 23.59461677539764,
  "rpve_gm": 12.572886168636986,
  "rpve_wm": 17.494913284794244,
  "size_x": 192,
  "size_y": 232,
  "size_z": 256,
  "snr_csf": 3.197098822286067,
  "snr_gm": 13.210147793458182,
  "snr_total": 13.783065567703199,
  "snr_wm": 24.94195008736535,
  "snrd_csf": 23.37063499726575,
  "snrd_gm": 57.980557504295895,
  "snrd_total": 53.424480888912804,
  "snrd_wm": 78.92225016517676,
  "spacing_x": 1.0,
  "spacing_y": 1.0,
  "spacing_z": 1.0,
  "summary_bg_k": 418.04678528080177,
  "summary_bg_mad": 0.0,
  "summary_bg_mean": 6.032682084481403,
  "summary_bg_median": 0.0,
  "summary_bg_n": 2645012.0,
  "summary_bg_p05": 0.0,
  "summary_bg_p95": 20.574040487408638,
  "summary_bg_stdv": 8.301035228862839,
  "summary_csf_k": 1.7676825021402465,
  "summary_csf_mad": 76.50884964535435,
  "summary_csf_mean": 307.4697526612171,
  "summary_csf_median": 296.1222494021058,
  "summary_csf_n": 59609.0,
  "summary_csf_p05": 178.62161817401648,
  "summary_csf_p95": 475.3196020424366,
  "summary_csf_stdv": 92.62139895568579,
  "summary_gm_k": -0.020066754403185616,
  "summary_gm_mad": 55.73409227651736,
  "summary_gm_mean": 735.9389504250325,
  "summary_gm_median": 734.6541123837233,
  "summary_gm_n": 28752.0,
  "summary_gm_p05": 646.8355562333018,
  "summary_gm_p95": 828.7380141969769,
  "summary_gm_stdv": 55.61189382997855,
  "summary_wm_k": 0.7107598743455141,
  "summary_wm_mad": 37.65817045710632,
  "summary_wm_mean": 1000.1476733557099,
  "summary_wm_median": 999.9999678879976,
  "summary_wm_n": 191628.0,
  "summary_wm_p05": 934.8488396778703,
  "summary_wm_p95": 1065.5744302645326,
  "summary_wm_stdv": 40.092990129476846,
  "tpm_overlap_csf": 0.14874264337724202,
  "tpm_overlap_gm": 0.45412267487972197,
  "tpm_overlap_wm": 0.5057412303412528,
  "wm2max": 0.4653905570380399
}