{
  "bids_meta": {
    "AcquisitionMatrixPE": 240,
    "AcquisitionNumber": 1,
    "AcquisitionTime": "12:56:19.317500",
    "BaseResolution": 256,
    "BodyPartExamined": "BRAIN",
    "ConsistencyInfo": "N4_VE11C_LATEST_20160120",
    "ConversionSoftware": "dcm2niix",
    "ConversionSoftwareVersion": "v1.0.20181114  Clang4.0.1",
    "DeviceSerialNumber": "67007",
    "DwellTime": 8.2e-06,
    "EchoTime": 0.00298,
    "FlipAngle": 9,
    "ImageOrientationPatientDICOM": [
      0,
      1,
      0,
      0,
      0,
      -1
    ],
    "ImageType": [
      "ORIGINAL",
      "PRIMARY",
      "M",
      "ND",
      "NORM"
    ],
    "ImagingFrequency": 123.211,
    "InPlanePhaseEncodingDirectionDICOM": "ROW",
    "InstitutionAddress": "Perth_Drive_100_London_Ontario_CA_N6A_5K8",
    "InstitutionName": "Robarts_Research_Institute",
    "InstitutionalDepartmentName": "CFMM",
    "InversionTime": 0.9,
    "MRAcquisitionType": "3D",
    "MagneticFieldStrength": 3,
    "Manufacturer": "Siemens",
    "ManufacturersModelName": "Prisma_fit",
    "Modality": "MR",
    "PartialFourier": 1,
    "PatientPosition": "HFS",
    "PercentPhaseFOV": 93.75,
    "PhaseEncodingSteps": 239,
    "PhaseResolution": 1,
    "PixelBandwidth": 240,
    "ProcedureStepDescription": "Ansari_EnumAdapt",
    "ProtocolName": "MPRAGE_SAG_iPAT2",
    "PulseSequenceDetails": "%SiemensSeq%_tfl",
    "ReceiveCoilActiveElements": "HEA;HEP",
    "ReceiveCoilName": "Head_32",
    "ReconMatrixPE": 256,
    "RepetitionTime": 2.3,
    "SAR": 0.120406,
    "ScanOptions": "IR",
    "ScanningSequence": "GR_IR",
    "SequenceName": "_tfl3d1_16ns",
    "SequenceVariant": "SK_SP_MP",
    "SeriesDescription": "MPRAGE_SAG_iPAT2",
    "SeriesNumber": 5,
    "ShimSetting": [
      5251,
      -6187,
      -3856,
      257,
      55,
      -246,
      75,
      -35
    ],
    "SliceThickness": 1,
    "SoftwareVersions": "syngo_MR_E11",
    "StationName": "MRC35368",
    "TxRefAmp": 298.431,
    "dataset": "ds001848",
    "modality": "T1w",
    "session_id": "01",
    "subject_id": "04"
  },
  "cjv": 0.3622838570239419,
  "cnr": 3.556772060249201,
  "efc": 0.5880076409411134,
  "fber": 6905.689521760032,
  "fwhm_avg": 3.9518766666666667,
  "fwhm_x": 3.9882,
  "fwhm_y": 4.12883,
  "fwhm_z": 3.7386,
  "icvs_csf": 0.22677344952024892,
  "icvs_gm": 0.43679337326582424,
  "icvs_wm": 0.33643317721392685,
  "inu_med": 0.4702306538820267,
  "inu_range": 0.14699037969112394,
  "provenance": {
    "md5sum": "08bd0ff3a903b8ad0b9d683a0a282929",
    "settings": {
      "testing": false
    },
    "software": "mriqc",
    "version": "22.0.6",
    "warnings": {
      "large_rot_frame": true,
      "small_air_mask": false
    },
    "webapi_port": null,
    "webapi_url": "https://mriqc.nimh.nih.gov/api/v1"
  },
  "qi_1": 0.0,
  "qi_2": 0.01403159956359489,
  "rpve_csf": 22.922410319208453,
  "rpve_gm": 12.264383922456934,
  "rpve_wm": 17.75306522842447,
  "size_x": 192,
  "size_y": 240,
  "size_z": 256,
  "snr_csf": 2.915972681736693,
  "snr_gm": 13.695643465781217,
  "snr_total": 13.520518170612938,
  "snr_wm": 23.949938364320904,
  "snrd_csf": 22.55105215255961,
  "snrd_gm": 56.30248024759284,
  "snrd_total": 51.39968551807741,
  "snrd_wm": 75.34552415407978,
  "spacing_x": 1.0,
  "spacing_y": 1.0,
  "spacing_z": 1.0,
  "summary_bg_k": 8971.057940869612,
  "summary_bg_mad": 8.695441010189022,
  "summary_bg_mean": 6.808805769640323,
  "summary_bg_median": 5.8649858348071575,
  "summary_bg_n": 2768700.0,
  "summary_bg_p05": 0.0,
  "summary_bg_p95": 25.13565357774496,
  "summary_bg_stdv": 18.145411189902173,
  "summary_csf_k": 1.2185947057132118,
  "summary_csf_mad": 80.32931218936525,
  "summary_csf_mean": 309.0129902817273,
  "summary_csf_median": 299.3137668892741,
  "summary_csf_n": 53885.0,
  "summary_csf_p05": 135.18193881288173,
  "summary_csf_p95": 497.31090092882476,
  "summary_csf_stdv": 102.64533389237903,
  "summary_gm_k": 0.17107674542432472,
  "summary_gm_mad": 52.58671468066694,
  "summary_gm_mean": 746.7068430463125,
  "summary_gm_median": 747.2869706526399,
  "summary_gm_n": 28883.0,
  "summary_gm_p05": 655.326386634633,
  "summary_gm_p95": 835.8203282542527,
  "summary_gm_stdv": 54.562900674053175,
  "summary_wm_k": 0.7585834642339315,
  "summary_wm_mad": 38.98160289601745,
  "summary_wm_mean": 1000.6280081202406,
  "summary_wm_median": 1000.0399316288531,
  "summary_wm_n": 191794.0,
  "summary_wm_p05": 933.5700921677053,
  "summary_wm_p95": 1069.7016001157463,
  "summary_wm_stdv": 41.75531933925245,
  "tpm_overlap_csf": 0.15334483980932573,
  "tpm_overlap_gm": 0.458857048407614,
  "tpm_overlap_wm": 0.491347546833533,
  "wm2max": 0.4826503889701918
}