{
  "aor": 0.002240888888888889,
  "aqi": 0.012200374640522878,
  "bids_meta": {
    "AcquisitionMatrixPE": 84,
    "AcquisitionNumber": 1,
    "AcquisitionTime": "14:12:25.890000",
    "BandwidthPerPixelPhaseEncode": 15.664,
    "BaseResolution": 84,
    "BodyPartExamined": "BRAIN",
    "ConsistencyInfo": "N4_VE11C_LATEST_20160120",
    "ConversionSoftware": "dcm2niix",
    "ConversionSoftwareVersion": "v1.0.20181114  Clang4.0.1",
    "DerivedVendorReportedEchoSpacing": 0.000760008,
    "DeviceSerialNumber": "67007",
    "DwellTime": 3.8e-06,
    "EchoTime": 0.03,
    "EchoTrainLength": 74,
    "EffectiveEchoSpacing": 0.000760008,
    "FlipAngle": 40,
    "ImageComments": "Unaliased_MB4_PE3",
    "ImageOrientationPatientDICOM": [
      1,
      0,
      0,
      0,
      0.882948,
      -0.469472
    ],
    "ImageType": [
      "ORIGINAL",
      "PRIMARY",
      "M",
      "MB",
      "ND",
      "NORM",
      "MOSAIC"
    ],
    "ImagingFrequency": 123.211,
    "InPlanePhaseEncodingDirectionDICOM": "COL",
    "InstitutionAddress": "Perth_Drive_100_London_Ontario_CA_N6A_5K8",
    "InstitutionName": "Robarts_Research_Institute",
    "InstitutionalDepartmentName": "CFMM",
    "MRAcquisitionType": "2D",
    "MagneticFieldStrength": 3,
    "Manufacturer": "Siemens",
    "ManufacturersModelName": "Prisma_fit",
    "Modality": "MR",
    "MultibandAccelerationFactor": 4,
    "PartialFourier": 0.875,
    "PatientPosition": "HFS",
    "PercentPhaseFOV": 100,
    "PhaseEncodingDirection": "j-",
    "PhaseEncodingSteps": 74,
    "PhaseResolution": 1,
    "PixelBandwidth": 1565,
    "ProcedureStepDescription": "Ansari_EnumAdapt",
    "ProtocolName": "ep_bold_mb4_EnumAdapt",
    "PulseSequenceDetails": "%CustomerSeq%_cmrr_mbep2d_bold",
    "ReceiveCoilActiveElements": "HEA;HEP",
    "ReceiveCoilName": "Head_32",
    "ReconMatrixPE": 84,
    "RepetitionTime": 1,
    "SAR": 0.0890638,
    "ScanOptions": "PFP_FS",
    "ScanningSequence": "EP",
    "SequenceName": "epfid2d1_84",
    "SequenceVariant": "SK_SS",
    "SeriesDescription": "ep_bold_mb4_EnumAdapt",
    "SeriesNumber": 6,
    "ShimSetting": [
      5283,
      -6263,
      -3904,
      468,
      166,
      -20,
      -57,
      80
    ],
    "SliceThickness": 2.5,
    "SliceTiming": [
      0,
      0.4075,
      0.815,
      0.245,
      0.6525,
      0.08,
      0.49,
      0.8975,
      0.325,
      0.735,
      0.1625,
      0.57,
      0,
      0.4075,
      0.815,
      0.245,
      0.6525,
      0.08,
      0.49,
      0.8975,
      0.325,
      0.735,
      0.1625,
      0.57,
      0,
      0.4075,
      0.815,
      0.245,
      0.6525,
      0.08,
      0.49,
      0.8975,
      0.325,
      0.735,
      0.1625,
      0.57,
      0,
      0.4075,
      0.815,
      0.245,
      0.6525,
      0.08,
      0.49,
      0.8975,
      0.325,
      0.735,
      0.1625,
      0.57
    ],
    "SoftwareVersions": "syngo_MR_E11",
    "SpacingBetweenSlices": 2.5,
    "StationName": "MRC35368",
    "TaskName": "ParallelAdaptation",
    "TotalReadoutTime": 0.0630806,
    "TxRefAmp": 293.592,
    "WipMemBlock": "1d984305-6618-4718-8811-3f9184429554||Sequence: R016 ve11c/master r/e634e98; Dec 19 2017 11:00:25 by eja",
    "dataset": "ds001848",
    "modality": "bold",
    "run_id": 3,
    "session_id": "01",
    "subject_id": "28",
    "task_id": "ParallelAdaptation"
  },
  "dummy_trs": 5,
  "dvars_nstd": 33.158273227604695,
  "dvars_std": 1.1501118598167535,
  "dvars_vstd": 1.0010791282460731,
  "efc": 0.541155949072361,
  "fber": 2968.1455078125,
  "fd_mean": 0.3031420817070019,
  "fd_num": 535,
  "fd_perc": 69.93464052287581,
  "fwhm_avg": 2.015226258589113,
  "fwhm_x": 1.9141822374805217,
  "fwhm_y": 2.123184729814356,
  "fwhm_z": 2.008311808472461,
  "gcor": 0.00811023,
  "gsr_x": -0.012162772938609123,
  "gsr_y": 0.046172890812158585,
  "provenance": {
    "md5sum": "657fad21961239701fad0e38f5092bb9",
    "settings": {
      "fd_thres": 0.2,
      "testing": false
    },
    "software": "mriqc",
    "version": "22.0.6",
    "webapi_port": null,
    "webapi_url": "https://mriqc.nimh.nih.gov/api/v1"
  },
  "size_t": 765,
  "size_x": 84,
  "size_y": 84,
  "size_z": 48,
  "snr": 4.784740413727905,
  "spacing_tr": 1.0,
  "spacing_x": 2.4761905670166016,
  "spacing_y": 2.4761905670166016,
  "spacing_z": 2.500000238418579,
  "summary_bg_k": 12.661621724704988,
  "summary_bg_mad": 48.16834171768666,
  "summary_bg_mean": 190.19313049316406,
  "summary_bg_median": 62.05569839477539,
  "summary_bg_n": 208108.0,
  "summary_bg_p05": 25.385954475402833,
  "summary_bg_p95": 765.8804077148437,
  "summary_bg_stdv": 297.23284912109375,
  "summary_fg_k": 3.438239122612363,
  "summary_fg_mad": 610.0546165718299,
  "summary_fg_mean": 3618.59130859375,
  "summary_fg_median": 3513.6171875,
  "summary_fg_n": 72970.0,
  "summary_fg_p05": 2681.732775878906,
  "summary_fg_p95": 4897.597192382814,
  "summary_fg_stdv": 734.3330688476562,
  "tsnr": 44.033958435058594
}