{
  "bids_meta": {
    "AcquisitionMatrixPE": 224,
    "AcquisitionNumber": 1,
    "AcquisitionTime": "13:53:48.802500",
    "BaseResolution": 256,
    "BodyPartExamined": "BRAIN",
    "ConsistencyInfo": "N4_VE11C_LATEST_20160120",
    "ConversionSoftware": "dcm2niix",
    "ConversionSoftwareVersion": "v1.0.20181114  Clang4.0.1",
    "DeviceSerialNumber": "67007",
    "DwellTime": 8.2e-06,
    "EchoTime": 0.00298,
    "FlipAngle": 9,
    "ImageOrientationPatientDICOM": [
      0,
      1,
      0,
      0,
      0,
      -1
    ],
    "ImageType": [
      "ORIGINAL",
      "PRIMARY",
      "M",
      "ND",
      "NORM"
    ],
    "ImagingFrequency": 123.211,
    "InPlanePhaseEncodingDirectionDICOM": "ROW",
    "InstitutionAddress": "Perth_Drive_100_London_Ontario_CA_N6A_5K8",
    "InstitutionName": "Robarts_Research_Institute",
    "InstitutionalDepartmentName": "CFMM",
    "InversionTime": 0.9,
    "MRAcquisitionType": "3D",
    "MagneticFieldStrength": 3,
    "Manufacturer": "Siemens",
    "ManufacturersModelName": "Prisma_fit",
    "Modality": "MR",
    "PartialFourier": 1,
    "PatientPosition": "HFS",
    "PercentPhaseFOV": 87.5,
    "PhaseEncodingSteps": 223,
    "PhaseResolution": 1,
    "PixelBandwidth": 240,
    "ProcedureStepDescription": "Ansari_EnumAdapt",
    "ProtocolName": "MPRAGE_SAG_iPAT2",
    "PulseSequenceDetails": "%SiemensSeq%_tfl",
    "ReceiveCoilActiveElements": "HEA;HEP",
    "ReceiveCoilName": "Head_32",
    "ReconMatrixPE": 256,
    "RepetitionTime": 2.3,
    "SAR": 0.0622299,
    "ScanOptions": "IR",
    "ScanningSequence": "GR_IR",
    "SequenceName": "_tfl3d1_16ns",
    "SequenceVariant": "SK_SP_MP",
    "SeriesDescription": "MPRAGE_SAG_iPAT2",
    "SeriesNumber": 5,
    "ShimSetting": [
      5235,
      -6221,
      -3876,
      335,
      67,
      -263,
      119,
      5
    ],
    "SliceThickness": 1,
    "SoftwareVersions": "syngo_MR_E11",
    "StationName": "MRC35368",
    "TxRefAmp": 251.202,
    "dataset": "ds001848",
    "modality": "T1w",
    "session_id": "01",
    "subject_id": "05"
  },
  "cjv": 0.35357185855030376,
  "cnr": 3.736395527577091,
  "efc": 0.5800578109623713,
  "fber": 2003.4504952443942,
  "fwhm_avg": 3.96378,
  "fwhm_x": 3.9862,
  "fwhm_y": 4.13245,
  "fwhm_z": 3.77269,
  "icvs_csf": 0.20394161035050237,
  "icvs_gm": 0.4487977846704214,
  "icvs_wm": 0.34726060497907624,
  "inu_med": 0.49986231327056885,
  "inu_range": 0.15742106884717944,
  "provenance": {
    "md5sum": "10a580df7700bf6e9612c33fb3523c03",
    "settings": {
      "testing": false
    },
    "software": "mriqc",
    "version": "22.0.6",
    "warnings": {
      "large_rot_frame": true,
      "small_air_mask": false
    },
    "webapi_port": null,
    "webapi_url": "https://mriqc.nimh.nih.gov/api/v1"
  },
  "qi_1": 2.3033053967980985e-05,
  "qi_2": 0.010743225117463638,
  "rpve_csf": 24.402759956529792,
  "rpve_gm": 11.78042076868573,
  "rpve_wm": 16.91318839458414,
  "size_x": 192,
  "size_y": 224,
  "size_z": 256,
  "snr_csf": 2.860665511937266,
  "snr_gm": 12.535830339565017,
  "snr_total": 12.407867172534184,
  "snr_wm": 21.82710566610027,
  "snrd_csf": 27.097299049866695,
  "snrd_gm": 67.99326025402931,
  "snrd_total": 63.16258987661681,
  "snrd_wm": 94.39721032595446,
  "spacing_x": 1.0,
  "spacing_y": 1.0,
  "spacing_z": 1.0,
  "summary_bg_k": 6271.370931523939,
  "summary_bg_mad": 6.940209216980268,
  "summary_bg_mean": 6.920716545902205,
  "summary_bg_median": 4.681099981069565,
  "summary_bg_n": 2395572.0,
  "summary_bg_p05": 0.0,
  "summary_bg_p95": 21.804070964455605,
  "summary_bg_stdv": 14.278225895784864,
  "summary_csf_k": 2.304501748741732,
  "summary_csf_mad": 86.11338541595254,
  "summary_csf_mean": 301.8895234337628,
  "summary_csf_median": 287.05613765493035,
  "summary_csf_n": 42808.0,
  "summary_csf_p05": 165.439928278327,
  "summary_csf_p95": 490.4884277204052,
  "summary_csf_stdv": 100.3447567024712,
  "summary_gm_k": 0.07214902316531191,
  "summary_gm_mad": 57.256726040087216,
  "summary_gm_mean": 720.7218459738554,
  "summary_gm_median": 720.2888612318784,
  "summary_gm_n": 32886.0,
  "summary_gm_p05": 626.5051788808778,
  "summary_gm_p95": 815.4891922613606,
  "summary_gm_stdv": 57.45753494891846,
  "summary_wm_k": 1.5782642385733592,
  "summary_wm_mad": 41.64125530188161,
  "summary_wm_mean": 1001.7013152711025,
  "summary_wm_median": 999.9999834559858,
  "summary_wm_n": 190255.0,
  "summary_wm_p05": 930.7689784727991,
  "summary_wm_p95": 1077.730880510062,
  "summary_wm_stdv": 45.81447355861978,
  "tpm_overlap_csf": 0.13427283547315783,
  "tpm_overlap_gm": 0.45523214916155114,
  "tpm_overlap_wm": 0.47579964885389264,
  "wm2max": 0.5415082382762991
}