{
  "aor": 0.021248064935064936,
  "aqi": 0.022766823246753245,
  "bids_meta": {
    "AcquisitionMatrixPE": 84,
    "AcquisitionNumber": 1,
    "AcquisitionTime": "15:43:45.270000",
    "BandwidthPerPixelPhaseEncode": 15.664,
    "BaseResolution": 84,
    "BodyPartExamined": "BRAIN",
    "ConsistencyInfo": "N4_VE11C_LATEST_20160120",
    "ConversionSoftware": "dcm2niix",
    "ConversionSoftwareVersion": "v1.0.20181114  Clang4.0.1",
    "DerivedVendorReportedEchoSpacing": 0.000760008,
    "DeviceSerialNumber": "67007",
    "DwellTime": 3.8e-06,
    "EchoTime": 0.03,
    "EchoTrainLength": 74,
    "EffectiveEchoSpacing": 0.000760008,
    "FlipAngle": 40,
    "ImageComments": "Unaliased_MB4_PE3",
    "ImageOrientationPatientDICOM": [
      1,
      0,
      0,
      0,
      0.979925,
      -0.199368
    ],
    "ImageType": [
      "ORIGINAL",
      "PRIMARY",
      "M",
      "MB",
      "ND",
      "NORM",
      "MOSAIC"
    ],
    "ImagingFrequency": 123.211,
    "InPlanePhaseEncodingDirectionDICOM": "COL",
    "InstitutionAddress": "Perth_Drive_100_London_Ontario_CA_N6A_5K8",
    "InstitutionName": "Robarts_Research_Institute",
    "InstitutionalDepartmentName": "CFMM",
    "MRAcquisitionType": "2D",
    "MagneticFieldStrength": 3,
    "Manufacturer": "Siemens",
    "ManufacturersModelName": "Prisma_fit",
    "Modality": "MR",
    "MultibandAccelerationFactor": 4,
    "PartialFourier": 0.875,
    "PatientPosition": "HFS",
    "PercentPhaseFOV": 100,
    "PhaseEncodingDirection": "j-",
    "PhaseEncodingSteps": 74,
    "PhaseResolution": 1,
    "PixelBandwidth": 1565,
    "ProcedureStepDescription": "Ansari_EnumAdapt",
    "ProtocolName": "ep_bold_mb4_EnumAdapt",
    "PulseSequenceDetails": "%CustomerSeq%_cmrr_mbep2d_bold",
    "ReceiveCoilActiveElements": "HEA;HEP",
    "ReceiveCoilName": "Head_32",
    "ReconMatrixPE": 84,
    "RepetitionTime": 1,
    "SAR": 0.0507279,
    "ScanOptions": "PFP_FS",
    "ScanningSequence": "EP",
    "SequenceName": "epfid2d1_84",
    "SequenceVariant": "SK_SS",
    "SeriesDescription": "ep_bold_mb4_EnumAdapt",
    "SeriesNumber": 2,
    "ShimSetting": [
      5219,
      -6190,
      -3920,
      775,
      -126,
      224,
      59,
      50
    ],
    "SliceThickness": 2.5,
    "SliceTiming": [
      0,
      0.4075,
      0.815,
      0.245,
      0.6525,
      0.0825,
      0.49,
      0.8975,
      0.3275,
      0.735,
      0.1625,
      0.5725,
      0,
      0.4075,
      0.815,
      0.245,
      0.6525,
      0.0825,
      0.49,
      0.8975,
      0.3275,
      0.735,
      0.1625,
      0.5725,
      0,
      0.4075,
      0.815,
      0.245,
      0.6525,
      0.0825,
      0.49,
      0.8975,
      0.3275,
      0.735,
      0.1625,
      0.5725,
      0,
      0.4075,
      0.815,
      0.245,
      0.6525,
      0.0825,
      0.49,
      0.8975,
      0.3275,
      0.735,
      0.1625,
      0.5725
    ],
    "SoftwareVersions": "syngo_MR_E11",
    "SpacingBetweenSlices": 2.5,
    "StationName": "MRC35368",
    "TaskName": "ParallelAdaptation",
    "TotalReadoutTime": 0.0630806,
    "TxRefAmp": 233.43,
    "WipMemBlock": "71f10d98-b124-46c1-abc3-02238fa4872f||Sequence: R016 ve11c/master r/e634e98; Dec 19 2017 11:00:25 by eja",
    "dataset": "ds001848",
    "modality": "bold",
    "run_id": 1,
    "session_id": "01",
    "subject_id": "24",
    "task_id": "ParallelAdaptation"
  },
  "dummy_trs": 0,
  "dvars_nstd": 29.207243025227612,
  "dvars_std": 1.2001701569050713,
  "dvars_vstd": 1.15029205646294,
  "efc": 0.5269183913765346,
  "fber": 5177.57666015625,
  "fd_mean": 0.36997190663408525,
  "fd_num": 530,
  "fd_perc": 68.83116883116882,
  "fwhm_avg": 1.8858799280193062,
  "fwhm_x": 1.7606480123428927,
  "fwhm_y": 2.029423771715026,
  "fwhm_z": 1.867568,
  "gcor": 0.0122945,
  "gsr_x": -0.01589290425181389,
  "gsr_y": 0.03786356747150421,
  "provenance": {
    "md5sum": "c9f0f988a84c1dd40c46e59889fb8fec",
    "settings": {
      "fd_thres": 0.2,
      "testing": false
    },
    "software": "mriqc",
    "version": "22.0.6",
    "webapi_port": null,
    "webapi_url": "https://mriqc.nimh.nih.gov/api/v1"
  },
  "size_t": 770,
  "size_x": 84,
  "size_y": 84,
  "size_z": 48,
  "snr": 5.018702859492732,
  "spacing_tr": 1.0,
  "spacing_x": 2.4761905670166016,
  "spacing_y": 2.4761905670166016,
  "spacing_z": 2.5,
  "summary_bg_k": 30.42552630501276,
  "summary_bg_mad": 34.2409955554124,
  "summary_bg_mean": 154.0177764892578,
  "summary_bg_median": 54.014801025390625,
  "summary_bg_n": 205240.0,
  "summary_bg_p05": 26.015291500091553,
  "summary_bg_p95": 625.4100311279279,
  "summary_bg_stdv": 278.5162658691406,
  "summary_fg_k": 3.433574879882446,
  "summary_fg_mad": 720.04770240124,
  "summary_fg_mean": 4015.544921875,
  "summary_fg_median": 3926.6796875,
  "summary_fg_n": 74849.0,
  "summary_fg_p05": 2975.982080078125,
  "summary_fg_p95": 5288.939746093749,
  "summary_fg_stdv": 782.404052734375,
  "tsnr": 34.82057571411133
}