{
  "aor": 0.0013980156657963448,
  "aqi": 0.009210623381201044,
  "bids_meta": {
    "AcquisitionMatrixPE": 84,
    "AcquisitionNumber": 1,
    "AcquisitionTime": "13:12:3.772500",
    "BandwidthPerPixelPhaseEncode": 15.664,
    "BaseResolution": 84,
    "BodyPartExamined": "BRAIN",
    "ConsistencyInfo": "N4_VE11C_LATEST_20160120",
    "ConversionSoftware": "dcm2niix",
    "ConversionSoftwareVersion": "v1.0.20181114  Clang4.0.1",
    "DerivedVendorReportedEchoSpacing": 0.000760008,
    "DeviceSerialNumber": "67007",
    "DwellTime": 3.8e-06,
    "EchoTime": 0.03,
    "EchoTrainLength": 74,
    "EffectiveEchoSpacing": 0.000760008,
    "FlipAngle": 40,
    "ImageComments": "Unaliased_MB4_PE3",
    "ImageOrientationPatientDICOM": [
      1,
      0,
      0,
      0,
      0.914254,
      -0.405142
    ],
    "ImageType": [
      "ORIGINAL",
      "PRIMARY",
      "M",
      "MB",
      "ND",
      "NORM",
      "MOSAIC"
    ],
    "ImagingFrequency": 123.211,
    "InPlanePhaseEncodingDirectionDICOM": "COL",
    "InstitutionAddress": "Perth_Drive_100_London_Ontario_CA_N6A_5K8",
    "InstitutionName": "Robarts_Research_Institute",
    "InstitutionalDepartmentName": "CFMM",
    "MRAcquisitionType": "2D",
    "MagneticFieldStrength": 3,
    "Manufacturer": "Siemens",
    "ManufacturersModelName": "Prisma_fit",
    "Modality": "MR",
    "MultibandAccelerationFactor": 4,
    "PartialFourier": 0.875,
    "PatientPosition": "HFS",
    "PercentPhaseFOV": 100,
    "PhaseEncodingDirection": "j-",
    "PhaseEncodingSteps": 74,
    "PhaseResolution": 1,
    "PixelBandwidth": 1565,
    "ProcedureStepDescription": "Ansari_EnumAdapt",
    "ProtocolName": "ep_bold_mb4_EnumAdapt",
    "PulseSequenceDetails": "%CustomerSeq%_cmrr_mbep2d_bold",
    "ReceiveCoilActiveElements": "HEA;HEP",
    "ReceiveCoilName": "Head_32",
    "ReconMatrixPE": 84,
    "RepetitionTime": 1,
    "SAR": 0.0626662,
    "ScanOptions": "PFP_FS",
    "ScanningSequence": "EP",
    "SequenceName": "epfid2d1_84",
    "SequenceVariant": "SK_SS",
    "SeriesDescription": "ep_bold_mb4_EnumAdapt",
    "SeriesNumber": 2,
    "ShimSetting": [
      5230,
      -6240,
      -3874,
      526,
      100,
      -36,
      90,
      6
    ],
    "SliceThickness": 2.5,
    "SliceTiming": [
      0,
      0.4075,
      0.8175,
      0.245,
      0.6525,
      0.0825,
      0.49,
      0.8975,
      0.3275,
      0.735,
      0.1625,
      0.5725,
      0,
      0.4075,
      0.8175,
      0.245,
      0.6525,
      0.0825,
      0.49,
      0.8975,
      0.3275,
      0.735,
      0.1625,
      0.5725,
      0,
      0.4075,
      0.8175,
      0.245,
      0.6525,
      0.0825,
      0.49,
      0.8975,
      0.3275,
      0.735,
      0.1625,
      0.5725,
      0,
      0.4075,
      0.8175,
      0.245,
      0.6525,
      0.0825,
      0.49,
      0.8975,
      0.3275,
      0.735,
      0.1625,
      0.5725
    ],
    "SoftwareVersions": "syngo_MR_E11",
    "SpacingBetweenSlices": 2.5,
    "StationName": "MRC35368",
    "TaskName": "ParallelAdaptation",
    "TotalReadoutTime": 0.0630806,
    "TxRefAmp": 251.202,
    "WipMemBlock": "c4226900-27a5-405b-aa5b-512d7d86de52||Sequence: R016 ve11c/master r/e634e98; Dec 19 2017 11:00:25 by eja",
    "dataset": "ds001848",
    "modality": "bold",
    "run_id": 1,
    "session_id": "01",
    "subject_id": "05",
    "task_id": "ParallelAdaptation"
  },
  "dummy_trs": 4,
  "dvars_nstd": 26.30760677550323,
  "dvars_std": 1.1253389136732028,
  "dvars_vstd": 1.0004181096601308,
  "efc": 0.5381672994432024,
  "fber": 4301.591796875,
  "fd_mean": 0.19154566480203125,
  "fd_num": 372,
  "fd_perc": 48.56396866840731,
  "fwhm_avg": 1.9264295043200896,
  "fwhm_x": 1.8254330099665934,
  "fwhm_y": 2.0155355029936755,
  "fwhm_z": 1.9383199999999998,
  "gcor": 0.0107498,
  "gsr_x": -0.004303240682929754,
  "gsr_y": 0.027367645874619484,
  "provenance": {
    "md5sum": "32154fe50841e22c47a0d641710c0f71",
    "settings": {
      "fd_thres": 0.2,
      "testing": false
    },
    "software": "mriqc",
    "version": "22.0.6",
    "webapi_port": null,
    "webapi_url": "https://mriqc.nimh.nih.gov/api/v1"
  },
  "size_t": 766,
  "size_x": 84,
  "size_y": 84,
  "size_z": 48,
  "snr": 4.998793308477138,
  "spacing_tr": 1.0,
  "spacing_x": 2.4761905670166016,
  "spacing_y": 2.4761905670166016,
  "spacing_z": 2.5,
  "summary_bg_k": 28.880941189258404,
  "summary_bg_mad": 35.59680028689642,
  "summary_bg_mean": 154.8436279296875,
  "summary_bg_median": 55.213233947753906,
  "summary_bg_n": 202218.0,
  "summary_bg_p05": 26.35915927886963,
  "summary_bg_p95": 569.7753265380859,
  "summary_bg_stdv": 288.39508056640625,
  "summary_fg_k": 2.95683261933754,
  "summary_fg_mad": 662.4439368840214,
  "summary_fg_mean": 3830.84326171875,
  "summary_fg_median": 3718.09521484375,
  "summary_fg_n": 77676.0,
  "summary_fg_p05": 2874.0037841796875,
  "summary_fg_p95": 5132.404296875,
  "summary_fg_stdv": 743.7937622070312,
  "tsnr": 50.56439208984375
}