{
  "aor": 0.0003530759162303665,
  "aqi": 0.004256029332460733,
  "bids_meta": {
    "AcquisitionMatrixPE": 84,
    "AcquisitionNumber": 1,
    "AcquisitionTime": "15:42:55.082500",
    "BandwidthPerPixelPhaseEncode": 15.664,
    "BaseResolution": 84,
    "BodyPartExamined": "BRAIN",
    "ConsistencyInfo": "N4_VE11C_LATEST_20160120",
    "ConversionSoftware": "dcm2niix",
    "ConversionSoftwareVersion": "v1.0.20181114  Clang4.0.1",
    "DerivedVendorReportedEchoSpacing": 0.000760008,
    "DeviceSerialNumber": "67007",
    "DwellTime": 3.8e-06,
    "EchoTime": 0.03,
    "EchoTrainLength": 74,
    "EffectiveEchoSpacing": 0.000760008,
    "FlipAngle": 40,
    "ImageComments": "Unaliased_MB4_PE3",
    "ImageOrientationPatientDICOM": [
      1,
      0,
      0,
      0,
      0.953717,
      -0.300706
    ],
    "ImageType": [
      "ORIGINAL",
      "PRIMARY",
      "M",
      "MB",
      "ND",
      "NORM",
      "MOSAIC"
    ],
    "ImagingFrequency": 123.211,
    "InPlanePhaseEncodingDirectionDICOM": "COL",
    "InstitutionAddress": "Perth_Drive_100_London_Ontario_CA_N6A_5K8",
    "InstitutionName": "Robarts_Research_Institute",
    "InstitutionalDepartmentName": "CFMM",
    "MRAcquisitionType": "2D",
    "MagneticFieldStrength": 3,
    "Manufacturer": "Siemens",
    "ManufacturersModelName": "Prisma_fit",
    "Modality": "MR",
    "MultibandAccelerationFactor": 4,
    "PartialFourier": 0.875,
    "PatientPosition": "HFS",
    "PercentPhaseFOV": 100,
    "PhaseEncodingDirection": "j-",
    "PhaseEncodingSteps": 74,
    "PhaseResolution": 1,
    "PixelBandwidth": 1565,
    "ProcedureStepDescription": "Ansari_EnumAdapt",
    "ProtocolName": "ep_bold_mb4_EnumAdapt",
    "PulseSequenceDetails": "%CustomerSeq%_cmrr_mbep2d_bold",
    "ReceiveCoilActiveElements": "HEA;HEP",
    "ReceiveCoilName": "Head_32",
    "ReconMatrixPE": 84,
    "RepetitionTime": 1,
    "SAR": 0.0582335,
    "ScanOptions": "PFP_FS",
    "ScanningSequence": "EP",
    "SequenceName": "epfid2d1_84",
    "SequenceVariant": "SK_SS",
    "SeriesDescription": "ep_bold_mb4_EnumAdapt",
    "SeriesNumber": 4,
    "ShimSetting": [
      5211,
      -6247,
      -3982,
      455,
      58,
      -69,
      -25,
      -12
    ],
    "SliceThickness": 2.5,
    "SliceTiming": [
      0,
      0.4075,
      0.8175,
      0.245,
      0.6525,
      0.0825,
      0.49,
      0.8975,
      0.3275,
      0.735,
      0.1625,
      0.5725,
      0,
      0.4075,
      0.8175,
      0.245,
      0.6525,
      0.0825,
      0.49,
      0.8975,
      0.3275,
      0.735,
      0.1625,
      0.5725,
      0,
      0.4075,
      0.8175,
      0.245,
      0.6525,
      0.0825,
      0.49,
      0.8975,
      0.3275,
      0.735,
      0.1625,
      0.5725,
      0,
      0.4075,
      0.8175,
      0.245,
      0.6525,
      0.0825,
      0.49,
      0.8975,
      0.3275,
      0.735,
      0.1625,
      0.5725
    ],
    "SoftwareVersions": "syngo_MR_E11",
    "SpacingBetweenSlices": 2.5,
    "StationName": "MRC35368",
    "TaskName": "ParallelAdaptation",
    "TotalReadoutTime": 0.0630806,
    "TxRefAmp": 250.277,
    "WipMemBlock": "ca8d4264-fbc8-4dbb-8ef7-a74450803e96||Sequence: R016 ve11c/master r/e634e98; Dec 19 2017 11:00:25 by eja",
    "dataset": "ds001848",
    "modality": "bold",
    "run_id": 3,
    "session_id": "01",
    "subject_id": "07",
    "task_id": "ParallelAdaptation"
  },
  "dummy_trs": 6,
  "dvars_nstd": 23.14618998095676,
  "dvars_std": 1.1332196527260803,
  "dvars_vstd": 1.0018294886238532,
  "efc": 0.5082730276744135,
  "fber": 4285.9345703125,
  "fd_mean": 0.10975707434584406,
  "fd_num": 14,
  "fd_perc": 1.8324607329842932,
  "fwhm_avg": 1.9346625940697522,
  "fwhm_x": 1.887798969217485,
  "fwhm_y": 1.9526728129917725,
  "fwhm_z": 1.9635159999999998,
  "gcor": 0.00669149,
  "gsr_x": -0.0036419974640011787,
  "gsr_y": 0.015086918137967587,
  "provenance": {
    "md5sum": "441dd1eec7e6238ce91b94804e90615f",
    "settings": {
      "fd_thres": 0.2,
      "testing": false
    },
    "software": "mriqc",
    "version": "22.0.6",
    "webapi_port": null,
    "webapi_url": "https://mriqc.nimh.nih.gov/api/v1"
  },
  "size_t": 764,
  "size_x": 84,
  "size_y": 84,
  "size_z": 48,
  "snr": 5.033988825439132,
  "spacing_tr": 1.0,
  "spacing_x": 2.4761905670166016,
  "spacing_y": 2.4761905670166016,
  "spacing_z": 2.5,
  "summary_bg_k": 30.6738818128888,
  "summary_bg_mad": 32.26669853434411,
  "summary_bg_mean": 137.04685974121094,
  "summary_bg_median": 54.633872985839844,
  "summary_bg_n": 212793.0,
  "summary_bg_p05": 25.843417358398437,
  "summary_bg_p95": 506.5612426757813,
  "summary_bg_stdv": 252.23529052734375,
  "summary_fg_k": 3.944386708545327,
  "summary_fg_mad": 619.7863654113665,
  "summary_fg_mean": 3758.12939453125,
  "summary_fg_median": 3652.321044921875,
  "summary_fg_n": 69311.0,
  "summary_fg_p05": 2830.2978515625,
  "summary_fg_p95": 5027.671875,
  "summary_fg_stdv": 725.5269775390625,
  "tsnr": 68.21176147460938
}