{
  "bids_meta": {
    "AcquisitionMatrixPE": 232,
    "AcquisitionNumber": 1,
    "AcquisitionTime": "14:21:56.010000",
    "BaseResolution": 256,
    "BodyPartExamined": "BRAIN",
    "ConsistencyInfo": "N4_VE11C_LATEST_20160120",
    "ConversionSoftware": "dcm2niix",
    "ConversionSoftwareVersion": "v1.0.20181114  Clang4.0.1",
    "DeviceSerialNumber": "67007",
    "DwellTime": 8.2e-06,
    "EchoTime": 0.00298,
    "FlipAngle": 9,
    "ImageOrientationPatientDICOM": [
      0,
      1,
      0,
      0,
      0,
      -1
    ],
    "ImageType": [
      "ORIGINAL",
      "PRIMARY",
      "M",
      "ND",
      "NORM"
    ],
    "ImagingFrequency": 123.211,
    "InPlanePhaseEncodingDirectionDICOM": "ROW",
    "InstitutionAddress": "Perth_Drive_100_London_Ontario_CA_N6A_5K8",
    "InstitutionName": "Robarts-CFMM",
    "InstitutionalDepartmentName": "CFMM",
    "InversionTime": 0.9,
    "MRAcquisitionType": "3D",
    "MagneticFieldStrength": 3,
    "Manufacturer": "Siemens",
    "ManufacturersModelName": "Prisma_fit",
    "Modality": "MR",
    "PartialFourier": 1,
    "PatientPosition": "HFS",
    "PercentPhaseFOV": 90.625,
    "PhaseEncodingSteps": 231,
    "PhaseResolution": 1,
    "PixelBandwidth": 240,
    "ProcedureStepDescription": "Ansari_EnumAdapt",
    "ProtocolName": "MPRAGE_SAG_iPAT2",
    "PulseSequenceDetails": "%SiemensSeq%_tfl",
    "ReceiveCoilActiveElements": "HEA;HEP",
    "ReceiveCoilName": "Head_32",
    "ReconMatrixPE": 256,
    "RepetitionTime": 2.3,
    "SAR": 0.0551238,
    "ScanOptions": "IR",
    "ScanningSequence": "GR_IR",
    "SequenceName": "_tfl3d1_16ns",
    "SequenceVariant": "SK_SP_MP",
    "SeriesDescription": "MPRAGE_SAG_iPAT2",
    "SeriesNumber": 5,
    "ShimSetting": [
      5253,
      -6226,
      -3963,
      251,
      80,
      -190,
      67,
      -53
    ],
    "SliceThickness": 1,
    "SoftwareVersions": "syngo_MR_E11",
    "StationName": "MRC35368",
    "TxRefAmp": 251.192,
    "dataset": "ds001848",
    "modality": "T1w",
    "session_id": "01",
    "subject_id": "22"
  },
  "cjv": 0.3479146438280579,
  "cnr": 3.7107820176484747,
  "efc": 0.5711842245517,
  "fber": 6389.384936173545,
  "fwhm_avg": 3.96395,
  "fwhm_x": 4.01531,
  "fwhm_y": 4.11409,
  "fwhm_z": 3.76245,
  "icvs_csf": 0.212350980004142,
  "icvs_gm": 0.4226303371948574,
  "icvs_wm": 0.36501868280100064,
  "inu_med": 0.4139111191034317,
  "inu_range": 0.110793125629425,
  "provenance": {
    "md5sum": "02c7dfe072f95aa7d1e89e7cc53e7b66",
    "settings": {
      "testing": false
    },
    "software": "mriqc",
    "version": "22.0.6",
    "warnings": {
      "large_rot_frame": true,
      "small_air_mask": false
    },
    "webapi_port": null,
    "webapi_url": "https://mriqc.nimh.nih.gov/api/v1"
  },
  "qi_1": 0.0,
  "qi_2": 0.02528558375773467,
  "rpve_csf": 23.60012127829827,
  "rpve_gm": 12.302137581823667,
  "rpve_wm": 16.5093307340158,
  "size_x": 192,
  "size_y": 232,
  "size_z": 256,
  "snr_csf": 2.5497605208484044,
  "snr_gm": 11.447534668446577,
  "snr_total": 13.783537676920353,
  "snr_wm": 27.35331784146608,
  "snrd_csf": 33.51159662739269,
  "snrd_gm": 88.89781573004738,
  "snrd_total": 81.54759349922783,
  "snrd_wm": 122.23336814024337,
  "spacing_x": 1.0,
  "spacing_y": 1.0,
  "spacing_z": 1.0,
  "summary_bg_k": 5.743895059085901,
  "summary_bg_mad": 0.0,
  "summary_bg_mean": 3.515809973039232,
  "summary_bg_median": 0.0,
  "summary_bg_n": 2435844.0,
  "summary_bg_p05": 0.0,
  "summary_bg_p95": 14.550020195543766,
  "summary_bg_stdv": 5.359718093118031,
  "summary_csf_k": 0.5977395243532584,
  "summary_csf_mad": 106.65493920539555,
  "summary_csf_mean": 286.840935473503,
  "summary_csf_median": 274.16078662872314,
  "summary_csf_n": 51275.0,
  "summary_csf_p05": 136.3787425942719,
  "summary_csf_p95": 481.6019755739717,
  "summary_csf_stdv": 107.52308341851578,
  "summary_gm_k": 0.18665458393120415,
  "summary_gm_mad": 60.77360498870075,
  "summary_gm_mean": 727.0688612995746,
  "summary_gm_median": 727.279435865581,
  "summary_gm_n": 31321.0,
  "summary_gm_p05": 622.1795437932014,
  "summary_gm_p95": 832.6009018495679,
  "summary_gm_stdv": 63.530519604773225,
  "summary_wm_k": 0.9909345910681471,
  "summary_wm_mad": 34.10987018735186,
  "summary_wm_mean": 1000.8739377117352,
  "summary_wm_median": 999.999992068857,
  "summary_wm_n": 231902.0,
  "summary_wm_p05": 943.0554967857897,
  "summary_wm_p95": 1061.2651786282659,
  "summary_wm_stdv": 36.558557238984605,
  "tpm_overlap_csf": 0.14841084606241423,
  "tpm_overlap_gm": 0.4664953639079879,
  "tpm_overlap_wm": 0.5238146792166503,
  "wm2max": 0.4884996301841863
}