{
  "aor": 0.0030867230169050715,
  "aqi": 0.012122062405721718,
  "bids_meta": {
    "AcquisitionMatrixPE": 84,
    "AcquisitionNumber": 1,
    "AcquisitionTime": "14:18:17.292500",
    "BandwidthPerPixelPhaseEncode": 15.664,
    "BaseResolution": 84,
    "BodyPartExamined": "BRAIN",
    "ConsistencyInfo": "N4_VE11C_LATEST_20160120",
    "ConversionSoftware": "dcm2niix",
    "ConversionSoftwareVersion": "v1.0.20181114  Clang4.0.1",
    "DerivedVendorReportedEchoSpacing": 0.000760008,
    "DeviceSerialNumber": "67007",
    "DwellTime": 3.8e-06,
    "EchoTime": 0.03,
    "EchoTrainLength": 74,
    "EffectiveEchoSpacing": 0.000760008,
    "FlipAngle": 40,
    "ImageComments": "Unaliased_MB4_PE3",
    "ImageOrientationPatientDICOM": [
      1,
      0,
      0,
      0,
      0.907777,
      -0.419452
    ],
    "ImageType": [
      "ORIGINAL",
      "PRIMARY",
      "M",
      "MB",
      "ND",
      "NORM",
      "MOSAIC"
    ],
    "ImagingFrequency": 123.211,
    "InPlanePhaseEncodingDirectionDICOM": "COL",
    "InstitutionAddress": "Perth_Drive_100_London_Ontario_CA_N6A_5K8",
    "InstitutionName": "Robarts-CFMM",
    "InstitutionalDepartmentName": "CFMM",
    "MRAcquisitionType": "2D",
    "MagneticFieldStrength": 3,
    "Manufacturer": "Siemens",
    "ManufacturersModelName": "Prisma_fit",
    "Modality": "MR",
    "MultibandAccelerationFactor": 4,
    "PartialFourier": 0.875,
    "PatientPosition": "HFS",
    "PercentPhaseFOV": 100,
    "PhaseEncodingDirection": "j-",
    "PhaseEncodingSteps": 74,
    "PhaseResolution": 1,
    "PixelBandwidth": 1565,
    "ProcedureStepDescription": "Ansari_EnumAdapt",
    "ProtocolName": "ep_bold_mb4_EnumAdapt",
    "PulseSequenceDetails": "%CustomerSeq%_cmrr_mbep2d_bold",
    "ReceiveCoilActiveElements": "HEA;HEP",
    "ReceiveCoilName": "Head_32",
    "ReconMatrixPE": 84,
    "RepetitionTime": 1,
    "SAR": 0.0483074,
    "ScanOptions": "PFP_FS",
    "ScanningSequence": "EP",
    "SequenceName": "epfid2d1_84",
    "SequenceVariant": "SK_SS",
    "SeriesDescription": "ep_bold_mb4_EnumAdapt",
    "SeriesNumber": 3,
    "ShimSetting": [
      5256,
      -6197,
      -3993,
      497,
      95,
      204,
      149,
      -24
    ],
    "SliceThickness": 2.5,
    "SliceTiming": [
      0,
      0.41,
      0.8175,
      0.245,
      0.655,
      0.0825,
      0.49,
      0.9,
      0.3275,
      0.735,
      0.165,
      0.5725,
      0,
      0.41,
      0.8175,
      0.245,
      0.655,
      0.0825,
      0.49,
      0.9,
      0.3275,
      0.735,
      0.165,
      0.5725,
      0,
      0.41,
      0.8175,
      0.245,
      0.655,
      0.0825,
      0.49,
      0.9,
      0.3275,
      0.735,
      0.165,
      0.5725,
      0,
      0.41,
      0.8175,
      0.245,
      0.655,
      0.0825,
      0.49,
      0.9,
      0.3275,
      0.735,
      0.165,
      0.5725
    ],
    "SoftwareVersions": "syngo_MR_E11",
    "SpacingBetweenSlices": 2.5,
    "StationName": "MRC35368",
    "TaskName": "ParallelAdaptation",
    "TotalReadoutTime": 0.0630806,
    "TxRefAmp": 237.21,
    "WipMemBlock": "a9ee6535-11f6-429b-a09e-20c8812222a1||Sequence: R016 ve11c/master r/e634e98; Dec 19 2017 11:00:25 by eja",
    "dataset": "ds001848",
    "modality": "bold",
    "run_id": 2,
    "session_id": "01",
    "subject_id": "13",
    "task_id": "ParallelAdaptation"
  },
  "dummy_trs": 1,
  "dvars_nstd": 24.274505796406217,
  "dvars_std": 1.1626838966796882,
  "dvars_vstd": 1.0259522131119778,
  "efc": 0.5294328357371759,
  "fber": 4269.46240234375,
  "fd_mean": 0.13048522262032067,
  "fd_num": 115,
  "fd_perc": 14.95448634590377,
  "fwhm_avg": 1.9819265796625218,
  "fwhm_x": 1.8939818536060828,
  "fwhm_y": 2.0762658853814826,
  "fwhm_z": 1.975532,
  "gcor": 0.0234315,
  "gsr_x": -0.015194577164947987,
  "gsr_y": 0.023860258981585503,
  "provenance": {
    "md5sum": "a319869fbe7158a49b7b9dc834504ad4",
    "settings": {
      "fd_thres": 0.2,
      "testing": false
    },
    "software": "mriqc",
    "version": "22.0.6",
    "webapi_port": null,
    "webapi_url": "https://mriqc.nimh.nih.gov/api/v1"
  },
  "size_t": 769,
  "size_x": 84,
  "size_y": 84,
  "size_z": 48,
  "snr": 5.001287067815323,
  "spacing_tr": 1.0,
  "spacing_x": 2.4761905670166016,
  "spacing_y": 2.4761905670166016,
  "spacing_z": 2.5,
  "summary_bg_k": 21.053255004596775,
  "summary_bg_mad": 37.0458077743461,
  "summary_bg_mean": 168.62277221679688,
  "summary_bg_median": 54.61045837402344,
  "summary_bg_n": 208408.0,
  "summary_bg_p05": 25.720338916778566,
  "summary_bg_p95": 698.2850219726558,
  "summary_bg_stdv": 307.6480712890625,
  "summary_fg_k": 3.30260311909693,
  "summary_fg_mad": 648.4745011613905,
  "summary_fg_mean": 3776.2255859375,
  "summary_fg_median": 3680.498046875,
  "summary_fg_n": 72350.0,
  "summary_fg_p05": 2819.7967041015627,
  "summary_fg_p95": 5039.8863525390625,
  "summary_fg_stdv": 735.9050903320312,
  "tsnr": 45.9617919921875
}