{
  "aor": 0.003125013054830287,
  "aqi": 0.025516732506527418,
  "bids_meta": {
    "AcquisitionMatrixPE": 84,
    "AcquisitionNumber": 1,
    "AcquisitionTime": "10:35:38.447500",
    "BandwidthPerPixelPhaseEncode": 15.664,
    "BaseResolution": 84,
    "BodyPartExamined": "BRAIN",
    "ConsistencyInfo": "N4_VE11C_LATEST_20160120",
    "ConversionSoftware": "dcm2niix",
    "ConversionSoftwareVersion": "v1.0.20181114  Clang4.0.1",
    "DerivedVendorReportedEchoSpacing": 0.000760008,
    "DeviceSerialNumber": "67007",
    "DwellTime": 3.8e-06,
    "EchoTime": 0.03,
    "EchoTrainLength": 74,
    "EffectiveEchoSpacing": 0.000760008,
    "FlipAngle": 40,
    "ImageComments": "Unaliased_MB4_PE3",
    "ImageOrientationPatientDICOM": [
      1,
      0,
      0,
      0,
      0.954761,
      -0.297375
    ],
    "ImageType": [
      "ORIGINAL",
      "PRIMARY",
      "M",
      "MB",
      "ND",
      "NORM",
      "MOSAIC"
    ],
    "ImagingFrequency": 123.211,
    "InPlanePhaseEncodingDirectionDICOM": "COL",
    "InstitutionAddress": "Perth_Drive_100_London_Ontario_CA_N6A_5K8",
    "InstitutionName": "Robarts_Research_Institute",
    "InstitutionalDepartmentName": "CFMM",
    "MRAcquisitionType": "2D",
    "MagneticFieldStrength": 3,
    "Manufacturer": "Siemens",
    "ManufacturersModelName": "Prisma_fit",
    "Modality": "MR",
    "MultibandAccelerationFactor": 4,
    "PartialFourier": 0.875,
    "PatientPosition": "HFS",
    "PercentPhaseFOV": 100,
    "PhaseEncodingDirection": "j-",
    "PhaseEncodingSteps": 74,
    "PhaseResolution": 1,
    "PixelBandwidth": 1565,
    "ProcedureStepDescription": "Ansari_EnumAdapt",
    "ProtocolName": "ep_bold_mb4_EnumAdapt",
    "PulseSequenceDetails": "%CustomerSeq%_cmrr_mbep2d_bold",
    "ReceiveCoilActiveElements": "HEA;HEP",
    "ReceiveCoilName": "Head_32",
    "ReconMatrixPE": 84,
    "RepetitionTime": 1,
    "SAR": 0.0522449,
    "ScanOptions": "PFP_FS",
    "ScanningSequence": "EP",
    "SequenceName": "epfid2d1_84",
    "SequenceVariant": "SK_SS",
    "SeriesDescription": "ep_bold_mb4_EnumAdapt",
    "SeriesNumber": 4,
    "ShimSetting": [
      5229,
      -6169,
      -3956,
      703,
      39,
      96,
      161,
      1
    ],
    "SliceThickness": 2.5,
    "SliceTiming": [
      0,
      0.4075,
      0.815,
      0.245,
      0.6525,
      0.08,
      0.49,
      0.8975,
      0.325,
      0.735,
      0.1625,
      0.57,
      0,
      0.4075,
      0.815,
      0.245,
      0.6525,
      0.08,
      0.49,
      0.8975,
      0.325,
      0.735,
      0.1625,
      0.57,
      0,
      0.4075,
      0.815,
      0.245,
      0.6525,
      0.08,
      0.49,
      0.8975,
      0.325,
      0.735,
      0.1625,
      0.57,
      0,
      0.4075,
      0.815,
      0.245,
      0.6525,
      0.08,
      0.49,
      0.8975,
      0.325,
      0.735,
      0.1625,
      0.57
    ],
    "SoftwareVersions": "syngo_MR_E11",
    "SpacingBetweenSlices": 2.5,
    "StationName": "MRC35368",
    "TaskName": "ParallelAdaptation",
    "TotalReadoutTime": 0.0630806,
    "TxRefAmp": 239.014,
    "WipMemBlock": "0258db6c-f23c-4660-935a-55ec4ccf8e92||Sequence: R016 ve11c/master r/e634e98; Dec 19 2017 11:00:25 by eja",
    "dataset": "ds001848",
    "modality": "bold",
    "run_id": 3,
    "session_id": "01",
    "subject_id": "41",
    "task_id": "ParallelAdaptation"
  },
  "dummy_trs": 4,
  "dvars_nstd": 33.405885626588265,
  "dvars_std": 1.1380489644967318,
  "dvars_vstd": 0.9938475487189534,
  "efc": 0.5449971665979572,
  "fber": 5058.81884765625,
  "fd_mean": 0.2811443301037096,
  "fd_num": 311,
  "fd_perc": 40.60052219321149,
  "fwhm_avg": 1.8895325004015404,
  "fwhm_x": 1.7888364728474078,
  "fwhm_y": 2.00475684954288,
  "fwhm_z": 1.8750041788143328,
  "gcor": 0.0427073,
  "gsr_x": -0.015261204913258553,
  "gsr_y": 0.043632250279188156,
  "provenance": {
    "md5sum": "648270fe83f1916fe211b844701fec27",
    "settings": {
      "fd_thres": 0.2,
      "testing": false
    },
    "software": "mriqc",
    "version": "22.0.6",
    "webapi_port": null,
    "webapi_url": "https://mriqc.nimh.nih.gov/api/v1"
  },
  "size_t": 766,
  "size_x": 84,
  "size_y": 84,
  "size_z": 48,
  "snr": 5.493517924655487,
  "spacing_tr": 1.0,
  "spacing_x": 2.4761905670166016,
  "spacing_y": 2.4761905670166016,
  "spacing_z": 2.499999761581421,
  "summary_bg_k": 21.768840344159518,
  "summary_bg_mad": 32.3530296407756,
  "summary_bg_mean": 160.30982971191406,
  "summary_bg_median": 52.08955383300781,
  "summary_bg_n": 200183.0,
  "summary_bg_p05": 25.633428001403807,
  "summary_bg_p95": 662.1695190429684,
  "summary_bg_stdv": 283.8621826171875,
  "summary_fg_k": 4.642033253786351,
  "summary_fg_mad": 609.1631006381924,
  "summary_fg_mean": 3886.8271484375,
  "summary_fg_median": 3801.451416015625,
  "summary_fg_n": 79681.0,
  "summary_fg_p05": 3000.131591796875,
  "summary_fg_p95": 5050.583984375,
  "summary_fg_stdv": 691.9841918945312,
  "tsnr": 34.31402587890625
}