{
  "bids_meta": {
    "AcquisitionMatrixPE": 248,
    "AcquisitionNumber": 1,
    "AcquisitionTime": "10:50:23.505000",
    "BaseResolution": 256,
    "BodyPartExamined": "BRAIN",
    "ConsistencyInfo": "N4_VE11C_LATEST_20160120",
    "ConversionSoftware": "dcm2niix",
    "ConversionSoftwareVersion": "v1.0.20181114  Clang4.0.1",
    "DeviceSerialNumber": "67007",
    "DwellTime": 8.2e-06,
    "EchoTime": 0.00298,
    "FlipAngle": 9,
    "ImageOrientationPatientDICOM": [
      0,
      1,
      0,
      0,
      0,
      -1
    ],
    "ImageType": [
      "ORIGINAL",
      "PRIMARY",
      "M",
      "ND",
      "NORM"
    ],
    "ImagingFrequency": 123.211,
    "InPlanePhaseEncodingDirectionDICOM": "ROW",
    "InstitutionAddress": "Perth_Drive_100_London_Ontario_CA_N6A_5K8",
    "InstitutionName": "Robarts_Research_Institute",
    "InstitutionalDepartmentName": "CFMM",
    "InversionTime": 0.9,
    "MRAcquisitionType": "3D",
    "MagneticFieldStrength": 3,
    "Manufacturer": "Siemens",
    "ManufacturersModelName": "Prisma_fit",
    "Modality": "MR",
    "PartialFourier": 1,
    "PatientPosition": "HFS",
    "PercentPhaseFOV": 96.875,
    "PhaseEncodingSteps": 247,
    "PhaseResolution": 1,
    "PixelBandwidth": 240,
    "ProcedureStepDescription": "Ansari_EnumAdapt",
    "ProtocolName": "MPRAGE_SAG_iPAT2",
    "PulseSequenceDetails": "%SiemensSeq%_tfl",
    "ReceiveCoilActiveElements": "HEA;HEP",
    "ReceiveCoilName": "Head_32",
    "ReconMatrixPE": 256,
    "RepetitionTime": 2.3,
    "SAR": 0.0604904,
    "ScanOptions": "IR",
    "ScanningSequence": "GR_IR",
    "SequenceName": "_tfl3d1_16ns",
    "SequenceVariant": "SK_SP_MP",
    "SeriesDescription": "MPRAGE_SAG_iPAT2",
    "SeriesNumber": 5,
    "ShimSetting": [
      5244,
      -6184,
      -3864,
      393,
      69,
      -158,
      -106,
      -95
    ],
    "SliceThickness": 1,
    "SoftwareVersions": "syngo_MR_E11",
    "StationName": "MRC35368",
    "TxRefAmp": 269.68,
    "dataset": "ds001848",
    "modality": "T1w",
    "session_id": "01",
    "subject_id": "37"
  },
  "cjv": 0.3725092285317565,
  "cnr": 3.5928731675608976,
  "efc": 0.5741461791630376,
  "fber": 4329.118089383592,
  "fwhm_avg": 3.835546666666666,
  "fwhm_x": 3.88498,
  "fwhm_y": 3.97342,
  "fwhm_z": 3.64824,
  "icvs_csf": 0.21657865469949478,
  "icvs_gm": 0.42357861244797257,
  "icvs_wm": 0.35984273285253265,
  "inu_med": 0.3941236734390259,
  "inu_range": 0.09834501147270203,
  "provenance": {
    "md5sum": "e5d8d4324b59f9d2470d9d05816a95fa",
    "settings": {
      "testing": false
    },
    "software": "mriqc",
    "version": "22.0.6",
    "warnings": {
      "large_rot_frame": true,
      "small_air_mask": false
    },
    "webapi_port": null,
    "webapi_url": "https://mriqc.nimh.nih.gov/api/v1"
  },
  "qi_1": 0.0,
  "qi_2": 0.015039696483990958,
  "rpve_csf": 25.198192705905853,
  "rpve_gm": 13.402529292254599,
  "rpve_wm": 18.276926441531803,
  "size_x": 192,
  "size_y": 248,
  "size_z": 256,
  "snr_csf": 2.8534413066372006,
  "snr_gm": 10.822389370793926,
  "snr_total": 13.12928030359121,
  "snr_wm": 25.712010233342507,
  "snrd_csf": 31.033264455293303,
  "snrd_gm": 81.14931888784216,
  "snrd_total": 74.88767613887306,
  "snrd_wm": 112.48044507348371,
  "spacing_x": 1.0,
  "spacing_y": 1.0,
  "spacing_z": 1.0,
  "summary_bg_k": 5.403336406692986,
  "summary_bg_mad": 5.824446978870456,
  "summary_bg_mean": 5.417170304081432,
  "summary_bg_median": 3.9285297878086567,
  "summary_bg_n": 2872794.0,
  "summary_bg_p05": 0.0,
  "summary_bg_p95": 20.573855999857187,
  "summary_bg_stdv": 7.357165928111436,
  "summary_csf_k": 1.93711582445931,
  "summary_csf_mad": 81.93055416944442,
  "summary_csf_mean": 289.447291953449,
  "summary_csf_median": 275.89919198676944,
  "summary_csf_n": 43682.0,
  "summary_csf_p05": 149.4325430620462,
  "summary_csf_p95": 469.35745887085795,
  "summary_csf_stdv": 96.68887644011785,
  "summary_gm_k": -0.0730395971298865,
  "summary_gm_mad": 67.47729685150662,
  "summary_gm_mean": 722.858318316483,
  "summary_gm_median": 721.452670365572,
  "summary_gm_n": 32438.0,
  "summary_gm_p05": 613.5985225688667,
  "summary_gm_p95": 834.2494906397536,
  "summary_gm_stdv": 66.66194729053832,
  "summary_wm_k": 0.7236111432910985,
  "summary_wm_mad": 36.28414747577818,
  "summary_wm_mean": 1000.1093927590888,
  "summary_wm_median": 999.999982431531,
  "summary_wm_n": 215362.0,
  "summary_wm_p05": 936.8525036200881,
  "summary_wm_p95": 1063.758565876633,
  "summary_wm_stdv": 38.89223952858283,
  "tpm_overlap_csf": 0.15061673482507024,
  "tpm_overlap_gm": 0.4631228112247869,
  "tpm_overlap_wm": 0.5142066414279406,
  "wm2max": 0.6389854776027818
}