{
  "aor": 0.00029154046997389033,
  "aqi": 0.010092042375979113,
  "bids_meta": {
    "AcquisitionMatrixPE": 84,
    "AcquisitionNumber": 1,
    "AcquisitionTime": "13:11:51.912500",
    "BandwidthPerPixelPhaseEncode": 15.664,
    "BaseResolution": 84,
    "BodyPartExamined": "BRAIN",
    "ConsistencyInfo": "N4_VE11C_LATEST_20160120",
    "ConversionSoftware": "dcm2niix",
    "ConversionSoftwareVersion": "v1.0.20181114  Clang4.0.1",
    "DerivedVendorReportedEchoSpacing": 0.000760008,
    "DeviceSerialNumber": "67007",
    "DwellTime": 3.8e-06,
    "EchoTime": 0.03,
    "EchoTrainLength": 74,
    "EffectiveEchoSpacing": 0.000760008,
    "FlipAngle": 40,
    "ImageComments": "Unaliased_MB4_PE3",
    "ImageOrientationPatientDICOM": [
      1,
      0,
      0,
      0,
      0.863396,
      -0.504528
    ],
    "ImageType": [
      "ORIGINAL",
      "PRIMARY",
      "M",
      "MB",
      "ND",
      "NORM",
      "MOSAIC"
    ],
    "ImagingFrequency": 123.211,
    "InPlanePhaseEncodingDirectionDICOM": "COL",
    "InstitutionAddress": "Perth_Drive_100_London_Ontario_CA_N6A_5K8",
    "InstitutionName": "Robarts-CFMM",
    "InstitutionalDepartmentName": "CFMM",
    "MRAcquisitionType": "2D",
    "MagneticFieldStrength": 3,
    "Manufacturer": "Siemens",
    "ManufacturersModelName": "Prisma_fit",
    "Modality": "MR",
    "MultibandAccelerationFactor": 4,
    "PartialFourier": 0.875,
    "PatientPosition": "HFS",
    "PercentPhaseFOV": 100,
    "PhaseEncodingDirection": "j-",
    "PhaseEncodingSteps": 74,
    "PhaseResolution": 1,
    "PixelBandwidth": 1565,
    "ProcedureStepDescription": "Ansari_EnumAdapt",
    "ProtocolName": "ep_bold_mb4_EnumAdapt",
    "PulseSequenceDetails": "%CustomerSeq%_cmrr_mbep2d_bold",
    "ReceiveCoilActiveElements": "HEA;HEP",
    "ReceiveCoilName": "Head_32",
    "ReconMatrixPE": 84,
    "RepetitionTime": 1,
    "SAR": 0.0767757,
    "ScanOptions": "PFP_FS",
    "ScanningSequence": "EP",
    "SequenceName": "epfid2d1_84",
    "SequenceVariant": "SK_SS",
    "SeriesDescription": "ep_bold_mb4_EnumAdapt",
    "SeriesNumber": 2,
    "ShimSetting": [
      5238,
      -6218,
      -3868,
      344,
      101,
      23,
      -170,
      -41
    ],
    "SliceThickness": 2.5,
    "SliceTiming": [
      0,
      0.41,
      0.8175,
      0.245,
      0.655,
      0.0825,
      0.49,
      0.9,
      0.3275,
      0.735,
      0.165,
      0.5725,
      0,
      0.41,
      0.8175,
      0.245,
      0.655,
      0.0825,
      0.49,
      0.9,
      0.3275,
      0.735,
      0.165,
      0.5725,
      0,
      0.41,
      0.8175,
      0.245,
      0.655,
      0.0825,
      0.49,
      0.9,
      0.3275,
      0.735,
      0.165,
      0.5725,
      0,
      0.41,
      0.8175,
      0.245,
      0.655,
      0.0825,
      0.49,
      0.9,
      0.3275,
      0.735,
      0.165,
      0.5725
    ],
    "SoftwareVersions": "syngo_MR_E11",
    "SpacingBetweenSlices": 2.5,
    "StationName": "MRC35368",
    "TaskName": "ParallelAdaptation",
    "TotalReadoutTime": 0.0630806,
    "TxRefAmp": 274.388,
    "WipMemBlock": "c0b84ffb-51fe-4c47-a8d7-1d5f7856cbaf||Sequence: R016 ve11c/master r/e634e98; Dec 19 2017 11:00:25 by eja",
    "dataset": "ds001848",
    "modality": "bold",
    "run_id": 1,
    "session_id": "01",
    "subject_id": "12",
    "task_id": "ParallelAdaptation"
  },
  "dummy_trs": 4,
  "dvars_nstd": 33.36577671033993,
  "dvars_std": 1.1345702629673209,
  "dvars_vstd": 0.9878356710065351,
  "efc": 0.5699284435200577,
  "fber": 2280.689453125,
  "fd_mean": 0.21083223788445268,
  "fd_num": 420,
  "fd_perc": 54.83028720626632,
  "fwhm_avg": 1.9636985395492699,
  "fwhm_x": 1.8345074327106683,
  "fwhm_y": 2.0727481859371415,
  "fwhm_z": 1.98384,
  "gcor": 0.011341,
  "gsr_x": -0.009028799831867218,
  "gsr_y": 0.03985501453280449,
  "provenance": {
    "md5sum": "cb95a471f1dd4c2e73edbdb7b868c777",
    "settings": {
      "fd_thres": 0.2,
      "testing": false
    },
    "software": "mriqc",
    "version": "22.0.6",
    "webapi_port": null,
    "webapi_url": "https://mriqc.nimh.nih.gov/api/v1"
  },
  "size_t": 766,
  "size_x": 84,
  "size_y": 84,
  "size_z": 48,
  "snr": 4.845501831911155,
  "spacing_tr": 1.0,
  "spacing_x": 2.4761905670166016,
  "spacing_y": 2.4761908054351807,
  "spacing_z": 2.5,
  "summary_bg_k": 19.006329546686118,
  "summary_bg_mad": 55.88783262119742,
  "summary_bg_mean": 172.9593505859375,
  "summary_bg_median": 67.23357391357422,
  "summary_bg_n": 194059.0,
  "summary_bg_p05": 22.498972511291505,
  "summary_bg_p95": 655.8823120117188,
  "summary_bg_stdv": 280.6905517578125,
  "summary_fg_k": 2.1675773364841078,
  "summary_fg_mad": 626.226056834568,
  "summary_fg_mean": 3412.712158203125,
  "summary_fg_median": 3325.2294921875,
  "summary_fg_n": 86420.0,
  "summary_fg_p05": 2480.101123046875,
  "summary_fg_p95": 4596.271411132812,
  "summary_fg_stdv": 686.246826171875,
  "tsnr": 44.93046951293945
}