{
  "bids_meta": {
    "AcquisitionMatrixPE": 240,
    "AcquisitionNumber": 1,
    "AcquisitionTime": "14:51:55.125000",
    "BaseResolution": 256,
    "BodyPartExamined": "BRAIN",
    "ConsistencyInfo": "N4_VE11C_LATEST_20160120",
    "ConversionSoftware": "dcm2niix",
    "ConversionSoftwareVersion": "v1.0.20181114  Clang4.0.1",
    "DeviceSerialNumber": "67007",
    "DwellTime": 8.2e-06,
    "EchoTime": 0.00298,
    "FlipAngle": 9,
    "ImageOrientationPatientDICOM": [
      0,
      1,
      0,
      0,
      0,
      -1
    ],
    "ImageType": [
      "ORIGINAL",
      "PRIMARY",
      "M",
      "ND",
      "NORM"
    ],
    "ImagingFrequency": 123.211,
    "InPlanePhaseEncodingDirectionDICOM": "ROW",
    "InstitutionAddress": "Perth_Drive_100_London_Ontario_CA_N6A_5K8",
    "InstitutionName": "Robarts_Research_Institute",
    "InstitutionalDepartmentName": "CFMM",
    "InversionTime": 0.9,
    "MRAcquisitionType": "3D",
    "MagneticFieldStrength": 3,
    "Manufacturer": "Siemens",
    "ManufacturersModelName": "Prisma_fit",
    "Modality": "MR",
    "PartialFourier": 1,
    "PatientPosition": "HFS",
    "PercentPhaseFOV": 93.75,
    "PhaseEncodingSteps": 239,
    "PhaseResolution": 1,
    "PixelBandwidth": 240,
    "ProcedureStepDescription": "Ansari_EnumAdapt",
    "ProtocolName": "MPRAGE_SAG_iPAT2",
    "PulseSequenceDetails": "%SiemensSeq%_tfl",
    "ReceiveCoilActiveElements": "HEA;HEP",
    "ReceiveCoilName": "Head_32",
    "ReconMatrixPE": 256,
    "RepetitionTime": 2.3,
    "SAR": 0.0570809,
    "ScanOptions": "IR",
    "ScanningSequence": "GR_IR",
    "SequenceName": "_tfl3d1_16ns",
    "SequenceVariant": "SK_SP_MP",
    "SeriesDescription": "MPRAGE_SAG_iPAT2",
    "SeriesNumber": 6,
    "ShimSetting": [
      5260,
      -6200,
      -3891,
      316,
      -15,
      -118,
      66,
      -47
    ],
    "SliceThickness": 1,
    "SoftwareVersions": "syngo_MR_E11",
    "StationName": "MRC35368",
    "TxRefAmp": 259.99,
    "dataset": "ds001848",
    "modality": "T1w",
    "session_id": "01",
    "subject_id": "33"
  },
  "cjv": 0.37819117623851817,
  "cnr": 3.513721654816337,
  "efc": 0.6015779839269892,
  "fber": 3891.8693204775027,
  "fwhm_avg": 3.8180533333333333,
  "fwhm_x": 3.91667,
  "fwhm_y": 3.89923,
  "fwhm_z": 3.63826,
  "icvs_csf": 0.20801250608555055,
  "icvs_gm": 0.4270898606911399,
  "icvs_wm": 0.36489763322330954,
  "inu_med": 0.440693199634552,
  "inu_range": 0.137232494354248,
  "provenance": {
    "md5sum": "4d37e3de1e1d50cc44f1330c32686b37",
    "settings": {
      "testing": false
    },
    "software": "mriqc",
    "version": "22.0.6",
    "warnings": {
      "large_rot_frame": true,
      "small_air_mask": false
    },
    "webapi_port": null,
    "webapi_url": "https://mriqc.nimh.nih.gov/api/v1"
  },
  "qi_1": 0.0,
  "qi_2": 0.024998074353477503,
  "rpve_csf": 21.97360589840017,
  "rpve_gm": 11.342103311454741,
  "rpve_wm": 15.532805155370509,
  "size_x": 192,
  "size_y": 240,
  "size_z": 256,
  "snr_csf": 3.134063605172324,
  "snr_gm": 11.619757928242125,
  "snr_total": 13.315217614003664,
  "snr_wm": 25.191831308596548,
  "snrd_csf": 27.29138324181218,
  "snrd_gm": 62.647858936383784,
  "snrd_total": 58.342184276674054,
  "snrd_wm": 85.08731065182619,
  "spacing_x": 1.0,
  "spacing_y": 1.0,
  "spacing_z": 1.0,
  "summary_bg_k": 4.996915109616723,
  "summary_bg_mad": 7.699577921833098,
  "summary_bg_mean": 5.416300478601144,
  "summary_bg_median": 5.1932863891124725,
  "summary_bg_n": 2595428.0,
  "summary_bg_p05": 0.0,
  "summary_bg_p95": 19.878937304019928,
  "summary_bg_stdv": 6.529025861549406,
  "summary_csf_k": 1.7428149791925467,
  "summary_csf_mad": 86.8369615952435,
  "summary_csf_mean": 326.8970772751086,
  "summary_csf_median": 320.74562162160873,
  "summary_csf_n": 39695.0,
  "summary_csf_p05": 169.94771763682365,
  "summary_csf_p95": 509.32038500905037,
  "summary_csf_stdv": 102.34048247795374,
  "summary_gm_k": 0.06751073707974076,
  "summary_gm_mad": 62.66742560220449,
  "summary_gm_mean": 734.8223967113714,
  "summary_gm_median": 736.2773180007935,
  "summary_gm_n": 36018.0,
  "summary_gm_p05": 627.8717637062073,
  "summary_gm_p95": 837.1164947748184,
  "summary_gm_stdv": 63.363376544786114,
  "summary_wm_k": 0.8810371648103357,
  "summary_wm_mad": 37.07015330577922,
  "summary_wm_mean": 1000.8837458066365,
  "summary_wm_median": 999.9999672174454,
  "summary_wm_n": 248855.0,
  "summary_wm_p05": 937.6461379230022,
  "summary_wm_p95": 1066.6872672736645,
  "summary_wm_stdv": 39.69532606675182,
  "tpm_overlap_csf": 0.15809383390788406,
  "tpm_overlap_gm": 0.44932694183961336,
  "tpm_overlap_wm": 0.5011948459089283,
  "wm2max": 0.518106273814187
}