{
  "aor": 0.0009693342036553525,
  "aqi": 0.007502153851174935,
  "bids_meta": {
    "AcquisitionMatrixPE": 84,
    "AcquisitionNumber": 1,
    "AcquisitionTime": "15:17:42.767500",
    "BandwidthPerPixelPhaseEncode": 15.664,
    "BaseResolution": 84,
    "BodyPartExamined": "BRAIN",
    "ConsistencyInfo": "N4_VE11C_LATEST_20160120",
    "ConversionSoftware": "dcm2niix",
    "ConversionSoftwareVersion": "v1.0.20181114  Clang4.0.1",
    "DerivedVendorReportedEchoSpacing": 0.000760008,
    "DeviceSerialNumber": "67007",
    "DwellTime": 3.8e-06,
    "EchoTime": 0.03,
    "EchoTrainLength": 74,
    "EffectiveEchoSpacing": 0.000760008,
    "FlipAngle": 40,
    "ImageComments": "Unaliased_MB4_PE3",
    "ImageOrientationPatientDICOM": [
      0.999891,
      -0.00511154,
      -0.0138165,
      2.73686e-08,
      0.937875,
      -0.346973
    ],
    "ImageType": [
      "ORIGINAL",
      "PRIMARY",
      "M",
      "MB",
      "ND",
      "NORM",
      "MOSAIC"
    ],
    "ImagingFrequency": 123.211,
    "InPlanePhaseEncodingDirectionDICOM": "COL",
    "InstitutionAddress": "Perth_Drive_100_London_Ontario_CA_N6A_5K8",
    "InstitutionName": "Robarts_Research_Institute",
    "InstitutionalDepartmentName": "CFMM",
    "MRAcquisitionType": "2D",
    "MagneticFieldStrength": 3,
    "Manufacturer": "Siemens",
    "ManufacturersModelName": "Prisma_fit",
    "Modality": "MR",
    "MultibandAccelerationFactor": 4,
    "PartialFourier": 0.875,
    "PatientPosition": "HFS",
    "PercentPhaseFOV": 100,
    "PhaseEncodingDirection": "j-",
    "PhaseEncodingSteps": 74,
    "PhaseResolution": 1,
    "PixelBandwidth": 1565,
    "ProcedureStepDescription": "Ansari_EnumAdapt",
    "ProtocolName": "ep_bold_mb4_EnumAdapt",
    "PulseSequenceDetails": "%CustomerSeq%_cmrr_mbep2d_bold",
    "ReceiveCoilActiveElements": "HEA;HEP",
    "ReceiveCoilName": "Head_32",
    "ReconMatrixPE": 84,
    "RepetitionTime": 1,
    "SAR": 0.0620842,
    "ScanOptions": "PFP_FS",
    "ScanningSequence": "EP",
    "SequenceName": "epfid2d1_84",
    "SequenceVariant": "SK_SS",
    "SeriesDescription": "ep_bold_mb4_EnumAdapt",
    "SeriesNumber": 6,
    "ShimSetting": [
      5250,
      -6275,
      -3822,
      382,
      50,
      -191,
      11,
      7
    ],
    "SliceThickness": 2.5,
    "SliceTiming": [
      0,
      0.4075,
      0.815,
      0.245,
      0.6525,
      0.08,
      0.49,
      0.8975,
      0.325,
      0.735,
      0.1625,
      0.57,
      0,
      0.4075,
      0.815,
      0.245,
      0.6525,
      0.08,
      0.49,
      0.8975,
      0.325,
      0.735,
      0.1625,
      0.57,
      0,
      0.4075,
      0.815,
      0.245,
      0.6525,
      0.08,
      0.49,
      0.8975,
      0.325,
      0.735,
      0.1625,
      0.57,
      0,
      0.4075,
      0.815,
      0.245,
      0.6525,
      0.08,
      0.49,
      0.8975,
      0.325,
      0.735,
      0.1625,
      0.57
    ],
    "SoftwareVersions": "syngo_MR_E11",
    "SpacingBetweenSlices": 2.5,
    "StationName": "MRC35368",
    "TaskName": "ParallelAdaptation",
    "TotalReadoutTime": 0.0630806,
    "TxRefAmp": 254.47,
    "WipMemBlock": "d872b243-3274-4156-8eba-2fa2a69eaf8d||Sequence: R016 ve11c/master r/e634e98; Dec 19 2017 11:00:25 by eja",
    "dataset": "ds001848",
    "modality": "bold",
    "run_id": 3,
    "session_id": "01",
    "subject_id": "29",
    "task_id": "ParallelAdaptation"
  },
  "dummy_trs": 4,
  "dvars_nstd": 29.057675001450995,
  "dvars_std": 1.1174133619215694,
  "dvars_vstd": 1.0071545684967311,
  "efc": 0.54500602932409,
  "fber": 3486.551025390625,
  "fd_mean": 0.298524141989186,
  "fd_num": 529,
  "fd_perc": 69.06005221932115,
  "fwhm_avg": 2.196657557944604,
  "fwhm_x": 2.0870162696025454,
  "fwhm_y": 2.3781366068698735,
  "fwhm_z": 2.1248197973613934,
  "gcor": 0.0171802,
  "gsr_x": -0.015527049079537392,
  "gsr_y": 0.0280134454369545,
  "provenance": {
    "md5sum": "6e668ce2b2695c377c967cc82453a5e5",
    "settings": {
      "fd_thres": 0.2,
      "testing": false
    },
    "software": "mriqc",
    "version": "22.0.6",
    "webapi_port": null,
    "webapi_url": "https://mriqc.nimh.nih.gov/api/v1"
  },
  "size_t": 766,
  "size_x": 84,
  "size_y": 84,
  "size_z": 48,
  "snr": 4.707919090603925,
  "spacing_tr": 1.0,
  "spacing_x": 2.4761905670166016,
  "spacing_y": 2.4761908054351807,
  "spacing_z": 2.500000238418579,
  "summary_bg_k": 21.680278744194116,
  "summary_bg_mad": 39.70200713986672,
  "summary_bg_mean": 161.042236328125,
  "summary_bg_median": 55.803009033203125,
  "summary_bg_n": 201073.0,
  "summary_bg_p05": 25.100852966308594,
  "summary_bg_p95": 607.2346313476562,
  "summary_bg_stdv": 280.6207580566406,
  "summary_fg_k": 2.6435234489236636,
  "summary_fg_mad": 657.3259549336893,
  "summary_fg_mean": 3551.56103515625,
  "summary_fg_median": 3434.80908203125,
  "summary_fg_n": 77860.0,
  "summary_fg_p05": 2607.948046875,
  "summary_fg_p95": 4830.771484375,
  "summary_fg_stdv": 729.5764770507812,
  "tsnr": 49.94746398925781
}