{
  "bids_meta": {
    "AcquisitionMatrixPE": 224,
    "AcquisitionNumber": 1,
    "AcquisitionTime": "11:23:18.682500",
    "BaseResolution": 256,
    "BodyPartExamined": "BRAIN",
    "ConsistencyInfo": "N4_VE11C_LATEST_20160120",
    "ConversionSoftware": "dcm2niix",
    "ConversionSoftwareVersion": "v1.0.20181114  Clang4.0.1",
    "DeviceSerialNumber": "67007",
    "DwellTime": 8.2e-06,
    "EchoTime": 0.00298,
    "FlipAngle": 9,
    "ImageOrientationPatientDICOM": [
      0,
      1,
      0,
      0,
      0,
      -1
    ],
    "ImageType": [
      "ORIGINAL",
      "PRIMARY",
      "M",
      "ND",
      "NORM"
    ],
    "ImagingFrequency": 123.211,
    "InPlanePhaseEncodingDirectionDICOM": "ROW",
    "InstitutionAddress": "Perth_Drive_100_London_Ontario_CA_N6A_5K8",
    "InstitutionName": "Robarts-CFMM",
    "InstitutionalDepartmentName": "CFMM",
    "InversionTime": 0.9,
    "MRAcquisitionType": "3D",
    "MagneticFieldStrength": 3,
    "Manufacturer": "Siemens",
    "ManufacturersModelName": "Prisma_fit",
    "Modality": "MR",
    "PartialFourier": 1,
    "PatientPosition": "HFS",
    "PercentPhaseFOV": 87.5,
    "PhaseEncodingSteps": 223,
    "PhaseResolution": 1,
    "PixelBandwidth": 240,
    "ProcedureStepDescription": "Ansari_EnumAdapt",
    "ProtocolName": "MPRAGE_SAG_iPAT2",
    "PulseSequenceDetails": "%SiemensSeq%_tfl",
    "ReceiveCoilActiveElements": "HEA;HEP",
    "ReceiveCoilName": "Head_32",
    "ReconMatrixPE": 256,
    "RepetitionTime": 2.3,
    "SAR": 0.0640285,
    "ScanOptions": "IR",
    "ScanningSequence": "GR_IR",
    "SequenceName": "_tfl3d1_16ns",
    "SequenceVariant": "SK_SP_MP",
    "SeriesDescription": "MPRAGE_SAG_iPAT2",
    "SeriesNumber": 6,
    "ShimSetting": [
      5257,
      -6149,
      -3969,
      223,
      106,
      143,
      381,
      -39
    ],
    "SliceThickness": 1,
    "SoftwareVersions": "syngo_MR_E11",
    "StationName": "MRC35368",
    "TxRefAmp": 244.506,
    "dataset": "ds001848",
    "modality": "T1w",
    "session_id": "01",
    "subject_id": "14"
  },
  "cjv": 0.3282940822937125,
  "cnr": 3.9923500481348526,
  "efc": 0.5779442287090959,
  "fber": 3676.5499763259477,
  "fwhm_avg": 3.6950333333333334,
  "fwhm_x": 3.71559,
  "fwhm_y": 3.80923,
  "fwhm_z": 3.56028,
  "icvs_csf": 0.1968903935688736,
  "icvs_gm": 0.45779709020262443,
  "icvs_wm": 0.3453125162285019,
  "inu_med": 0.4018325209617615,
  "inu_range": 0.10275605320930481,
  "provenance": {
    "md5sum": "b8b7abcada8bdf2b1bf83c79064682f3",
    "settings": {
      "testing": false
    },
    "software": "mriqc",
    "version": "22.0.6",
    "warnings": {
      "large_rot_frame": true,
      "small_air_mask": false
    },
    "webapi_port": null,
    "webapi_url": "https://mriqc.nimh.nih.gov/api/v1"
  },
  "qi_1": 0.0,
  "qi_2": 0.009856848814487626,
  "rpve_csf": 26.434801516260663,
  "rpve_gm": 12.21561232597001,
  "rpve_wm": 17.937115417415605,
  "size_x": 192,
  "size_y": 224,
  "size_z": 256,
  "snr_csf": 2.4314856585989197,
  "snr_gm": 12.13372385388721,
  "snr_total": 13.118795535439746,
  "snr_wm": 24.79117709383311,
  "snrd_csf": 31.462822535765866,
  "snrd_gm": 73.62767083025463,
  "snrd_total": 69.40152051506912,
  "snrd_wm": 103.11406817918689,
  "spacing_x": 1.0,
  "spacing_y": 1.0,
  "spacing_z": 1.0,
  "summary_bg_k": 7.572273849869228,
  "summary_bg_mad": 0.0,
  "summary_bg_mean": 4.394491847969485,
  "summary_bg_median": 0.0,
  "summary_bg_n": 2271368.0,
  "summary_bg_p05": 0.0,
  "summary_bg_p95": 18.262330312281847,
  "summary_bg_stdv": 6.353511046685693,
  "summary_csf_k": 6.783239738072982,
  "summary_csf_mad": 102.36079254415579,
  "summary_csf_mean": 309.2502489816184,
  "summary_csf_median": 305.12636840343475,
  "summary_csf_n": 32633.0,
  "summary_csf_p05": 106.36110464707018,
  "summary_csf_p95": 526.6985352896154,
  "summary_csf_stdv": 125.48776184172266,
  "summary_gm_k": 0.20278730524008193,
  "summary_gm_mad": 57.026846033495026,
  "summary_gm_mean": 714.6153781992525,
  "summary_gm_median": 714.0409538559616,
  "summary_gm_n": 42651.0,
  "summary_gm_p05": 619.1253202948719,
  "summary_gm_p95": 812.5928921252489,
  "summary_gm_stdv": 58.84694523001574,
  "summary_wm_k": 1.1744841248688784,
  "summary_wm_mad": 36.85180218467032,
  "summary_wm_mean": 1000.4300480120464,
  "summary_wm_median": 999.9999561086297,
  "summary_wm_n": 188328.0,
  "summary_wm_p05": 935.6131207421422,
  "summary_wm_p95": 1065.8623231189324,
  "summary_wm_stdv": 40.33682214353322,
  "tpm_overlap_csf": 0.14765036125028028,
  "tpm_overlap_gm": 0.4834268740217383,
  "tpm_overlap_wm": 0.5217947376810658,
  "wm2max": 0.5348063504632544
}