{
  "bids_meta": {
    "AcquisitionMatrixPE": 232,
    "AcquisitionNumber": 1,
    "AcquisitionTime": "13:16:11.210000",
    "BaseResolution": 256,
    "BodyPartExamined": "BRAIN",
    "ConsistencyInfo": "N4_VE11C_LATEST_20160120",
    "ConversionSoftware": "dcm2niix",
    "ConversionSoftwareVersion": "v1.0.20181114  Clang4.0.1",
    "DeviceSerialNumber": "67007",
    "DwellTime": 8.2e-06,
    "EchoTime": 0.00298,
    "FlipAngle": 9,
    "ImageOrientationPatientDICOM": [
      0,
      1,
      0,
      0,
      0,
      -1
    ],
    "ImageType": [
      "ORIGINAL",
      "PRIMARY",
      "M",
      "ND",
      "NORM"
    ],
    "ImagingFrequency": 123.211,
    "InPlanePhaseEncodingDirectionDICOM": "ROW",
    "InstitutionAddress": "Perth_Drive_100_London_Ontario_CA_N6A_5K8",
    "InstitutionName": "Robarts-CFMM",
    "InstitutionalDepartmentName": "CFMM",
    "InversionTime": 0.9,
    "MRAcquisitionType": "3D",
    "MagneticFieldStrength": 3,
    "Manufacturer": "Siemens",
    "ManufacturersModelName": "Prisma_fit",
    "Modality": "MR",
    "PartialFourier": 1,
    "PatientPosition": "HFS",
    "PercentPhaseFOV": 90.625,
    "PhaseEncodingSteps": 231,
    "PhaseResolution": 1,
    "PixelBandwidth": 240,
    "ProcedureStepDescription": "Ansari_EnumAdapt",
    "ProtocolName": "MPRAGE_SAG_iPAT2",
    "PulseSequenceDetails": "%SiemensSeq%_tfl",
    "ReceiveCoilActiveElements": "HEA;HEP",
    "ReceiveCoilName": "Head_32",
    "ReconMatrixPE": 256,
    "RepetitionTime": 2.3,
    "SAR": 0.0630287,
    "ScanOptions": "IR",
    "ScanningSequence": "GR_IR",
    "SequenceName": "_tfl3d1_16ns",
    "SequenceVariant": "SK_SP_MP",
    "SeriesDescription": "MPRAGE_SAG_iPAT2",
    "SeriesNumber": 5,
    "ShimSetting": [
      5235,
      -6188,
      -3912,
      385,
      81,
      -105,
      84,
      10
    ],
    "SliceThickness": 1,
    "SoftwareVersions": "syngo_MR_E11",
    "StationName": "MRC35368",
    "TxRefAmp": 247.551,
    "dataset": "ds001848",
    "modality": "T1w",
    "session_id": "01",
    "subject_id": "16"
  },
  "cjv": 0.33693191508778186,
  "cnr": 3.9971995227768877,
  "efc": 0.5840305645477205,
  "fber": 3818.670107716201,
  "fwhm_avg": 3.5901033333333334,
  "fwhm_x": 3.6256,
  "fwhm_y": 3.75525,
  "fwhm_z": 3.38946,
  "icvs_csf": 0.19782611176715192,
  "icvs_gm": 0.48175764104645424,
  "icvs_wm": 0.32041624718639383,
  "inu_med": 0.4839487671852112,
  "inu_range": 0.14477238357067113,
  "provenance": {
    "md5sum": "d4011507558f58c2a691bceb77011e7d",
    "settings": {
      "testing": false
    },
    "software": "mriqc",
    "version": "22.0.6",
    "warnings": {
      "large_rot_frame": true,
      "small_air_mask": false
    },
    "webapi_port": null,
    "webapi_url": "https://mriqc.nimh.nih.gov/api/v1"
  },
  "qi_1": 0.0,
  "qi_2": 0.014751489797273105,
  "rpve_csf": 26.37624797436996,
  "rpve_gm": 11.920640653447876,
  "rpve_wm": 19.332002744233357,
  "size_x": 192,
  "size_y": 232,
  "size_z": 256,
  "snr_csf": 3.0635419779210835,
  "snr_gm": 13.636501410903827,
  "snr_total": 13.150299033700898,
  "snr_wm": 22.750853712277785,
  "snrd_csf": 32.76977130369715,
  "snrd_gm": 72.81459834337241,
  "snrd_total": 68.79389192356173,
  "snrd_wm": 100.79730612361564,
  "spacing_x": 1.0,
  "spacing_y": 1.0,
  "spacing_z": 1.0,
  "summary_bg_k": 3.2195992596583887,
  "summary_bg_mad": 6.499542388228556,
  "summary_bg_mean": 6.711062461552798,
  "summary_bg_median": 4.383874721825123,
  "summary_bg_n": 2478034.0,
  "summary_bg_p05": 0.0,
  "summary_bg_p95": 25.89027462527156,
  "summary_bg_stdv": 9.24118330843325,
  "summary_csf_k": 3.1824179096135454,
  "summary_csf_mad": 80.34941532114432,
  "summary_csf_mean": 331.23619217458963,
  "summary_csf_median": 325.1056079939008,
  "summary_csf_n": 28963.0,
  "summary_csf_p05": 143.97216396220028,
  "summary_csf_p95": 511.57911971211433,
  "summary_csf_stdv": 106.118994895013,
  "summary_gm_k": 0.12101424116816029,
  "summary_gm_mad": 52.37312417181271,
  "summary_gm_mean": 722.3309433380833,
  "summary_gm_median": 722.3863128572702,
  "summary_gm_n": 33320.0,
  "summary_gm_p05": 634.7723528370261,
  "summary_gm_p95": 808.9535433696583,
  "summary_gm_stdv": 52.973666109664656,
  "summary_wm_k": 0.473962819141442,
  "summary_wm_mad": 41.16376845878085,
  "summary_wm_mean": 1000.2418815841013,
  "summary_wm_median": 999.9999446980655,
  "summary_wm_n": 154397.0,
  "summary_wm_p05": 928.3966575749218,
  "summary_wm_p95": 1073.0327561870217,
  "summary_wm_stdv": 43.95424975848044,
  "tpm_overlap_csf": 0.16210327478738498,
  "tpm_overlap_gm": 0.47761770502415196,
  "tpm_overlap_wm": 0.48719375511000645,
  "wm2max": 0.5554202837179759
}