{
  "bids_meta": {
    "AcquisitionMatrixPE": 232,
    "AcquisitionNumber": 1,
    "AcquisitionTime": "10:49:8.115000",
    "BaseResolution": 256,
    "BodyPartExamined": "BRAIN",
    "ConsistencyInfo": "N4_VE11C_LATEST_20160120",
    "ConversionSoftware": "dcm2niix",
    "ConversionSoftwareVersion": "v1.0.20181114  Clang4.0.1",
    "DeviceSerialNumber": "67007",
    "DwellTime": 8.2e-06,
    "EchoTime": 0.00298,
    "FlipAngle": 9,
    "ImageOrientationPatientDICOM": [
      0,
      1,
      0,
      0,
      0,
      -1
    ],
    "ImageType": [
      "ORIGINAL",
      "PRIMARY",
      "M",
      "ND",
      "NORM"
    ],
    "ImagingFrequency": 123.211,
    "InPlanePhaseEncodingDirectionDICOM": "ROW",
    "InstitutionAddress": "Perth_Drive_100_London_Ontario_CA_N6A_5K8",
    "InstitutionName": "Robarts_Research_Institute",
    "InstitutionalDepartmentName": "CFMM",
    "InversionTime": 0.9,
    "MRAcquisitionType": "3D",
    "MagneticFieldStrength": 3,
    "Manufacturer": "Siemens",
    "ManufacturersModelName": "Prisma_fit",
    "Modality": "MR",
    "PartialFourier": 1,
    "PatientPosition": "HFS",
    "PercentPhaseFOV": 90.625,
    "PhaseEncodingSteps": 231,
    "PhaseResolution": 1,
    "PixelBandwidth": 240,
    "ProcedureStepDescription": "Ansari_EnumAdapt",
    "ProtocolName": "MPRAGE_SAG_iPAT2",
    "PulseSequenceDetails": "%SiemensSeq%_tfl",
    "ReceiveCoilActiveElements": "HEA;HEP",
    "ReceiveCoilName": "Head_32",
    "ReconMatrixPE": 256,
    "RepetitionTime": 2.3,
    "SAR": 0.0518893,
    "ScanOptions": "IR",
    "ScanningSequence": "GR_IR",
    "SequenceName": "_tfl3d1_16ns",
    "SequenceVariant": "SK_SP_MP",
    "SeriesDescription": "MPRAGE_SAG_iPAT2",
    "SeriesNumber": 5,
    "ShimSetting": [
      5235,
      -6188,
      -3924,
      561,
      31,
      -109,
      139,
      -34
    ],
    "SliceThickness": 1,
    "SoftwareVersions": "syngo_MR_E11",
    "StationName": "MRC35368",
    "TxRefAmp": 239.014,
    "dataset": "ds001848",
    "modality": "T1w",
    "session_id": "01",
    "subject_id": "41"
  },
  "cjv": 0.33189883726904396,
  "cnr": 3.958060688277385,
  "efc": 0.5734612778173165,
  "fber": 2410.3238858935397,
  "fwhm_avg": 3.9224666666666668,
  "fwhm_x": 3.85219,
  "fwhm_y": 4.15807,
  "fwhm_z": 3.75714,
  "icvs_csf": 0.1873480615115581,
  "icvs_gm": 0.45888183066854277,
  "icvs_wm": 0.3537701078198991,
  "inu_med": 0.4311845600605011,
  "inu_range": 0.13188830763101583,
  "provenance": {
    "md5sum": "77a10b84c4716bde498f6cd7eb311f1c",
    "settings": {
      "testing": false
    },
    "software": "mriqc",
    "version": "22.0.6",
    "warnings": {
      "large_rot_frame": true,
      "small_air_mask": false
    },
    "webapi_port": null,
    "webapi_url": "https://mriqc.nimh.nih.gov/api/v1"
  },
  "qi_1": 0.0,
  "qi_2": 0.020641157349356693,
  "rpve_csf": 25.634685495094878,
  "rpve_gm": 11.579878897915451,
  "rpve_wm": 16.793845693052717,
  "size_x": 192,
  "size_y": 232,
  "size_z": 256,
  "snr_csf": 2.7639026844100623,
  "snr_gm": 13.286239783728883,
  "snr_total": 14.096140639935086,
  "snr_wm": 26.238279451666312,
  "snrd_csf": 27.46732943862535,
  "snrd_gm": 69.20041322443204,
  "snrd_total": 63.85075534423904,
  "snrd_wm": 94.88452336965972,
  "spacing_x": 1.0,
  "spacing_y": 1.0,
  "spacing_z": 1.0,
  "summary_bg_k": 5013.951457405424,
  "summary_bg_mad": 6.904755653802155,
  "summary_bg_mean": 7.788353069160981,
  "summary_bg_median": 4.657186916097999,
  "summary_bg_n": 2682716.0,
  "summary_bg_p05": 0.0,
  "summary_bg_p95": 24.085096832364798,
  "summary_bg_stdv": 14.540862740484314,
  "summary_csf_k": 4.622441720539245,
  "summary_csf_mad": 85.71702580873918,
  "summary_csf_mean": 304.7102297185785,
  "summary_csf_median": 289.4896364118904,
  "summary_csf_n": 29425.0,
  "summary_csf_p05": 158.06327049322428,
  "summary_csf_p95": 495.3152522481978,
  "summary_csf_stdv": 104.73766637759365,
  "summary_gm_k": 0.1157601764459395,
  "summary_gm_mad": 53.60378353720963,
  "summary_gm_mean": 729.7518426036328,
  "summary_gm_median": 729.3320054523647,
  "summary_gm_n": 50738.0,
  "summary_gm_p05": 639.9594862396829,
  "summary_gm_p95": 821.3183363750577,
  "summary_gm_stdv": 54.89324519595685,
  "summary_wm_k": 0.5892192285543505,
  "summary_wm_mad": 36.23975304687877,
  "summary_wm_mean": 1000.3038645367361,
  "summary_wm_median": 1000.0275502856821,
  "summary_wm_n": 221742.0,
  "summary_wm_p05": 938.629843486473,
  "summary_wm_p95": 1062.9133523125201,
  "summary_wm_stdv": 38.113219168596395,
  "tpm_overlap_csf": 0.13552804583073433,
  "tpm_overlap_gm": 0.4660328831600694,
  "tpm_overlap_wm": 0.5093630645923943,
  "wm2max": 0.6208302748245366
}