{
  "aor": 0.003075662337662338,
  "aqi": 0.013379562493506492,
  "bids_meta": {
    "AcquisitionMatrixPE": 84,
    "AcquisitionNumber": 1,
    "AcquisitionTime": "12:48:6.925000",
    "BandwidthPerPixelPhaseEncode": 15.664,
    "BaseResolution": 84,
    "BodyPartExamined": "BRAIN",
    "ConsistencyInfo": "N4_VE11C_LATEST_20160120",
    "ConversionSoftware": "dcm2niix",
    "ConversionSoftwareVersion": "v1.0.20181114  Clang4.0.1",
    "DerivedVendorReportedEchoSpacing": 0.000760008,
    "DeviceSerialNumber": "67007",
    "DwellTime": 3.8e-06,
    "EchoTime": 0.03,
    "EchoTrainLength": 74,
    "EffectiveEchoSpacing": 0.000760008,
    "FlipAngle": 40,
    "ImageComments": "Unaliased_MB4_PE3",
    "ImageOrientationPatientDICOM": [
      1,
      0,
      0,
      0,
      0.904083,
      -0.427358
    ],
    "ImageType": [
      "ORIGINAL",
      "PRIMARY",
      "M",
      "MB",
      "ND",
      "NORM",
      "MOSAIC"
    ],
    "ImagingFrequency": 123.211,
    "InPlanePhaseEncodingDirectionDICOM": "COL",
    "InstitutionAddress": "Perth_Drive_100_London_Ontario_CA_N6A_5K8",
    "InstitutionName": "Robarts_Research_Institute",
    "InstitutionalDepartmentName": "CFMM",
    "MRAcquisitionType": "2D",
    "MagneticFieldStrength": 3,
    "Manufacturer": "Siemens",
    "ManufacturersModelName": "Prisma_fit",
    "Modality": "MR",
    "MultibandAccelerationFactor": 4,
    "PartialFourier": 0.875,
    "PatientPosition": "HFS",
    "PercentPhaseFOV": 100,
    "PhaseEncodingDirection": "j-",
    "PhaseEncodingSteps": 74,
    "PhaseResolution": 1,
    "PixelBandwidth": 1565,
    "ProcedureStepDescription": "Ansari_EnumAdapt",
    "ProtocolName": "ep_bold_mb4_EnumAdapt",
    "PulseSequenceDetails": "%CustomerSeq%_cmrr_mbep2d_bold",
    "ReceiveCoilActiveElements": "HEA;HEP",
    "ReceiveCoilName": "Head_32",
    "ReconMatrixPE": 84,
    "RepetitionTime": 1,
    "SAR": 0.0653928,
    "ScanOptions": "PFP_FS",
    "ScanningSequence": "EP",
    "SequenceName": "epfid2d1_84",
    "SequenceVariant": "SK_SS",
    "SeriesDescription": "ep_bold_mb4_EnumAdapt",
    "SeriesNumber": 4,
    "ShimSetting": [
      5239,
      -6158,
      -3935,
      573,
      11,
      103,
      121,
      21
    ],
    "SliceThickness": 2.5,
    "SliceTiming": [
      0,
      0.41,
      0.8175,
      0.245,
      0.655,
      0.0825,
      0.49,
      0.9,
      0.3275,
      0.735,
      0.165,
      0.5725,
      0,
      0.41,
      0.8175,
      0.245,
      0.655,
      0.0825,
      0.49,
      0.9,
      0.3275,
      0.735,
      0.165,
      0.5725,
      0,
      0.41,
      0.8175,
      0.245,
      0.655,
      0.0825,
      0.49,
      0.9,
      0.3275,
      0.735,
      0.165,
      0.5725,
      0,
      0.41,
      0.8175,
      0.245,
      0.655,
      0.0825,
      0.49,
      0.9,
      0.3275,
      0.735,
      0.165,
      0.5725
    ],
    "SoftwareVersions": "syngo_MR_E11",
    "SpacingBetweenSlices": 2.5,
    "StationName": "MRC35368",
    "TaskName": "ParallelAdaptation",
    "TotalReadoutTime": 0.0630806,
    "TxRefAmp": 256.462,
    "WipMemBlock": "c6cbbce0-eb80-43fd-9d91-70f445ef1fd3||Sequence: R016 ve11c/master r/e634e98; Dec 19 2017 11:00:25 by eja",
    "dataset": "ds001848",
    "modality": "bold",
    "run_id": 3,
    "session_id": "01",
    "subject_id": "52",
    "task_id": "ParallelAdaptation"
  },
  "dummy_trs": 0,
  "dvars_nstd": 28.25763709563067,
  "dvars_std": 1.086313084824448,
  "dvars_vstd": 1.0075232201170339,
  "efc": 0.529147416419371,
  "fber": 4134.45556640625,
  "fd_mean": 0.1889999634474489,
  "fd_num": 218,
  "fd_perc": 28.31168831168831,
  "fwhm_avg": 1.8802541162838848,
  "fwhm_x": 1.7865587806232608,
  "fwhm_y": 1.9756233890730273,
  "fwhm_z": 1.8785801791553667,
  "gcor": 0.0262446,
  "gsr_x": -0.014601041562855244,
  "gsr_y": 0.05837921425700188,
  "provenance": {
    "md5sum": "2a9f53c455691ecabb498238db13ce8e",
    "settings": {
      "fd_thres": 0.2,
      "testing": false
    },
    "software": "mriqc",
    "version": "22.0.6",
    "webapi_port": null,
    "webapi_url": "https://mriqc.nimh.nih.gov/api/v1"
  },
  "size_t": 770,
  "size_x": 84,
  "size_y": 84,
  "size_z": 48,
  "snr": 4.5694811376160995,
  "spacing_tr": 1.0,
  "spacing_x": 2.4761905670166016,
  "spacing_y": 2.4761905670166016,
  "spacing_z": 2.499999761581421,
  "summary_bg_k": 11.59863691530031,
  "summary_bg_mad": 33.06650198333469,
  "summary_bg_mean": 180.52145385742188,
  "summary_bg_median": 51.89103317260742,
  "summary_bg_n": 211591.0,
  "summary_bg_p05": 25.288002967834473,
  "summary_bg_p95": 864.3162536621094,
  "summary_bg_stdv": 307.6903991699219,
  "summary_fg_k": 3.2434915745758213,
  "summary_fg_mad": 647.2995678602995,
  "summary_fg_mean": 3552.98095703125,
  "summary_fg_median": 3430.725341796875,
  "summary_fg_n": 70013.0,
  "summary_fg_p05": 2619.292822265625,
  "summary_fg_p95": 4860.2021484375,
  "summary_fg_stdv": 750.78564453125,
  "tsnr": 39.69112014770508
}