{
  "aor": 0.0031936410923276985,
  "aqi": 0.011580247360208061,
  "bids_meta": {
    "AcquisitionMatrixPE": 84,
    "AcquisitionNumber": 1,
    "AcquisitionTime": "12:34:29.715000",
    "BandwidthPerPixelPhaseEncode": 15.664,
    "BaseResolution": 84,
    "BodyPartExamined": "BRAIN",
    "ConsistencyInfo": "N4_VE11C_LATEST_20160120",
    "ConversionSoftware": "dcm2niix",
    "ConversionSoftwareVersion": "v1.0.20181114  Clang4.0.1",
    "DerivedVendorReportedEchoSpacing": 0.000760008,
    "DeviceSerialNumber": "67007",
    "DwellTime": 3.8e-06,
    "EchoTime": 0.03,
    "EchoTrainLength": 74,
    "EffectiveEchoSpacing": 0.000760008,
    "FlipAngle": 40,
    "ImageComments": "Unaliased_MB4_PE3",
    "ImageOrientationPatientDICOM": [
      1,
      0,
      0,
      0,
      0.904083,
      -0.427358
    ],
    "ImageType": [
      "ORIGINAL",
      "PRIMARY",
      "M",
      "MB",
      "ND",
      "NORM",
      "MOSAIC"
    ],
    "ImagingFrequency": 123.211,
    "InPlanePhaseEncodingDirectionDICOM": "COL",
    "InstitutionAddress": "Perth_Drive_100_London_Ontario_CA_N6A_5K8",
    "InstitutionName": "Robarts_Research_Institute",
    "InstitutionalDepartmentName": "CFMM",
    "MRAcquisitionType": "2D",
    "MagneticFieldStrength": 3,
    "Manufacturer": "Siemens",
    "ManufacturersModelName": "Prisma_fit",
    "Modality": "MR",
    "MultibandAccelerationFactor": 4,
    "PartialFourier": 0.875,
    "PatientPosition": "HFS",
    "PercentPhaseFOV": 100,
    "PhaseEncodingDirection": "j-",
    "PhaseEncodingSteps": 74,
    "PhaseResolution": 1,
    "PixelBandwidth": 1565,
    "ProcedureStepDescription": "Ansari_EnumAdapt",
    "ProtocolName": "ep_bold_mb4_EnumAdapt",
    "PulseSequenceDetails": "%CustomerSeq%_cmrr_mbep2d_bold",
    "ReceiveCoilActiveElements": "HEA;HEP",
    "ReceiveCoilName": "Head_32",
    "ReconMatrixPE": 84,
    "RepetitionTime": 1,
    "SAR": 0.0653928,
    "ScanOptions": "PFP_FS",
    "ScanningSequence": "EP",
    "SequenceName": "epfid2d1_84",
    "SequenceVariant": "SK_SS",
    "SeriesDescription": "ep_bold_mb4_EnumAdapt",
    "SeriesNumber": 3,
    "ShimSetting": [
      5239,
      -6158,
      -3935,
      573,
      11,
      103,
      121,
      21
    ],
    "SliceThickness": 2.5,
    "SliceTiming": [
      0,
      0.4075,
      0.815,
      0.245,
      0.6525,
      0.08,
      0.49,
      0.8975,
      0.325,
      0.735,
      0.1625,
      0.57,
      0,
      0.4075,
      0.815,
      0.245,
      0.6525,
      0.08,
      0.49,
      0.8975,
      0.325,
      0.735,
      0.1625,
      0.57,
      0,
      0.4075,
      0.815,
      0.245,
      0.6525,
      0.08,
      0.49,
      0.8975,
      0.325,
      0.735,
      0.1625,
      0.57,
      0,
      0.4075,
      0.815,
      0.245,
      0.6525,
      0.08,
      0.49,
      0.8975,
      0.325,
      0.735,
      0.1625,
      0.57
    ],
    "SoftwareVersions": "syngo_MR_E11",
    "SpacingBetweenSlices": 2.5,
    "StationName": "MRC35368",
    "TaskName": "ParallelAdaptation",
    "TotalReadoutTime": 0.0630806,
    "TxRefAmp": 256.462,
    "WipMemBlock": "ce16f528-47cf-4581-b94e-0938bbaf8c49||Sequence: R016 ve11c/master r/e634e98; Dec 19 2017 11:00:25 by eja",
    "dataset": "ds001848",
    "modality": "bold",
    "run_id": 2,
    "session_id": "01",
    "subject_id": "52",
    "task_id": "ParallelAdaptation"
  },
  "dummy_trs": 1,
  "dvars_nstd": 28.183001769088516,
  "dvars_std": 1.121398317890625,
  "dvars_vstd": 1.0292096798697916,
  "efc": 0.5286715638039887,
  "fber": 4175.66162109375,
  "fd_mean": 0.18059922529667816,
  "fd_num": 236,
  "fd_perc": 30.689206762028608,
  "fwhm_avg": 1.887729667527131,
  "fwhm_x": 1.8045824338083107,
  "fwhm_y": 1.97467838910769,
  "fwhm_z": 1.8839281796653917,
  "gcor": 0.0217923,
  "gsr_x": -0.015461038798093796,
  "gsr_y": 0.05640584975481033,
  "provenance": {
    "md5sum": "386ef2fbef2a473fb68bcc5f14e111de",
    "settings": {
      "fd_thres": 0.2,
      "testing": false
    },
    "software": "mriqc",
    "version": "22.0.6",
    "webapi_port": null,
    "webapi_url": "https://mriqc.nimh.nih.gov/api/v1"
  },
  "size_t": 769,
  "size_x": 84,
  "size_y": 84,
  "size_z": 48,
  "snr": 4.544746384272324,
  "spacing_tr": 1.0,
  "spacing_x": 2.4761905670166016,
  "spacing_y": 2.4761905670166016,
  "spacing_z": 2.499999761581421,
  "summary_bg_k": 12.219680874153298,
  "summary_bg_mad": 32.549797769874814,
  "summary_bg_mean": 178.83055114746094,
  "summary_bg_median": 51.819923400878906,
  "summary_bg_n": 211244.0,
  "summary_bg_p05": 25.554571533203124,
  "summary_bg_p95": 854.9715576171855,
  "summary_bg_stdv": 306.5357666015625,
  "summary_fg_k": 3.112049561800201,
  "summary_fg_mad": 660.0560641214527,
  "summary_fg_mean": 3569.493408203125,
  "summary_fg_median": 3449.72314453125,
  "summary_fg_n": 70172.0,
  "summary_fg_p05": 2624.6172729492187,
  "summary_fg_p95": 4890.575610351562,
  "summary_fg_stdv": 759.0519409179688,
  "tsnr": 41.88568115234375
}