{
  "aor": 0.0015938663171690696,
  "aqi": 0.014777024587155962,
  "bids_meta": {
    "AcquisitionMatrixPE": 84,
    "AcquisitionNumber": 1,
    "AcquisitionTime": "11:38:9.805000",
    "BandwidthPerPixelPhaseEncode": 15.664,
    "BaseResolution": 84,
    "BodyPartExamined": "BRAIN",
    "ConsistencyInfo": "N4_VE11C_LATEST_20160120",
    "ConversionSoftware": "dcm2niix",
    "ConversionSoftwareVersion": "v1.0.20181114  Clang4.0.1",
    "DerivedVendorReportedEchoSpacing": 0.000760008,
    "DeviceSerialNumber": "67007",
    "DwellTime": 3.8e-06,
    "EchoTime": 0.03,
    "EchoTrainLength": 74,
    "EffectiveEchoSpacing": 0.000760008,
    "FlipAngle": 40,
    "ImageComments": "Unaliased_MB4_PE3",
    "ImageOrientationPatientDICOM": [
      1,
      0,
      0,
      0,
      0.937282,
      -0.348572
    ],
    "ImageType": [
      "ORIGINAL",
      "PRIMARY",
      "M",
      "MB",
      "ND",
      "NORM",
      "MOSAIC"
    ],
    "ImagingFrequency": 123.211,
    "InPlanePhaseEncodingDirectionDICOM": "COL",
    "InstitutionAddress": "Perth_Drive_100_London_Ontario_CA_N6A_5K8",
    "InstitutionName": "Robarts-CFMM",
    "InstitutionalDepartmentName": "CFMM",
    "MRAcquisitionType": "2D",
    "MagneticFieldStrength": 3,
    "Manufacturer": "Siemens",
    "ManufacturersModelName": "Prisma_fit",
    "Modality": "MR",
    "MultibandAccelerationFactor": 4,
    "PartialFourier": 0.875,
    "PatientPosition": "HFS",
    "PercentPhaseFOV": 100,
    "PhaseEncodingDirection": "j-",
    "PhaseEncodingSteps": 74,
    "PhaseResolution": 1,
    "PixelBandwidth": 1565,
    "ProcedureStepDescription": "Ansari_EnumAdapt",
    "ProtocolName": "ep_bold_mb4_EnumAdapt",
    "PulseSequenceDetails": "%CustomerSeq%_cmrr_mbep2d_bold",
    "ReceiveCoilActiveElements": "HEA;HEP",
    "ReceiveCoilName": "Head_32",
    "ReconMatrixPE": 84,
    "RepetitionTime": 1,
    "SAR": 0.0436827,
    "ScanOptions": "PFP_FS",
    "ScanningSequence": "EP",
    "SequenceName": "epfid2d1_84",
    "SequenceVariant": "SK_SS",
    "SeriesDescription": "ep_bold_mb4_EnumAdapt",
    "SeriesNumber": 2,
    "ShimSetting": [
      5269,
      -6262,
      -3824,
      740,
      57,
      -110,
      149,
      26
    ],
    "SliceThickness": 2.5,
    "SliceTiming": [
      0,
      0.4075,
      0.8175,
      0.245,
      0.6525,
      0.0825,
      0.49,
      0.8975,
      0.3275,
      0.735,
      0.1625,
      0.5725,
      0,
      0.4075,
      0.8175,
      0.245,
      0.6525,
      0.0825,
      0.49,
      0.8975,
      0.3275,
      0.735,
      0.1625,
      0.5725,
      0,
      0.4075,
      0.8175,
      0.245,
      0.6525,
      0.0825,
      0.49,
      0.8975,
      0.3275,
      0.735,
      0.1625,
      0.5725,
      0,
      0.4075,
      0.8175,
      0.245,
      0.6525,
      0.0825,
      0.49,
      0.8975,
      0.3275,
      0.735,
      0.1625,
      0.5725
    ],
    "SoftwareVersions": "syngo_MR_E11",
    "SpacingBetweenSlices": 2.5,
    "StationName": "MRC35368",
    "TaskName": "ParallelAdaptation",
    "TotalReadoutTime": 0.0630806,
    "TxRefAmp": 229.726,
    "WipMemBlock": "f9fa9dfb-3f52-455a-863f-af94a03b0443||Sequence: R016 ve11c/master r/e634e98; Dec 19 2017 11:00:25 by eja",
    "dataset": "ds001848",
    "modality": "bold",
    "run_id": 1,
    "session_id": "01",
    "subject_id": "15",
    "task_id": "ParallelAdaptation"
  },
  "dummy_trs": 7,
  "dvars_nstd": 23.840227485078763,
  "dvars_std": 1.0860013019947499,
  "dvars_vstd": 0.9551758525721777,
  "efc": 0.5107488252776053,
  "fber": 5354.5478515625,
  "fd_mean": 0.1636784022922017,
  "fd_num": 272,
  "fd_perc": 35.64875491480996,
  "fwhm_avg": 1.9570664773453024,
  "fwhm_x": 1.8467641630303249,
  "fwhm_y": 2.1032912690055823,
  "fwhm_z": 1.921144,
  "gcor": 0.00886074,
  "gsr_x": -0.013539470732212067,
  "gsr_y": 0.026977339759469032,
  "provenance": {
    "md5sum": "06b2260a4c5078d0f07846788f69eefa",
    "settings": {
      "fd_thres": 0.2,
      "testing": false
    },
    "software": "mriqc",
    "version": "22.0.6",
    "webapi_port": null,
    "webapi_url": "https://mriqc.nimh.nih.gov/api/v1"
  },
  "size_t": 763,
  "size_x": 84,
  "size_y": 84,
  "size_z": 48,
  "snr": 5.310722828336914,
  "spacing_tr": 1.0,
  "spacing_x": 2.4761905670166016,
  "spacing_y": 2.4761905670166016,
  "spacing_z": 2.5,
  "summary_bg_k": 39.29530186071149,
  "summary_bg_mad": 36.513581550889086,
  "summary_bg_mean": 150.7114715576172,
  "summary_bg_median": 55.85248565673828,
  "summary_bg_n": 211526.0,
  "summary_bg_p05": 25.839473247528076,
  "summary_bg_p95": 557.4201049804688,
  "summary_bg_stdv": 287.6849365234375,
  "summary_fg_k": 2.848860169714216,
  "summary_fg_mad": 727.987008324263,
  "summary_fg_mean": 4273.44482421875,
  "summary_fg_median": 4185.73046875,
  "summary_fg_n": 68993.0,
  "summary_fg_p05": 3220.4995605468753,
  "summary_fg_p95": 5607.5640625,
  "summary_fg_stdv": 788.16015625,
  "tsnr": 45.423038482666016
}