{
  "aor": 0.0029279427083333336,
  "aqi": 0.0134719098828125,
  "bids_meta": {
    "AcquisitionMatrixPE": 84,
    "AcquisitionNumber": 1,
    "AcquisitionTime": "11:21:6.905000",
    "BandwidthPerPixelPhaseEncode": 15.664,
    "BaseResolution": 84,
    "BodyPartExamined": "BRAIN",
    "ConsistencyInfo": "N4_VE11C_LATEST_20160120",
    "ConversionSoftware": "dcm2niix",
    "ConversionSoftwareVersion": "v1.0.20181114  Clang4.0.1",
    "DerivedVendorReportedEchoSpacing": 0.000760008,
    "DeviceSerialNumber": "67007",
    "DwellTime": 3.8e-06,
    "EchoTime": 0.03,
    "EchoTrainLength": 74,
    "EffectiveEchoSpacing": 0.000760008,
    "FlipAngle": 40,
    "ImageComments": "Unaliased_MB4_PE3",
    "ImageOrientationPatientDICOM": [
      0.99912,
      -0.0159962,
      -0.0387698,
      1.60523e-08,
      0.924408,
      -0.381406
    ],
    "ImageType": [
      "ORIGINAL",
      "PRIMARY",
      "M",
      "MB",
      "ND",
      "NORM",
      "MOSAIC"
    ],
    "ImagingFrequency": 123.211,
    "InPlanePhaseEncodingDirectionDICOM": "COL",
    "InstitutionAddress": "Perth_Drive_100_London_Ontario_CA_N6A_5K8",
    "InstitutionName": "Robarts_Research_Institute",
    "InstitutionalDepartmentName": "CFMM",
    "MRAcquisitionType": "2D",
    "MagneticFieldStrength": 3,
    "Manufacturer": "Siemens",
    "ManufacturersModelName": "Prisma_fit",
    "Modality": "MR",
    "MultibandAccelerationFactor": 4,
    "PartialFourier": 0.875,
    "PatientPosition": "HFS",
    "PercentPhaseFOV": 100,
    "PhaseEncodingDirection": "j-",
    "PhaseEncodingSteps": 74,
    "PhaseResolution": 1,
    "PixelBandwidth": 1565,
    "ProcedureStepDescription": "Ansari_EnumAdapt",
    "ProtocolName": "ep_bold_mb4_EnumAdapt",
    "PulseSequenceDetails": "%CustomerSeq%_cmrr_mbep2d_bold",
    "ReceiveCoilActiveElements": "HEA;HEP",
    "ReceiveCoilName": "Head_32",
    "ReconMatrixPE": 84,
    "RepetitionTime": 1,
    "SAR": 0.0471356,
    "ScanOptions": "PFP_FS",
    "ScanningSequence": "EP",
    "SequenceName": "epfid2d1_84",
    "SequenceVariant": "SK_SS",
    "SeriesDescription": "ep_bold_mb4_EnumAdapt",
    "SeriesNumber": 3,
    "ShimSetting": [
      5231,
      -6189,
      -3974,
      549,
      106,
      92,
      16,
      -20
    ],
    "SliceThickness": 2.5,
    "SliceTiming": [
      0,
      0.41,
      0.8175,
      0.245,
      0.655,
      0.0825,
      0.49,
      0.9,
      0.3275,
      0.735,
      0.165,
      0.5725,
      0,
      0.41,
      0.8175,
      0.245,
      0.655,
      0.0825,
      0.49,
      0.9,
      0.3275,
      0.735,
      0.165,
      0.5725,
      0,
      0.41,
      0.8175,
      0.245,
      0.655,
      0.0825,
      0.49,
      0.9,
      0.3275,
      0.735,
      0.165,
      0.5725,
      0,
      0.41,
      0.8175,
      0.245,
      0.655,
      0.0825,
      0.49,
      0.9,
      0.3275,
      0.735,
      0.165,
      0.5725
    ],
    "SoftwareVersions": "syngo_MR_E11",
    "SpacingBetweenSlices": 2.5,
    "StationName": "MRC35368",
    "TaskName": "ParallelAdaptation",
    "TotalReadoutTime": 0.0630806,
    "TxRefAmp": 234.427,
    "WipMemBlock": "d409f27b-4545-417d-b4f2-7c05ab24924b||Sequence: R016 ve11c/master r/e634e98; Dec 19 2017 11:00:25 by eja",
    "dataset": "ds001848",
    "modality": "bold",
    "run_id": 2,
    "session_id": "01",
    "subject_id": "42",
    "task_id": "ParallelAdaptation"
  },
  "dummy_trs": 2,
  "dvars_nstd": 24.43127784846154,
  "dvars_std": 1.0313245206518906,
  "dvars_vstd": 0.9752553644850063,
  "efc": 0.5323821467232018,
  "fber": 4604.4130859375,
  "fd_mean": 0.18412925872037464,
  "fd_num": 178,
  "fd_perc": 23.177083333333332,
  "fwhm_avg": 1.9554384909719875,
  "fwhm_x": 1.8965987765870176,
  "fwhm_y": 1.9875206963289445,
  "fwhm_z": 1.982196,
  "gcor": 0.016057,
  "gsr_x": 0.003411819925531745,
  "gsr_y": 0.024009140208363533,
  "provenance": {
    "md5sum": "5c55613a89b109cace28a10855047129",
    "settings": {
      "fd_thres": 0.2,
      "testing": false
    },
    "software": "mriqc",
    "version": "22.0.6",
    "webapi_port": null,
    "webapi_url": "https://mriqc.nimh.nih.gov/api/v1"
  },
  "size_t": 768,
  "size_x": 84,
  "size_y": 84,
  "size_z": 48,
  "snr": 4.7428435591872,
  "spacing_tr": 1.0,
  "spacing_x": 2.4761905670166016,
  "spacing_y": 2.4761905670166016,
  "spacing_z": 2.5,
  "summary_bg_k": 28.19482914200693,
  "summary_bg_mad": 40.36697638250399,
  "summary_bg_mean": 160.5604248046875,
  "summary_bg_median": 60.802093505859375,
  "summary_bg_n": 202433.0,
  "summary_bg_p05": 26.822464370727538,
  "summary_bg_p95": 606.0353027343745,
  "summary_bg_stdv": 302.5355529785156,
  "summary_fg_k": 3.4575082994843793,
  "summary_fg_mad": 742.2617602019986,
  "summary_fg_mean": 4361.1240234375,
  "summary_fg_median": 4215.986328125,
  "summary_fg_n": 78555.0,
  "summary_fg_p05": 3262.8284912109375,
  "summary_fg_p95": 5946.17919921875,
  "summary_fg_stdv": 888.90966796875,
  "tsnr": 45.76531982421875
}