{
  "aor": 0.0005388801054018445,
  "aqi": 0.013510312635046113,
  "bids_meta": {
    "AcquisitionMatrixPE": 84,
    "AcquisitionNumber": 1,
    "AcquisitionTime": "10:39:36.157500",
    "BandwidthPerPixelPhaseEncode": 15.664,
    "BaseResolution": 84,
    "BodyPartExamined": "BRAIN",
    "ConsistencyInfo": "N4_VE11C_LATEST_20160120",
    "ConversionSoftware": "dcm2niix",
    "ConversionSoftwareVersion": "v1.0.20181114  Clang4.0.1",
    "DerivedVendorReportedEchoSpacing": 0.000760008,
    "DeviceSerialNumber": "67007",
    "DwellTime": 3.8e-06,
    "EchoTime": 0.03,
    "EchoTrainLength": 74,
    "EffectiveEchoSpacing": 0.000760008,
    "FlipAngle": 40,
    "ImageComments": "Unaliased_MB4_PE3",
    "ImageOrientationPatientDICOM": [
      1,
      0,
      0,
      0,
      0.947768,
      -0.318959
    ],
    "ImageType": [
      "ORIGINAL",
      "PRIMARY",
      "M",
      "MB",
      "ND",
      "NORM",
      "MOSAIC"
    ],
    "ImagingFrequency": 123.211,
    "InPlanePhaseEncodingDirectionDICOM": "COL",
    "InstitutionAddress": "Perth_Drive_100_London_Ontario_CA_N6A_5K8",
    "InstitutionName": "Robarts_Research_Institute",
    "InstitutionalDepartmentName": "CFMM",
    "MRAcquisitionType": "2D",
    "MagneticFieldStrength": 3,
    "Manufacturer": "Siemens",
    "ManufacturersModelName": "Prisma_fit",
    "Modality": "MR",
    "MultibandAccelerationFactor": 4,
    "PartialFourier": 0.875,
    "PatientPosition": "HFS",
    "PercentPhaseFOV": 100,
    "PhaseEncodingDirection": "j-",
    "PhaseEncodingSteps": 74,
    "PhaseResolution": 1,
    "PixelBandwidth": 1565,
    "ProcedureStepDescription": "Ansari_EnumAdapt",
    "ProtocolName": "ep_bold_mb4_EnumAdapt",
    "PulseSequenceDetails": "%CustomerSeq%_cmrr_mbep2d_bold",
    "ReceiveCoilActiveElements": "HEA;HEP",
    "ReceiveCoilName": "Head_32",
    "ReconMatrixPE": 84,
    "RepetitionTime": 1,
    "SAR": 0.0512248,
    "ScanOptions": "PFP_FS",
    "ScanningSequence": "EP",
    "SequenceName": "epfid2d1_84",
    "SequenceVariant": "SK_SS",
    "SeriesDescription": "ep_bold_mb4_EnumAdapt",
    "SeriesNumber": 2,
    "ShimSetting": [
      5248,
      -6198,
      -3921,
      596,
      4,
      191,
      107,
      37
    ],
    "SliceThickness": 2.5,
    "SliceTiming": [
      0,
      0.4075,
      0.815,
      0.245,
      0.6525,
      0.08,
      0.49,
      0.8975,
      0.325,
      0.735,
      0.1625,
      0.57,
      0,
      0.4075,
      0.815,
      0.245,
      0.6525,
      0.08,
      0.49,
      0.8975,
      0.325,
      0.735,
      0.1625,
      0.57,
      0,
      0.4075,
      0.815,
      0.245,
      0.6525,
      0.08,
      0.49,
      0.8975,
      0.325,
      0.735,
      0.1625,
      0.57,
      0,
      0.4075,
      0.815,
      0.245,
      0.6525,
      0.08,
      0.49,
      0.8975,
      0.325,
      0.735,
      0.1625,
      0.57
    ],
    "SoftwareVersions": "syngo_MR_E11",
    "SpacingBetweenSlices": 2.5,
    "StationName": "MRC35368",
    "TaskName": "ParallelAdaptation",
    "TotalReadoutTime": 0.0630806,
    "TxRefAmp": 257.969,
    "WipMemBlock": "a190b615-de24-4b48-b064-732cc00a55f0||Sequence: R016 ve11c/master r/e634e98; Dec 19 2017 11:00:25 by eja",
    "dataset": "ds001848",
    "modality": "bold",
    "run_id": 1,
    "session_id": "01",
    "subject_id": "25",
    "task_id": "ParallelAdaptation"
  },
  "dummy_trs": 11,
  "dvars_nstd": 25.60944837497361,
  "dvars_std": 1.050944856134564,
  "dvars_vstd": 0.9630025012137203,
  "efc": 0.5402796264341323,
  "fber": 4530.92919921875,
  "fd_mean": 0.21600486538817903,
  "fd_num": 434,
  "fd_perc": 57.18050065876153,
  "fwhm_avg": 2.073163500651011,
  "fwhm_x": 1.9147435836137778,
  "fwhm_y": 2.2263149183392557,
  "fwhm_z": 2.0784320000000003,
  "gcor": 0.00631233,
  "gsr_x": -0.013877184130251408,
  "gsr_y": 0.05619281157851219,
  "provenance": {
    "md5sum": "4a62006841364340098d6e7f2fb52205",
    "settings": {
      "fd_thres": 0.2,
      "testing": false
    },
    "software": "mriqc",
    "version": "22.0.6",
    "webapi_port": null,
    "webapi_url": "https://mriqc.nimh.nih.gov/api/v1"
  },
  "size_t": 759,
  "size_x": 84,
  "size_y": 84,
  "size_z": 48,
  "snr": 5.082999688000009,
  "spacing_tr": 1.0,
  "spacing_x": 2.4761905670166016,
  "spacing_y": 2.4761905670166016,
  "spacing_z": 2.5,
  "summary_bg_k": 16.218794387245644,
  "summary_bg_mad": 33.01461820151243,
  "summary_bg_mean": 172.013671875,
  "summary_bg_median": 49.37590789794922,
  "summary_bg_n": 206604.0,
  "summary_bg_p05": 22.699078845977784,
  "summary_bg_p95": 785.47466430664,
  "summary_bg_stdv": 305.2613220214844,
  "summary_fg_k": 4.97499641279366,
  "summary_fg_mad": 544.2931002002241,
  "summary_fg_mean": 3532.96484375,
  "summary_fg_median": 3433.755615234375,
  "summary_fg_n": 74529.0,
  "summary_fg_p05": 2700.03447265625,
  "summary_fg_p95": 4658.992871093749,
  "summary_fg_stdv": 675.53271484375,
  "tsnr": 50.3588752746582
}