{
  "aor": 0.0003855759162303664,
  "aqi": 0.008009090157068063,
  "bids_meta": {
    "AcquisitionMatrixPE": 84,
    "AcquisitionNumber": 1,
    "AcquisitionTime": "10:25:5.180000",
    "BandwidthPerPixelPhaseEncode": 15.664,
    "BaseResolution": 84,
    "BodyPartExamined": "BRAIN",
    "ConsistencyInfo": "N4_VE11C_LATEST_20160120",
    "ConversionSoftware": "dcm2niix",
    "ConversionSoftwareVersion": "v1.0.20181114  Clang4.0.1",
    "DerivedVendorReportedEchoSpacing": 0.000760008,
    "DeviceSerialNumber": "67007",
    "DwellTime": 3.8e-06,
    "EchoTime": 0.03,
    "EchoTrainLength": 74,
    "EffectiveEchoSpacing": 0.000760008,
    "FlipAngle": 40,
    "ImageComments": "Unaliased_MB4_PE3",
    "ImageOrientationPatientDICOM": [
      1,
      0,
      0,
      0,
      0.890213,
      -0.455545
    ],
    "ImageType": [
      "ORIGINAL",
      "PRIMARY",
      "M",
      "MB",
      "ND",
      "NORM",
      "MOSAIC"
    ],
    "ImagingFrequency": 123.211,
    "InPlanePhaseEncodingDirectionDICOM": "COL",
    "InstitutionAddress": "Perth_Drive_100_London_Ontario_CA_N6A_5K8",
    "InstitutionName": "Robarts_Research_Institute",
    "InstitutionalDepartmentName": "CFMM",
    "MRAcquisitionType": "2D",
    "MagneticFieldStrength": 3,
    "Manufacturer": "Siemens",
    "ManufacturersModelName": "Prisma_fit",
    "Modality": "MR",
    "MultibandAccelerationFactor": 4,
    "PartialFourier": 0.875,
    "PatientPosition": "HFS",
    "PercentPhaseFOV": 100,
    "PhaseEncodingDirection": "j-",
    "PhaseEncodingSteps": 74,
    "PhaseResolution": 1,
    "PixelBandwidth": 1565,
    "ProcedureStepDescription": "Ansari_EnumAdapt",
    "ProtocolName": "ep_bold_mb4_EnumAdapt",
    "PulseSequenceDetails": "%CustomerSeq%_cmrr_mbep2d_bold",
    "ReceiveCoilActiveElements": "HEA;HEP",
    "ReceiveCoilName": "Head_32",
    "ReconMatrixPE": 84,
    "RepetitionTime": 1,
    "SAR": 0.0578764,
    "ScanOptions": "PFP_FS",
    "ScanningSequence": "EP",
    "SequenceName": "epfid2d1_84",
    "SequenceVariant": "SK_SS",
    "SeriesDescription": "ep_bold_mb4_EnumAdapt",
    "SeriesNumber": 3,
    "ShimSetting": [
      5251,
      -6165,
      -4014,
      789,
      62,
      -81,
      76,
      -15
    ],
    "SliceThickness": 2.5,
    "SliceTiming": [
      0,
      0.4075,
      0.815,
      0.245,
      0.6525,
      0.08,
      0.49,
      0.8975,
      0.325,
      0.735,
      0.1625,
      0.57,
      0,
      0.4075,
      0.815,
      0.245,
      0.6525,
      0.08,
      0.49,
      0.8975,
      0.325,
      0.735,
      0.1625,
      0.57,
      0,
      0.4075,
      0.815,
      0.245,
      0.6525,
      0.08,
      0.49,
      0.8975,
      0.325,
      0.735,
      0.1625,
      0.57,
      0,
      0.4075,
      0.815,
      0.245,
      0.6525,
      0.08,
      0.49,
      0.8975,
      0.325,
      0.735,
      0.1625,
      0.57
    ],
    "SoftwareVersions": "syngo_MR_E11",
    "SpacingBetweenSlices": 2.5,
    "StationName": "MRC35368",
    "TaskName": "ParallelAdaptation",
    "TotalReadoutTime": 0.0630806,
    "TxRefAmp": 250.481,
    "WipMemBlock": "e3ede582-4d79-46e0-92f5-533dc2cb993f||Sequence: R016 ve11c/master r/e634e98; Dec 19 2017 11:00:25 by eja",
    "dataset": "ds001848",
    "modality": "bold",
    "run_id": 2,
    "session_id": "01",
    "subject_id": "02",
    "task_id": "ParallelAdaptation"
  },
  "dummy_trs": 6,
  "dvars_nstd": 25.530740082870235,
  "dvars_std": 1.1116996380340756,
  "dvars_vstd": 0.9814350375360423,
  "efc": 0.5219527607748625,
  "fber": 4262.92431640625,
  "fd_mean": 0.14723987351050263,
  "fd_num": 181,
  "fd_perc": 23.691099476439792,
  "fwhm_avg": 1.9401363752925442,
  "fwhm_x": 1.8438483939065053,
  "fwhm_y": 2.0643847319711273,
  "fwhm_z": 1.9121759999999999,
  "gcor": 0.0119917,
  "gsr_x": -0.010469633154571056,
  "gsr_y": 0.03406749293208122,
  "provenance": {
    "md5sum": "dbd1fc9dc66454bec8d97dca564347c7",
    "settings": {
      "fd_thres": 0.2,
      "testing": false
    },
    "software": "mriqc",
    "version": "22.0.6",
    "webapi_port": null,
    "webapi_url": "https://mriqc.nimh.nih.gov/api/v1"
  },
  "size_t": 764,
  "size_x": 84,
  "size_y": 84,
  "size_z": 48,
  "snr": 5.292941315130855,
  "spacing_tr": 1.0,
  "spacing_x": 2.4761905670166016,
  "spacing_y": 2.4761905670166016,
  "spacing_z": 2.5,
  "summary_bg_k": 18.13962434080104,
  "summary_bg_mad": 38.8848930725126,
  "summary_bg_mean": 173.46067810058594,
  "summary_bg_median": 57.78064727783203,
  "summary_bg_n": 210894.0,
  "summary_bg_p05": 24.99349126815796,
  "summary_bg_p95": 735.0312561035155,
  "summary_bg_stdv": 298.93865966796875,
  "summary_fg_k": 2.9389285905443447,
  "summary_fg_mad": 711.7131324101975,
  "summary_fg_mean": 3994.418701171875,
  "summary_fg_median": 3926.699951171875,
  "summary_fg_n": 68863.0,
  "summary_fg_p05": 2974.3758056640627,
  "summary_fg_p95": 5202.200683593749,
  "summary_fg_stdv": 741.8694458007812,
  "tsnr": 52.36033248901367
}