{
  "bids_meta": {
    "AcquisitionMatrixPE": 256,
    "AcquisitionNumber": 1,
    "AcquisitionTime": "13:52:34.820000",
    "BaseResolution": 256,
    "BodyPartExamined": "BRAIN",
    "ConsistencyInfo": "N4_VE11C_LATEST_20160120",
    "ConversionSoftware": "dcm2niix",
    "ConversionSoftwareVersion": "v1.0.20181114  Clang4.0.1",
    "DeviceSerialNumber": "67007",
    "DwellTime": 8.2e-06,
    "EchoTime": 0.00298,
    "FlipAngle": 9,
    "ImageOrientationPatientDICOM": [
      0,
      1,
      0,
      0,
      0,
      -1
    ],
    "ImageType": [
      "ORIGINAL",
      "PRIMARY",
      "M",
      "ND",
      "NORM"
    ],
    "ImagingFrequency": 123.211,
    "InPlanePhaseEncodingDirectionDICOM": "ROW",
    "InstitutionAddress": "Perth_Drive_100_London_Ontario_CA_N6A_5K8",
    "InstitutionName": "Robarts-CFMM",
    "InstitutionalDepartmentName": "CFMM",
    "InversionTime": 0.9,
    "MRAcquisitionType": "3D",
    "MagneticFieldStrength": 3,
    "Manufacturer": "Siemens",
    "ManufacturersModelName": "Prisma_fit",
    "Modality": "MR",
    "PartialFourier": 1,
    "PatientPosition": "HFS",
    "PercentPhaseFOV": 100,
    "PhaseEncodingSteps": 255,
    "PhaseResolution": 1,
    "PixelBandwidth": 240,
    "ProcedureStepDescription": "Ansari_EnumAdapt",
    "ProtocolName": "MPRAGE_SAG_iPAT2",
    "PulseSequenceDetails": "%SiemensSeq%_tfl",
    "ReceiveCoilActiveElements": "HEA;HEP",
    "ReceiveCoilName": "Head_32",
    "ReconMatrixPE": 256,
    "RepetitionTime": 2.3,
    "SAR": 0.0762851,
    "ScanOptions": "IR",
    "ScanningSequence": "GR_IR",
    "SequenceName": "_tfl3d1_16ns",
    "SequenceVariant": "SK_SP_MP",
    "SeriesDescription": "MPRAGE_SAG_iPAT2",
    "SeriesNumber": 5,
    "ShimSetting": [
      5252,
      -6138,
      -3909,
      346,
      41,
      -278,
      -107,
      7
    ],
    "SliceThickness": 1,
    "SoftwareVersions": "syngo_MR_E11",
    "StationName": "MRC35368",
    "TxRefAmp": 274.388,
    "dataset": "ds001848",
    "modality": "T1w",
    "session_id": "01",
    "subject_id": "12"
  },
  "cjv": 0.3644851819430275,
  "cnr": 3.652907135908615,
  "efc": 0.597355416976232,
  "fber": 1612.163106178746,
  "fwhm_avg": 3.8365666666666662,
  "fwhm_x": 3.77955,
  "fwhm_y": 4.08402,
  "fwhm_z": 3.64613,
  "icvs_csf": 0.20841394107204425,
  "icvs_gm": 0.44905931570836766,
  "icvs_wm": 0.3425267432195881,
  "inu_med": 0.5538614392280579,
  "inu_range": 0.19569375067949296,
  "provenance": {
    "md5sum": "2bfc6757708ebd7baf2a85a4125f4ec9",
    "settings": {
      "testing": false
    },
    "software": "mriqc",
    "version": "22.0.6",
    "warnings": {
      "large_rot_frame": true,
      "small_air_mask": false
    },
    "webapi_port": null,
    "webapi_url": "https://mriqc.nimh.nih.gov/api/v1"
  },
  "qi_1": 0.0,
  "qi_2": 0.00977427083495697,
  "rpve_csf": 25.366441836641545,
  "rpve_gm": 12.316604924496021,
  "rpve_wm": 17.63446976379842,
  "size_x": 192,
  "size_y": 256,
  "size_z": 256,
  "snr_csf": 3.3478602332446923,
  "snr_gm": 13.007061454467102,
  "snr_total": 12.421196166829157,
  "snr_wm": 20.90866681277568,
  "snrd_csf": 12.732097384921454,
  "snrd_gm": 28.25952290520348,
  "snrd_total": 26.642548867923868,
  "snrd_wm": 38.93602631364668,
  "spacing_x": 1.0,
  "spacing_y": 1.0,
  "spacing_z": 1.0,
  "summary_bg_k": 2.89029010196181,
  "summary_bg_mad": 16.826573595372192,
  "summary_bg_mean": 15.519709634458835,
  "summary_bg_median": 11.959917794913054,
  "summary_bg_n": 3349958.0,
  "summary_bg_p05": 0.0,
  "summary_bg_p95": 45.39740568399429,
  "summary_bg_stdv": 15.29247704324608,
  "summary_csf_k": 1.497934352310602,
  "summary_csf_mad": 84.61210583242536,
  "summary_csf_mean": 337.1265458141947,
  "summary_csf_median": 327.01216673478484,
  "summary_csf_n": 46126.0,
  "summary_csf_p05": 194.67190518882126,
  "summary_csf_p95": 512.768007081002,
  "summary_csf_stdv": 97.67690380197152,
  "summary_gm_k": 0.07120137256749048,
  "summary_gm_mad": 55.00585608866922,
  "summary_gm_mean": 727.2482199616188,
  "summary_gm_median": 725.8197559081018,
  "summary_gm_n": 28855.0,
  "summary_gm_p05": 636.8925593309104,
  "summary_gm_p95": 820.5257836360483,
  "summary_gm_stdv": 55.80101096016941,
  "summary_wm_k": 0.6353336318127609,
  "summary_wm_mad": 44.94186112181686,
  "summary_wm_mean": 1001.099071438104,
  "summary_wm_median": 1000.035889133811,
  "summary_wm_n": 191519.0,
  "summary_wm_p05": 924.9003094732761,
  "summary_wm_p95": 1081.061638519168,
  "summary_wm_stdv": 47.82864863094149,
  "tpm_overlap_csf": 0.1519220352722633,
  "tpm_overlap_gm": 0.4615811709283815,
  "tpm_overlap_wm": 0.496479673126624,
  "wm2max": 0.4684545240418587
}