{
  "bids_meta": {
    "AcquisitionMatrixPE": 232,
    "AcquisitionNumber": 1,
    "AcquisitionTime": "15:18:40.387500",
    "BaseResolution": 256,
    "BodyPartExamined": "BRAIN",
    "ConsistencyInfo": "N4_VE11C_LATEST_20160120",
    "ConversionSoftware": "dcm2niix",
    "ConversionSoftwareVersion": "v1.0.20181114  Clang4.0.1",
    "DeviceSerialNumber": "67007",
    "DwellTime": 8.2e-06,
    "EchoTime": 0.00298,
    "FlipAngle": 9,
    "ImageOrientationPatientDICOM": [
      0,
      1,
      0,
      0,
      0,
      -1
    ],
    "ImageType": [
      "ORIGINAL",
      "PRIMARY",
      "M",
      "ND",
      "NORM"
    ],
    "ImagingFrequency": 123.211,
    "InPlanePhaseEncodingDirectionDICOM": "ROW",
    "InstitutionAddress": "Perth_Drive_100_London_Ontario_CA_N6A_5K8",
    "InstitutionName": "Robarts-CFMM",
    "InstitutionalDepartmentName": "CFMM",
    "InversionTime": 0.9,
    "MRAcquisitionType": "3D",
    "MagneticFieldStrength": 3,
    "Manufacturer": "Siemens",
    "ManufacturersModelName": "Prisma_fit",
    "Modality": "MR",
    "PartialFourier": 1,
    "PatientPosition": "HFS",
    "PercentPhaseFOV": 90.625,
    "PhaseEncodingSteps": 231,
    "PhaseResolution": 1,
    "PixelBandwidth": 240,
    "ProcedureStepDescription": "Ansari_EnumAdapt",
    "ProtocolName": "MPRAGE_SAG_iPAT2",
    "PulseSequenceDetails": "%SiemensSeq%_tfl",
    "ReceiveCoilActiveElements": "HEA;HEP",
    "ReceiveCoilName": "Head_32",
    "ReconMatrixPE": 256,
    "RepetitionTime": 2.3,
    "SAR": 0.0645515,
    "ScanOptions": "IR",
    "ScanningSequence": "GR_IR",
    "SequenceName": "_tfl3d1_16ns",
    "SequenceVariant": "SK_SP_MP",
    "SeriesDescription": "MPRAGE_SAG_iPAT2",
    "SeriesNumber": 5,
    "ShimSetting": [
      5264,
      -6250,
      -4007,
      301,
      -59,
      -103,
      248,
      -30
    ],
    "SliceThickness": 1,
    "SoftwareVersions": "syngo_MR_E11",
    "StationName": "MRC35368",
    "TxRefAmp": 248.881,
    "dataset": "ds001848",
    "modality": "T1w",
    "session_id": "01",
    "subject_id": "18"
  },
  "cjv": 0.3293375502423931,
  "cnr": 3.964118845431992,
  "efc": 0.5603230931454684,
  "fber": 3237.309655059726,
  "fwhm_avg": 3.882816666666667,
  "fwhm_x": 3.97918,
  "fwhm_y": 4.02099,
  "fwhm_z": 3.64828,
  "icvs_csf": 0.198425159830879,
  "icvs_gm": 0.45306269686675443,
  "icvs_wm": 0.3485121433023666,
  "inu_med": 0.4136022627353668,
  "inu_range": 0.12255544662475587,
  "provenance": {
    "md5sum": "e18e9062766011258c545e27c45398ce",
    "settings": {
      "testing": false
    },
    "software": "mriqc",
    "version": "22.0.6",
    "warnings": {
      "large_rot_frame": true,
      "small_air_mask": false
    },
    "webapi_port": null,
    "webapi_url": "https://mriqc.nimh.nih.gov/api/v1"
  },
  "qi_1": 0.0,
  "qi_2": 0.018283308086337137,
  "rpve_csf": 25.632754005552677,
  "rpve_gm": 12.125177633145402,
  "rpve_wm": 17.65677083089795,
  "size_x": 192,
  "size_y": 232,
  "size_z": 256,
  "snr_csf": 2.4678139273801083,
  "snr_gm": 12.986894626093386,
  "snr_total": 13.853695419098896,
  "snr_wm": 26.106377703823192,
  "snrd_csf": 23.397271379013596,
  "snrd_gm": 57.66992548490178,
  "snrd_total": 53.400268239387096,
  "snrd_wm": 79.1336078542459,
  "spacing_x": 1.0,
  "spacing_y": 1.0,
  "spacing_z": 1.0,
  "summary_bg_k": 3.4062193517385895,
  "summary_bg_mad": 8.278864334678593,
  "summary_bg_mean": 7.933698499535381,
  "summary_bg_median": 5.584009137004614,
  "summary_bg_n": 2820495.0,
  "summary_bg_p05": 0.0,
  "summary_bg_p95": 23.97211565822363,
  "summary_bg_stdv": 8.09111243124681,
  "summary_csf_k": 0.8771268674810497,
  "summary_csf_mad": 103.35397513356713,
  "summary_csf_mean": 308.64160906219524,
  "summary_csf_median": 295.66794876381755,
  "summary_csf_n": 29617.0,
  "summary_csf_p05": 121.53933772593739,
  "summary_csf_p95": 531.9462258271872,
  "summary_csf_stdv": 119.80763781136989,
  "summary_gm_k": 0.2535403046028133,
  "summary_gm_mad": 53.57532588556337,
  "summary_gm_mean": 729.0382745601406,
  "summary_gm_median": 728.7665427848697,
  "summary_gm_n": 37915.0,
  "summary_gm_p05": 636.7086392860859,
  "summary_gm_p95": 821.7491866502909,
  "summary_gm_stdv": 56.114795197196514,
  "summary_wm_k": 0.7420410561758182,
  "summary_wm_mad": 35.752038337019656,
  "summary_wm_mean": 1000.10467499436,
  "summary_wm_median": 1000.0000057071447,
  "summary_wm_n": 205083.0,
  "summary_wm_p05": 937.7578656449914,
  "summary_wm_p95": 1062.6333820782602,
  "summary_wm_stdv": 38.304723045527304,
  "tpm_overlap_csf": 0.133741876398032,
  "tpm_overlap_gm": 0.4724519271640279,
  "tpm_overlap_wm": 0.5111671692443345,
  "wm2max": 0.509338598938425
}