{
  "aor": 0.0006144705882352941,
  "aqi": 0.013126813869281046,
  "bids_meta": {
    "AcquisitionMatrixPE": 84,
    "AcquisitionNumber": 1,
    "AcquisitionTime": "14:03:5.210000",
    "BandwidthPerPixelPhaseEncode": 15.664,
    "BaseResolution": 84,
    "BodyPartExamined": "BRAIN",
    "ConsistencyInfo": "N4_VE11C_LATEST_20160120",
    "ConversionSoftware": "dcm2niix",
    "ConversionSoftwareVersion": "v1.0.20181114  Clang4.0.1",
    "DerivedVendorReportedEchoSpacing": 0.000760008,
    "DeviceSerialNumber": "67007",
    "DwellTime": 3.8e-06,
    "EchoTime": 0.03,
    "EchoTrainLength": 74,
    "EffectiveEchoSpacing": 0.000760008,
    "FlipAngle": 40,
    "ImageComments": "Unaliased_MB4_PE3",
    "ImageOrientationPatientDICOM": [
      1,
      0,
      0,
      0,
      0.898028,
      -0.439939
    ],
    "ImageType": [
      "ORIGINAL",
      "PRIMARY",
      "M",
      "MB",
      "ND",
      "NORM",
      "MOSAIC"
    ],
    "ImagingFrequency": 123.211,
    "InPlanePhaseEncodingDirectionDICOM": "COL",
    "InstitutionAddress": "Perth_Drive_100_London_Ontario_CA_N6A_5K8",
    "InstitutionName": "Robarts-CFMM",
    "InstitutionalDepartmentName": "CFMM",
    "MRAcquisitionType": "2D",
    "MagneticFieldStrength": 3,
    "Manufacturer": "Siemens",
    "ManufacturersModelName": "Prisma_fit",
    "Modality": "MR",
    "MultibandAccelerationFactor": 4,
    "PartialFourier": 0.875,
    "PatientPosition": "HFS",
    "PercentPhaseFOV": 100,
    "PhaseEncodingDirection": "j-",
    "PhaseEncodingSteps": 74,
    "PhaseResolution": 1,
    "PixelBandwidth": 1565,
    "ProcedureStepDescription": "Ansari_EnumAdapt",
    "ProtocolName": "ep_bold_mb4_EnumAdapt",
    "PulseSequenceDetails": "%CustomerSeq%_cmrr_mbep2d_bold",
    "ReceiveCoilActiveElements": "HEA;HEP",
    "ReceiveCoilName": "Head_32",
    "ReconMatrixPE": 84,
    "RepetitionTime": 1,
    "SAR": 0.0581967,
    "ScanOptions": "PFP_FS",
    "ScanningSequence": "EP",
    "SequenceName": "epfid2d1_84",
    "SequenceVariant": "SK_SS",
    "SeriesDescription": "ep_bold_mb4_EnumAdapt",
    "SeriesNumber": 4,
    "ShimSetting": [
      5266,
      -6244,
      -3862,
      510,
      68,
      225,
      -10,
      -19
    ],
    "SliceThickness": 2.5,
    "SliceTiming": [
      0,
      0.41,
      0.8175,
      0.245,
      0.655,
      0.0825,
      0.49,
      0.9,
      0.3275,
      0.735,
      0.165,
      0.5725,
      0,
      0.41,
      0.8175,
      0.245,
      0.655,
      0.0825,
      0.49,
      0.9,
      0.3275,
      0.735,
      0.165,
      0.5725,
      0,
      0.41,
      0.8175,
      0.245,
      0.655,
      0.0825,
      0.49,
      0.9,
      0.3275,
      0.735,
      0.165,
      0.5725,
      0,
      0.41,
      0.8175,
      0.245,
      0.655,
      0.0825,
      0.49,
      0.9,
      0.3275,
      0.735,
      0.165,
      0.5725
    ],
    "SoftwareVersions": "syngo_MR_E11",
    "SpacingBetweenSlices": 2.5,
    "StationName": "MRC35368",
    "TaskName": "ParallelAdaptation",
    "TotalReadoutTime": 0.0630806,
    "TxRefAmp": 265.551,
    "WipMemBlock": "b523bde8-2b95-430c-a270-96b070eb0a45||Sequence: R016 ve11c/master r/e634e98; Dec 19 2017 11:00:25 by eja",
    "dataset": "ds001848",
    "modality": "bold",
    "run_id": 3,
    "session_id": "01",
    "subject_id": "17",
    "task_id": "ParallelAdaptation"
  },
  "dummy_trs": 5,
  "dvars_nstd": 31.04658590696333,
  "dvars_std": 1.085765797015708,
  "dvars_vstd": 0.9392921096989518,
  "efc": 0.556090729855269,
  "fber": 3545.694580078125,
  "fd_mean": 0.2532180294848379,
  "fd_num": 528,
  "fd_perc": 69.01960784313725,
  "fwhm_avg": 2.1763191265159336,
  "fwhm_x": 2.0884539618575038,
  "fwhm_y": 2.244007417690298,
  "fwhm_z": 2.1964960000000002,
  "gcor": 0.0062184,
  "gsr_x": -0.0005186105845496058,
  "gsr_y": 0.030104270204901695,
  "provenance": {
    "md5sum": "a093a5946c08f723a29d52b16ff56a7c",
    "settings": {
      "fd_thres": 0.2,
      "testing": false
    },
    "software": "mriqc",
    "version": "22.0.6",
    "webapi_port": null,
    "webapi_url": "https://mriqc.nimh.nih.gov/api/v1"
  },
  "size_t": 765,
  "size_x": 84,
  "size_y": 84,
  "size_z": 48,
  "snr": 4.113297959333213,
  "spacing_tr": 1.0,
  "spacing_x": 2.4761905670166016,
  "spacing_y": 2.4761905670166016,
  "spacing_z": 2.5,
  "summary_bg_k": 29.75594033556355,
  "summary_bg_mad": 40.962502375095795,
  "summary_bg_mean": 148.1264190673828,
  "summary_bg_median": 55.24752426147461,
  "summary_bg_n": 192473.0,
  "summary_bg_p05": 23.519442749023437,
  "summary_bg_p95": 520.1799316406249,
  "summary_bg_stdv": 265.4886169433594,
  "summary_fg_k": 2.366280008316311,
  "summary_fg_mad": 742.1263858783364,
  "summary_fg_mean": 3502.09033203125,
  "summary_fg_median": 3374.51806640625,
  "summary_fg_n": 86369.0,
  "summary_fg_p05": 2458.178857421875,
  "summary_fg_p95": 5023.070800781245,
  "summary_fg_stdv": 820.3875732421875,
  "tsnr": 36.98578643798828
}