{
  "aor": 0.0005122857142857144,
  "aqi": 0.007284707077922077,
  "bids_meta": {
    "AcquisitionMatrixPE": 84,
    "AcquisitionNumber": 1,
    "AcquisitionTime": "10:32:9.880000",
    "BandwidthPerPixelPhaseEncode": 15.664,
    "BaseResolution": 84,
    "BodyPartExamined": "BRAIN",
    "ConsistencyInfo": "N4_VE11C_LATEST_20160120",
    "ConversionSoftware": "dcm2niix",
    "ConversionSoftwareVersion": "v1.0.20181114  Clang4.0.1",
    "DerivedVendorReportedEchoSpacing": 0.000760008,
    "DeviceSerialNumber": "67007",
    "DwellTime": 3.8e-06,
    "EchoTime": 0.03,
    "EchoTrainLength": 74,
    "EffectiveEchoSpacing": 0.000760008,
    "FlipAngle": 40,
    "ImageComments": "Unaliased_MB4_PE3",
    "ImageOrientationPatientDICOM": [
      1,
      0,
      0,
      0,
      0.989526,
      -0.144356
    ],
    "ImageType": [
      "ORIGINAL",
      "PRIMARY",
      "M",
      "MB",
      "ND",
      "NORM",
      "MOSAIC"
    ],
    "ImagingFrequency": 123.211,
    "InPlanePhaseEncodingDirectionDICOM": "COL",
    "InstitutionAddress": "Perth_Drive_100_London_Ontario_CA_N6A_5K8",
    "InstitutionName": "Robarts_Research_Institute",
    "InstitutionalDepartmentName": "CFMM",
    "MRAcquisitionType": "2D",
    "MagneticFieldStrength": 3,
    "Manufacturer": "Siemens",
    "ManufacturersModelName": "Prisma_fit",
    "Modality": "MR",
    "MultibandAccelerationFactor": 4,
    "PartialFourier": 0.875,
    "PatientPosition": "HFS",
    "PercentPhaseFOV": 100,
    "PhaseEncodingDirection": "j-",
    "PhaseEncodingSteps": 74,
    "PhaseResolution": 1,
    "PixelBandwidth": 1565,
    "ProcedureStepDescription": "Ansari_EnumAdapt",
    "ProtocolName": "ep_bold_mb4_EnumAdapt",
    "PulseSequenceDetails": "%CustomerSeq%_cmrr_mbep2d_bold",
    "ReceiveCoilActiveElements": "HEA;HEP",
    "ReceiveCoilName": "Head_32",
    "ReconMatrixPE": 84,
    "RepetitionTime": 1,
    "SAR": 0.052821,
    "ScanOptions": "PFP_FS",
    "ScanningSequence": "EP",
    "SequenceName": "epfid2d1_84",
    "SequenceVariant": "SK_SS",
    "SeriesDescription": "ep_bold_mb4_EnumAdapt",
    "SeriesNumber": 4,
    "ShimSetting": [
      5245,
      -6196,
      -3918,
      707,
      20,
      -186,
      170,
      -13
    ],
    "SliceThickness": 2.5,
    "SliceTiming": [
      0,
      0.4075,
      0.8175,
      0.245,
      0.6525,
      0.0825,
      0.49,
      0.8975,
      0.3275,
      0.735,
      0.1625,
      0.5725,
      0,
      0.4075,
      0.8175,
      0.245,
      0.6525,
      0.0825,
      0.49,
      0.8975,
      0.3275,
      0.735,
      0.1625,
      0.5725,
      0,
      0.4075,
      0.8175,
      0.245,
      0.6525,
      0.0825,
      0.49,
      0.8975,
      0.3275,
      0.735,
      0.1625,
      0.5725,
      0,
      0.4075,
      0.8175,
      0.245,
      0.6525,
      0.0825,
      0.49,
      0.8975,
      0.3275,
      0.735,
      0.1625,
      0.5725
    ],
    "SoftwareVersions": "syngo_MR_E11",
    "SpacingBetweenSlices": 2.5,
    "StationName": "MRC35368",
    "TaskName": "ParallelAdaptation",
    "TotalReadoutTime": 0.0630806,
    "TxRefAmp": 245.105,
    "WipMemBlock": "61b185ce-f37c-4a15-b3e9-e5455abad4b4||Sequence: R016 ve11c/master r/e634e98; Dec 19 2017 11:00:25 by eja",
    "dataset": "ds001848",
    "modality": "bold",
    "run_id": 3,
    "session_id": "01",
    "subject_id": "50",
    "task_id": "ParallelAdaptation"
  },
  "dummy_trs": 0,
  "dvars_nstd": 26.141827711157386,
  "dvars_std": 1.192109735721717,
  "dvars_vstd": 0.9797485470481143,
  "efc": 0.5323537464632517,
  "fber": 4883.2080078125,
  "fd_mean": 0.10284018665325624,
  "fd_num": 44,
  "fd_perc": 5.714285714285714,
  "fwhm_avg": 1.9065808381746425,
  "fwhm_x": 1.7886991651601365,
  "fwhm_y": 2.009639349363791,
  "fwhm_z": 1.9214040000000001,
  "gcor": 0.0130155,
  "gsr_x": -0.022993722930550575,
  "gsr_y": 0.0335988812148571,
  "provenance": {
    "md5sum": "ec08898e38540f926127d1b5457b24cc",
    "settings": {
      "fd_thres": 0.2,
      "testing": false
    },
    "software": "mriqc",
    "version": "22.0.6",
    "webapi_port": null,
    "webapi_url": "https://mriqc.nimh.nih.gov/api/v1"
  },
  "size_t": 770,
  "size_x": 84,
  "size_y": 84,
  "size_z": 48,
  "snr": 4.560414523676472,
  "spacing_tr": 1.0,
  "spacing_x": 2.4761905670166016,
  "spacing_y": 2.4761905670166016,
  "spacing_z": 2.5,
  "summary_bg_k": 21.342619980381805,
  "summary_bg_mad": 34.009269676707696,
  "summary_bg_mean": 165.90899658203125,
  "summary_bg_median": 53.690757751464844,
  "summary_bg_n": 203603.0,
  "summary_bg_p05": 25.47639579772949,
  "summary_bg_p95": 746.8216796874997,
  "summary_bg_stdv": 296.8028564453125,
  "summary_fg_k": 2.763275971018623,
  "summary_fg_mad": 715.2401040940645,
  "summary_fg_mean": 3999.631591796875,
  "summary_fg_median": 3860.278564453125,
  "summary_fg_n": 75837.0,
  "summary_fg_p05": 2960.64267578125,
  "summary_fg_p95": 5608.99736328125,
  "summary_fg_stdv": 846.4697875976562,
  "tsnr": 57.63984680175781
}