{
  "aor": 0.000491673202614379,
  "aqi": 0.008866532392156862,
  "bids_meta": {
    "AcquisitionMatrixPE": 84,
    "AcquisitionNumber": 1,
    "AcquisitionTime": "16:04:44.835000",
    "BandwidthPerPixelPhaseEncode": 15.664,
    "BaseResolution": 84,
    "BodyPartExamined": "BRAIN",
    "ConsistencyInfo": "N4_VE11C_LATEST_20160120",
    "ConversionSoftware": "dcm2niix",
    "ConversionSoftwareVersion": "v1.0.20181114  Clang4.0.1",
    "DerivedVendorReportedEchoSpacing": 0.000760008,
    "DeviceSerialNumber": "67007",
    "DwellTime": 3.8e-06,
    "EchoTime": 0.03,
    "EchoTrainLength": 74,
    "EffectiveEchoSpacing": 0.000760008,
    "FlipAngle": 40,
    "ImageComments": "Unaliased_MB4_PE3",
    "ImageOrientationPatientDICOM": [
      1,
      0,
      0,
      0,
      0.904083,
      -0.427358
    ],
    "ImageType": [
      "ORIGINAL",
      "PRIMARY",
      "M",
      "MB",
      "ND",
      "NORM",
      "MOSAIC"
    ],
    "ImagingFrequency": 123.211,
    "InPlanePhaseEncodingDirectionDICOM": "COL",
    "InstitutionAddress": "Perth_Drive_100_London_Ontario_CA_N6A_5K8",
    "InstitutionName": "Robarts_Research_Institute",
    "InstitutionalDepartmentName": "CFMM",
    "MRAcquisitionType": "2D",
    "MagneticFieldStrength": 3,
    "Manufacturer": "Siemens",
    "ManufacturersModelName": "Prisma_fit",
    "Modality": "MR",
    "MultibandAccelerationFactor": 4,
    "PartialFourier": 0.875,
    "PatientPosition": "HFS",
    "PercentPhaseFOV": 100,
    "PhaseEncodingDirection": "j-",
    "PhaseEncodingSteps": 74,
    "PhaseResolution": 1,
    "PixelBandwidth": 1565,
    "ProcedureStepDescription": "Ansari_EnumAdapt",
    "ProtocolName": "ep_bold_mb4_EnumAdapt",
    "PulseSequenceDetails": "%CustomerSeq%_cmrr_mbep2d_bold",
    "ReceiveCoilActiveElements": "HEA;HEP",
    "ReceiveCoilName": "Head_32",
    "ReconMatrixPE": 84,
    "RepetitionTime": 1,
    "SAR": 0.0592476,
    "ScanOptions": "PFP_FS",
    "ScanningSequence": "EP",
    "SequenceName": "epfid2d1_84",
    "SequenceVariant": "SK_SS",
    "SeriesDescription": "ep_bold_mb4_EnumAdapt",
    "SeriesNumber": 2,
    "ShimSetting": [
      5240,
      -6199,
      -3898,
      392,
      -27,
      62,
      95,
      -15
    ],
    "SliceThickness": 2.5,
    "SliceTiming": [
      0,
      0.41,
      0.8175,
      0.245,
      0.655,
      0.0825,
      0.49,
      0.9,
      0.3275,
      0.735,
      0.165,
      0.5725,
      0,
      0.41,
      0.8175,
      0.245,
      0.655,
      0.0825,
      0.49,
      0.9,
      0.3275,
      0.735,
      0.165,
      0.5725,
      0,
      0.41,
      0.8175,
      0.245,
      0.655,
      0.0825,
      0.49,
      0.9,
      0.3275,
      0.735,
      0.165,
      0.5725,
      0,
      0.41,
      0.8175,
      0.245,
      0.655,
      0.0825,
      0.49,
      0.9,
      0.3275,
      0.735,
      0.165,
      0.5725
    ],
    "SoftwareVersions": "syngo_MR_E11",
    "SpacingBetweenSlices": 2.5,
    "StationName": "MRC35368",
    "TaskName": "ParallelAdaptation",
    "TotalReadoutTime": 0.0630806,
    "TxRefAmp": 262.741,
    "WipMemBlock": "60392336-bb25-4cd9-8744-8f36906d43dd||Sequence: R016 ve11c/master r/e634e98; Dec 19 2017 11:00:25 by eja",
    "dataset": "ds001848",
    "modality": "bold",
    "run_id": 1,
    "session_id": "01",
    "subject_id": "47",
    "task_id": "ParallelAdaptation"
  },
  "dummy_trs": 5,
  "dvars_nstd": 25.32477919331152,
  "dvars_std": 1.0903849395942413,
  "dvars_vstd": 0.9935813279842951,
  "efc": 0.5555978436733041,
  "fber": 3768.785400390625,
  "fd_mean": 0.1601019095004061,
  "fd_num": 196,
  "fd_perc": 25.62091503267974,
  "fwhm_avg": 2.010178554250309,
  "fwhm_x": 1.868281085318012,
  "fwhm_y": 2.128398383469274,
  "fwhm_z": 2.0338561939636417,
  "gcor": 0.0126852,
  "gsr_x": -0.0004709019558504224,
  "gsr_y": 0.04472724720835686,
  "provenance": {
    "md5sum": "5c755c3487c3b7230795f5f9a05454ef",
    "settings": {
      "fd_thres": 0.2,
      "testing": false
    },
    "software": "mriqc",
    "version": "22.0.6",
    "webapi_port": null,
    "webapi_url": "https://mriqc.nimh.nih.gov/api/v1"
  },
  "size_t": 765,
  "size_x": 84,
  "size_y": 84,
  "size_z": 48,
  "snr": 4.8092307885398125,
  "spacing_tr": 1.0,
  "spacing_x": 2.4761905670166016,
  "spacing_y": 2.4761905670166016,
  "spacing_z": 2.499999761581421,
  "summary_bg_k": 17.184049940186124,
  "summary_bg_mad": 33.74214207762512,
  "summary_bg_mean": 163.86260986328125,
  "summary_bg_median": 50.908607482910156,
  "summary_bg_n": 200126.0,
  "summary_bg_p05": 23.152753353118896,
  "summary_bg_p95": 717.2098846435547,
  "summary_bg_stdv": 284.957275390625,
  "summary_fg_k": 4.055880082449507,
  "summary_fg_mad": 523.2061965274993,
  "summary_fg_mean": 3279.095703125,
  "summary_fg_median": 3176.16552734375,
  "summary_fg_n": 82019.0,
  "summary_fg_p05": 2471.8251708984376,
  "summary_fg_p95": 4438.09423828125,
  "summary_fg_stdv": 660.4270629882812,
  "tsnr": 51.55186462402344
}