{
  "aor": 0.001702327698309493,
  "aqi": 0.01584633321196359,
  "bids_meta": {
    "AcquisitionMatrixPE": 84,
    "AcquisitionNumber": 1,
    "AcquisitionTime": "14:56:40.902500",
    "BandwidthPerPixelPhaseEncode": 15.664,
    "BaseResolution": 84,
    "BodyPartExamined": "BRAIN",
    "ConsistencyInfo": "N4_VE11C_LATEST_20160120",
    "ConversionSoftware": "dcm2niix",
    "ConversionSoftwareVersion": "v1.0.20181114  Clang4.0.1",
    "DerivedVendorReportedEchoSpacing": 0.000760008,
    "DeviceSerialNumber": "67007",
    "DwellTime": 3.8e-06,
    "EchoTime": 0.03,
    "EchoTrainLength": 74,
    "EffectiveEchoSpacing": 0.000760008,
    "FlipAngle": 40,
    "ImageComments": "Unaliased_MB4_PE3",
    "ImageOrientationPatientDICOM": [
      1,
      0,
      0,
      0,
      0.953191,
      -0.30237
    ],
    "ImageType": [
      "ORIGINAL",
      "PRIMARY",
      "M",
      "MB",
      "ND",
      "NORM",
      "MOSAIC"
    ],
    "ImagingFrequency": 123.211,
    "InPlanePhaseEncodingDirectionDICOM": "COL",
    "InstitutionAddress": "Perth_Drive_100_London_Ontario_CA_N6A_5K8",
    "InstitutionName": "Robarts_Research_Institute",
    "InstitutionalDepartmentName": "CFMM",
    "MRAcquisitionType": "2D",
    "MagneticFieldStrength": 3,
    "Manufacturer": "Siemens",
    "ManufacturersModelName": "Prisma_fit",
    "Modality": "MR",
    "MultibandAccelerationFactor": 4,
    "PartialFourier": 0.875,
    "PatientPosition": "HFS",
    "PercentPhaseFOV": 100,
    "PhaseEncodingDirection": "j-",
    "PhaseEncodingSteps": 74,
    "PhaseResolution": 1,
    "PixelBandwidth": 1565,
    "ProcedureStepDescription": "Ansari_EnumAdapt",
    "ProtocolName": "ep_bold_mb4_EnumAdapt",
    "PulseSequenceDetails": "%CustomerSeq%_cmrr_mbep2d_bold",
    "ReceiveCoilActiveElements": "HEA;HEP",
    "ReceiveCoilName": "Head_32",
    "ReconMatrixPE": 84,
    "RepetitionTime": 1,
    "SAR": 0.0582476,
    "ScanOptions": "PFP_FS",
    "ScanningSequence": "EP",
    "SequenceName": "epfid2d1_84",
    "SequenceVariant": "SK_SS",
    "SeriesDescription": "ep_bold_mb4_EnumAdapt",
    "SeriesNumber": 3,
    "ShimSetting": [
      5248,
      -6217,
      -3904,
      533,
      38,
      -5,
      139,
      -27
    ],
    "SliceThickness": 2.5,
    "SliceTiming": [
      0,
      0.4075,
      0.8175,
      0.245,
      0.6525,
      0.0825,
      0.49,
      0.8975,
      0.3275,
      0.735,
      0.1625,
      0.5725,
      0,
      0.4075,
      0.8175,
      0.245,
      0.6525,
      0.0825,
      0.49,
      0.8975,
      0.3275,
      0.735,
      0.1625,
      0.5725,
      0,
      0.4075,
      0.8175,
      0.245,
      0.6525,
      0.0825,
      0.49,
      0.8975,
      0.3275,
      0.735,
      0.1625,
      0.5725,
      0,
      0.4075,
      0.8175,
      0.245,
      0.6525,
      0.0825,
      0.49,
      0.8975,
      0.3275,
      0.735,
      0.1625,
      0.5725
    ],
    "SoftwareVersions": "syngo_MR_E11",
    "SpacingBetweenSlices": 2.5,
    "StationName": "MRC35368",
    "TaskName": "ParallelAdaptation",
    "TotalReadoutTime": 0.0630806,
    "TxRefAmp": 251.388,
    "WipMemBlock": "ed3e6360-4792-4f27-ad96-2c5ec30c3459||Sequence: R016 ve11c/master r/e634e98; Dec 19 2017 11:00:25 by eja",
    "dataset": "ds001848",
    "modality": "bold",
    "run_id": 2,
    "session_id": "01",
    "subject_id": "23",
    "task_id": "ParallelAdaptation"
  },
  "dummy_trs": 1,
  "dvars_nstd": 25.67543332747392,
  "dvars_std": 1.0972341396093757,
  "dvars_vstd": 0.9879716827343756,
  "efc": 0.573712135693133,
  "fber": 3500.15966796875,
  "fd_mean": 0.15903744371039955,
  "fd_num": 150,
  "fd_perc": 19.50585175552666,
  "fwhm_avg": 1.9720678615240004,
  "fwhm_x": 1.910313391468584,
  "fwhm_y": 2.0754581931034166,
  "fwhm_z": 1.9304320000000001,
  "gcor": 0.0331949,
  "gsr_x": 0.009677163325250149,
  "gsr_y": 0.02815786749124527,
  "provenance": {
    "md5sum": "7b23f0deaee6f41cf867df9d711321c7",
    "settings": {
      "fd_thres": 0.2,
      "testing": false
    },
    "software": "mriqc",
    "version": "22.0.6",
    "webapi_port": null,
    "webapi_url": "https://mriqc.nimh.nih.gov/api/v1"
  },
  "size_t": 769,
  "size_x": 84,
  "size_y": 84,
  "size_z": 48,
  "snr": 5.126365129340859,
  "spacing_tr": 1.0,
  "spacing_x": 2.4761905670166016,
  "spacing_y": 2.4761905670166016,
  "spacing_z": 2.5,
  "summary_bg_k": 11.267461661224143,
  "summary_bg_mad": 52.523970708989296,
  "summary_bg_mean": 247.74505615234375,
  "summary_bg_median": 67.70188903808594,
  "summary_bg_n": 194118.0,
  "summary_bg_p05": 27.04957389831543,
  "summary_bg_p95": 1121.734497070312,
  "summary_bg_stdv": 421.6446533203125,
  "summary_fg_k": 4.038701257573253,
  "summary_fg_mad": 692.1131745171654,
  "summary_fg_mean": 4219.43701171875,
  "summary_fg_median": 4114.6279296875,
  "summary_fg_n": 84447.0,
  "summary_fg_p05": 3167.3755126953124,
  "summary_fg_p95": 5597.905712890625,
  "summary_fg_stdv": 802.6356811523438,
  "tsnr": 42.14291000366211
}