{
  "aor": 0.00047823298429319376,
  "aqi": 0.0073971251701570664,
  "bids_meta": {
    "AcquisitionMatrixPE": 84,
    "AcquisitionNumber": 1,
    "AcquisitionTime": "14:40:33.820000",
    "BandwidthPerPixelPhaseEncode": 15.664,
    "BaseResolution": 84,
    "BodyPartExamined": "BRAIN",
    "ConsistencyInfo": "N4_VE11C_LATEST_20160120",
    "ConversionSoftware": "dcm2niix",
    "ConversionSoftwareVersion": "v1.0.20181114  Clang4.0.1",
    "DerivedVendorReportedEchoSpacing": 0.000760008,
    "DeviceSerialNumber": "67007",
    "DwellTime": 3.8e-06,
    "EchoTime": 0.03,
    "EchoTrainLength": 74,
    "EffectiveEchoSpacing": 0.000760008,
    "FlipAngle": 40,
    "ImageComments": "Unaliased_MB4_PE3",
    "ImageOrientationPatientDICOM": [
      1,
      0,
      0,
      0,
      0.890213,
      -0.455545
    ],
    "ImageType": [
      "ORIGINAL",
      "PRIMARY",
      "M",
      "MB",
      "ND",
      "NORM",
      "MOSAIC"
    ],
    "ImagingFrequency": 123.211,
    "InPlanePhaseEncodingDirectionDICOM": "COL",
    "InstitutionAddress": "Perth_Drive_100_London_Ontario_CA_N6A_5K8",
    "InstitutionName": "Robarts_Research_Institute",
    "InstitutionalDepartmentName": "CFMM",
    "MRAcquisitionType": "2D",
    "MagneticFieldStrength": 3,
    "Manufacturer": "Siemens",
    "ManufacturersModelName": "Prisma_fit",
    "Modality": "MR",
    "MultibandAccelerationFactor": 4,
    "PartialFourier": 0.875,
    "PatientPosition": "HFS",
    "PercentPhaseFOV": 100,
    "PhaseEncodingDirection": "j-",
    "PhaseEncodingSteps": 74,
    "PhaseResolution": 1,
    "PixelBandwidth": 1565,
    "ProcedureStepDescription": "Ansari_EnumAdapt",
    "ProtocolName": "ep_bold_mb4_EnumAdapt",
    "PulseSequenceDetails": "%CustomerSeq%_cmrr_mbep2d_bold",
    "ReceiveCoilActiveElements": "HEA;HEP",
    "ReceiveCoilName": "Head_32",
    "ReconMatrixPE": 84,
    "RepetitionTime": 1,
    "SAR": 0.0505995,
    "ScanOptions": "PFP_FS",
    "ScanningSequence": "EP",
    "SequenceName": "epfid2d1_84",
    "SequenceVariant": "SK_SS",
    "SeriesDescription": "ep_bold_mb4_EnumAdapt",
    "SeriesNumber": 5,
    "ShimSetting": [
      5242,
      -6212,
      -4159,
      420,
      -35,
      315,
      -470,
      -68
    ],
    "SliceThickness": 2.5,
    "SliceTiming": [
      0,
      0.4075,
      0.815,
      0.245,
      0.6525,
      0.08,
      0.49,
      0.8975,
      0.325,
      0.735,
      0.1625,
      0.57,
      0,
      0.4075,
      0.815,
      0.245,
      0.6525,
      0.08,
      0.49,
      0.8975,
      0.325,
      0.735,
      0.1625,
      0.57,
      0,
      0.4075,
      0.815,
      0.245,
      0.6525,
      0.08,
      0.49,
      0.8975,
      0.325,
      0.735,
      0.1625,
      0.57,
      0,
      0.4075,
      0.815,
      0.245,
      0.6525,
      0.08,
      0.49,
      0.8975,
      0.325,
      0.735,
      0.1625,
      0.57
    ],
    "SoftwareVersions": "syngo_MR_E11",
    "SpacingBetweenSlices": 2.5,
    "StationName": "MRC35368",
    "TaskName": "ParallelAdaptation",
    "TotalReadoutTime": 0.0630806,
    "TxRefAmp": 246.95,
    "WipMemBlock": "424806d7-7ea1-4d04-89f6-5cecff140ffa||Sequence: R016 ve11c/master r/e634e98; Dec 19 2017 11:00:25 by eja",
    "dataset": "ds001848",
    "modality": "bold",
    "run_id": 3,
    "session_id": "01",
    "subject_id": "45",
    "task_id": "ParallelAdaptation"
  },
  "dummy_trs": 6,
  "dvars_nstd": 27.475693476579252,
  "dvars_std": 1.0696082874705115,
  "dvars_vstd": 0.9983304864089122,
  "efc": 0.515213201175239,
  "fber": 3311.324951171875,
  "fd_mean": 0.2567355877155545,
  "fd_num": 502,
  "fd_perc": 65.70680628272251,
  "fwhm_avg": 1.9274346315143795,
  "fwhm_x": 1.8403308940355267,
  "fwhm_y": 2.0833130005076117,
  "fwhm_z": 1.85866,
  "gcor": 0.00472462,
  "gsr_x": -0.01575106382369995,
  "gsr_y": 0.03538443148136139,
  "provenance": {
    "md5sum": "db00e358df819047e788c44dc657c0f8",
    "settings": {
      "fd_thres": 0.2,
      "testing": false
    },
    "software": "mriqc",
    "version": "22.0.6",
    "webapi_port": null,
    "webapi_url": "https://mriqc.nimh.nih.gov/api/v1"
  },
  "size_t": 764,
  "size_x": 84,
  "size_y": 84,
  "size_z": 48,
  "snr": 5.269786931175627,
  "spacing_tr": 1.0,
  "spacing_x": 2.4761905670166016,
  "spacing_y": 2.4761905670166016,
  "spacing_z": 2.5,
  "summary_bg_k": 21.681117646136766,
  "summary_bg_mad": 32.8963028185146,
  "summary_bg_mean": 146.630859375,
  "summary_bg_median": 50.13033676147461,
  "summary_bg_n": 216897.0,
  "summary_bg_p05": 23.42425994873047,
  "summary_bg_p95": 582.6818237304681,
  "summary_bg_stdv": 253.05137634277344,
  "summary_fg_k": 2.68060873236025,
  "summary_fg_mad": 515.8282958878997,
  "summary_fg_mean": 3031.93603515625,
  "summary_fg_median": 2974.43798828125,
  "summary_fg_n": 64312.0,
  "summary_fg_p05": 2278.1797729492187,
  "summary_fg_p95": 3971.973400878906,
  "summary_fg_stdv": 564.4279174804688,
  "tsnr": 51.744667053222656
}