{
  "aor": 0.0001232207792207792,
  "aqi": 0.007275448467532468,
  "bids_meta": {
    "AcquisitionMatrixPE": 84,
    "AcquisitionNumber": 1,
    "AcquisitionTime": "14:27:1.480000",
    "BandwidthPerPixelPhaseEncode": 15.664,
    "BaseResolution": 84,
    "BodyPartExamined": "BRAIN",
    "ConsistencyInfo": "N4_VE11C_LATEST_20160120",
    "ConversionSoftware": "dcm2niix",
    "ConversionSoftwareVersion": "v1.0.20181114  Clang4.0.1",
    "DerivedVendorReportedEchoSpacing": 0.000760008,
    "DeviceSerialNumber": "67007",
    "DwellTime": 3.8e-06,
    "EchoTime": 0.03,
    "EchoTrainLength": 74,
    "EffectiveEchoSpacing": 0.000760008,
    "FlipAngle": 40,
    "ImageComments": "Unaliased_MB4_PE3",
    "ImageOrientationPatientDICOM": [
      1,
      0,
      0,
      0,
      0.890213,
      -0.455545
    ],
    "ImageType": [
      "ORIGINAL",
      "PRIMARY",
      "M",
      "MB",
      "ND",
      "NORM",
      "MOSAIC"
    ],
    "ImagingFrequency": 123.211,
    "InPlanePhaseEncodingDirectionDICOM": "COL",
    "InstitutionAddress": "Perth_Drive_100_London_Ontario_CA_N6A_5K8",
    "InstitutionName": "Robarts_Research_Institute",
    "InstitutionalDepartmentName": "CFMM",
    "MRAcquisitionType": "2D",
    "MagneticFieldStrength": 3,
    "Manufacturer": "Siemens",
    "ManufacturersModelName": "Prisma_fit",
    "Modality": "MR",
    "MultibandAccelerationFactor": 4,
    "PartialFourier": 0.875,
    "PatientPosition": "HFS",
    "PercentPhaseFOV": 100,
    "PhaseEncodingDirection": "j-",
    "PhaseEncodingSteps": 74,
    "PhaseResolution": 1,
    "PixelBandwidth": 1565,
    "ProcedureStepDescription": "Ansari_EnumAdapt",
    "ProtocolName": "ep_bold_mb4_EnumAdapt",
    "PulseSequenceDetails": "%CustomerSeq%_cmrr_mbep2d_bold",
    "ReceiveCoilActiveElements": "HEA;HEP",
    "ReceiveCoilName": "Head_32",
    "ReconMatrixPE": 84,
    "RepetitionTime": 1,
    "SAR": 0.0505995,
    "ScanOptions": "PFP_FS",
    "ScanningSequence": "EP",
    "SequenceName": "epfid2d1_84",
    "SequenceVariant": "SK_SS",
    "SeriesDescription": "ep_bold_mb4_EnumAdapt",
    "SeriesNumber": 4,
    "ShimSetting": [
      5242,
      -6212,
      -4159,
      420,
      -35,
      315,
      -470,
      -68
    ],
    "SliceThickness": 2.5,
    "SliceTiming": [
      0,
      0.4075,
      0.8175,
      0.245,
      0.6525,
      0.0825,
      0.49,
      0.8975,
      0.3275,
      0.735,
      0.1625,
      0.5725,
      0,
      0.4075,
      0.8175,
      0.245,
      0.6525,
      0.0825,
      0.49,
      0.8975,
      0.3275,
      0.735,
      0.1625,
      0.5725,
      0,
      0.4075,
      0.8175,
      0.245,
      0.6525,
      0.0825,
      0.49,
      0.8975,
      0.3275,
      0.735,
      0.1625,
      0.5725,
      0,
      0.4075,
      0.8175,
      0.245,
      0.6525,
      0.0825,
      0.49,
      0.8975,
      0.3275,
      0.735,
      0.1625,
      0.5725
    ],
    "SoftwareVersions": "syngo_MR_E11",
    "SpacingBetweenSlices": 2.5,
    "StationName": "MRC35368",
    "TaskName": "ParallelAdaptation",
    "TotalReadoutTime": 0.0630806,
    "TxRefAmp": 246.95,
    "WipMemBlock": "6150491a-e5f2-40b2-b8f6-25ab30c1d008||Sequence: R016 ve11c/master r/e634e98; Dec 19 2017 11:00:25 by eja",
    "dataset": "ds001848",
    "modality": "bold",
    "run_id": 2,
    "session_id": "01",
    "subject_id": "45",
    "task_id": "ParallelAdaptation"
  },
  "dummy_trs": 0,
  "dvars_nstd": 27.030523496046786,
  "dvars_std": 1.0521107406371912,
  "dvars_vstd": 0.9833577232379711,
  "efc": 0.5136649257508358,
  "fber": 3420.8583984375,
  "fd_mean": 0.24745211700558375,
  "fd_num": 484,
  "fd_perc": 62.857142857142854,
  "fwhm_avg": 1.9450365284140465,
  "fwhm_x": 1.8597680087071928,
  "fwhm_y": 2.107733576534947,
  "fwhm_z": 1.867608,
  "gcor": 0.00733882,
  "gsr_x": -0.015330227091908455,
  "gsr_y": 0.035062067210674286,
  "provenance": {
    "md5sum": "74fe400903f0fb9af7d4b5a52ec7d481",
    "settings": {
      "fd_thres": 0.2,
      "testing": false
    },
    "software": "mriqc",
    "version": "22.0.6",
    "webapi_port": null,
    "webapi_url": "https://mriqc.nimh.nih.gov/api/v1"
  },
  "size_t": 770,
  "size_x": 84,
  "size_y": 84,
  "size_z": 48,
  "snr": 5.279092108279527,
  "spacing_tr": 1.0,
  "spacing_x": 2.4761905670166016,
  "spacing_y": 2.4761905670166016,
  "spacing_z": 2.5,
  "summary_bg_k": 22.438440099449917,
  "summary_bg_mad": 31.16302112829905,
  "summary_bg_mean": 144.53419494628906,
  "summary_bg_median": 49.53014373779297,
  "summary_bg_n": 216998.0,
  "summary_bg_p05": 24.13541707992554,
  "summary_bg_p95": 571.1384460449216,
  "summary_bg_stdv": 251.34848022460938,
  "summary_fg_k": 2.668912037104474,
  "summary_fg_mad": 518.5046535059736,
  "summary_fg_mean": 3048.98095703125,
  "summary_fg_median": 2989.16162109375,
  "summary_fg_n": 64181.0,
  "summary_fg_p05": 2292.80029296875,
  "summary_fg_p95": 3997.373046875,
  "summary_fg_stdv": 566.2220458984375,
  "tsnr": 51.83273696899414
}