{
  "bids_meta": {
    "AcquisitionMatrixPE": 232,
    "AcquisitionNumber": 1,
    "AcquisitionTime": "15:54:24.702500",
    "BaseResolution": 256,
    "BodyPartExamined": "BRAIN",
    "ConsistencyInfo": "N4_VE11C_LATEST_20160120",
    "ConversionSoftware": "dcm2niix",
    "ConversionSoftwareVersion": "v1.0.20181114  Clang4.0.1",
    "DeviceSerialNumber": "67007",
    "DwellTime": 8.2e-06,
    "EchoTime": 0.00298,
    "FlipAngle": 9,
    "ImageOrientationPatientDICOM": [
      0.0680153,
      0.997684,
      0,
      0,
      0,
      -1
    ],
    "ImageType": [
      "ORIGINAL",
      "PRIMARY",
      "M",
      "ND",
      "NORM"
    ],
    "ImagingFrequency": 123.211,
    "InPlanePhaseEncodingDirectionDICOM": "ROW",
    "InstitutionAddress": "Perth_Drive_100_London_Ontario_CA_N6A_5K8",
    "InstitutionName": "Robarts_Research_Institute",
    "InstitutionalDepartmentName": "CFMM",
    "InversionTime": 0.9,
    "MRAcquisitionType": "3D",
    "MagneticFieldStrength": 3,
    "Manufacturer": "Siemens",
    "ManufacturersModelName": "Prisma_fit",
    "Modality": "MR",
    "PartialFourier": 1,
    "PatientPosition": "HFS",
    "PercentPhaseFOV": 90.625,
    "PhaseEncodingSteps": 231,
    "PhaseResolution": 1,
    "PixelBandwidth": 240,
    "ProcedureStepDescription": "Ansari_EnumAdapt",
    "ProtocolName": "MPRAGE_SAG_iPAT2",
    "PulseSequenceDetails": "%SiemensSeq%_tfl",
    "ReceiveCoilActiveElements": "HEA;HEP",
    "ReceiveCoilName": "Head_32",
    "ReconMatrixPE": 256,
    "RepetitionTime": 2.3,
    "SAR": 0.0627371,
    "ScanOptions": "IR",
    "ScanningSequence": "GR_IR",
    "SequenceName": "_tfl3d1_16ns",
    "SequenceVariant": "SK_SP_MP",
    "SeriesDescription": "MPRAGE_SAG_iPAT2",
    "SeriesNumber": 6,
    "ShimSetting": [
      5231,
      -6248,
      -4059,
      118,
      94,
      -337,
      26,
      0
    ],
    "SliceThickness": 1,
    "SoftwareVersions": "syngo_MR_E11",
    "StationName": "MRC35368",
    "TxRefAmp": 250.606,
    "dataset": "ds001848",
    "modality": "T1w",
    "session_id": "01",
    "subject_id": "34"
  },
  "cjv": 0.32544020115373057,
  "cnr": 4.0926685642123655,
  "efc": 0.5848301241253112,
  "fber": 3194.268176020408,
  "fwhm_avg": 4.126866666666667,
  "fwhm_x": 4.23201,
  "fwhm_y": 4.24874,
  "fwhm_z": 3.89985,
  "icvs_csf": 0.17701986083448276,
  "icvs_gm": 0.44958511061926104,
  "icvs_wm": 0.3733950285462562,
  "inu_med": 0.3825043886899948,
  "inu_range": 0.11420865803956987,
  "provenance": {
    "md5sum": "753766ac902d20b40ad8766c8b4a99ab",
    "settings": {
      "testing": false
    },
    "software": "mriqc",
    "version": "22.0.6",
    "warnings": {
      "large_rot_frame": true,
      "small_air_mask": false
    },
    "webapi_port": null,
    "webapi_url": "https://mriqc.nimh.nih.gov/api/v1"
  },
  "qi_1": 0.0,
  "qi_2": 0.011441790208757479,
  "rpve_csf": 30.181650311841462,
  "rpve_gm": 12.845781827922059,
  "rpve_wm": 17.130886355388895,
  "size_x": 192,
  "size_y": 232,
  "size_z": 256,
  "snr_csf": 1.9520653214963908,
  "snr_gm": 12.14926905886728,
  "snr_total": 13.397210103911227,
  "snr_wm": 26.09029593137001,
  "snrd_csf": 24.1428686231815,
  "snrd_gm": 60.74497777991833,
  "snrd_total": 56.760822490252984,
  "snrd_wm": 85.39462106765912,
  "spacing_x": 1.0,
  "spacing_y": 1.0,
  "spacing_z": 1.0,
  "summary_bg_k": 7722.971849529268,
  "summary_bg_mad": 7.671869360402745,
  "summary_bg_mean": 6.442762171680113,
  "summary_bg_median": 5.1745972484350204,
  "summary_bg_n": 2606163.0,
  "summary_bg_p05": 0.0,
  "summary_bg_p95": 22.073456794023514,
  "summary_bg_stdv": 8.79330166304229,
  "summary_csf_k": -0.18453188117255692,
  "summary_csf_mad": 168.45922931234,
  "summary_csf_mean": 280.16112039534795,
  "summary_csf_median": 282.7211769372225,
  "summary_csf_n": 29189.0,
  "summary_csf_p05": 70.27320179343224,
  "summary_csf_p95": 524.8850909650324,
  "summary_csf_stdv": 144.82934092522197,
  "summary_gm_k": 0.08302103553453222,
  "summary_gm_mad": 57.51219548497722,
  "summary_gm_mean": 713.9838425456967,
  "summary_gm_median": 711.344284683466,
  "summary_gm_n": 59535.0,
  "summary_gm_p05": 622.6162255704403,
  "summary_gm_p95": 814.9809736311436,
  "summary_gm_stdv": 58.54988535053911,
  "summary_wm_k": 0.5703837413326118,
  "summary_wm_mad": 36.42796710289135,
  "summary_wm_mean": 1000.8462089713738,
  "summary_wm_median": 999.9999647587538,
  "summary_wm_n": 222943.0,
  "summary_wm_p05": 939.7864695042372,
  "summary_wm_p95": 1065.1709412932396,
  "summary_wm_stdv": 38.32833957349783,
  "tpm_overlap_csf": 0.12538358196487556,
  "tpm_overlap_gm": 0.4803664925008787,
  "tpm_overlap_wm": 0.5251189025182819,
  "wm2max": 0.5063419906911886
}