{
  "aor": 0.0011363600525624178,
  "aqi": 0.005557437358738503,
  "bids_meta": {
    "AcquisitionMatrixPE": 84,
    "AcquisitionNumber": 1,
    "AcquisitionTime": "10:05:20.242500",
    "BandwidthPerPixelPhaseEncode": 15.664,
    "BaseResolution": 84,
    "BodyPartExamined": "BRAIN",
    "ConsistencyInfo": "N4_VE11C_LATEST_20160120",
    "ConversionSoftware": "dcm2niix",
    "ConversionSoftwareVersion": "v1.0.20181114  Clang4.0.1",
    "DerivedVendorReportedEchoSpacing": 0.000760008,
    "DeviceSerialNumber": "67007",
    "DwellTime": 3.8e-06,
    "EchoTime": 0.03,
    "EchoTrainLength": 74,
    "EffectiveEchoSpacing": 0.000760008,
    "FlipAngle": 40,
    "ImageComments": "Unaliased_MB4_PE3",
    "ImageOrientationPatientDICOM": [
      1,
      0,
      0,
      0,
      0.989526,
      -0.144356
    ],
    "ImageType": [
      "ORIGINAL",
      "PRIMARY",
      "M",
      "MB",
      "ND",
      "NORM",
      "MOSAIC"
    ],
    "ImagingFrequency": 123.211,
    "InPlanePhaseEncodingDirectionDICOM": "COL",
    "InstitutionAddress": "Perth_Drive_100_London_Ontario_CA_N6A_5K8",
    "InstitutionName": "Robarts_Research_Institute",
    "InstitutionalDepartmentName": "CFMM",
    "MRAcquisitionType": "2D",
    "MagneticFieldStrength": 3,
    "Manufacturer": "Siemens",
    "ManufacturersModelName": "Prisma_fit",
    "Modality": "MR",
    "MultibandAccelerationFactor": 4,
    "PartialFourier": 0.875,
    "PatientPosition": "HFS",
    "PercentPhaseFOV": 100,
    "PhaseEncodingDirection": "j-",
    "PhaseEncodingSteps": 74,
    "PhaseResolution": 1,
    "PixelBandwidth": 1565,
    "ProcedureStepDescription": "Ansari_EnumAdapt",
    "ProtocolName": "ep_bold_mb4_EnumAdapt",
    "PulseSequenceDetails": "%CustomerSeq%_cmrr_mbep2d_bold",
    "ReceiveCoilActiveElements": "HEA;HEP",
    "ReceiveCoilName": "Head_32",
    "ReconMatrixPE": 84,
    "RepetitionTime": 1,
    "SAR": 0.052821,
    "ScanOptions": "PFP_FS",
    "ScanningSequence": "EP",
    "SequenceName": "epfid2d1_84",
    "SequenceVariant": "SK_SS",
    "SeriesDescription": "ep_bold_mb4_EnumAdapt",
    "SeriesNumber": 2,
    "ShimSetting": [
      5245,
      -6196,
      -3918,
      707,
      20,
      -186,
      170,
      -13
    ],
    "SliceThickness": 2.5,
    "SliceTiming": [
      0,
      0.4075,
      0.8175,
      0.245,
      0.6525,
      0.0825,
      0.49,
      0.8975,
      0.3275,
      0.735,
      0.1625,
      0.5725,
      0,
      0.4075,
      0.8175,
      0.245,
      0.6525,
      0.0825,
      0.49,
      0.8975,
      0.3275,
      0.735,
      0.1625,
      0.5725,
      0,
      0.4075,
      0.8175,
      0.245,
      0.6525,
      0.0825,
      0.49,
      0.8975,
      0.3275,
      0.735,
      0.1625,
      0.5725,
      0,
      0.4075,
      0.8175,
      0.245,
      0.6525,
      0.0825,
      0.49,
      0.8975,
      0.3275,
      0.735,
      0.1625,
      0.5725
    ],
    "SoftwareVersions": "syngo_MR_E11",
    "SpacingBetweenSlices": 2.5,
    "StationName": "MRC35368",
    "TaskName": "ParallelAdaptation",
    "TotalReadoutTime": 0.0630806,
    "TxRefAmp": 245.105,
    "WipMemBlock": "5b8f4a59-2108-49f4-b6d5-a135eb80eb06||Sequence: R016 ve11c/master r/e634e98; Dec 19 2017 11:00:25 by eja",
    "dataset": "ds001848",
    "modality": "bold",
    "run_id": 1,
    "session_id": "01",
    "subject_id": "50",
    "task_id": "ParallelAdaptation"
  },
  "dummy_trs": 9,
  "dvars_nstd": 25.938446539276327,
  "dvars_std": 1.224387224421052,
  "dvars_vstd": 1.0073726997368406,
  "efc": 0.5310901655240327,
  "fber": 5072.05810546875,
  "fd_mean": 0.10121489905270643,
  "fd_num": 21,
  "fd_perc": 2.759526938239159,
  "fwhm_avg": 1.9034304535222253,
  "fwhm_x": 1.7937149342069283,
  "fwhm_y": 2.0076524263597477,
  "fwhm_z": 1.908924,
  "gcor": 0.0102819,
  "gsr_x": -0.022607622668147087,
  "gsr_y": 0.033836040645837784,
  "provenance": {
    "md5sum": "1f2cb3ea0c401e2311897c27f1a50690",
    "settings": {
      "fd_thres": 0.2,
      "testing": false
    },
    "software": "mriqc",
    "version": "22.0.6",
    "webapi_port": null,
    "webapi_url": "https://mriqc.nimh.nih.gov/api/v1"
  },
  "size_t": 761,
  "size_x": 84,
  "size_y": 84,
  "size_z": 48,
  "snr": 4.544911581465638,
  "spacing_tr": 1.0,
  "spacing_x": 2.4761905670166016,
  "spacing_y": 2.4761905670166016,
  "spacing_z": 2.5,
  "summary_bg_k": 23.76447150212658,
  "summary_bg_mad": 33.50122006546976,
  "summary_bg_mean": 158.38790893554688,
  "summary_bg_median": 52.49273681640625,
  "summary_bg_n": 203069.0,
  "summary_bg_p05": 24.650748825073244,
  "summary_bg_p95": 701.1708374023426,
  "summary_bg_stdv": 287.4372863769531,
  "summary_fg_k": 2.680415955543401,
  "summary_fg_mad": 715.5278650227051,
  "summary_fg_mean": 3988.84912109375,
  "summary_fg_median": 3849.15869140625,
  "summary_fg_n": 76223.0,
  "summary_fg_p05": 2950.0935546875,
  "summary_fg_p95": 5613.377685546871,
  "summary_fg_stdv": 846.9105224609375,
  "tsnr": 61.17286682128906
}