{
  "bids_meta": {
    "AcquisitionMatrixPE": 240,
    "AcquisitionNumber": 1,
    "AcquisitionTime": "09:51:37.797500",
    "BaseResolution": 256,
    "BodyPartExamined": "BRAIN",
    "ConsistencyInfo": "N4_VE11C_LATEST_20160120",
    "ConversionSoftware": "dcm2niix",
    "ConversionSoftwareVersion": "v1.0.20181114  Clang4.0.1",
    "DeviceSerialNumber": "67007",
    "DwellTime": 8.2e-06,
    "EchoTime": 0.00298,
    "FlipAngle": 9,
    "ImageOrientationPatientDICOM": [
      0,
      1,
      0,
      0,
      0,
      -1
    ],
    "ImageType": [
      "ORIGINAL",
      "PRIMARY",
      "M",
      "ND",
      "NORM"
    ],
    "ImagingFrequency": 123.211,
    "InPlanePhaseEncodingDirectionDICOM": "ROW",
    "InstitutionAddress": "Perth_Drive_100_London_Ontario_CA_N6A_5K8",
    "InstitutionName": "Robarts_Research_Institute",
    "InstitutionalDepartmentName": "CFMM",
    "InversionTime": 0.9,
    "MRAcquisitionType": "3D",
    "MagneticFieldStrength": 3,
    "Manufacturer": "Siemens",
    "ManufacturersModelName": "Prisma_fit",
    "Modality": "MR",
    "PartialFourier": 1,
    "PatientPosition": "HFS",
    "PercentPhaseFOV": 93.75,
    "PhaseEncodingSteps": 239,
    "PhaseResolution": 1,
    "PixelBandwidth": 240,
    "ProcedureStepDescription": "Ansari_EnumAdapt",
    "ProtocolName": "MPRAGE_SAG_iPAT2",
    "PulseSequenceDetails": "%SiemensSeq%_tfl",
    "ReceiveCoilActiveElements": "HEA;HEP",
    "ReceiveCoilName": "Head_32",
    "ReconMatrixPE": 256,
    "RepetitionTime": 2.3,
    "SAR": 0.0681594,
    "ScanOptions": "IR",
    "ScanningSequence": "GR_IR",
    "SequenceName": "_tfl3d1_16ns",
    "SequenceVariant": "SK_SP_MP",
    "SeriesDescription": "MPRAGE_SAG_iPAT2",
    "SeriesNumber": 5,
    "ShimSetting": [
      5272,
      -6167,
      -3891,
      396,
      11,
      -152,
      -36,
      5
    ],
    "SliceThickness": 1,
    "SoftwareVersions": "syngo_MR_E11",
    "StationName": "MRC35368",
    "TxRefAmp": 278.062,
    "dataset": "ds001848",
    "modality": "T1w",
    "session_id": "01",
    "subject_id": "49"
  },
  "cjv": 0.3311227735355895,
  "cnr": 3.9576505036158798,
  "efc": 0.6021067951780724,
  "fber": 3388.924550474397,
  "fwhm_avg": 3.7482366666666667,
  "fwhm_x": 3.74601,
  "fwhm_y": 3.96096,
  "fwhm_z": 3.53774,
  "icvs_csf": 0.1543278740288372,
  "icvs_gm": 0.4708937889407397,
  "icvs_wm": 0.3747783370304231,
  "inu_med": 0.4038104712963104,
  "inu_range": 0.1104610696434975,
  "provenance": {
    "md5sum": "492fae1aadd2b4a4009cf9be27903aa2",
    "settings": {
      "testing": false
    },
    "software": "mriqc",
    "version": "22.0.6",
    "warnings": {
      "large_rot_frame": true,
      "small_air_mask": false
    },
    "webapi_port": null,
    "webapi_url": "https://mriqc.nimh.nih.gov/api/v1"
  },
  "qi_1": 1.1472254965949937e-05,
  "qi_2": 0.00917431608288621,
  "rpve_csf": 33.08994528429603,
  "rpve_gm": 12.45709515395806,
  "rpve_wm": 17.10597051313682,
  "size_x": 192,
  "size_y": 240,
  "size_z": 256,
  "snr_csf": 2.40475555504211,
  "snr_gm": 13.325917120062023,
  "snr_total": 12.965824198049058,
  "snr_wm": 23.166799919043044,
  "snrd_csf": 14.509148051228529,
  "snrd_gm": 34.34648912976945,
  "snrd_total": 32.16925018683719,
  "snrd_wm": 47.65211337951359,
  "spacing_x": 1.0,
  "spacing_y": 1.0,
  "spacing_z": 1.0,
  "summary_bg_k": 240.82321168632652,
  "summary_bg_mad": 0.0,
  "summary_bg_mean": 6.486096387373041,
  "summary_bg_median": 0.0,
  "summary_bg_n": 2228643.0,
  "summary_bg_p05": 0.0,
  "summary_bg_p95": 24.69597762823105,
  "summary_bg_stdv": 13.748746570937163,
  "summary_csf_k": 0.5411222357739227,
  "summary_csf_mad": 113.72626969780173,
  "summary_csf_mean": 302.3257003868314,
  "summary_csf_median": 304.49017871171236,
  "summary_csf_n": 16829.0,
  "summary_csf_p05": 91.73682598769665,
  "summary_csf_p95": 517.7798582226037,
  "summary_csf_stdv": 126.61625059867139,
  "summary_gm_k": 0.2785452860287845,
  "summary_gm_mad": 52.332576137362416,
  "summary_gm_mean": 722.7456144674802,
  "summary_gm_median": 720.7982561290264,
  "summary_gm_n": 53123.0,
  "summary_gm_p05": 637.0127865746617,
  "summary_gm_p95": 814.2812623530626,
  "summary_gm_stdv": 54.089445804293774,
  "summary_wm_k": 0.824209802998308,
  "summary_wm_mad": 40.12780573076906,
  "summary_wm_mean": 1000.9931666641288,
  "summary_wm_median": 1000.0311849936843,
  "summary_wm_n": 218596.0,
  "summary_wm_p05": 931.9925193563104,
  "summary_wm_p95": 1072.528846591711,
  "summary_wm_stdv": 43.16646671485927,
  "tpm_overlap_csf": 0.14490394959358197,
  "tpm_overlap_gm": 0.486301981519928,
  "tpm_overlap_wm": 0.536591253652793,
  "wm2max": 0.5545545718633282
}