{
  "aor": 0.0005432329842931938,
  "aqi": 0.014305446020942409,
  "bids_meta": {
    "AcquisitionMatrixPE": 84,
    "AcquisitionNumber": 1,
    "AcquisitionTime": "16:36:9.470000",
    "BandwidthPerPixelPhaseEncode": 15.664,
    "BaseResolution": 84,
    "BodyPartExamined": "BRAIN",
    "ConsistencyInfo": "N4_VE11C_LATEST_20160120",
    "ConversionSoftware": "dcm2niix",
    "ConversionSoftwareVersion": "v1.0.20181114  Clang4.0.1",
    "DerivedVendorReportedEchoSpacing": 0.000760008,
    "DeviceSerialNumber": "67007",
    "DwellTime": 3.8e-06,
    "EchoTime": 0.03,
    "EchoTrainLength": 74,
    "EffectiveEchoSpacing": 0.000760008,
    "FlipAngle": 40,
    "ImageComments": "Unaliased_MB4_PE3",
    "ImageOrientationPatientDICOM": [
      1,
      0,
      0,
      0,
      0.92521,
      -0.379456
    ],
    "ImageType": [
      "ORIGINAL",
      "PRIMARY",
      "M",
      "MB",
      "ND",
      "NORM",
      "MOSAIC"
    ],
    "ImagingFrequency": 123.211,
    "InPlanePhaseEncodingDirectionDICOM": "COL",
    "InstitutionAddress": "Perth_Drive_100_London_Ontario_CA_N6A_5K8",
    "InstitutionName": "Robarts_Research_Institute",
    "InstitutionalDepartmentName": "CFMM",
    "MRAcquisitionType": "2D",
    "MagneticFieldStrength": 3,
    "Manufacturer": "Siemens",
    "ManufacturersModelName": "Prisma_fit",
    "Modality": "MR",
    "MultibandAccelerationFactor": 4,
    "PartialFourier": 0.875,
    "PatientPosition": "HFS",
    "PercentPhaseFOV": 100,
    "PhaseEncodingDirection": "j-",
    "PhaseEncodingSteps": 74,
    "PhaseResolution": 1,
    "PixelBandwidth": 1565,
    "ProcedureStepDescription": "Ansari_EnumAdapt",
    "ProtocolName": "ep_bold_mb4_EnumAdapt",
    "PulseSequenceDetails": "%CustomerSeq%_cmrr_mbep2d_bold",
    "ReceiveCoilActiveElements": "HEA;HEP",
    "ReceiveCoilName": "Head_32",
    "ReconMatrixPE": 84,
    "RepetitionTime": 1,
    "SAR": 0.0827377,
    "ScanOptions": "PFP_FS",
    "ScanningSequence": "EP",
    "SequenceName": "epfid2d1_84",
    "SequenceVariant": "SK_SS",
    "SeriesDescription": "ep_bold_mb4_EnumAdapt",
    "SeriesNumber": 4,
    "ShimSetting": [
      5262,
      -6202,
      -4032,
      508,
      133,
      147,
      -2,
      -174
    ],
    "SliceThickness": 2.5,
    "SliceTiming": [
      0,
      0.4075,
      0.815,
      0.245,
      0.6525,
      0.08,
      0.49,
      0.8975,
      0.325,
      0.735,
      0.1625,
      0.57,
      0,
      0.4075,
      0.815,
      0.245,
      0.6525,
      0.08,
      0.49,
      0.8975,
      0.325,
      0.735,
      0.1625,
      0.57,
      0,
      0.4075,
      0.815,
      0.245,
      0.6525,
      0.08,
      0.49,
      0.8975,
      0.325,
      0.735,
      0.1625,
      0.57,
      0,
      0.4075,
      0.815,
      0.245,
      0.6525,
      0.08,
      0.49,
      0.8975,
      0.325,
      0.735,
      0.1625,
      0.57
    ],
    "SoftwareVersions": "syngo_MR_E11",
    "SpacingBetweenSlices": 2.5,
    "StationName": "MRC35368",
    "TaskName": "ParallelAdaptation",
    "TotalReadoutTime": 0.0630806,
    "TxRefAmp": 272.67,
    "WipMemBlock": "09670567-bf87-447c-a1af-d0d88dd2679c||Sequence: R016 ve11c/master r/e634e98; Dec 19 2017 11:00:25 by eja",
    "dataset": "ds001848",
    "modality": "bold",
    "run_id": 3,
    "session_id": "01",
    "subject_id": "08",
    "task_id": "ParallelAdaptation"
  },
  "dummy_trs": 6,
  "dvars_nstd": 31.43914762173001,
  "dvars_std": 1.1019378605242456,
  "dvars_vstd": 0.9727110796592404,
  "efc": 0.5046979555083035,
  "fber": 4013.221435546875,
  "fd_mean": 0.3034623309591947,
  "fd_num": 547,
  "fd_perc": 71.59685863874346,
  "fwhm_avg": 2.055067385836844,
  "fwhm_x": 1.8927016613453473,
  "fwhm_y": 2.2017004961651843,
  "fwhm_z": 2.0707999999999998,
  "gcor": 0.030755,
  "gsr_x": -0.013857188634574413,
  "gsr_y": 0.03199872002005577,
  "provenance": {
    "md5sum": "0c40f5765bde993a30fe2e0a71321aa3",
    "settings": {
      "fd_thres": 0.2,
      "testing": false
    },
    "software": "mriqc",
    "version": "22.0.6",
    "webapi_port": null,
    "webapi_url": "https://mriqc.nimh.nih.gov/api/v1"
  },
  "size_t": 764,
  "size_x": 84,
  "size_y": 84,
  "size_z": 48,
  "snr": 4.5153651715934755,
  "spacing_tr": 1.0,
  "spacing_x": 2.4761905670166016,
  "spacing_y": 2.4761905670166016,
  "spacing_z": 2.5,
  "summary_bg_k": 28.081972213788458,
  "summary_bg_mad": 25.401652004977798,
  "summary_bg_mean": 114.17521667480469,
  "summary_bg_median": 44.553157806396484,
  "summary_bg_n": 214957.0,
  "summary_bg_p05": 22.987141418457032,
  "summary_bg_p95": 413.5227172851559,
  "summary_bg_stdv": 202.83018493652344,
  "summary_fg_k": 4.995341341674613,
  "summary_fg_mad": 495.46568104311183,
  "summary_fg_mean": 3014.86279296875,
  "summary_fg_median": 2901.302734375,
  "summary_fg_n": 66336.0,
  "summary_fg_p05": 2246.9848022460938,
  "summary_fg_p95": 4117.751220703125,
  "summary_fg_stdv": 642.53515625,
  "tsnr": 40.772727966308594
}