{
  "bids_meta": {
    "AcquisitionMatrixPE": 224,
    "AcquisitionNumber": 1,
    "AcquisitionTime": "14:45:22.827500",
    "BaseResolution": 256,
    "BodyPartExamined": "BRAIN",
    "ConsistencyInfo": "N4_VE11C_LATEST_20160120",
    "ConversionSoftware": "dcm2niix",
    "ConversionSoftwareVersion": "v1.0.20181114  Clang4.0.1",
    "DeviceSerialNumber": "67007",
    "DwellTime": 8.2e-06,
    "EchoTime": 0.00298,
    "FlipAngle": 9,
    "ImageOrientationPatientDICOM": [
      0,
      1,
      0,
      0,
      0,
      -1
    ],
    "ImageType": [
      "ORIGINAL",
      "PRIMARY",
      "M",
      "ND",
      "NORM"
    ],
    "ImagingFrequency": 123.211,
    "InPlanePhaseEncodingDirectionDICOM": "ROW",
    "InstitutionAddress": "Perth_Drive_100_London_Ontario_CA_N6A_5K8",
    "InstitutionName": "Robarts-CFMM",
    "InstitutionalDepartmentName": "CFMM",
    "InversionTime": 0.9,
    "MRAcquisitionType": "3D",
    "MagneticFieldStrength": 3,
    "Manufacturer": "Siemens",
    "ManufacturersModelName": "Prisma_fit",
    "Modality": "MR",
    "PartialFourier": 1,
    "PatientPosition": "HFS",
    "PercentPhaseFOV": 87.5,
    "PhaseEncodingSteps": 223,
    "PhaseResolution": 1,
    "PixelBandwidth": 240,
    "ProcedureStepDescription": "Ansari_EnumAdapt",
    "ProtocolName": "MPRAGE_SAG_iPAT2",
    "PulseSequenceDetails": "%SiemensSeq%_tfl",
    "ReceiveCoilActiveElements": "HEA;HEP",
    "ReceiveCoilName": "Head_32",
    "ReconMatrixPE": 256,
    "RepetitionTime": 2.3,
    "SAR": 0.0479711,
    "ScanOptions": "IR",
    "ScanningSequence": "GR_IR",
    "SequenceName": "_tfl3d1_16ns",
    "SequenceVariant": "SK_SP_MP",
    "SeriesDescription": "MPRAGE_SAG_iPAT2",
    "SeriesNumber": 5,
    "ShimSetting": [
      5259,
      -6176,
      -4014,
      362,
      59,
      -191,
      89,
      -37
    ],
    "SliceThickness": 1,
    "SoftwareVersions": "syngo_MR_E11",
    "StationName": "MRC35368",
    "TxRefAmp": 237.21,
    "dataset": "ds001848",
    "modality": "T1w",
    "session_id": "01",
    "subject_id": "13"
  },
  "cjv": 0.3511581748611874,
  "cnr": 3.8152405240088667,
  "efc": 0.567759602142716,
  "fber": 2662.924860983573,
  "fwhm_avg": 3.7135466666666663,
  "fwhm_x": 3.73349,
  "fwhm_y": 3.85572,
  "fwhm_z": 3.55143,
  "icvs_csf": 0.21132929054286753,
  "icvs_gm": 0.4533336296804227,
  "icvs_wm": 0.3353370797767098,
  "inu_med": 0.4389815628528595,
  "inu_range": 0.12426140308380118,
  "provenance": {
    "md5sum": "f4d569ff130b9d60bfe73323eb800c24",
    "settings": {
      "testing": false
    },
    "software": "mriqc",
    "version": "22.0.6",
    "warnings": {
      "large_rot_frame": true,
      "small_air_mask": false
    },
    "webapi_port": null,
    "webapi_url": "https://mriqc.nimh.nih.gov/api/v1"
  },
  "qi_1": 0.0,
  "qi_2": 0.029669731476764927,
  "rpve_csf": 25.728266083521444,
  "rpve_gm": 12.672216129532272,
  "rpve_wm": 18.880501527363098,
  "size_x": 192,
  "size_y": 224,
  "size_z": 256,
  "snr_csf": 2.646958543091285,
  "snr_gm": 13.631234166152357,
  "snr_total": 13.489755736254125,
  "snr_wm": 24.191074499518734,
  "snrd_csf": 24.54966520479748,
  "snrd_gm": 59.500356257925084,
  "snrd_total": 54.86990941839333,
  "snrd_wm": 80.55970679245743,
  "spacing_x": 1.0,
  "spacing_y": 1.0,
  "spacing_z": 1.0,
  "summary_bg_k": 2.4970903605082055,
  "summary_bg_mad": 8.132308938722371,
  "summary_bg_mean": 6.967865833270778,
  "summary_bg_median": 5.485159024596214,
  "summary_bg_n": 2218896.0,
  "summary_bg_p05": 0.0,
  "summary_bg_p95": 19.614650942385197,
  "summary_bg_stdv": 7.084533239684947,
  "summary_csf_k": 1.0642715162399314,
  "summary_csf_mad": 101.70533204376838,
  "summary_csf_mean": 314.11747495608734,
  "summary_csf_median": 304.7387716323137,
  "summary_csf_n": 37124.0,
  "summary_csf_p05": 136.29578690230846,
  "summary_csf_p95": 525.3601994886994,
  "summary_csf_stdv": 115.12634682685683,
  "summary_gm_k": 0.1341561310696897,
  "summary_gm_mad": 52.98868387604229,
  "summary_gm_mean": 737.9447672598632,
  "summary_gm_median": 738.5870775207877,
  "summary_gm_n": 32066.0,
  "summary_gm_p05": 646.9797143805772,
  "summary_gm_p95": 825.9937809016556,
  "summary_gm_stdv": 54.18258917413333,
  "summary_wm_k": 0.7715904255447787,
  "summary_wm_mad": 38.80861354301688,
  "summary_wm_mean": 1000.9098633660055,
  "summary_wm_median": 1000.000036098063,
  "summary_wm_n": 167637.0,
  "summary_wm_p05": 935.1154651045799,
  "summary_wm_p95": 1069.5365774035454,
  "summary_wm_stdv": 41.33743846220237,
  "tpm_overlap_csf": 0.15143969167442448,
  "tpm_overlap_gm": 0.4752465982650817,
  "tpm_overlap_wm": 0.5015221798896404,
  "wm2max": 0.4929830566489817
}