{
  "bids_meta": {
    "AcquisitionMatrixPE": 232,
    "AcquisitionNumber": 1,
    "AcquisitionTime": "16:56:50.895000",
    "BaseResolution": 256,
    "BodyPartExamined": "BRAIN",
    "ConsistencyInfo": "N4_VE11C_LATEST_20160120",
    "ConversionSoftware": "dcm2niix",
    "ConversionSoftwareVersion": "v1.0.20181114  Clang4.0.1",
    "DeviceSerialNumber": "67007",
    "DwellTime": 8.2e-06,
    "EchoTime": 0.00298,
    "FlipAngle": 9,
    "ImageOrientationPatientDICOM": [
      0,
      1,
      0,
      0,
      0,
      -1
    ],
    "ImageType": [
      "ORIGINAL",
      "PRIMARY",
      "M",
      "ND",
      "NORM"
    ],
    "ImagingFrequency": 123.211,
    "InPlanePhaseEncodingDirectionDICOM": "ROW",
    "InstitutionAddress": "Perth_Drive_100_London_Ontario_CA_N6A_5K8",
    "InstitutionName": "Robarts_Research_Institute",
    "InstitutionalDepartmentName": "CFMM",
    "InversionTime": 0.9,
    "MRAcquisitionType": "3D",
    "MagneticFieldStrength": 3,
    "Manufacturer": "Siemens",
    "ManufacturersModelName": "Prisma_fit",
    "Modality": "MR",
    "PartialFourier": 1,
    "PatientPosition": "HFS",
    "PercentPhaseFOV": 90.625,
    "PhaseEncodingSteps": 231,
    "PhaseResolution": 1,
    "PixelBandwidth": 240,
    "ProcedureStepDescription": "Ansari_EnumAdapt",
    "ProtocolName": "MPRAGE_SAG_iPAT2",
    "PulseSequenceDetails": "%SiemensSeq%_tfl",
    "ReceiveCoilActiveElements": "HEA;HEP",
    "ReceiveCoilName": "Head_32",
    "ReconMatrixPE": 256,
    "RepetitionTime": 2.3,
    "SAR": 0.0693081,
    "ScanOptions": "IR",
    "ScanningSequence": "GR_IR",
    "SequenceName": "_tfl3d1_16ns",
    "SequenceVariant": "SK_SP_MP",
    "SeriesDescription": "MPRAGE_SAG_iPAT2",
    "SeriesNumber": 6,
    "ShimSetting": [
      5288,
      -6251,
      -3869,
      354,
      4,
      -4,
      146,
      7
    ],
    "SliceThickness": 1,
    "SoftwareVersions": "syngo_MR_E11",
    "StationName": "MRC35368",
    "TxRefAmp": 259.22,
    "dataset": "ds001848",
    "modality": "T1w",
    "session_id": "01",
    "subject_id": "35"
  },
  "cjv": 0.35251955809676416,
  "cnr": 3.778763504046907,
  "efc": 0.6085871837746917,
  "fber": 3398.6056157049375,
  "fwhm_avg": 4.06445,
  "fwhm_x": 4.20726,
  "fwhm_y": 4.16527,
  "fwhm_z": 3.82082,
  "icvs_csf": 0.22657379550796947,
  "icvs_gm": 0.42356157167344616,
  "icvs_wm": 0.3498646328185844,
  "inu_med": 0.45691974461078644,
  "inu_range": 0.13879145532846454,
  "provenance": {
    "md5sum": "63fe633497d3cf1b3084689b293ec0d1",
    "settings": {
      "testing": false
    },
    "software": "mriqc",
    "version": "22.0.6",
    "warnings": {
      "large_rot_frame": true,
      "small_air_mask": false
    },
    "webapi_port": null,
    "webapi_url": "https://mriqc.nimh.nih.gov/api/v1"
  },
  "qi_1": 0.0,
  "qi_2": 0.0175412312269845,
  "rpve_csf": 21.468555140867508,
  "rpve_gm": 11.768790605063868,
  "rpve_wm": 16.39030013735369,
  "size_x": 192,
  "size_y": 232,
  "size_z": 256,
  "snr_csf": 2.778266957922114,
  "snr_gm": 13.19734149924499,
  "snr_total": 13.749985120661508,
  "snr_wm": 25.274346904817424,
  "snrd_csf": 28.268869859554094,
  "snrd_gm": 73.91071033620973,
  "snrd_total": 67.37355840721783,
  "snrd_wm": 99.94109502588964,
  "spacing_x": 1.0,
  "spacing_y": 1.0,
  "spacing_z": 1.0,
  "summary_bg_k": 3.7807889737446603,
  "summary_bg_mad": 6.555225361123566,
  "summary_bg_mean": 5.698996773311933,
  "summary_bg_median": 4.421432316303253,
  "summary_bg_n": 2175114.0,
  "summary_bg_p05": 0.0,
  "summary_bg_p95": 18.383850157260895,
  "summary_bg_stdv": 6.73369065689888,
  "summary_csf_k": 1.738367543783382,
  "summary_csf_mad": 81.5953051529328,
  "summary_csf_mean": 298.31887943713247,
  "summary_csf_median": 282.8553147614002,
  "summary_csf_n": 64054.0,
  "summary_csf_p05": 158.56070760637522,
  "summary_csf_p95": 492.3308516759425,
  "summary_csf_stdv": 101.80918935887172,
  "summary_gm_k": 0.11701605525368075,
  "summary_gm_mad": 55.15877129524369,
  "summary_gm_mean": 739.4791912159826,
  "summary_gm_median": 739.5427316427231,
  "summary_gm_n": 35663.0,
  "summary_gm_p05": 646.6053878888488,
  "summary_gm_p95": 831.4619824290276,
  "summary_gm_stdv": 56.03646485354308,
  "summary_wm_k": 0.9417938052971242,
  "summary_wm_mad": 36.6575102431252,
  "summary_wm_mean": 1000.675548139941,
  "summary_wm_median": 1000.0000011175871,
  "summary_wm_n": 224942.0,
  "summary_wm_p05": 937.5763580203056,
  "summary_wm_p95": 1066.176044009626,
  "summary_wm_stdv": 39.565721800285175,
  "tpm_overlap_csf": 0.1432239351795516,
  "tpm_overlap_gm": 0.4606128024041702,
  "tpm_overlap_wm": 0.4960940899970175,
  "wm2max": 0.6037477388876206
}