{
  "bids_meta": {
    "AcquisitionMatrixPE": 224,
    "AcquisitionNumber": 1,
    "AcquisitionTime": "12:13:27.252500",
    "BaseResolution": 256,
    "BodyPartExamined": "BRAIN",
    "ConsistencyInfo": "N4_VE11C_LATEST_20160120",
    "ConversionSoftware": "dcm2niix",
    "ConversionSoftwareVersion": "v1.0.20181114  Clang4.0.1",
    "DeviceSerialNumber": "67007",
    "DwellTime": 8.2e-06,
    "EchoTime": 0.00298,
    "FlipAngle": 9,
    "ImageOrientationPatientDICOM": [
      0,
      1,
      0,
      0,
      0,
      -1
    ],
    "ImageType": [
      "ORIGINAL",
      "PRIMARY",
      "M",
      "ND",
      "NORM"
    ],
    "ImagingFrequency": 123.211,
    "InPlanePhaseEncodingDirectionDICOM": "ROW",
    "InstitutionAddress": "Perth_Drive_100_London_Ontario_CA_N6A_5K8",
    "InstitutionName": "Robarts_Research_Institute",
    "InstitutionalDepartmentName": "CFMM",
    "InversionTime": 0.9,
    "MRAcquisitionType": "3D",
    "MagneticFieldStrength": 3,
    "Manufacturer": "Siemens",
    "ManufacturersModelName": "Prisma_fit",
    "Modality": "MR",
    "PartialFourier": 1,
    "PatientPosition": "HFS",
    "PercentPhaseFOV": 87.5,
    "PhaseEncodingSteps": 223,
    "PhaseResolution": 1,
    "PixelBandwidth": 240,
    "ProcedureStepDescription": "Ansari_EnumAdapt",
    "ProtocolName": "MPRAGE_SAG_iPAT2",
    "PulseSequenceDetails": "%SiemensSeq%_tfl",
    "ReceiveCoilActiveElements": "HEA;HEP",
    "ReceiveCoilName": "Head_32",
    "ReconMatrixPE": 256,
    "RepetitionTime": 2.3,
    "SAR": 0.0480692,
    "ScanOptions": "IR",
    "ScanningSequence": "GR_IR",
    "SequenceName": "_tfl3d1_16ns",
    "SequenceVariant": "SK_SP_MP",
    "SeriesDescription": "MPRAGE_SAG_iPAT2",
    "SeriesNumber": 5,
    "ShimSetting": [
      5275,
      -6216,
      -3893,
      403,
      -108,
      -66,
      -56,
      -15
    ],
    "SliceThickness": 1,
    "SoftwareVersions": "syngo_MR_E11",
    "StationName": "MRC35368",
    "TxRefAmp": 238.705,
    "dataset": "ds001848",
    "modality": "T1w",
    "session_id": "01",
    "subject_id": "26"
  },
  "cjv": 0.3453287790434006,
  "cnr": 3.7662424204663645,
  "efc": 0.5798009784298673,
  "fber": 1987.3065307674226,
  "fwhm_avg": 4.022303333333333,
  "fwhm_x": 4.12177,
  "fwhm_y": 4.16173,
  "fwhm_z": 3.78341,
  "icvs_csf": 0.22195227621346783,
  "icvs_gm": 0.4226913870557582,
  "icvs_wm": 0.35535633673077394,
  "inu_med": 0.43530863523483276,
  "inu_range": 0.13128551840782166,
  "provenance": {
    "md5sum": "40a813ea4b13bec92edffddbe50abee7",
    "settings": {
      "testing": false
    },
    "software": "mriqc",
    "version": "22.0.6",
    "warnings": {
      "large_rot_frame": true,
      "small_air_mask": false
    },
    "webapi_port": null,
    "webapi_url": "https://mriqc.nimh.nih.gov/api/v1"
  },
  "qi_1": 0.0,
  "qi_2": 0.0270960855307959,
  "rpve_csf": 23.596308636487226,
  "rpve_gm": 12.67273346561078,
  "rpve_wm": 17.47315345651344,
  "size_x": 192,
  "size_y": 224,
  "size_z": 256,
  "snr_csf": 2.6320426812799753,
  "snr_gm": 12.817525306541011,
  "snr_total": 13.657507486599462,
  "snr_wm": 25.5229544719774,
  "snrd_csf": 31.54748509087252,
  "snrd_gm": 87.31309278255398,
  "snrd_total": 79.1166580686525,
  "snrd_wm": 118.48939633253099,
  "spacing_x": 1.0,
  "spacing_y": 1.0,
  "spacing_z": 1.0,
  "summary_bg_k": 2.676408433411866,
  "summary_bg_mad": 5.529071927181918,
  "summary_bg_mean": 5.485783238991462,
  "summary_bg_median": 3.7293023429811,
  "summary_bg_n": 2246155.0,
  "summary_bg_p05": 0.0,
  "summary_bg_p95": 18.0746853556484,
  "summary_bg_stdv": 6.3632392758561265,
  "summary_csf_k": 1.7300404735389963,
  "summary_csf_mad": 87.76480172413432,
  "summary_csf_mean": 284.18549461583,
  "summary_csf_median": 266.2473252732307,
  "summary_csf_n": 47333.0,
  "summary_csf_p05": 148.67485340684652,
  "summary_csf_p95": 478.0319191295654,
  "summary_csf_stdv": 101.15508941418365,
  "summary_gm_k": 0.39548746420575664,
  "summary_gm_mad": 53.63199769366461,
  "summary_gm_mean": 736.6689092845276,
  "summary_gm_median": 736.8852809574455,
  "summary_gm_n": 24608.0,
  "summary_gm_p05": 640.1969022117555,
  "summary_gm_p95": 831.7835945785046,
  "summary_gm_stdv": 57.48928055209557,
  "summary_wm_k": 0.4578169463346762,
  "summary_wm_mad": 37.22908430969158,
  "summary_wm_mean": 1000.2815364225042,
  "summary_wm_median": 999.999992262572,
  "summary_wm_n": 202816.0,
  "summary_wm_p05": 936.477542353794,
  "summary_wm_p95": 1064.7904049679637,
  "summary_wm_stdv": 39.18032013373499,
  "tpm_overlap_csf": 0.1605198618937712,
  "tpm_overlap_gm": 0.46099834478903423,
  "tpm_overlap_wm": 0.5247933961182324,
  "wm2max": 0.6975114887713518
}