{
  "aor": 0.0007593896103896103,
  "aqi": 0.012154525337662337,
  "bids_meta": {
    "AcquisitionMatrixPE": 84,
    "AcquisitionNumber": 1,
    "AcquisitionTime": "11:31:59.435000",
    "BandwidthPerPixelPhaseEncode": 15.664,
    "BaseResolution": 84,
    "BodyPartExamined": "BRAIN",
    "ConsistencyInfo": "N4_VE11C_LATEST_20160120",
    "ConversionSoftware": "dcm2niix",
    "ConversionSoftwareVersion": "v1.0.20181114  Clang4.0.1",
    "DerivedVendorReportedEchoSpacing": 0.000760008,
    "DeviceSerialNumber": "67007",
    "DwellTime": 3.8e-06,
    "EchoTime": 0.03,
    "EchoTrainLength": 74,
    "EffectiveEchoSpacing": 0.000760008,
    "FlipAngle": 40,
    "ImageComments": "Unaliased_MB4_PE3",
    "ImageOrientationPatientDICOM": [
      1,
      0,
      0,
      0,
      0.922538,
      -0.385906
    ],
    "ImageType": [
      "ORIGINAL",
      "PRIMARY",
      "M",
      "MB",
      "ND",
      "NORM",
      "MOSAIC"
    ],
    "ImagingFrequency": 123.211,
    "InPlanePhaseEncodingDirectionDICOM": "COL",
    "InstitutionAddress": "Perth_Drive_100_London_Ontario_CA_N6A_5K8",
    "InstitutionName": "Robarts_Research_Institute",
    "InstitutionalDepartmentName": "CFMM",
    "MRAcquisitionType": "2D",
    "MagneticFieldStrength": 3,
    "Manufacturer": "Siemens",
    "ManufacturersModelName": "Prisma_fit",
    "Modality": "MR",
    "MultibandAccelerationFactor": 4,
    "PartialFourier": 0.875,
    "PatientPosition": "HFS",
    "PercentPhaseFOV": 100,
    "PhaseEncodingDirection": "j-",
    "PhaseEncodingSteps": 74,
    "PhaseResolution": 1,
    "PixelBandwidth": 1565,
    "ProcedureStepDescription": "Ansari_EnumAdapt",
    "ProtocolName": "ep_bold_mb4_EnumAdapt",
    "PulseSequenceDetails": "%CustomerSeq%_cmrr_mbep2d_bold",
    "ReceiveCoilActiveElements": "HEA;HEP",
    "ReceiveCoilName": "Head_32",
    "ReconMatrixPE": 84,
    "RepetitionTime": 1,
    "SAR": 0.0912304,
    "ScanOptions": "PFP_FS",
    "ScanningSequence": "EP",
    "SequenceName": "epfid2d1_84",
    "SequenceVariant": "SK_SS",
    "SeriesDescription": "ep_bold_mb4_EnumAdapt",
    "SeriesNumber": 4,
    "ShimSetting": [
      5266,
      -6221,
      -3913,
      430,
      10,
      6,
      -1,
      -8
    ],
    "SliceThickness": 2.5,
    "SliceTiming": [
      0,
      0.4075,
      0.815,
      0.245,
      0.6525,
      0.08,
      0.49,
      0.8975,
      0.325,
      0.735,
      0.1625,
      0.57,
      0,
      0.4075,
      0.815,
      0.245,
      0.6525,
      0.08,
      0.49,
      0.8975,
      0.325,
      0.735,
      0.1625,
      0.57,
      0,
      0.4075,
      0.815,
      0.245,
      0.6525,
      0.08,
      0.49,
      0.8975,
      0.325,
      0.735,
      0.1625,
      0.57,
      0,
      0.4075,
      0.815,
      0.245,
      0.6525,
      0.08,
      0.49,
      0.8975,
      0.325,
      0.735,
      0.1625,
      0.57
    ],
    "SoftwareVersions": "syngo_MR_E11",
    "SpacingBetweenSlices": 2.5,
    "StationName": "MRC35368",
    "TaskName": "ParallelAdaptation",
    "TotalReadoutTime": 0.0630806,
    "TxRefAmp": 302.443,
    "WipMemBlock": "6740c8a7-778a-4c92-8ad2-c4526fdad293||Sequence: R016 ve11c/master r/e634e98; Dec 19 2017 11:00:25 by eja",
    "dataset": "ds001848",
    "modality": "bold",
    "run_id": 3,
    "session_id": "01",
    "subject_id": "38",
    "task_id": "ParallelAdaptation"
  },
  "dummy_trs": 0,
  "dvars_nstd": 30.784655453263955,
  "dvars_std": 1.148334931456437,
  "dvars_vstd": 1.0046262157477241,
  "efc": 0.602438768004112,
  "fber": 1923.0052490234375,
  "fd_mean": 0.17869474178255945,
  "fd_num": 269,
  "fd_perc": 34.935064935064936,
  "fwhm_avg": 1.8754808000675787,
  "fwhm_x": 1.7827949346074714,
  "fwhm_y": 1.986551465595265,
  "fwhm_z": 1.8570959999999999,
  "gcor": 0.0365699,
  "gsr_x": -0.00022939234622754157,
  "gsr_y": 0.06025288626551628,
  "provenance": {
    "md5sum": "7505d94a28ae43effe7e8337f280bcf4",
    "settings": {
      "fd_thres": 0.2,
      "testing": false
    },
    "software": "mriqc",
    "version": "22.0.6",
    "webapi_port": null,
    "webapi_url": "https://mriqc.nimh.nih.gov/api/v1"
  },
  "size_t": 770,
  "size_x": 84,
  "size_y": 84,
  "size_z": 48,
  "snr": 5.004609684707827,
  "spacing_tr": 1.0,
  "spacing_x": 2.4761905670166016,
  "spacing_y": 2.4761905670166016,
  "spacing_z": 2.5,
  "summary_bg_k": 8.797515948682422,
  "summary_bg_mad": 70.86357758659744,
  "summary_bg_mean": 270.80029296875,
  "summary_bg_median": 82.21763610839844,
  "summary_bg_n": 187260.0,
  "summary_bg_p05": 27.05549354553223,
  "summary_bg_p95": 1132.758673095703,
  "summary_bg_stdv": 410.8529968261719,
  "summary_fg_k": 4.719691992982509,
  "summary_fg_mad": 614.0220977527479,
  "summary_fg_mean": 3845.95458984375,
  "summary_fg_median": 3742.137939453125,
  "summary_fg_n": 91421.0,
  "summary_fg_p05": 2915.781982421875,
  "summary_fg_p95": 5122.3427734375,
  "summary_fg_stdv": 747.734130859375,
  "tsnr": 44.711181640625
}