{
  "bids_meta": {
    "AcquisitionMatrixPE": 232,
    "AcquisitionNumber": 1,
    "AcquisitionTime": "10:52:34.190000",
    "BaseResolution": 256,
    "BodyPartExamined": "BRAIN",
    "ConsistencyInfo": "N4_VE11C_LATEST_20160120",
    "ConversionSoftware": "dcm2niix",
    "ConversionSoftwareVersion": "v1.0.20181114  Clang4.0.1",
    "DeviceSerialNumber": "67007",
    "DwellTime": 8.2e-06,
    "EchoTime": 0.00298,
    "FlipAngle": 9,
    "ImageOrientationPatientDICOM": [
      0,
      1,
      0,
      0,
      0,
      -1
    ],
    "ImageType": [
      "ORIGINAL",
      "PRIMARY",
      "M",
      "ND",
      "NORM"
    ],
    "ImagingFrequency": 123.211,
    "InPlanePhaseEncodingDirectionDICOM": "ROW",
    "InstitutionAddress": "Perth_Drive_100_London_Ontario_CA_N6A_5K8",
    "InstitutionName": "Robarts_Research_Institute",
    "InstitutionalDepartmentName": "CFMM",
    "InversionTime": 0.9,
    "MRAcquisitionType": "3D",
    "MagneticFieldStrength": 3,
    "Manufacturer": "Siemens",
    "ManufacturersModelName": "Prisma_fit",
    "Modality": "MR",
    "PartialFourier": 1,
    "PatientPosition": "HFS",
    "PercentPhaseFOV": 90.625,
    "PhaseEncodingSteps": 231,
    "PhaseResolution": 1,
    "PixelBandwidth": 240,
    "ProcedureStepDescription": "Ansari_EnumAdapt",
    "ProtocolName": "MPRAGE_SAG_iPAT2",
    "PulseSequenceDetails": "%SiemensSeq%_tfl",
    "ReceiveCoilActiveElements": "HEA;HEP",
    "ReceiveCoilName": "Head_32",
    "ReconMatrixPE": 256,
    "RepetitionTime": 2.3,
    "SAR": 0.0574825,
    "ScanOptions": "IR",
    "ScanningSequence": "GR_IR",
    "SequenceName": "_tfl3d1_16ns",
    "SequenceVariant": "SK_SP_MP",
    "SeriesDescription": "MPRAGE_SAG_iPAT2",
    "SeriesNumber": 5,
    "ShimSetting": [
      5249,
      -6182,
      -3979,
      435,
      24,
      -115,
      135,
      -28
    ],
    "SliceThickness": 1,
    "SoftwareVersions": "syngo_MR_E11",
    "StationName": "MRC35368",
    "TxRefAmp": 250.481,
    "dataset": "ds001848",
    "modality": "T1w",
    "session_id": "01",
    "subject_id": "02"
  },
  "cjv": 0.3228055132389216,
  "cnr": 3.997724929794651,
  "efc": 0.5716109612297485,
  "fber": 1789.85648111434,
  "fwhm_avg": 3.9815666666666663,
  "fwhm_x": 4.0374,
  "fwhm_y": 4.10427,
  "fwhm_z": 3.80303,
  "icvs_csf": 0.19110168534524957,
  "icvs_gm": 0.4682819408061115,
  "icvs_wm": 0.3406163738486389,
  "inu_med": 0.42823880910873413,
  "inu_range": 0.13428549915552135,
  "provenance": {
    "md5sum": "b1c7155ab16b26e51811f8574026cb04",
    "settings": {
      "testing": false
    },
    "software": "mriqc",
    "version": "22.0.6",
    "warnings": {
      "large_rot_frame": true,
      "small_air_mask": false
    },
    "webapi_port": null,
    "webapi_url": "https://mriqc.nimh.nih.gov/api/v1"
  },
  "qi_1": 0.0,
  "qi_2": 0.00944330900646828,
  "rpve_csf": 28.80694720742282,
  "rpve_gm": 12.803744616049004,
  "rpve_wm": 19.153200300886603,
  "size_x": 192,
  "size_y": 232,
  "size_z": 256,
  "snr_csf": 2.5605747947754907,
  "snr_gm": 13.509167295538022,
  "snr_total": 13.571366673456303,
  "snr_wm": 24.644357930055396,
  "snrd_csf": 15.414344545521566,
  "snrd_gm": 38.646332060499006,
  "snrd_total": 35.8802685604725,
  "snrd_wm": 53.58012907539693,
  "spacing_x": 1.0,
  "spacing_y": 1.0,
  "spacing_z": 1.0,
  "summary_bg_k": 4480.31954094581,
  "summary_bg_mad": 12.227226808809444,
  "summary_bg_mean": 9.433144158978758,
  "summary_bg_median": 8.247139155864716,
  "summary_bg_n": 2791326.0,
  "summary_bg_p05": 0.0,
  "summary_bg_p95": 28.899350125342607,
  "summary_bg_stdv": 19.06956197626351,
  "summary_csf_k": 0.9590636968812198,
  "summary_csf_mad": 95.88183689241406,
  "summary_csf_mean": 303.8069616173797,
  "summary_csf_median": 287.68770422041416,
  "summary_csf_n": 27648.0,
  "summary_csf_p05": 132.16040497273207,
  "summary_csf_p95": 514.0029478892684,
  "summary_csf_stdv": 112.3507511183519,
  "summary_gm_k": 0.12056632072412876,
  "summary_gm_mad": 52.373288164400456,
  "summary_gm_mean": 722.2773911857284,
  "summary_gm_median": 721.2810453400016,
  "summary_gm_n": 47386.0,
  "summary_gm_p05": 636.4386012740433,
  "summary_gm_p95": 811.2006344487891,
  "summary_gm_stdv": 53.391405911476795,
  "summary_wm_k": 0.7269394276314971,
  "summary_wm_mad": 37.598722437089044,
  "summary_wm_mean": 999.638629894969,
  "summary_wm_median": 999.9999857284129,
  "summary_wm_n": 174093.0,
  "summary_wm_p05": 932.4971517376601,
  "summary_wm_p95": 1065.0149327404797,
  "summary_wm_stdv": 40.57712181158508,
  "tpm_overlap_csf": 0.1347514071043111,
  "tpm_overlap_gm": 0.4811561846344774,
  "tpm_overlap_wm": 0.502874095688189,
  "wm2max": 0.547532375666892
}