{
  "aor": 0.002130549019607843,
  "aqi": 0.006833405803921568,
  "bids_meta": {
    "AcquisitionMatrixPE": 84,
    "AcquisitionNumber": 1,
    "AcquisitionTime": "12:41:59.812500",
    "BandwidthPerPixelPhaseEncode": 15.664,
    "BaseResolution": 84,
    "BodyPartExamined": "BRAIN",
    "ConsistencyInfo": "N4_VE11C_LATEST_20160120",
    "ConversionSoftware": "dcm2niix",
    "ConversionSoftwareVersion": "v1.0.20181114  Clang4.0.1",
    "DerivedVendorReportedEchoSpacing": 0.000760008,
    "DeviceSerialNumber": "67007",
    "DwellTime": 3.8e-06,
    "EchoTime": 0.03,
    "EchoTrainLength": 74,
    "EffectiveEchoSpacing": 0.000760008,
    "FlipAngle": 40,
    "ImageComments": "Unaliased_MB4_PE3",
    "ImageOrientationPatientDICOM": [
      1,
      0,
      0,
      0,
      0.939693,
      -0.34202
    ],
    "ImageType": [
      "ORIGINAL",
      "PRIMARY",
      "M",
      "MB",
      "ND",
      "NORM",
      "MOSAIC"
    ],
    "ImagingFrequency": 123.211,
    "InPlanePhaseEncodingDirectionDICOM": "COL",
    "InstitutionAddress": "Perth_Drive_100_London_Ontario_CA_N6A_5K8",
    "InstitutionName": "Robarts_Research_Institute",
    "InstitutionalDepartmentName": "CFMM",
    "MRAcquisitionType": "2D",
    "MagneticFieldStrength": 3,
    "Manufacturer": "Siemens",
    "ManufacturersModelName": "Prisma_fit",
    "Modality": "MR",
    "MultibandAccelerationFactor": 4,
    "PartialFourier": 0.875,
    "PatientPosition": "HFS",
    "PercentPhaseFOV": 100,
    "PhaseEncodingDirection": "j-",
    "PhaseEncodingSteps": 74,
    "PhaseResolution": 1,
    "PixelBandwidth": 1565,
    "ProcedureStepDescription": "Ansari_EnumAdapt",
    "ProtocolName": "ep_bold_mb4_EnumAdapt",
    "PulseSequenceDetails": "%CustomerSeq%_cmrr_mbep2d_bold",
    "ReceiveCoilActiveElements": "HEA;HEP",
    "ReceiveCoilName": "Head_32",
    "ReconMatrixPE": 84,
    "RepetitionTime": 1,
    "SAR": 0.0561473,
    "ScanOptions": "PFP_FS",
    "ScanningSequence": "EP",
    "SequenceName": "epfid2d1_84",
    "SequenceVariant": "SK_SS",
    "SeriesDescription": "ep_bold_mb4_EnumAdapt",
    "SeriesNumber": 4,
    "ShimSetting": [
      5229,
      -6160,
      -3925,
      551,
      -47,
      -57,
      30,
      26
    ],
    "SliceThickness": 2.5,
    "SliceTiming": [
      0,
      0.41,
      0.8175,
      0.245,
      0.655,
      0.0825,
      0.49,
      0.9,
      0.3275,
      0.735,
      0.165,
      0.5725,
      0,
      0.41,
      0.8175,
      0.245,
      0.655,
      0.0825,
      0.49,
      0.9,
      0.3275,
      0.735,
      0.165,
      0.5725,
      0,
      0.41,
      0.8175,
      0.245,
      0.655,
      0.0825,
      0.49,
      0.9,
      0.3275,
      0.735,
      0.165,
      0.5725,
      0,
      0.41,
      0.8175,
      0.245,
      0.655,
      0.0825,
      0.49,
      0.9,
      0.3275,
      0.735,
      0.165,
      0.5725
    ],
    "SoftwareVersions": "syngo_MR_E11",
    "SpacingBetweenSlices": 2.5,
    "StationName": "MRC35368",
    "TaskName": "ParallelAdaptation",
    "TotalReadoutTime": 0.0630806,
    "TxRefAmp": 245.324,
    "WipMemBlock": "f6aa06cb-b91c-4d7d-b229-5d730e004ee0||Sequence: R016 ve11c/master r/e634e98; Dec 19 2017 11:00:25 by eja",
    "dataset": "ds001848",
    "modality": "bold",
    "run_id": 3,
    "session_id": "01",
    "subject_id": "31",
    "task_id": "ParallelAdaptation"
  },
  "dummy_trs": 5,
  "dvars_nstd": 29.47979965744765,
  "dvars_std": 1.3028516674345536,
  "dvars_vstd": 1.0289908564921468,
  "efc": 0.5699889999908098,
  "fber": 5083.33544921875,
  "fd_mean": 0.1283660072264274,
  "fd_num": 42,
  "fd_perc": 5.490196078431373,
  "fwhm_avg": 2.0063785660871885,
  "fwhm_x": 1.9055480070279924,
  "fwhm_y": 2.126435691233573,
  "fwhm_z": 1.987152,
  "gcor": 0.0192618,
  "gsr_x": -0.001991596771404147,
  "gsr_y": 0.04415597394108772,
  "provenance": {
    "md5sum": "0d4c5724550258e09950dca924eca8dc",
    "settings": {
      "fd_thres": 0.2,
      "testing": false
    },
    "software": "mriqc",
    "version": "22.0.6",
    "webapi_port": null,
    "webapi_url": "https://mriqc.nimh.nih.gov/api/v1"
  },
  "size_t": 765,
  "size_x": 84,
  "size_y": 84,
  "size_z": 48,
  "snr": 4.876699748573559,
  "spacing_tr": 1.0,
  "spacing_x": 2.4761905670166016,
  "spacing_y": 2.4761905670166016,
  "spacing_z": 2.5,
  "summary_bg_k": 17.073868388632786,
  "summary_bg_mad": 36.45935490419478,
  "summary_bg_mean": 196.32760620117188,
  "summary_bg_median": 56.000328063964844,
  "summary_bg_n": 190818.0,
  "summary_bg_p05": 25.781740951538087,
  "summary_bg_p95": 909.2107666015622,
  "summary_bg_stdv": 370.9419860839844,
  "summary_fg_k": 4.1658932689927,
  "summary_fg_mad": 748.8871388659456,
  "summary_fg_mean": 4195.49267578125,
  "summary_fg_median": 4102.4931640625,
  "summary_fg_n": 88885.0,
  "summary_fg_p05": 3087.383154296875,
  "summary_fg_p95": 5545.56767578125,
  "summary_fg_stdv": 841.239013671875,
  "tsnr": 57.16360855102539
}