{
  "aor": 0.0002676592977893368,
  "aqi": 0.007830878244473342,
  "bids_meta": {
    "AcquisitionMatrixPE": 84,
    "AcquisitionNumber": 1,
    "AcquisitionTime": "14:51:38.337500",
    "BandwidthPerPixelPhaseEncode": 15.664,
    "BaseResolution": 84,
    "BodyPartExamined": "BRAIN",
    "ConsistencyInfo": "N4_VE11C_LATEST_20160120",
    "ConversionSoftware": "dcm2niix",
    "ConversionSoftwareVersion": "v1.0.20181114  Clang4.0.1",
    "DerivedVendorReportedEchoSpacing": 0.000760008,
    "DeviceSerialNumber": "67007",
    "DwellTime": 3.8e-06,
    "EchoTime": 0.03,
    "EchoTrainLength": 74,
    "EffectiveEchoSpacing": 0.000760008,
    "FlipAngle": 40,
    "ImageComments": "Unaliased_MB4_PE3",
    "ImageOrientationPatientDICOM": [
      1,
      0,
      0,
      0,
      0.92521,
      -0.379456
    ],
    "ImageType": [
      "ORIGINAL",
      "PRIMARY",
      "M",
      "MB",
      "ND",
      "NORM",
      "MOSAIC"
    ],
    "ImagingFrequency": 123.211,
    "InPlanePhaseEncodingDirectionDICOM": "COL",
    "InstitutionAddress": "Perth_Drive_100_London_Ontario_CA_N6A_5K8",
    "InstitutionName": "Robarts-CFMM",
    "InstitutionalDepartmentName": "CFMM",
    "MRAcquisitionType": "2D",
    "MagneticFieldStrength": 3,
    "Manufacturer": "Siemens",
    "ManufacturersModelName": "Prisma_fit",
    "Modality": "MR",
    "MultibandAccelerationFactor": 4,
    "PartialFourier": 0.875,
    "PatientPosition": "HFS",
    "PercentPhaseFOV": 100,
    "PhaseEncodingDirection": "j-",
    "PhaseEncodingSteps": 74,
    "PhaseResolution": 1,
    "PixelBandwidth": 1565,
    "ProcedureStepDescription": "Ansari_EnumAdapt",
    "ProtocolName": "ep_bold_mb4_EnumAdapt",
    "PulseSequenceDetails": "%CustomerSeq%_cmrr_mbep2d_bold",
    "ReceiveCoilActiveElements": "HEA;HEP",
    "ReceiveCoilName": "Head_32",
    "ReconMatrixPE": 84,
    "RepetitionTime": 1,
    "SAR": 0.0649939,
    "ScanOptions": "PFP_FS",
    "ScanningSequence": "EP",
    "SequenceName": "epfid2d1_84",
    "SequenceVariant": "SK_SS",
    "SeriesDescription": "ep_bold_mb4_EnumAdapt",
    "SeriesNumber": 3,
    "ShimSetting": [
      5272,
      -6301,
      -4026,
      550,
      -69,
      92,
      249,
      -25
    ],
    "SliceThickness": 2.5,
    "SliceTiming": [
      0,
      0.4075,
      0.815,
      0.245,
      0.6525,
      0.08,
      0.49,
      0.8975,
      0.325,
      0.735,
      0.1625,
      0.57,
      0,
      0.4075,
      0.815,
      0.245,
      0.6525,
      0.08,
      0.49,
      0.8975,
      0.325,
      0.735,
      0.1625,
      0.57,
      0,
      0.4075,
      0.815,
      0.245,
      0.6525,
      0.08,
      0.49,
      0.8975,
      0.325,
      0.735,
      0.1625,
      0.57,
      0,
      0.4075,
      0.815,
      0.245,
      0.6525,
      0.08,
      0.49,
      0.8975,
      0.325,
      0.735,
      0.1625,
      0.57
    ],
    "SoftwareVersions": "syngo_MR_E11",
    "SpacingBetweenSlices": 2.5,
    "StationName": "MRC35368",
    "TaskName": "ParallelAdaptation",
    "TotalReadoutTime": 0.0630806,
    "TxRefAmp": 248.881,
    "WipMemBlock": "9a9b8a4f-901e-4e8a-93d4-221e8fec41c3||Sequence: R016 ve11c/master r/e634e98; Dec 19 2017 11:00:25 by eja",
    "dataset": "ds001848",
    "modality": "bold",
    "run_id": 2,
    "session_id": "01",
    "subject_id": "18",
    "task_id": "ParallelAdaptation"
  },
  "dummy_trs": 1,
  "dvars_nstd": 28.81044766805988,
  "dvars_std": 1.185716613138022,
  "dvars_vstd": 0.9883753662630204,
  "efc": 0.5426503233073463,
  "fber": 4329.99853515625,
  "fd_mean": 0.2054514731077175,
  "fd_num": 416,
  "fd_perc": 54.096228868660596,
  "fwhm_avg": 1.979831053588315,
  "fwhm_x": 1.865127046972163,
  "fwhm_y": 2.140550113792782,
  "fwhm_z": 1.9338159999999998,
  "gcor": 0.00551554,
  "gsr_x": -0.014357704669237137,
  "gsr_y": 0.034308046102523804,
  "provenance": {
    "md5sum": "95c434e4dce46a9359b163ff904bca52",
    "settings": {
      "fd_thres": 0.2,
      "testing": false
    },
    "software": "mriqc",
    "version": "22.0.6",
    "webapi_port": null,
    "webapi_url": "https://mriqc.nimh.nih.gov/api/v1"
  },
  "size_t": 769,
  "size_x": 84,
  "size_y": 84,
  "size_z": 48,
  "snr": 5.50549777863078,
  "spacing_tr": 1.0,
  "spacing_x": 2.4761905670166016,
  "spacing_y": 2.4761905670166016,
  "spacing_z": 2.5,
  "summary_bg_k": 31.042211353893364,
  "summary_bg_mad": 32.4269521882952,
  "summary_bg_mean": 138.18223571777344,
  "summary_bg_median": 51.62333297729492,
  "summary_bg_n": 199401.0,
  "summary_bg_p05": 25.299135208129883,
  "summary_bg_p95": 505.3189697265625,
  "summary_bg_stdv": 245.39544677734375,
  "summary_fg_k": 3.0393098518460544,
  "summary_fg_mad": 571.8021400696861,
  "summary_fg_mean": 3605.572021484375,
  "summary_fg_median": 3527.22216796875,
  "summary_fg_n": 78758.0,
  "summary_fg_p05": 2751.218981933594,
  "summary_fg_p95": 4670.313354492187,
  "summary_fg_stdv": 640.6686401367188,
  "tsnr": 57.24658203125
}