{
  "bids_meta": {
    "AcquisitionMatrixPE": 232,
    "AcquisitionNumber": 1,
    "AcquisitionTime": "11:54:29.775000",
    "BaseResolution": 256,
    "BodyPartExamined": "BRAIN",
    "ConsistencyInfo": "N4_VE11C_LATEST_20160120",
    "ConversionSoftware": "dcm2niix",
    "ConversionSoftwareVersion": "v1.0.20181114  Clang4.0.1",
    "DeviceSerialNumber": "67007",
    "DwellTime": 8.2e-06,
    "EchoTime": 0.00298,
    "FlipAngle": 9,
    "ImageOrientationPatientDICOM": [
      0.0627905,
      0.998027,
      0,
      0,
      0,
      -1
    ],
    "ImageType": [
      "ORIGINAL",
      "PRIMARY",
      "M",
      "ND",
      "NORM"
    ],
    "ImagingFrequency": 123.211,
    "InPlanePhaseEncodingDirectionDICOM": "ROW",
    "InstitutionAddress": "Perth_Drive_100_London_Ontario_CA_N6A_5K8",
    "InstitutionName": "Robarts_Research_Institute",
    "InstitutionalDepartmentName": "CFMM",
    "InversionTime": 0.9,
    "MRAcquisitionType": "3D",
    "MagneticFieldStrength": 3,
    "Manufacturer": "Siemens",
    "ManufacturersModelName": "Prisma_fit",
    "Modality": "MR",
    "PartialFourier": 1,
    "PatientPosition": "HFS",
    "PercentPhaseFOV": 90.625,
    "PhaseEncodingSteps": 231,
    "PhaseResolution": 1,
    "PixelBandwidth": 240,
    "ProcedureStepDescription": "Ansari_EnumAdapt",
    "ProtocolName": "MPRAGE_SAG_iPAT2",
    "PulseSequenceDetails": "%SiemensSeq%_tfl",
    "ReceiveCoilActiveElements": "HEA;HEP",
    "ReceiveCoilName": "Head_32",
    "ReconMatrixPE": 256,
    "RepetitionTime": 2.3,
    "SAR": 0.0468147,
    "ScanOptions": "IR",
    "ScanningSequence": "GR_IR",
    "SequenceName": "_tfl3d1_16ns",
    "SequenceVariant": "SK_SP_MP",
    "SeriesDescription": "MPRAGE_SAG_iPAT2",
    "SeriesNumber": 6,
    "ShimSetting": [
      5249,
      -6198,
      -3973,
      483,
      76,
      -118,
      -148,
      -3
    ],
    "SliceThickness": 1,
    "SoftwareVersions": "syngo_MR_E11",
    "StationName": "MRC35368",
    "TxRefAmp": 234.427,
    "dataset": "ds001848",
    "modality": "T1w",
    "session_id": "01",
    "subject_id": "42"
  },
  "cjv": 0.375360369468957,
  "cnr": 3.570770250722391,
  "efc": 0.5588585630792792,
  "fber": 4594.203711419753,
  "fwhm_avg": 3.7596233333333333,
  "fwhm_x": 3.85348,
  "fwhm_y": 3.77327,
  "fwhm_z": 3.65212,
  "icvs_csf": 0.22350387150965542,
  "icvs_gm": 0.4282690211999902,
  "icvs_wm": 0.3482271072903544,
  "inu_med": 0.4103561341762543,
  "inu_range": 0.09725266695022583,
  "provenance": {
    "md5sum": "567ea37f610890da4b55c0bf0413ab39",
    "settings": {
      "testing": false
    },
    "software": "mriqc",
    "version": "22.0.6",
    "warnings": {
      "large_rot_frame": true,
      "small_air_mask": false
    },
    "webapi_port": null,
    "webapi_url": "https://mriqc.nimh.nih.gov/api/v1"
  },
  "qi_1": 2.69117015538432e-06,
  "qi_2": 0.02036938321618464,
  "rpve_csf": 23.458825234476905,
  "rpve_gm": 12.489613058123384,
  "rpve_wm": 17.41128419978422,
  "size_x": 192,
  "size_y": 232,
  "size_z": 256,
  "snr_csf": 2.776662578274075,
  "snr_gm": 11.545234949760065,
  "snr_total": 13.176048100837756,
  "snr_wm": 25.206246774479133,
  "snrd_csf": 30.222998628938214,
  "snrd_gm": 77.20536528129303,
  "snrd_total": 70.96599914399609,
  "snrd_wm": 105.46963352175702,
  "spacing_x": 1.0,
  "spacing_y": 1.0,
  "spacing_z": 1.0,
  "summary_bg_k": 7.982505797246452,
  "summary_bg_mad": 0.0,
  "summary_bg_mean": 4.596322590780454,
  "summary_bg_median": 0.0,
  "summary_bg_n": 2389069.0,
  "summary_bg_p05": 0.0,
  "summary_bg_p95": 15.938877508044243,
  "summary_bg_stdv": 6.211611758574992,
  "summary_csf_k": 2.0306344926780486,
  "summary_csf_mad": 92.02095488122545,
  "summary_csf_mean": 298.8356115935722,
  "summary_csf_median": 286.5564081966877,
  "summary_csf_n": 55782.0,
  "summary_csf_p05": 156.6431102745235,
  "summary_csf_p95": 488.81132063269615,
  "summary_csf_stdv": 103.20081449182831,
  "summary_gm_k": -0.06007281347800042,
  "summary_gm_mad": 63.46857930028275,
  "summary_gm_mean": 733.3126837993505,
  "summary_gm_median": 732.0151266306639,
  "summary_gm_n": 29704.0,
  "summary_gm_p05": 630.9449015706778,
  "summary_gm_p95": 839.8386283367872,
  "summary_gm_stdv": 63.40302366169643,
  "summary_wm_k": 0.8896826186046578,
  "summary_wm_mad": 37.12233080731778,
  "summary_wm_mean": 1000.2270547483798,
  "summary_wm_median": 1000.0000240504742,
  "summary_wm_n": 198790.0,
  "summary_wm_p05": 936.2445140182972,
  "summary_wm_p95": 1064.6140014529228,
  "summary_wm_stdv": 39.672606468435696,
  "tpm_overlap_csf": 0.16049767944622115,
  "tpm_overlap_gm": 0.4723430762664626,
  "tpm_overlap_wm": 0.5102247652798827,
  "wm2max": 0.5993756860592755
}