{
  "aor": 0.002341404421326398,
  "aqi": 0.010868699817945384,
  "bids_meta": {
    "AcquisitionMatrixPE": 84,
    "AcquisitionNumber": 1,
    "AcquisitionTime": "11:32:36.557500",
    "BandwidthPerPixelPhaseEncode": 15.664,
    "BaseResolution": 84,
    "BodyPartExamined": "BRAIN",
    "ConsistencyInfo": "N4_VE11C_LATEST_20160120",
    "ConversionSoftware": "dcm2niix",
    "ConversionSoftwareVersion": "v1.0.20181114  Clang4.0.1",
    "DerivedVendorReportedEchoSpacing": 0.000760008,
    "DeviceSerialNumber": "67007",
    "DwellTime": 3.8e-06,
    "EchoTime": 0.03,
    "EchoTrainLength": 74,
    "EffectiveEchoSpacing": 0.000760008,
    "FlipAngle": 40,
    "ImageComments": "Unaliased_MB4_PE3",
    "ImageOrientationPatientDICOM": [
      1,
      0,
      0,
      0,
      0.91496,
      -0.403545
    ],
    "ImageType": [
      "ORIGINAL",
      "PRIMARY",
      "M",
      "MB",
      "ND",
      "NORM",
      "MOSAIC"
    ],
    "ImagingFrequency": 123.211,
    "InPlanePhaseEncodingDirectionDICOM": "COL",
    "InstitutionAddress": "Perth_Drive_100_London_Ontario_CA_N6A_5K8",
    "InstitutionName": "Robarts-CFMM",
    "InstitutionalDepartmentName": "CFMM",
    "MRAcquisitionType": "2D",
    "MagneticFieldStrength": 3,
    "Manufacturer": "Siemens",
    "ManufacturersModelName": "Prisma_fit",
    "Modality": "MR",
    "MultibandAccelerationFactor": 4,
    "PartialFourier": 0.875,
    "PatientPosition": "HFS",
    "PercentPhaseFOV": 100,
    "PhaseEncodingDirection": "j-",
    "PhaseEncodingSteps": 74,
    "PhaseResolution": 1,
    "PixelBandwidth": 1565,
    "ProcedureStepDescription": "Ansari_EnumAdapt",
    "ProtocolName": "ep_bold_mb4_EnumAdapt",
    "PulseSequenceDetails": "%CustomerSeq%_cmrr_mbep2d_bold",
    "ReceiveCoilActiveElements": "HEA;HEP",
    "ReceiveCoilName": "Head_32",
    "ReconMatrixPE": 84,
    "RepetitionTime": 1,
    "SAR": 0.0574812,
    "ScanOptions": "PFP_FS",
    "ScanningSequence": "EP",
    "SequenceName": "epfid2d1_84",
    "SequenceVariant": "SK_SS",
    "SeriesDescription": "ep_bold_mb4_EnumAdapt",
    "SeriesNumber": 3,
    "ShimSetting": [
      5232,
      -6181,
      -3964,
      515,
      -30,
      -21,
      225,
      11
    ],
    "SliceThickness": 2.5,
    "SliceTiming": [
      0,
      0.4075,
      0.8175,
      0.245,
      0.6525,
      0.0825,
      0.49,
      0.8975,
      0.3275,
      0.735,
      0.1625,
      0.5725,
      0,
      0.4075,
      0.8175,
      0.245,
      0.6525,
      0.0825,
      0.49,
      0.8975,
      0.3275,
      0.735,
      0.1625,
      0.5725,
      0,
      0.4075,
      0.8175,
      0.245,
      0.6525,
      0.0825,
      0.49,
      0.8975,
      0.3275,
      0.735,
      0.1625,
      0.5725,
      0,
      0.4075,
      0.8175,
      0.245,
      0.6525,
      0.0825,
      0.49,
      0.8975,
      0.3275,
      0.735,
      0.1625,
      0.5725
    ],
    "SoftwareVersions": "syngo_MR_E11",
    "SpacingBetweenSlices": 2.5,
    "StationName": "MRC35368",
    "TaskName": "ParallelAdaptation",
    "TotalReadoutTime": 0.0630806,
    "TxRefAmp": 254.464,
    "WipMemBlock": "37bbdca9-4ba7-4724-a5e0-4690932351ff||Sequence: R016 ve11c/master r/e634e98; Dec 19 2017 11:00:25 by eja",
    "dataset": "ds001848",
    "modality": "bold",
    "run_id": 2,
    "session_id": "01",
    "subject_id": "10",
    "task_id": "ParallelAdaptation"
  },
  "dummy_trs": 1,
  "dvars_nstd": 28.52103431016927,
  "dvars_std": 1.1198833738020828,
  "dvars_vstd": 0.9902284027734364,
  "efc": 0.569227662163748,
  "fber": 3367.44189453125,
  "fd_mean": 0.14578273173467005,
  "fd_num": 46,
  "fd_perc": 5.981794538361508,
  "fwhm_avg": 1.9485655570449392,
  "fwhm_x": 1.844987240018579,
  "fwhm_y": 2.0506176170914863,
  "fwhm_z": 1.9500918140247523,
  "gcor": 0.00638971,
  "gsr_x": -0.01810828037559986,
  "gsr_y": 0.07363325357437134,
  "provenance": {
    "md5sum": "a3c0e073a50108e51754b6529ab4782b",
    "settings": {
      "fd_thres": 0.2,
      "testing": false
    },
    "software": "mriqc",
    "version": "22.0.6",
    "webapi_port": null,
    "webapi_url": "https://mriqc.nimh.nih.gov/api/v1"
  },
  "size_t": 769,
  "size_x": 84,
  "size_y": 84,
  "size_z": 48,
  "snr": 4.571396950778737,
  "spacing_tr": 1.0,
  "spacing_x": 2.4761905670166016,
  "spacing_y": 2.4761905670166016,
  "spacing_z": 2.500000238418579,
  "summary_bg_k": 13.151958413278457,
  "summary_bg_mad": 47.98738686603397,
  "summary_bg_mean": 249.09120178222656,
  "summary_bg_median": 62.06447982788086,
  "summary_bg_n": 198741.0,
  "summary_bg_p05": 25.153549194335938,
  "summary_bg_p95": 1161.9810791015625,
  "summary_bg_stdv": 413.9512023925781,
  "summary_fg_k": 4.350008552338104,
  "summary_fg_mad": 694.6174185232032,
  "summary_fg_mean": 3856.39404296875,
  "summary_fg_median": 3732.67822265625,
  "summary_fg_n": 80314.0,
  "summary_fg_p05": 2843.450341796875,
  "summary_fg_p95": 5231.158496093749,
  "summary_fg_stdv": 816.52392578125,
  "tsnr": 45.73138427734375
}