{
  "bids_meta": {
    "AcquisitionMatrixPE": 224,
    "AcquisitionNumber": 1,
    "AcquisitionTime": "16:49:39.802500",
    "BaseResolution": 256,
    "BodyPartExamined": "BRAIN",
    "ConsistencyInfo": "N4_VE11C_LATEST_20160120",
    "ConversionSoftware": "dcm2niix",
    "ConversionSoftwareVersion": "v1.0.20181114  Clang4.0.1",
    "DeviceSerialNumber": "67007",
    "DwellTime": 8.2e-06,
    "EchoTime": 0.00298,
    "FlipAngle": 9,
    "ImageOrientationPatientDICOM": [
      0,
      1,
      0,
      0,
      0,
      -1
    ],
    "ImageType": [
      "ORIGINAL",
      "PRIMARY",
      "M",
      "ND",
      "NORM"
    ],
    "ImagingFrequency": 123.211,
    "InPlanePhaseEncodingDirectionDICOM": "ROW",
    "InstitutionAddress": "Perth_Drive_100_London_Ontario_CA_N6A_5K8",
    "InstitutionName": "Robarts_Research_Institute",
    "InstitutionalDepartmentName": "CFMM",
    "InversionTime": 0.9,
    "MRAcquisitionType": "3D",
    "MagneticFieldStrength": 3,
    "Manufacturer": "Siemens",
    "ManufacturersModelName": "Prisma_fit",
    "Modality": "MR",
    "PartialFourier": 1,
    "PatientPosition": "HFS",
    "PercentPhaseFOV": 87.5,
    "PhaseEncodingSteps": 223,
    "PhaseResolution": 1,
    "PixelBandwidth": 240,
    "ProcedureStepDescription": "Ansari_EnumAdapt",
    "ProtocolName": "MPRAGE_SAG_iPAT2",
    "PulseSequenceDetails": "%SiemensSeq%_tfl",
    "ReceiveCoilActiveElements": "HEA;HEP",
    "ReceiveCoilName": "Head_32",
    "ReconMatrixPE": 256,
    "RepetitionTime": 2.3,
    "SAR": 0.0821617,
    "ScanOptions": "IR",
    "ScanningSequence": "GR_IR",
    "SequenceName": "_tfl3d1_16ns",
    "SequenceVariant": "SK_SP_MP",
    "SeriesDescription": "MPRAGE_SAG_iPAT2",
    "SeriesNumber": 5,
    "ShimSetting": [
      5268,
      -6158,
      -3983,
      109,
      60,
      -244,
      -28,
      -181
    ],
    "SliceThickness": 1,
    "SoftwareVersions": "syngo_MR_E11",
    "StationName": "MRC35368",
    "TxRefAmp": 272.67,
    "dataset": "ds001848",
    "modality": "T1w",
    "session_id": "01",
    "subject_id": "08"
  },
  "cjv": 0.40609513923952884,
  "cnr": 3.255393794799387,
  "efc": 0.5616627445350768,
  "fber": 2283.7324264477284,
  "fwhm_avg": 3.7348966666666663,
  "fwhm_x": 3.68279,
  "fwhm_y": 3.94426,
  "fwhm_z": 3.57764,
  "icvs_csf": 0.22435814173796234,
  "icvs_gm": 0.42356964830168725,
  "icvs_wm": 0.3520722099603504,
  "inu_med": 0.42853274941444397,
  "inu_range": 0.10380858927965164,
  "provenance": {
    "md5sum": "bd4e28de4256e9981bcc18f5c6efdafb",
    "settings": {
      "testing": false
    },
    "software": "mriqc",
    "version": "22.0.6",
    "warnings": {
      "large_rot_frame": true,
      "small_air_mask": false
    },
    "webapi_port": null,
    "webapi_url": "https://mriqc.nimh.nih.gov/api/v1"
  },
  "qi_1": 2.2417631098808553e-05,
  "qi_2": 0.015585005933803006,
  "rpve_csf": 25.681084684337893,
  "rpve_gm": 13.856388658808537,
  "rpve_wm": 19.100544683228296,
  "size_x": 192,
  "size_y": 224,
  "size_z": 256,
  "snr_csf": 2.769143506500444,
  "snr_gm": 11.656289043686625,
  "snr_total": 12.61979677476665,
  "snr_wm": 23.433957774112883,
  "snrd_csf": 24.465288149127,
  "snrd_gm": 60.228912650442034,
  "snrd_total": 55.24401271591327,
  "snrd_wm": 81.03783734817077,
  "spacing_x": 1.0,
  "spacing_y": 1.0,
  "spacing_z": 1.0,
  "summary_bg_k": 5862.055934253851,
  "summary_bg_mad": 8.084327365275378,
  "summary_bg_mean": 8.33386383401309,
  "summary_bg_median": 5.452795945107937,
  "summary_bg_n": 2778427.0,
  "summary_bg_p05": 0.0,
  "summary_bg_p95": 22.345771618187428,
  "summary_bg_stdv": 18.31661942227812,
  "summary_csf_k": 1.3587985910895712,
  "summary_csf_mad": 84.80617922396719,
  "summary_csf_mean": 304.33232641435904,
  "summary_csf_median": 301.8995715752244,
  "summary_csf_n": 36560.0,
  "summary_csf_p05": 111.97476849630475,
  "summary_csf_p95": 492.10948816761345,
  "summary_csf_stdv": 109.02123418842031,
  "summary_gm_k": -0.030700890914774348,
  "summary_gm_mad": 64.3840058469807,
  "summary_gm_mean": 741.9117529200036,
  "summary_gm_median": 743.2196512371302,
  "summary_gm_n": 23432.0,
  "summary_gm_p05": 636.3216852400452,
  "summary_gm_p95": 845.3259282484651,
  "summary_gm_stdv": 63.75989727161989,
  "summary_wm_k": 0.9576406703434572,
  "summary_wm_mad": 39.893249416881766,
  "summary_wm_mean": 1001.3455371337419,
  "summary_wm_median": 1000.0000093057752,
  "summary_wm_n": 167348.0,
  "summary_wm_p05": 934.2813444510102,
  "summary_wm_p95": 1072.3119241595268,
  "summary_wm_stdv": 42.67298896561269,
  "tpm_overlap_csf": 0.17180184083296707,
  "tpm_overlap_gm": 0.4806134642999816,
  "tpm_overlap_wm": 0.5235768739637875,
  "wm2max": 0.499012964840207
}