{
  "bids_meta": {
    "AcquisitionMatrixPE": 232,
    "AcquisitionNumber": 1,
    "AcquisitionTime": "15:31:18.230000",
    "BaseResolution": 256,
    "BodyPartExamined": "BRAIN",
    "ConsistencyInfo": "N4_VE11C_LATEST_20160120",
    "ConversionSoftware": "dcm2niix",
    "ConversionSoftwareVersion": "v1.0.20181114  Clang4.0.1",
    "DeviceSerialNumber": "67007",
    "DwellTime": 8.2e-06,
    "EchoTime": 0.00298,
    "FlipAngle": 9,
    "ImageOrientationPatientDICOM": [
      0,
      1,
      0,
      0,
      0,
      -1
    ],
    "ImageType": [
      "ORIGINAL",
      "PRIMARY",
      "M",
      "ND",
      "NORM"
    ],
    "ImagingFrequency": 123.211,
    "InPlanePhaseEncodingDirectionDICOM": "ROW",
    "InstitutionAddress": "Perth_Drive_100_London_Ontario_CA_N6A_5K8",
    "InstitutionName": "Robarts_Research_Institute",
    "InstitutionalDepartmentName": "CFMM",
    "InversionTime": 0.9,
    "MRAcquisitionType": "3D",
    "MagneticFieldStrength": 3,
    "Manufacturer": "Siemens",
    "ManufacturersModelName": "Prisma_fit",
    "Modality": "MR",
    "PartialFourier": 1,
    "PatientPosition": "HFS",
    "PercentPhaseFOV": 90.625,
    "PhaseEncodingSteps": 231,
    "PhaseResolution": 1,
    "PixelBandwidth": 240,
    "ProcedureStepDescription": "Ansari_EnumAdapt",
    "ProtocolName": "MPRAGE_SAG_iPAT2",
    "PulseSequenceDetails": "%SiemensSeq%_tfl",
    "ReceiveCoilActiveElements": "HEA;HEP",
    "ReceiveCoilName": "Head_32",
    "ReconMatrixPE": 256,
    "RepetitionTime": 2.3,
    "SAR": 0.0616617,
    "ScanOptions": "IR",
    "ScanningSequence": "GR_IR",
    "SequenceName": "_tfl3d1_16ns",
    "SequenceVariant": "SK_SP_MP",
    "SeriesDescription": "MPRAGE_SAG_iPAT2",
    "SeriesNumber": 7,
    "ShimSetting": [
      5234,
      -6212,
      -3826,
      135,
      67,
      -358,
      50,
      -2
    ],
    "SliceThickness": 1,
    "SoftwareVersions": "syngo_MR_E11",
    "StationName": "MRC35368",
    "TxRefAmp": 254.47,
    "dataset": "ds001848",
    "modality": "T1w",
    "session_id": "01",
    "subject_id": "29"
  },
  "cjv": 0.3568485519916636,
  "cnr": 3.7175492035072915,
  "efc": 0.5879488794856664,
  "fber": 3459.5785123966944,
  "fwhm_avg": 3.846353333333333,
  "fwhm_x": 3.89009,
  "fwhm_y": 3.98359,
  "fwhm_z": 3.66538,
  "icvs_csf": 0.2143099237991465,
  "icvs_gm": 0.44578984446212705,
  "icvs_wm": 0.3399002317387264,
  "inu_med": 0.46756511926651,
  "inu_range": 0.1417787358164787,
  "provenance": {
    "md5sum": "a5c8aa72a65d27cfc21e982b57c7adec",
    "settings": {
      "testing": false
    },
    "software": "mriqc",
    "version": "22.0.6",
    "warnings": {
      "large_rot_frame": true,
      "small_air_mask": false
    },
    "webapi_port": null,
    "webapi_url": "https://mriqc.nimh.nih.gov/api/v1"
  },
  "qi_1": 0.0,
  "qi_2": 0.01416184769979022,
  "rpve_csf": 25.09704046084031,
  "rpve_gm": 12.617478376751688,
  "rpve_wm": 18.298620063520374,
  "size_x": 192,
  "size_y": 232,
  "size_z": 256,
  "snr_csf": 2.703519248653474,
  "snr_gm": 13.416460787612337,
  "snr_total": 13.149190491597011,
  "snr_wm": 23.327591438525225,
  "snrd_csf": 22.01600152916051,
  "snrd_gm": 50.65755045278995,
  "snrd_total": 47.09195154320046,
  "snrd_wm": 68.60230264765092,
  "spacing_x": 1.0,
  "spacing_y": 1.0,
  "spacing_z": 1.0,
  "summary_bg_k": 5.158503937540019,
  "summary_bg_mad": 9.549772541393963,
  "summary_bg_mean": 8.078235133216701,
  "summary_bg_median": 6.441223695874214,
  "summary_bg_n": 2770403.0,
  "summary_bg_p05": 0.0,
  "summary_bg_p95": 25.332861486822367,
  "summary_bg_stdv": 9.171485775435498,
  "summary_csf_k": 1.0816239456670331,
  "summary_csf_mad": 105.22218891645664,
  "summary_csf_mean": 327.9788627148408,
  "summary_csf_median": 320.9221879206598,
  "summary_csf_n": 40191.0,
  "summary_csf_p05": 125.76096508651972,
  "summary_csf_p95": 532.520313905552,
  "summary_csf_stdv": 118.70386925942046,
  "summary_gm_k": 0.20213352936101092,
  "summary_gm_mad": 53.16428250178468,
  "summary_gm_mean": 737.8901981846399,
  "summary_gm_median": 738.4234555251896,
  "summary_gm_n": 31793.0,
  "summary_gm_p05": 645.8347924724221,
  "summary_gm_p95": 827.6579691655934,
  "summary_gm_stdv": 55.03775206704674,
  "summary_wm_k": 0.7621123452576932,
  "summary_wm_mad": 40.178921058303864,
  "summary_wm_mean": 1001.2105257182955,
  "summary_wm_median": 999.9999787844718,
  "summary_wm_n": 181495.0,
  "summary_wm_p05": 933.663229867816,
  "summary_wm_p95": 1073.0921574309468,
  "summary_wm_stdv": 42.86757278475066,
  "tpm_overlap_csf": 0.15415245305899442,
  "tpm_overlap_gm": 0.4766893605126939,
  "tpm_overlap_wm": 0.5011113726123515,
  "wm2max": 0.4613419340810669
}