{
  "bids_meta": {
    "AcquisitionMatrixPE": 232,
    "AcquisitionNumber": 1,
    "AcquisitionTime": "11:20:41.605000",
    "BaseResolution": 256,
    "BodyPartExamined": "BRAIN",
    "ConsistencyInfo": "N4_VE11C_LATEST_20160120",
    "ConversionSoftware": "dcm2niix",
    "ConversionSoftwareVersion": "v1.0.20181114  Clang4.0.1",
    "DeviceSerialNumber": "67007",
    "DwellTime": 8.2e-06,
    "EchoTime": 0.00298,
    "FlipAngle": 9,
    "ImageOrientationPatientDICOM": [
      0,
      1,
      0,
      0,
      0,
      -1
    ],
    "ImageType": [
      "ORIGINAL",
      "PRIMARY",
      "M",
      "ND",
      "NORM"
    ],
    "ImagingFrequency": 123.211,
    "InPlanePhaseEncodingDirectionDICOM": "ROW",
    "InstitutionAddress": "Perth_Drive_100_London_Ontario_CA_N6A_5K8",
    "InstitutionName": "Robarts-CFMM",
    "InstitutionalDepartmentName": "CFMM",
    "InversionTime": 0.9,
    "MRAcquisitionType": "3D",
    "MagneticFieldStrength": 3,
    "Manufacturer": "Siemens",
    "ManufacturersModelName": "Prisma_fit",
    "Modality": "MR",
    "PartialFourier": 1,
    "PatientPosition": "HFS",
    "PercentPhaseFOV": 90.625,
    "PhaseEncodingSteps": 255,
    "PhaseOversampling": 0.1,
    "PhaseResolution": 1,
    "PixelBandwidth": 240,
    "ProcedureStepDescription": "Ansari_EnumAdapt",
    "ProtocolName": "MPRAGE_SAG_iPAT2",
    "PulseSequenceDetails": "%SiemensSeq%_tfl",
    "ReceiveCoilActiveElements": "HEA;HEP",
    "ReceiveCoilName": "Head_32",
    "ReconMatrixPE": 256,
    "RepetitionTime": 2.3,
    "SAR": 0.0599514,
    "ScanOptions": "IR",
    "ScanningSequence": "GR_IR",
    "SequenceName": "_tfl3d1_16ns",
    "SequenceVariant": "SK_SP_MP_OSP",
    "SeriesDescription": "MPRAGE_SAG_iPAT2",
    "SeriesNumber": 5,
    "ShimSetting": [
      5250,
      -6198,
      -3873,
      336,
      42,
      -120,
      75,
      10
    ],
    "SliceThickness": 1,
    "SoftwareVersions": "syngo_MR_E11",
    "StationName": "MRC35368",
    "TxRefAmp": 277.729,
    "dataset": "ds001848",
    "modality": "T1w",
    "session_id": "01",
    "subject_id": "19"
  },
  "cjv": 0.35000672626746177,
  "cnr": 3.8170027257989387,
  "efc": 0.6119949994944414,
  "fber": 5268.679457691598,
  "fwhm_avg": 3.9093766666666667,
  "fwhm_x": 3.90542,
  "fwhm_y": 4.14648,
  "fwhm_z": 3.67623,
  "icvs_csf": 0.20182191260094126,
  "icvs_gm": 0.43917815118577347,
  "icvs_wm": 0.35899993621328524,
  "inu_med": 0.4276646077632904,
  "inu_range": 0.1250052988529205,
  "provenance": {
    "md5sum": "9c4fd4160b8e82f5f93b52bebd65a012",
    "settings": {
      "testing": false
    },
    "software": "mriqc",
    "version": "22.0.6",
    "warnings": {
      "large_rot_frame": true,
      "small_air_mask": false
    },
    "webapi_port": null,
    "webapi_url": "https://mriqc.nimh.nih.gov/api/v1"
  },
  "qi_1": 0.0,
  "qi_2": 0.008375606552998063,
  "rpve_csf": 21.90196913086971,
  "rpve_gm": 10.638742444029232,
  "rpve_wm": 14.637363404942258,
  "size_x": 192,
  "size_y": 232,
  "size_z": 256,
  "snr_csf": 2.883852672382346,
  "snr_gm": 12.314291907007052,
  "snr_total": 12.941971814484404,
  "snr_wm": 23.627770864063816,
  "snrd_csf": 31.888699868066823,
  "snrd_gm": 74.42829863128784,
  "snrd_total": 69.87842966119766,
  "snrd_wm": 103.31829048423829,
  "spacing_x": 1.0,
  "spacing_y": 1.0,
  "spacing_z": 1.0,
  "summary_bg_k": 3240.9956576804166,
  "summary_bg_mad": 6.341139892019324,
  "summary_bg_mean": 6.8311418126685615,
  "summary_bg_median": 4.2770338617265224,
  "summary_bg_n": 2825128.0,
  "summary_bg_p05": 0.0,
  "summary_bg_p95": 24.600318901240826,
  "summary_bg_stdv": 12.378661423672407,
  "summary_csf_k": 1.2594590156509176,
  "summary_csf_mad": 85.93337853667566,
  "summary_csf_mean": 317.60274944709886,
  "summary_csf_median": 308.6543608903885,
  "summary_csf_n": 46119.0,
  "summary_csf_p05": 147.15651195012032,
  "summary_csf_p95": 513.9224894680083,
  "summary_csf_stdv": 107.02731715322115,
  "summary_gm_k": 0.11770751794215917,
  "summary_gm_mad": 57.420115022216365,
  "summary_gm_mean": 721.3623376711629,
  "summary_gm_median": 720.3999862410128,
  "summary_gm_n": 40573.0,
  "summary_gm_p05": 627.1606480553746,
  "summary_gm_p95": 818.872054130584,
  "summary_gm_stdv": 58.50040861475835,
  "summary_wm_k": 0.4696771828827653,
  "summary_wm_mad": 40.45209931115776,
  "summary_wm_mean": 999.6880288808966,
  "summary_wm_median": 1000.0295104421675,
  "summary_wm_n": 243129.0,
  "summary_wm_p05": 929.7386711835861,
  "summary_wm_p95": 1067.9311100952327,
  "summary_wm_stdv": 42.32424038692963,
  "tpm_overlap_csf": 0.1465652953991973,
  "tpm_overlap_gm": 0.46318573975685773,
  "tpm_overlap_wm": 0.5062808785953709,
  "wm2max": 0.5727728877701002
}