{
  "bids_meta": {
    "AcquisitionMatrixPE": 224,
    "AcquisitionNumber": 1,
    "AcquisitionTime": "13:10:59.025000",
    "BaseResolution": 256,
    "BodyPartExamined": "BRAIN",
    "ConsistencyInfo": "N4_VE11C_LATEST_20160120",
    "ConversionSoftware": "dcm2niix",
    "ConversionSoftwareVersion": "v1.0.20181114  Clang4.0.1",
    "DeviceSerialNumber": "67007",
    "DwellTime": 8.2e-06,
    "EchoTime": 0.00298,
    "FlipAngle": 9,
    "ImageOrientationPatientDICOM": [
      0,
      1,
      0,
      0,
      0,
      -1
    ],
    "ImageType": [
      "ORIGINAL",
      "PRIMARY",
      "M",
      "ND",
      "NORM"
    ],
    "ImagingFrequency": 123.211,
    "InPlanePhaseEncodingDirectionDICOM": "ROW",
    "InstitutionAddress": "Perth_Drive_100_London_Ontario_CA_N6A_5K8",
    "InstitutionName": "Robarts-CFMM",
    "InstitutionalDepartmentName": "CFMM",
    "InversionTime": 0.9,
    "MRAcquisitionType": "3D",
    "MagneticFieldStrength": 3,
    "Manufacturer": "Siemens",
    "ManufacturersModelName": "Prisma_fit",
    "Modality": "MR",
    "PartialFourier": 1,
    "PatientPosition": "HFS",
    "PercentPhaseFOV": 87.5,
    "PhaseEncodingSteps": 223,
    "PhaseResolution": 1,
    "PixelBandwidth": 240,
    "ProcedureStepDescription": "Ansari_EnumAdapt",
    "ProtocolName": "MPRAGE_SAG_iPAT2",
    "PulseSequenceDetails": "%SiemensSeq%_tfl",
    "ReceiveCoilActiveElements": "HEA;HEP",
    "ReceiveCoilName": "Head_32",
    "ReconMatrixPE": 256,
    "RepetitionTime": 2.3,
    "SAR": 0.0449139,
    "ScanOptions": "IR",
    "ScanningSequence": "GR_IR",
    "SequenceName": "_tfl3d1_16ns",
    "SequenceVariant": "SK_SP_MP",
    "SeriesDescription": "MPRAGE_SAG_iPAT2",
    "SeriesNumber": 4,
    "ShimSetting": [
      5219,
      -6163,
      -3917,
      529,
      -37,
      -48,
      -31,
      41
    ],
    "SliceThickness": 1,
    "SoftwareVersions": "syngo_MR_E11",
    "StationName": "MRC35368",
    "TxRefAmp": 232.172,
    "dataset": "ds001848",
    "modality": "T1w",
    "session_id": "01",
    "subject_id": "21"
  },
  "cjv": 0.3371305470820622,
  "cnr": 3.9486419457684003,
  "efc": 0.5668232685465027,
  "fber": 2191.846073101009,
  "fwhm_avg": 3.74426,
  "fwhm_x": 3.77767,
  "fwhm_y": 3.89527,
  "fwhm_z": 3.55984,
  "icvs_csf": 0.18441061709917728,
  "icvs_gm": 0.46467450513313474,
  "icvs_wm": 0.350914877767688,
  "inu_med": 0.40195730328559875,
  "inu_range": 0.1061681896448135,
  "provenance": {
    "md5sum": "be075daa5e5719f36d24be1d576340d2",
    "settings": {
      "testing": false
    },
    "software": "mriqc",
    "version": "22.0.6",
    "warnings": {
      "large_rot_frame": true,
      "small_air_mask": false
    },
    "webapi_port": null,
    "webapi_url": "https://mriqc.nimh.nih.gov/api/v1"
  },
  "qi_1": 0.0,
  "qi_2": 0.009945899197777086,
  "rpve_csf": 29.403957906275103,
  "rpve_gm": 12.748005571736103,
  "rpve_wm": 18.561682150991686,
  "size_x": 192,
  "size_y": 224,
  "size_z": 256,
  "snr_csf": 2.6956962066940067,
  "snr_gm": 12.764367155795963,
  "snr_total": 13.281962481447176,
  "snr_wm": 24.38582408185156,
  "snrd_csf": 32.903408270366796,
  "snrd_gm": 75.02630998736262,
  "snrd_total": 70.57606810695556,
  "snrd_wm": 103.79848606313725,
  "spacing_x": 1.0,
  "spacing_y": 1.0,
  "spacing_z": 1.0,
  "summary_bg_k": 7.613518400629772,
  "summary_bg_mad": 0.0,
  "summary_bg_mean": 4.33395697307906,
  "summary_bg_median": 0.0,
  "summary_bg_n": 2174855.0,
  "summary_bg_p05": 0.0,
  "summary_bg_p95": 17.81729794666171,
  "summary_bg_stdv": 6.311824845729607,
  "summary_csf_k": 0.7342232268655731,
  "summary_csf_mad": 90.04779387280114,
  "summary_csf_mean": 320.2065691136303,
  "summary_csf_median": 317.0035275556147,
  "summary_csf_n": 25397.0,
  "summary_csf_p05": 108.07191992104055,
  "summary_csf_p95": 522.6866775535045,
  "summary_csf_stdv": 117.59384671869304,
  "summary_gm_k": 0.08367574741086958,
  "summary_gm_mad": 55.702173951570664,
  "summary_gm_mean": 723.9689704332515,
  "summary_gm_median": 722.8310432173312,
  "summary_gm_n": 39516.0,
  "summary_gm_p05": 632.2269659517333,
  "summary_gm_p95": 819.0050768852234,
  "summary_gm_stdv": 56.62810292760528,
  "summary_wm_k": 0.7049768954513214,
  "summary_wm_mad": 37.75099300123916,
  "summary_wm_mean": 1000.3299314423798,
  "summary_wm_median": 1000.0327615477145,
  "summary_wm_n": 168965.0,
  "summary_wm_p05": 933.5542244575918,
  "summary_wm_p95": 1068.086308401078,
  "summary_wm_stdv": 41.00865317887285,
  "tpm_overlap_csf": 0.15192095837521927,
  "tpm_overlap_gm": 0.4861550274130482,
  "tpm_overlap_wm": 0.5126624496980648,
  "wm2max": 0.5134181038952347
}