{
  "aor": 0.00038235677083333334,
  "aqi": 0.0091409134375,
  "bids_meta": {
    "AcquisitionMatrixPE": 84,
    "AcquisitionNumber": 1,
    "AcquisitionTime": "10:52:52.775000",
    "BandwidthPerPixelPhaseEncode": 15.664,
    "BaseResolution": 84,
    "BodyPartExamined": "BRAIN",
    "ConsistencyInfo": "N4_VE11C_LATEST_20160120",
    "ConversionSoftware": "dcm2niix",
    "ConversionSoftwareVersion": "v1.0.20181114  Clang4.0.1",
    "DerivedVendorReportedEchoSpacing": 0.000760008,
    "DeviceSerialNumber": "67007",
    "DwellTime": 3.8e-06,
    "EchoTime": 0.03,
    "EchoTrainLength": 74,
    "EffectiveEchoSpacing": 0.000760008,
    "FlipAngle": 40,
    "ImageComments": "Unaliased_MB4_PE3",
    "ImageOrientationPatientDICOM": [
      1,
      0,
      0,
      0,
      0.937889,
      -0.346936
    ],
    "ImageType": [
      "ORIGINAL",
      "PRIMARY",
      "M",
      "MB",
      "ND",
      "NORM",
      "MOSAIC"
    ],
    "ImagingFrequency": 123.211,
    "InPlanePhaseEncodingDirectionDICOM": "COL",
    "InstitutionAddress": "Perth_Drive_100_London_Ontario_CA_N6A_5K8",
    "InstitutionName": "Robarts-CFMM",
    "InstitutionalDepartmentName": "CFMM",
    "MRAcquisitionType": "2D",
    "MagneticFieldStrength": 3,
    "Manufacturer": "Siemens",
    "ManufacturersModelName": "Prisma_fit",
    "Modality": "MR",
    "MultibandAccelerationFactor": 4,
    "PartialFourier": 0.875,
    "PatientPosition": "HFS",
    "PercentPhaseFOV": 100,
    "PhaseEncodingDirection": "j-",
    "PhaseEncodingSteps": 74,
    "PhaseResolution": 1,
    "PixelBandwidth": 1565,
    "ProcedureStepDescription": "Ansari_EnumAdapt",
    "ProtocolName": "ep_bold_mb4_EnumAdapt",
    "PulseSequenceDetails": "%CustomerSeq%_cmrr_mbep2d_bold",
    "ReceiveCoilActiveElements": "HEA;HEP",
    "ReceiveCoilName": "Head_32",
    "ReconMatrixPE": 84,
    "RepetitionTime": 1,
    "SAR": 0.060337,
    "ScanOptions": "PFP_FS",
    "ScanningSequence": "EP",
    "SequenceName": "epfid2d1_84",
    "SequenceVariant": "SK_SS",
    "SeriesDescription": "ep_bold_mb4_EnumAdapt",
    "SeriesNumber": 3,
    "ShimSetting": [
      5244,
      -6229,
      -3893,
      496,
      53,
      25,
      4,
      15
    ],
    "SliceThickness": 2.5,
    "SliceTiming": [
      0,
      0.4075,
      0.815,
      0.245,
      0.6525,
      0.08,
      0.49,
      0.8975,
      0.325,
      0.735,
      0.1625,
      0.57,
      0,
      0.4075,
      0.815,
      0.245,
      0.6525,
      0.08,
      0.49,
      0.8975,
      0.325,
      0.735,
      0.1625,
      0.57,
      0,
      0.4075,
      0.815,
      0.245,
      0.6525,
      0.08,
      0.49,
      0.8975,
      0.325,
      0.735,
      0.1625,
      0.57,
      0,
      0.4075,
      0.815,
      0.245,
      0.6525,
      0.08,
      0.49,
      0.8975,
      0.325,
      0.735,
      0.1625,
      0.57
    ],
    "SoftwareVersions": "syngo_MR_E11",
    "SpacingBetweenSlices": 2.5,
    "StationName": "MRC35368",
    "TaskName": "ParallelAdaptation",
    "TotalReadoutTime": 0.0630806,
    "TxRefAmp": 277.729,
    "WipMemBlock": "6731c100-aa8c-488f-a6cd-6aef1aa4e862||Sequence: R016 ve11c/master r/e634e98; Dec 19 2017 11:00:25 by eja",
    "dataset": "ds001848",
    "modality": "bold",
    "run_id": 2,
    "session_id": "01",
    "subject_id": "19",
    "task_id": "ParallelAdaptation"
  },
  "dummy_trs": 2,
  "dvars_nstd": 28.391207753585398,
  "dvars_std": 1.157093452425033,
  "dvars_vstd": 0.9898557306779662,
  "efc": 0.5872209730298218,
  "fber": 2496.4296875,
  "fd_mean": 0.1312829335353939,
  "fd_num": 113,
  "fd_perc": 14.713541666666666,
  "fwhm_avg": 1.9276827855602123,
  "fwhm_x": 1.8189714717420626,
  "fwhm_y": 2.0883408849385745,
  "fwhm_z": 1.8757359999999998,
  "gcor": 0.0158904,
  "gsr_x": -0.008642185479402542,
  "gsr_y": 0.06422217190265656,
  "provenance": {
    "md5sum": "c40d750062554021d24da6105e0c4c11",
    "settings": {
      "fd_thres": 0.2,
      "testing": false
    },
    "software": "mriqc",
    "version": "22.0.6",
    "webapi_port": null,
    "webapi_url": "https://mriqc.nimh.nih.gov/api/v1"
  },
  "size_t": 768,
  "size_x": 84,
  "size_y": 84,
  "size_z": 48,
  "snr": 4.973148372724473,
  "spacing_tr": 1.0,
  "spacing_x": 2.4761905670166016,
  "spacing_y": 2.4761905670166016,
  "spacing_z": 2.5,
  "summary_bg_k": 13.298236490995667,
  "summary_bg_mad": 62.35393606359604,
  "summary_bg_mean": 245.12217712402344,
  "summary_bg_median": 75.5539321899414,
  "summary_bg_n": 189805.0,
  "summary_bg_p05": 26.020565795898438,
  "summary_bg_p95": 1032.8009277343747,
  "summary_bg_stdv": 404.2298889160156,
  "summary_fg_k": 4.712504060064428,
  "summary_fg_mad": 630.4114400017017,
  "summary_fg_mean": 4064.861083984375,
  "summary_fg_median": 3940.06298828125,
  "summary_fg_n": 88966.0,
  "summary_fg_p05": 3107.9495239257812,
  "summary_fg_p95": 5419.106201171875,
  "summary_fg_stdv": 792.2628784179688,
  "tsnr": 52.0926628112793
}