{
  "bids_meta": {
    "AcquisitionMatrixPE": 216,
    "AcquisitionNumber": 1,
    "AcquisitionTime": "15:56:19.120000",
    "BaseResolution": 256,
    "BodyPartExamined": "BRAIN",
    "ConsistencyInfo": "N4_VE11C_LATEST_20160120",
    "ConversionSoftware": "dcm2niix",
    "ConversionSoftwareVersion": "v1.0.20181114  Clang4.0.1",
    "DeviceSerialNumber": "67007",
    "DwellTime": 8.2e-06,
    "EchoTime": 0.00298,
    "FlipAngle": 9,
    "ImageOrientationPatientDICOM": [
      0,
      1,
      0,
      0,
      0,
      -1
    ],
    "ImageType": [
      "ORIGINAL",
      "PRIMARY",
      "M",
      "ND",
      "NORM"
    ],
    "ImagingFrequency": 123.211,
    "InPlanePhaseEncodingDirectionDICOM": "ROW",
    "InstitutionAddress": "Perth_Drive_100_London_Ontario_CA_N6A_5K8",
    "InstitutionName": "Robarts_Research_Institute",
    "InstitutionalDepartmentName": "CFMM",
    "InversionTime": 0.9,
    "MRAcquisitionType": "3D",
    "MagneticFieldStrength": 3,
    "Manufacturer": "Siemens",
    "ManufacturersModelName": "Prisma_fit",
    "Modality": "MR",
    "PartialFourier": 1,
    "PatientPosition": "HFS",
    "PercentPhaseFOV": 84.375,
    "PhaseEncodingSteps": 215,
    "PhaseResolution": 1,
    "PixelBandwidth": 240,
    "ProcedureStepDescription": "Ansari_EnumAdapt",
    "ProtocolName": "MPRAGE_SAG_iPAT2",
    "PulseSequenceDetails": "%SiemensSeq%_tfl",
    "ReceiveCoilActiveElements": "HEA;HEP",
    "ReceiveCoilName": "Head_32",
    "ReconMatrixPE": 256,
    "RepetitionTime": 2.3,
    "SAR": 0.0578184,
    "ScanOptions": "IR",
    "ScanningSequence": "GR_IR",
    "SequenceName": "_tfl3d1_16ns",
    "SequenceVariant": "SK_SP_MP",
    "SeriesDescription": "MPRAGE_SAG_iPAT2",
    "SeriesNumber": 5,
    "ShimSetting": [
      5226,
      -6193,
      -3999,
      425,
      -15,
      -202,
      -155,
      9
    ],
    "SliceThickness": 1,
    "SoftwareVersions": "syngo_MR_E11",
    "StationName": "MRC35368",
    "TxRefAmp": 250.277,
    "dataset": "ds001848",
    "modality": "T1w",
    "session_id": "01",
    "subject_id": "07"
  },
  "cjv": 0.34221583275626327,
  "cnr": 3.8796430552904915,
  "efc": 0.5285832702520827,
  "fber": 3367.349914922052,
  "fwhm_avg": 3.790646666666666,
  "fwhm_x": 3.94291,
  "fwhm_y": 3.76156,
  "fwhm_z": 3.66747,
  "icvs_csf": 0.2308813451495189,
  "icvs_gm": 0.440920763383549,
  "icvs_wm": 0.32819789146693207,
  "inu_med": 0.4583982080221176,
  "inu_range": 0.13128198832273485,
  "provenance": {
    "md5sum": "7373a7dd7497eba656f2ed970fc99d53",
    "settings": {
      "testing": false
    },
    "software": "mriqc",
    "version": "22.0.6",
    "warnings": {
      "large_rot_frame": true,
      "small_air_mask": false
    },
    "webapi_port": null,
    "webapi_url": "https://mriqc.nimh.nih.gov/api/v1"
  },
  "qi_1": 0.0,
  "qi_2": 0.022959051081322478,
  "rpve_csf": 24.617692479961182,
  "rpve_gm": 13.129178332684583,
  "rpve_wm": 19.64039732510939,
  "size_x": 192,
  "size_y": 216,
  "size_z": 256,
  "snr_csf": 2.9119441185495,
  "snr_gm": 12.058348498198832,
  "snr_total": 13.336644453011354,
  "snr_wm": 25.039640742285734,
  "snrd_csf": 26.233108108527386,
  "snrd_gm": 67.25750603321603,
  "snrd_total": 62.32511217099881,
  "snrd_wm": 93.48472237125301,
  "spacing_x": 1.0,
  "spacing_y": 1.0,
  "spacing_z": 1.0,
  "summary_bg_k": 1.2991106989115737,
  "summary_bg_mad": 7.007951665279304,
  "summary_bg_mean": 7.8774533441360575,
  "summary_bg_median": 4.726791568100452,
  "summary_bg_n": 2608745.0,
  "summary_bg_p05": 0.0,
  "summary_bg_p95": 25.02048336714506,
  "summary_bg_stdv": 8.641014468207267,
  "summary_csf_k": 1.8559671719510336,
  "summary_csf_mad": 80.591444150712,
  "summary_csf_mean": 291.6789792028631,
  "summary_csf_median": 280.6138594262302,
  "summary_csf_n": 44775.0,
  "summary_csf_p05": 148.66704839989546,
  "summary_csf_p95": 469.2443549372256,
  "summary_csf_stdv": 96.36542268151129,
  "summary_gm_k": 0.05349401364890127,
  "summary_gm_mad": 58.86679398834615,
  "summary_gm_mean": 719.9912280997729,
  "summary_gm_median": 719.4491886086762,
  "summary_gm_n": 26462.0,
  "summary_gm_p05": 623.2432242259383,
  "summary_gm_p95": 818.837859313935,
  "summary_gm_stdv": 59.66286300163098,
  "summary_wm_k": 0.9545571597375737,
  "summary_wm_mad": 37.14214382598031,
  "summary_wm_mean": 999.9017684569668,
  "summary_wm_median": 1000.0000241473317,
  "summary_wm_n": 156295.0,
  "summary_wm_p05": 934.5182049572468,
  "summary_wm_p95": 1064.1268297545612,
  "summary_wm_stdv": 39.936548425582075,
  "tpm_overlap_csf": 0.1486740560414935,
  "tpm_overlap_gm": 0.46405291367689255,
  "tpm_overlap_wm": 0.4992948460390229,
  "wm2max": 0.5773912410618438
}