{
  "aor": 0.0010008072916666668,
  "aqi": 0.00788350640625,
  "bids_meta": {
    "AcquisitionMatrixPE": 84,
    "AcquisitionNumber": 1,
    "AcquisitionTime": "15:34:14.472500",
    "BandwidthPerPixelPhaseEncode": 15.664,
    "BaseResolution": 84,
    "BodyPartExamined": "BRAIN",
    "ConsistencyInfo": "N4_VE11C_LATEST_20160120",
    "ConversionSoftware": "dcm2niix",
    "ConversionSoftwareVersion": "v1.0.20181114  Clang4.0.1",
    "DerivedVendorReportedEchoSpacing": 0.000760008,
    "DeviceSerialNumber": "67007",
    "DwellTime": 3.8e-06,
    "EchoTime": 0.03,
    "EchoTrainLength": 74,
    "EffectiveEchoSpacing": 0.000760008,
    "FlipAngle": 40,
    "ImageComments": "Unaliased_MB4_PE3",
    "ImageOrientationPatientDICOM": [
      1,
      0,
      0,
      0,
      0.890213,
      -0.455545
    ],
    "ImageType": [
      "ORIGINAL",
      "PRIMARY",
      "M",
      "MB",
      "ND",
      "NORM",
      "MOSAIC"
    ],
    "ImagingFrequency": 123.211,
    "InPlanePhaseEncodingDirectionDICOM": "COL",
    "InstitutionAddress": "Perth_Drive_100_London_Ontario_CA_N6A_5K8",
    "InstitutionName": "Robarts_Research_Institute",
    "InstitutionalDepartmentName": "CFMM",
    "MRAcquisitionType": "2D",
    "MagneticFieldStrength": 3,
    "Manufacturer": "Siemens",
    "ManufacturersModelName": "Prisma_fit",
    "Modality": "MR",
    "MultibandAccelerationFactor": 4,
    "PartialFourier": 0.875,
    "PatientPosition": "HFS",
    "PercentPhaseFOV": 100,
    "PhaseEncodingDirection": "j-",
    "PhaseEncodingSteps": 74,
    "PhaseResolution": 1,
    "PixelBandwidth": 1565,
    "ProcedureStepDescription": "Ansari_EnumAdapt",
    "ProtocolName": "ep_bold_mb4_EnumAdapt",
    "PulseSequenceDetails": "%CustomerSeq%_cmrr_mbep2d_bold",
    "ReceiveCoilActiveElements": "HEA;HEP",
    "ReceiveCoilName": "Head_32",
    "ReconMatrixPE": 84,
    "RepetitionTime": 1,
    "SAR": 0.0598003,
    "ScanOptions": "PFP_FS",
    "ScanningSequence": "EP",
    "SequenceName": "epfid2d1_84",
    "SequenceVariant": "SK_SS",
    "SeriesDescription": "ep_bold_mb4_EnumAdapt",
    "SeriesNumber": 4,
    "ShimSetting": [
      5245,
      -6222,
      -4056,
      522,
      59,
      64,
      40,
      9
    ],
    "SliceThickness": 2.5,
    "SliceTiming": [
      0,
      0.4075,
      0.8175,
      0.245,
      0.6525,
      0.0825,
      0.49,
      0.8975,
      0.3275,
      0.735,
      0.1625,
      0.5725,
      0,
      0.4075,
      0.8175,
      0.245,
      0.6525,
      0.0825,
      0.49,
      0.8975,
      0.3275,
      0.735,
      0.1625,
      0.5725,
      0,
      0.4075,
      0.8175,
      0.245,
      0.6525,
      0.0825,
      0.49,
      0.8975,
      0.3275,
      0.735,
      0.1625,
      0.5725,
      0,
      0.4075,
      0.8175,
      0.245,
      0.6525,
      0.0825,
      0.49,
      0.8975,
      0.3275,
      0.735,
      0.1625,
      0.5725
    ],
    "SoftwareVersions": "syngo_MR_E11",
    "SpacingBetweenSlices": 2.5,
    "StationName": "MRC35368",
    "TaskName": "ParallelAdaptation",
    "TotalReadoutTime": 0.0630806,
    "TxRefAmp": 252.16,
    "WipMemBlock": "9e1ef10f-492c-44cb-a420-f43fa71d277f||Sequence: R016 ve11c/master r/e634e98; Dec 19 2017 11:00:25 by eja",
    "dataset": "ds001848",
    "modality": "bold",
    "run_id": 3,
    "session_id": "01",
    "subject_id": "46",
    "task_id": "ParallelAdaptation"
  },
  "dummy_trs": 2,
  "dvars_nstd": 27.788572172151262,
  "dvars_std": 1.1247644825684464,
  "dvars_vstd": 0.9963120311864405,
  "efc": 0.5495095132362955,
  "fber": 3569.464111328125,
  "fd_mean": 0.19406763722583154,
  "fd_num": 380,
  "fd_perc": 49.479166666666664,
  "fwhm_avg": 1.93849106796987,
  "fwhm_x": 1.8760712773399617,
  "fwhm_y": 2.0019299265696477,
  "fwhm_z": 1.937472,
  "gcor": 0.0162636,
  "gsr_x": -0.016372378915548325,
  "gsr_y": 0.043839119374752045,
  "provenance": {
    "md5sum": "628c0ea005c630ff4875c2388099c198",
    "settings": {
      "fd_thres": 0.2,
      "testing": false
    },
    "software": "mriqc",
    "version": "22.0.6",
    "webapi_port": null,
    "webapi_url": "https://mriqc.nimh.nih.gov/api/v1"
  },
  "size_t": 768,
  "size_x": 84,
  "size_y": 84,
  "size_z": 48,
  "snr": 4.528088135842212,
  "spacing_tr": 1.0,
  "spacing_x": 2.4761905670166016,
  "spacing_y": 2.4761905670166016,
  "spacing_z": 2.5,
  "summary_bg_k": 17.899823219676545,
  "summary_bg_mad": 37.36547662789155,
  "summary_bg_mean": 155.37649536132812,
  "summary_bg_median": 55.38301086425781,
  "summary_bg_n": 198032.0,
  "summary_bg_p05": 24.794134521484377,
  "summary_bg_p95": 622.9712707519525,
  "summary_bg_stdv": 247.0801544189453,
  "summary_fg_k": 2.655055470882255,
  "summary_fg_mad": 633.9717123213359,
  "summary_fg_mean": 3521.996337890625,
  "summary_fg_median": 3398.4140625,
  "summary_fg_n": 81288.0,
  "summary_fg_p05": 2579.9724243164064,
  "summary_fg_p95": 4919.292529296874,
  "summary_fg_stdv": 750.513916015625,
  "tsnr": 50.695735931396484
}