{
  "bids_meta": {
    "AcquisitionMatrixPE": 232,
    "AcquisitionNumber": 1,
    "AcquisitionTime": "13:44:4.717500",
    "BaseResolution": 256,
    "BodyPartExamined": "BRAIN",
    "ConsistencyInfo": "N4_VE11C_LATEST_20160120",
    "ConversionSoftware": "dcm2niix",
    "ConversionSoftwareVersion": "v1.0.20181114  Clang4.0.1",
    "DeviceSerialNumber": "67007",
    "DwellTime": 8.2e-06,
    "EchoTime": 0.00298,
    "FlipAngle": 9,
    "ImageOrientationPatientDICOM": [
      0,
      1,
      0,
      0,
      0,
      -1
    ],
    "ImageType": [
      "ORIGINAL",
      "PRIMARY",
      "M",
      "ND",
      "NORM"
    ],
    "ImagingFrequency": 123.211,
    "InPlanePhaseEncodingDirectionDICOM": "ROW",
    "InstitutionAddress": "Perth_Drive_100_London_Ontario_CA_N6A_5K8",
    "InstitutionName": "Robarts_Research_Institute",
    "InstitutionalDepartmentName": "CFMM",
    "InversionTime": 0.9,
    "MRAcquisitionType": "3D",
    "MagneticFieldStrength": 3,
    "Manufacturer": "Siemens",
    "ManufacturersModelName": "Prisma_fit",
    "Modality": "MR",
    "PartialFourier": 1,
    "PatientPosition": "HFS",
    "PercentPhaseFOV": 90.625,
    "PhaseEncodingSteps": 231,
    "PhaseResolution": 1,
    "PixelBandwidth": 240,
    "ProcedureStepDescription": "Ansari_EnumAdapt",
    "ProtocolName": "MPRAGE_SAG_iPAT2",
    "PulseSequenceDetails": "%SiemensSeq%_tfl",
    "ReceiveCoilActiveElements": "HEA;HEP",
    "ReceiveCoilName": "Head_32",
    "ReconMatrixPE": 256,
    "RepetitionTime": 2.3,
    "SAR": 0.0678571,
    "ScanOptions": "IR",
    "ScanningSequence": "GR_IR",
    "SequenceName": "_tfl3d1_16ns",
    "SequenceVariant": "SK_SP_MP",
    "SeriesDescription": "MPRAGE_SAG_iPAT2",
    "SeriesNumber": 5,
    "ShimSetting": [
      5251,
      -6173,
      -3882,
      329,
      -13,
      -140,
      83,
      -19
    ],
    "SliceThickness": 1,
    "SoftwareVersions": "syngo_MR_E11",
    "StationName": "MRC35368",
    "TxRefAmp": 262.854,
    "dataset": "ds001848",
    "modality": "T1w",
    "session_id": "01",
    "subject_id": "44"
  },
  "cjv": 0.3536675107913693,
  "cnr": 3.7214405422632817,
  "efc": 0.6096589841427954,
  "fber": 1936.5217742817417,
  "fwhm_avg": 3.7589233333333336,
  "fwhm_x": 3.84134,
  "fwhm_y": 3.92449,
  "fwhm_z": 3.51094,
  "icvs_csf": 0.17574945787775834,
  "icvs_gm": 0.4517451320500547,
  "icvs_wm": 0.37250541007218696,
  "inu_med": 0.3987343907356262,
  "inu_range": 0.10944111943244933,
  "provenance": {
    "md5sum": "d13774dbe413609b96f87b95f16f6dbc",
    "settings": {
      "testing": false
    },
    "software": "mriqc",
    "version": "22.0.6",
    "warnings": {
      "large_rot_frame": true,
      "small_air_mask": false
    },
    "webapi_port": null,
    "webapi_url": "https://mriqc.nimh.nih.gov/api/v1"
  },
  "qi_1": 0.0,
  "qi_2": 0.015953070332720816,
  "rpve_csf": 26.0629626219849,
  "rpve_gm": 11.418806534551319,
  "rpve_wm": 15.707492769404698,
  "size_x": 192,
  "size_y": 232,
  "size_z": 256,
  "snr_csf": 2.741557409292016,
  "snr_gm": 12.353115305356868,
  "snr_total": 13.496205725078232,
  "snr_wm": 25.39394446058581,
  "snrd_csf": 29.121775198005665,
  "snrd_gm": 65.86886104993908,
  "snrd_total": 61.615267130183696,
  "snrd_wm": 89.85516514260634,
  "spacing_x": 1.0,
  "spacing_y": 1.0,
  "spacing_z": 1.0,
  "summary_bg_k": 3.519320097589703,
  "summary_bg_mad": 7.2912560627615255,
  "summary_bg_mean": 7.953433555244326,
  "summary_bg_median": 4.917877480387688,
  "summary_bg_n": 2320291.0,
  "summary_bg_p05": 0.0,
  "summary_bg_p95": 23.990415144711733,
  "summary_bg_stdv": 8.561468674238021,
  "summary_csf_k": 1.3488614976347648,
  "summary_csf_mad": 97.0064228093689,
  "summary_csf_mean": 331.2791715697012,
  "summary_csf_median": 324.1070408709347,
  "summary_csf_n": 24546.0,
  "summary_csf_p05": 137.6138760978356,
  "summary_csf_p95": 542.1565861431882,
  "summary_csf_stdv": 118.21763705237812,
  "summary_gm_k": 0.13407488640289866,
  "summary_gm_mad": 57.25505562104403,
  "summary_gm_mean": 733.7435237098674,
  "summary_gm_median": 733.0789931342006,
  "summary_gm_n": 40804.0,
  "summary_gm_p05": 635.3298732403666,
  "summary_gm_p95": 832.9497358128428,
  "summary_gm_stdv": 59.34292621965244,
  "summary_wm_k": 0.6892157195213913,
  "summary_wm_mad": 37.157362627534695,
  "summary_wm_mean": 1000.4789807030012,
  "summary_wm_median": 1000.0314707234502,
  "summary_wm_n": 238227.0,
  "summary_wm_p05": 937.0448091477156,
  "summary_wm_p95": 1065.0357230603695,
  "summary_wm_stdv": 39.38062372975763,
  "tpm_overlap_csf": 0.1609622602798627,
  "tpm_overlap_gm": 0.47125043957527607,
  "tpm_overlap_wm": 0.5303107903991094,
  "wm2max": 0.5650113992590482
}