{
  "aor": 0.0005924902216427641,
  "aqi": 0.009197593037809648,
  "bids_meta": {
    "AcquisitionMatrixPE": 84,
    "AcquisitionNumber": 1,
    "AcquisitionTime": "12:40:37.560000",
    "BandwidthPerPixelPhaseEncode": 15.664,
    "BaseResolution": 84,
    "BodyPartExamined": "BRAIN",
    "ConsistencyInfo": "N4_VE11C_LATEST_20160120",
    "ConversionSoftware": "dcm2niix",
    "ConversionSoftwareVersion": "v1.0.20181114  Clang4.0.1",
    "DerivedVendorReportedEchoSpacing": 0.000760008,
    "DeviceSerialNumber": "67007",
    "DwellTime": 3.8e-06,
    "EchoTime": 0.03,
    "EchoTrainLength": 74,
    "EffectiveEchoSpacing": 0.000760008,
    "FlipAngle": 40,
    "ImageComments": "Unaliased_MB4_PE3",
    "ImageOrientationPatientDICOM": [
      1,
      0,
      0,
      0,
      0.91212,
      -0.409923
    ],
    "ImageType": [
      "ORIGINAL",
      "PRIMARY",
      "M",
      "MB",
      "ND",
      "NORM",
      "MOSAIC"
    ],
    "ImagingFrequency": 123.211,
    "InPlanePhaseEncodingDirectionDICOM": "COL",
    "InstitutionAddress": "Perth_Drive_100_London_Ontario_CA_N6A_5K8",
    "InstitutionName": "Robarts-CFMM",
    "InstitutionalDepartmentName": "CFMM",
    "MRAcquisitionType": "2D",
    "MagneticFieldStrength": 3,
    "Manufacturer": "Siemens",
    "ManufacturersModelName": "Prisma_fit",
    "Modality": "MR",
    "MultibandAccelerationFactor": 4,
    "PartialFourier": 0.875,
    "PatientPosition": "HFS",
    "PercentPhaseFOV": 100,
    "PhaseEncodingDirection": "j-",
    "PhaseEncodingSteps": 74,
    "PhaseResolution": 1,
    "PixelBandwidth": 1565,
    "ProcedureStepDescription": "Ansari_EnumAdapt",
    "ProtocolName": "ep_bold_mb4_EnumAdapt",
    "PulseSequenceDetails": "%CustomerSeq%_cmrr_mbep2d_bold",
    "ReceiveCoilActiveElements": "HEA;HEP",
    "ReceiveCoilName": "Head_32",
    "ReconMatrixPE": 84,
    "RepetitionTime": 1,
    "SAR": 0.106298,
    "ScanOptions": "PFP_FS",
    "ScanningSequence": "EP",
    "SequenceName": "epfid2d1_84",
    "SequenceVariant": "SK_SS",
    "SeriesDescription": "ep_bold_mb4_EnumAdapt",
    "SeriesNumber": 5,
    "ShimSetting": [
      5261,
      -6184,
      -3680,
      540,
      50,
      15,
      164,
      53
    ],
    "SliceThickness": 2.5,
    "SliceTiming": [
      0,
      0.4075,
      0.8175,
      0.245,
      0.6525,
      0.0825,
      0.49,
      0.8975,
      0.3275,
      0.735,
      0.1625,
      0.5725,
      0,
      0.4075,
      0.8175,
      0.245,
      0.6525,
      0.0825,
      0.49,
      0.8975,
      0.3275,
      0.735,
      0.1625,
      0.5725,
      0,
      0.4075,
      0.8175,
      0.245,
      0.6525,
      0.0825,
      0.49,
      0.8975,
      0.3275,
      0.735,
      0.1625,
      0.5725,
      0,
      0.4075,
      0.8175,
      0.245,
      0.6525,
      0.0825,
      0.49,
      0.8975,
      0.3275,
      0.735,
      0.1625,
      0.5725
    ],
    "SoftwareVersions": "syngo_MR_E11",
    "SpacingBetweenSlices": 2.5,
    "StationName": "MRC35368",
    "TaskName": "ParallelAdaptation",
    "TotalReadoutTime": 0.0630806,
    "TxRefAmp": 308.164,
    "WipMemBlock": "b34725b7-2bf3-4dc8-8273-6828829cc587||Sequence: R016 ve11c/master r/e634e98; Dec 19 2017 11:00:25 by eja",
    "dataset": "ds001848",
    "modality": "bold",
    "run_id": 3,
    "session_id": "01",
    "subject_id": "11",
    "task_id": "ParallelAdaptation"
  },
  "dummy_trs": 3,
  "dvars_nstd": 30.022027672898172,
  "dvars_std": 1.1631989865013046,
  "dvars_vstd": 0.9997174199999995,
  "efc": 0.5747146451012096,
  "fber": 3326.942626953125,
  "fd_mean": 0.2255832745646974,
  "fd_num": 405,
  "fd_perc": 52.803129074315514,
  "fwhm_avg": 1.986676742428407,
  "fwhm_x": 1.9167708912317243,
  "fwhm_y": 2.1007993360534964,
  "fwhm_z": 1.94246,
  "gcor": 0.0279118,
  "gsr_x": -0.001963570713996887,
  "gsr_y": 0.04462573304772377,
  "provenance": {
    "md5sum": "ce6f715f662a999ca4a373310a136621",
    "settings": {
      "fd_thres": 0.2,
      "testing": false
    },
    "software": "mriqc",
    "version": "22.0.6",
    "webapi_port": null,
    "webapi_url": "https://mriqc.nimh.nih.gov/api/v1"
  },
  "size_t": 767,
  "size_x": 84,
  "size_y": 84,
  "size_z": 48,
  "snr": 4.999119167342911,
  "spacing_tr": 1.0,
  "spacing_x": 2.4761905670166016,
  "spacing_y": 2.4761908054351807,
  "spacing_z": 2.5,
  "summary_bg_k": 13.081721835885258,
  "summary_bg_mad": 52.32652531237427,
  "summary_bg_mean": 267.7639465332031,
  "summary_bg_median": 70.51861572265625,
  "summary_bg_n": 194440.0,
  "summary_bg_p05": 29.326752567291262,
  "summary_bg_p95": 1246.3327697753903,
  "summary_bg_stdv": 467.08074951171875,
  "summary_fg_k": 3.452334472008636,
  "summary_fg_mad": 766.3790217295401,
  "summary_fg_mean": 4389.2880859375,
  "summary_fg_median": 4280.1826171875,
  "summary_fg_n": 81915.0,
  "summary_fg_p05": 3260.98525390625,
  "summary_fg_p95": 5853.03720703125,
  "summary_fg_stdv": 856.18212890625,
  "tsnr": 49.60860824584961
}