{
  "bids_meta": {
    "AcquisitionMatrixPE": 256,
    "AcquisitionNumber": 1,
    "AcquisitionTime": "11:45:25.297500",
    "BaseResolution": 256,
    "BodyPartExamined": "BRAIN",
    "ConsistencyInfo": "N4_VE11C_LATEST_20160120",
    "ConversionSoftware": "dcm2niix",
    "ConversionSoftwareVersion": "v1.0.20181114  Clang4.0.1",
    "DeviceSerialNumber": "67007",
    "DwellTime": 8.2e-06,
    "EchoTime": 0.00298,
    "FlipAngle": 9,
    "ImageOrientationPatientDICOM": [
      0.0401392,
      0.999194,
      -3.50918e-08,
      0.0191666,
      -0.000769985,
      -0.999816
    ],
    "ImageType": [
      "ORIGINAL",
      "PRIMARY",
      "M",
      "ND",
      "NORM"
    ],
    "ImagingFrequency": 123.211,
    "InPlanePhaseEncodingDirectionDICOM": "ROW",
    "InstitutionAddress": "Perth_Drive_100_London_Ontario_CA_N6A_5K8",
    "InstitutionName": "Robarts_Research_Institute",
    "InstitutionalDepartmentName": "CFMM",
    "InversionTime": 0.9,
    "MRAcquisitionType": "3D",
    "MagneticFieldStrength": 3,
    "Manufacturer": "Siemens",
    "ManufacturersModelName": "Prisma_fit",
    "Modality": "MR",
    "PartialFourier": 1,
    "PatientPosition": "HFS",
    "PercentPhaseFOV": 100,
    "PhaseEncodingSteps": 255,
    "PhaseResolution": 1,
    "PixelBandwidth": 240,
    "ProcedureStepDescription": "Ansari_EnumAdapt",
    "ProtocolName": "MPRAGE_SAG_iPAT2",
    "PulseSequenceDetails": "%SiemensSeq%_tfl",
    "ReceiveCoilActiveElements": "HEA;HEP",
    "ReceiveCoilName": "Head_32",
    "ReconMatrixPE": 256,
    "RepetitionTime": 2.3,
    "SAR": 0.0906474,
    "ScanOptions": "IR",
    "ScanningSequence": "GR_IR",
    "SequenceName": "_tfl3d1_16ns",
    "SequenceVariant": "SK_SP_MP",
    "SeriesDescription": "MPRAGE_SAG_iPAT2",
    "SeriesNumber": 5,
    "ShimSetting": [
      5264,
      -6176,
      -3917,
      388,
      18,
      -191,
      -43,
      -22
    ],
    "SliceThickness": 1,
    "SoftwareVersions": "syngo_MR_E11",
    "StationName": "MRC35368",
    "TxRefAmp": 302.443,
    "dataset": "ds001848",
    "modality": "T1w",
    "session_id": "01",
    "subject_id": "38"
  },
  "cjv": 0.37631848255628947,
  "cnr": 3.550857091933469,
  "efc": 0.6165867590327498,
  "fber": 3420.094319917416,
  "fwhm_avg": 3.870956666666667,
  "fwhm_x": 3.8791,
  "fwhm_y": 4.04277,
  "fwhm_z": 3.691,
  "icvs_csf": 0.19492446528636417,
  "icvs_gm": 0.4201537106148924,
  "icvs_wm": 0.3849218240987435,
  "inu_med": 0.4251067191362381,
  "inu_range": 0.12454458624124526,
  "provenance": {
    "md5sum": "fee177e8acb016903fdc7168bf42ebaf",
    "settings": {
      "testing": false
    },
    "software": "mriqc",
    "version": "22.0.6",
    "warnings": {
      "large_rot_frame": true,
      "small_air_mask": false
    },
    "webapi_port": null,
    "webapi_url": "https://mriqc.nimh.nih.gov/api/v1"
  },
  "qi_1": 0.0,
  "qi_2": 0.009781085155614587,
  "rpve_csf": 24.344215771061716,
  "rpve_gm": 11.912936235394836,
  "rpve_wm": 15.045784992222078,
  "size_x": 192,
  "size_y": 256,
  "size_z": 256,
  "snr_csf": 2.824315672552725,
  "snr_gm": 11.26493327052703,
  "snr_total": 12.927914843528585,
  "snr_wm": 24.694495587506,
  "snrd_csf": 24.204552211400717,
  "snrd_gm": 59.70246941608966,
  "snrd_total": 55.344008049212334,
  "snrd_wm": 82.12500252014664,
  "spacing_x": 1.0,
  "spacing_y": 1.0,
  "spacing_z": 1.0,
  "summary_bg_k": 3.226264760804467,
  "summary_bg_mad": 7.977307537878641,
  "summary_bg_mean": 9.227977964477748,
  "summary_bg_median": 5.380612168461084,
  "summary_bg_n": 2867764.0,
  "summary_bg_p05": 0.0,
  "summary_bg_p95": 28.46138021349907,
  "summary_bg_stdv": 10.38763232062971,
  "summary_csf_k": 3.5833873475292997,
  "summary_csf_mad": 80.73209595711062,
  "summary_csf_mean": 305.17847324703064,
  "summary_csf_median": 294.72817692160606,
  "summary_csf_n": 44663.0,
  "summary_csf_p05": 138.60515750460326,
  "summary_csf_p95": 489.6357073299587,
  "summary_csf_stdv": 104.35266861295693,
  "summary_gm_k": -0.02404613037381642,
  "summary_gm_mad": 64.55952165900693,
  "summary_gm_mean": 729.7762618353144,
  "summary_gm_median": 726.9706877879798,
  "summary_gm_n": 34752.0,
  "summary_gm_p05": 627.9439020864666,
  "summary_gm_p95": 839.5357405548914,
  "summary_gm_stdv": 64.53302570435989,
  "summary_wm_k": 0.6716122694320021,
  "summary_wm_mad": 38.1864557550912,
  "summary_wm_mean": 1000.9601571441425,
  "summary_wm_median": 1000.0000025220215,
  "summary_wm_n": 274216.0,
  "summary_wm_p05": 936.4323330782354,
  "summary_wm_p95": 1068.5366526022553,
  "summary_wm_stdv": 40.4947805310179,
  "tpm_overlap_csf": 0.14526990500505318,
  "tpm_overlap_gm": 0.4517142847041024,
  "tpm_overlap_wm": 0.5149419986857591,
  "wm2max": 0.5765553483641295
}