{
  "bids_meta": {
    "AcquisitionMatrixPE": 232,
    "AcquisitionNumber": 1,
    "AcquisitionTime": "15:23:49.595000",
    "BaseResolution": 256,
    "BodyPartExamined": "BRAIN",
    "ConsistencyInfo": "N4_VE11C_LATEST_20160120",
    "ConversionSoftware": "dcm2niix",
    "ConversionSoftwareVersion": "v1.0.20181114  Clang4.0.1",
    "DeviceSerialNumber": "67007",
    "DwellTime": 8.2e-06,
    "EchoTime": 0.00298,
    "FlipAngle": 9,
    "ImageOrientationPatientDICOM": [
      0.050593,
      0.998719,
      0,
      0,
      0,
      -1
    ],
    "ImageType": [
      "ORIGINAL",
      "PRIMARY",
      "M",
      "ND",
      "NORM"
    ],
    "ImagingFrequency": 123.211,
    "InPlanePhaseEncodingDirectionDICOM": "ROW",
    "InstitutionAddress": "Perth_Drive_100_London_Ontario_CA_N6A_5K8",
    "InstitutionName": "Robarts_Research_Institute",
    "InstitutionalDepartmentName": "CFMM",
    "InversionTime": 0.9,
    "MRAcquisitionType": "3D",
    "MagneticFieldStrength": 3,
    "Manufacturer": "Siemens",
    "ManufacturersModelName": "Prisma_fit",
    "Modality": "MR",
    "PartialFourier": 1,
    "PatientPosition": "HFS",
    "PercentPhaseFOV": 90.625,
    "PhaseEncodingSteps": 231,
    "PhaseResolution": 1,
    "PixelBandwidth": 240,
    "ProcedureStepDescription": "Ansari_EnumAdapt",
    "ProtocolName": "MPRAGE_SAG_iPAT2",
    "PulseSequenceDetails": "%SiemensSeq%_tfl",
    "ReceiveCoilActiveElements": "HEA;HEP",
    "ReceiveCoilName": "Head_32",
    "ReconMatrixPE": 256,
    "RepetitionTime": 2.3,
    "SAR": 0.0578512,
    "ScanOptions": "IR",
    "ScanningSequence": "GR_IR",
    "SequenceName": "_tfl3d1_16ns",
    "SequenceVariant": "SK_SP_MP",
    "SeriesDescription": "MPRAGE_SAG_iPAT2",
    "SeriesNumber": 5,
    "ShimSetting": [
      5262,
      -6211,
      -3909,
      456,
      52,
      -145,
      50,
      -9
    ],
    "SliceThickness": 1,
    "SoftwareVersions": "syngo_MR_E11",
    "StationName": "MRC35368",
    "TxRefAmp": 251.388,
    "dataset": "ds001848",
    "modality": "T1w",
    "session_id": "01",
    "subject_id": "23"
  },
  "cjv": 0.35659654558126264,
  "cnr": 3.799603475876532,
  "efc": 0.6068578174125061,
  "fber": 2944.3432186999207,
  "fwhm_avg": 3.880763333333333,
  "fwhm_x": 3.97545,
  "fwhm_y": 3.94534,
  "fwhm_z": 3.7215,
  "icvs_csf": 0.20488565277374277,
  "icvs_gm": 0.437304954518898,
  "icvs_wm": 0.35780939270735923,
  "inu_med": 0.454532191157341,
  "inu_range": 0.14355408400297165,
  "provenance": {
    "md5sum": "dabd9c84476eed83ed48d9a25336e25b",
    "settings": {
      "testing": false
    },
    "software": "mriqc",
    "version": "22.0.6",
    "warnings": {
      "large_rot_frame": true,
      "small_air_mask": false
    },
    "webapi_port": null,
    "webapi_url": "https://mriqc.nimh.nih.gov/api/v1"
  },
  "qi_1": 0.0,
  "qi_2": 0.016847248937075274,
  "rpve_csf": 22.72049733056994,
  "rpve_gm": 11.242795971183885,
  "rpve_wm": 15.508655268781851,
  "size_x": 192,
  "size_y": 232,
  "size_z": 256,
  "snr_csf": 2.28825030204191,
  "snr_gm": 12.383789402719781,
  "snr_total": 13.373095426448534,
  "snr_wm": 25.44724657458391,
  "snrd_csf": 27.048680511433908,
  "snrd_gm": 64.22923416139692,
  "snrd_total": 59.77567256564964,
  "snrd_wm": 88.04910302411811,
  "spacing_x": 1.0,
  "spacing_y": 1.0,
  "spacing_z": 1.0,
  "summary_bg_k": 4.009117165911496,
  "summary_bg_mad": 0.0,
  "summary_bg_mean": 5.195360729627315,
  "summary_bg_median": 0.0,
  "summary_bg_n": 2344767.0,
  "summary_bg_p05": 0.0,
  "summary_bg_p95": 20.934653252363205,
  "summary_bg_stdv": 7.4405802960656064,
  "summary_csf_k": 20.064241571693096,
  "summary_csf_mad": 98.99761903408077,
  "summary_csf_mean": 322.63840985901055,
  "summary_csf_median": 307.1999651491642,
  "summary_csf_n": 50435.0,
  "summary_csf_p05": 143.7028387606144,
  "summary_csf_p95": 529.2442452996968,
  "summary_csf_stdv": 134.24970133563332,
  "summary_gm_k": -0.01863315053785941,
  "summary_gm_mad": 59.13336222755682,
  "summary_gm_mean": 730.2363077412442,
  "summary_gm_median": 729.470647841692,
  "summary_gm_n": 38354.0,
  "summary_gm_p05": 634.9153314828873,
  "summary_gm_p95": 828.8431704595685,
  "summary_gm_stdv": 58.90451737752687,
  "summary_wm_k": 0.53745840829139,
  "summary_wm_mad": 37.33648168677554,
  "summary_wm_mean": 1000.7310639063381,
  "summary_wm_median": 1000.0000321269035,
  "summary_wm_n": 232522.0,
  "summary_wm_p05": 938.0345765054226,
  "summary_wm_p95": 1066.3536593914032,
  "summary_wm_stdv": 39.296899130499014,
  "tpm_overlap_csf": 0.1530064089133363,
  "tpm_overlap_gm": 0.463655084123502,
  "tpm_overlap_wm": 0.49749963398532526,
  "wm2max": 0.6148968533214683
}