{
  "bids_meta": {
    "AcquisitionMatrixPE": 232,
    "AcquisitionNumber": 1,
    "AcquisitionTime": "12:23:37.420000",
    "BaseResolution": 256,
    "BodyPartExamined": "BRAIN",
    "ConsistencyInfo": "N4_VE11C_LATEST_20160120",
    "ConversionSoftware": "dcm2niix",
    "ConversionSoftwareVersion": "v1.0.20181114  Clang4.0.1",
    "DeviceSerialNumber": "67007",
    "DwellTime": 8.2e-06,
    "EchoTime": 0.00298,
    "FlipAngle": 9,
    "ImageOrientationPatientDICOM": [
      -0.0436194,
      0.999048,
      0,
      0,
      0,
      -1
    ],
    "ImageType": [
      "ORIGINAL",
      "PRIMARY",
      "M",
      "ND",
      "NORM"
    ],
    "ImagingFrequency": 123.211,
    "InPlanePhaseEncodingDirectionDICOM": "ROW",
    "InstitutionAddress": "Perth_Drive_100_London_Ontario_CA_N6A_5K8",
    "InstitutionName": "Robarts-CFMM",
    "InstitutionalDepartmentName": "CFMM",
    "InversionTime": 0.9,
    "MRAcquisitionType": "3D",
    "MagneticFieldStrength": 3,
    "Manufacturer": "Siemens",
    "ManufacturersModelName": "Prisma_fit",
    "Modality": "MR",
    "PartialFourier": 1,
    "PatientPosition": "HFS",
    "PercentPhaseFOV": 90.625,
    "PhaseEncodingSteps": 231,
    "PhaseResolution": 1,
    "PixelBandwidth": 240,
    "ProcedureStepDescription": "Ansari_EnumAdapt",
    "ProtocolName": "MPRAGE_SAG_iPAT2",
    "PulseSequenceDetails": "%SiemensSeq%_tfl",
    "ReceiveCoilActiveElements": "HEA;HEP",
    "ReceiveCoilName": "Head_32",
    "ReconMatrixPE": 256,
    "RepetitionTime": 2.3,
    "SAR": 0.0715593,
    "ScanOptions": "IR",
    "ScanningSequence": "GR_IR",
    "SequenceName": "_tfl3d1_16ns",
    "SequenceVariant": "SK_SP_MP",
    "SeriesDescription": "MPRAGE_SAG_iPAT2",
    "SeriesNumber": 5,
    "ShimSetting": [
      5270,
      -6116,
      -3934,
      653,
      155,
      -68,
      -158,
      -91
    ],
    "SliceThickness": 1,
    "SoftwareVersions": "syngo_MR_E11",
    "StationName": "MRC35368",
    "TxRefAmp": 248.804,
    "dataset": "ds001848",
    "modality": "T1w",
    "session_id": "01",
    "subject_id": "20"
  },
  "cjv": 0.3514977672496827,
  "cnr": 3.798664479690723,
  "efc": 0.5429696819554486,
  "fber": 2699.9904681677785,
  "fwhm_avg": 3.5828466666666667,
  "fwhm_x": 3.63783,
  "fwhm_y": 3.75172,
  "fwhm_z": 3.35899,
  "icvs_csf": 0.21579492425582072,
  "icvs_gm": 0.4497651412062337,
  "icvs_wm": 0.33443993453794557,
  "inu_med": 0.4327850341796875,
  "inu_range": 0.11714858412742613,
  "provenance": {
    "md5sum": "fabb25146001dd0a4256c2a85eff042a",
    "settings": {
      "testing": false
    },
    "software": "mriqc",
    "version": "22.0.6",
    "warnings": {
      "large_rot_frame": true,
      "small_air_mask": false
    },
    "webapi_port": null,
    "webapi_url": "https://mriqc.nimh.nih.gov/api/v1"
  },
  "qi_1": 0.0,
  "qi_2": 0.030372075578289814,
  "rpve_csf": 25.325048399572562,
  "rpve_gm": 12.796570062090764,
  "rpve_wm": 19.433267485647264,
  "size_x": 192,
  "size_y": 232,
  "size_z": 256,
  "snr_csf": 2.846594319680541,
  "snr_gm": 12.835533627333875,
  "snr_total": 13.825039807841605,
  "snr_wm": 25.792991476510398,
  "snrd_csf": 22.86599953151098,
  "snrd_gm": 56.98853265093984,
  "snrd_total": 52.444409014590285,
  "snrd_wm": 77.47869486132004,
  "spacing_x": 1.0,
  "spacing_y": 1.0,
  "spacing_z": 1.0,
  "summary_bg_k": 1.8071029251072588,
  "summary_bg_mad": 8.45569781488601,
  "summary_bg_mean": 7.615874143595725,
  "summary_bg_median": 5.703281506896019,
  "summary_bg_n": 2715949.0,
  "summary_bg_p05": 0.0,
  "summary_bg_p95": 22.14650870859623,
  "summary_bg_stdv": 7.749930914742289,
  "summary_csf_k": 3.786313859068434,
  "summary_csf_mad": 83.29411418949401,
  "summary_csf_mean": 305.5714779044418,
  "summary_csf_median": 295.1263008341193,
  "summary_csf_n": 28998.0,
  "summary_csf_p05": 147.68166016265752,
  "summary_csf_p95": 497.11134848743677,
  "summary_csf_stdv": 103.67519179477695,
  "summary_gm_k": 0.08767046508560394,
  "summary_gm_mad": 56.93869242881034,
  "summary_gm_mean": 735.1254088755408,
  "summary_gm_median": 735.5381429120898,
  "summary_gm_n": 26624.0,
  "summary_gm_p05": 640.8470044646413,
  "summary_gm_p95": 829.3460134118795,
  "summary_gm_stdv": 57.30375929009751,
  "summary_wm_k": 0.7068528381590848,
  "summary_wm_mad": 36.01907640626768,
  "summary_wm_mean": 999.8818236621914,
  "summary_wm_median": 1000.0000470727682,
  "summary_wm_n": 166330.0,
  "summary_wm_p05": 936.0788530409336,
  "summary_wm_p95": 1062.8472465351224,
  "summary_wm_stdv": 38.770107062088435,
  "tpm_overlap_csf": 0.14750744042179273,
  "tpm_overlap_gm": 0.47527471229595925,
  "tpm_overlap_wm": 0.503741897156022,
  "wm2max": 0.46559186136735925
}