{
  "bids_meta": {
    "AcquisitionMatrixPE": 240,
    "AcquisitionNumber": 1,
    "AcquisitionTime": "14:54:4.820000",
    "BaseResolution": 256,
    "BodyPartExamined": "BRAIN",
    "ConsistencyInfo": "N4_VE11C_LATEST_20160120",
    "ConversionSoftware": "dcm2niix",
    "ConversionSoftwareVersion": "v1.0.20181114  Clang4.0.1",
    "DeviceSerialNumber": "67007",
    "DwellTime": 8.2e-06,
    "EchoTime": 0.00298,
    "FlipAngle": 9,
    "ImageOrientationPatientDICOM": [
      0,
      1,
      0,
      0,
      0,
      -1
    ],
    "ImageType": [
      "ORIGINAL",
      "PRIMARY",
      "M",
      "ND",
      "NORM"
    ],
    "ImagingFrequency": 123.211,
    "InPlanePhaseEncodingDirectionDICOM": "ROW",
    "InstitutionAddress": "Perth_Drive_100_London_Ontario_CA_N6A_5K8",
    "InstitutionName": "Robarts_Research_Institute",
    "InstitutionalDepartmentName": "CFMM",
    "InversionTime": 0.9,
    "MRAcquisitionType": "3D",
    "MagneticFieldStrength": 3,
    "Manufacturer": "Siemens",
    "ManufacturersModelName": "Prisma_fit",
    "Modality": "MR",
    "PartialFourier": 1,
    "PatientPosition": "HFS",
    "PercentPhaseFOV": 93.75,
    "PhaseEncodingSteps": 239,
    "PhaseResolution": 1,
    "PixelBandwidth": 240,
    "ProcedureStepDescription": "Ansari_EnumAdapt",
    "ProtocolName": "MPRAGE_SAG_iPAT2",
    "PulseSequenceDetails": "%SiemensSeq%_tfl",
    "ReceiveCoilActiveElements": "HEA;HEP",
    "ReceiveCoilName": "Head_32",
    "ReconMatrixPE": 256,
    "RepetitionTime": 2.3,
    "SAR": 0.0502626,
    "ScanOptions": "IR",
    "ScanningSequence": "GR_IR",
    "SequenceName": "_tfl3d1_16ns",
    "SequenceVariant": "SK_SP_MP",
    "SeriesDescription": "MPRAGE_SAG_iPAT2",
    "SeriesNumber": 6,
    "ShimSetting": [
      5246,
      -6134,
      -4114,
      361,
      -4,
      13,
      -391,
      -55
    ],
    "SliceThickness": 1,
    "SoftwareVersions": "syngo_MR_E11",
    "StationName": "MRC35368",
    "TxRefAmp": 246.95,
    "dataset": "ds001848",
    "modality": "T1w",
    "session_id": "01",
    "subject_id": "45"
  },
  "cjv": 0.33931253221076707,
  "cnr": 3.8290613837848935,
  "efc": 0.5727426311075158,
  "fber": 1285.894775390625,
  "fwhm_avg": 3.7697299999999996,
  "fwhm_x": 3.72699,
  "fwhm_y": 4.0954,
  "fwhm_z": 3.4868,
  "icvs_csf": 0.18220631063888146,
  "icvs_gm": 0.459156062427054,
  "icvs_wm": 0.3586376269340646,
  "inu_med": 0.40213632583618164,
  "inu_range": 0.0987287238240242,
  "provenance": {
    "md5sum": "d3445fea357728cc1a1abe635625594b",
    "settings": {
      "testing": false
    },
    "software": "mriqc",
    "version": "22.0.6",
    "warnings": {
      "large_rot_frame": true,
      "small_air_mask": false
    },
    "webapi_port": null,
    "webapi_url": "https://mriqc.nimh.nih.gov/api/v1"
  },
  "qi_1": 0.0,
  "qi_2": 0.008949625668761995,
  "rpve_csf": 32.43491541353384,
  "rpve_gm": 14.125185563689817,
  "rpve_wm": 20.025856578127268,
  "size_x": 192,
  "size_y": 240,
  "size_z": 256,
  "snr_csf": 2.693166299597615,
  "snr_gm": 12.369646691231752,
  "snr_total": 12.867854715253133,
  "snr_wm": 23.540751154930035,
  "snrd_csf": 20.080721802478465,
  "snrd_gm": 44.77270429926166,
  "snrd_total": 42.36551218256704,
  "snrd_wm": 62.243110445960994,
  "spacing_x": 1.0,
  "spacing_y": 1.0,
  "spacing_z": 1.0,
  "summary_bg_k": 26.572531086688635,
  "summary_bg_mad": 10.525444575365253,
  "summary_bg_mean": 10.680825221305312,
  "summary_bg_median": 7.099304482340813,
  "summary_bg_n": 2519375.0,
  "summary_bg_p05": 0.0,
  "summary_bg_p95": 34.46597821265459,
  "summary_bg_stdv": 13.682594643709582,
  "summary_csf_k": 2.249456808194344,
  "summary_csf_mad": 102.49576068349631,
  "summary_csf_mean": 332.3649009595772,
  "summary_csf_median": 322.61758675798774,
  "summary_csf_n": 20019.0,
  "summary_csf_p05": 137.43451943434775,
  "summary_csf_p95": 543.7666466284542,
  "summary_csf_stdv": 119.78819463201586,
  "summary_gm_k": 0.174293027885291,
  "summary_gm_mad": 56.10741019610026,
  "summary_gm_mean": 721.9456144523579,
  "summary_gm_median": 719.319850936532,
  "summary_gm_n": 34219.0,
  "summary_gm_p05": 629.4621220249683,
  "summary_gm_p95": 821.5441102366894,
  "summary_gm_stdv": 58.151162946046085,
  "summary_wm_k": 1.0554823886518072,
  "summary_wm_mad": 39.130886687446626,
  "summary_wm_mean": 1000.881465257064,
  "summary_wm_median": 1000.0000140387565,
  "summary_wm_n": 179939.0,
  "summary_wm_p05": 933.0146411005408,
  "summary_wm_p95": 1070.8499277234077,
  "summary_wm_stdv": 42.47941064981594,
  "tpm_overlap_csf": 0.14533951290400265,
  "tpm_overlap_gm": 0.4828977725911229,
  "tpm_overlap_wm": 0.5235118109206565,
  "wm2max": 0.6102686838335488
}