{
  "bids_meta": {
    "AcquisitionMatrixPE": 232,
    "AcquisitionNumber": 1,
    "AcquisitionTime": "16:24:48.687500",
    "BaseResolution": 256,
    "BodyPartExamined": "BRAIN",
    "ConsistencyInfo": "N4_VE11C_LATEST_20160120",
    "ConversionSoftware": "dcm2niix",
    "ConversionSoftwareVersion": "v1.0.20181114  Clang4.0.1",
    "DeviceSerialNumber": "67007",
    "DwellTime": 8.2e-06,
    "EchoTime": 0.00298,
    "FlipAngle": 9,
    "ImageOrientationPatientDICOM": [
      0,
      1,
      0,
      0,
      0,
      -1
    ],
    "ImageType": [
      "ORIGINAL",
      "PRIMARY",
      "M",
      "ND",
      "NORM"
    ],
    "ImagingFrequency": 123.211,
    "InPlanePhaseEncodingDirectionDICOM": "ROW",
    "InstitutionAddress": "Perth_Drive_100_London_Ontario_CA_N6A_5K8",
    "InstitutionName": "Robarts_Research_Institute",
    "InstitutionalDepartmentName": "CFMM",
    "InversionTime": 0.9,
    "MRAcquisitionType": "3D",
    "MagneticFieldStrength": 3,
    "Manufacturer": "Siemens",
    "ManufacturersModelName": "Prisma_fit",
    "Modality": "MR",
    "PartialFourier": 1,
    "PatientPosition": "HFS",
    "PercentPhaseFOV": 90.625,
    "PhaseEncodingSteps": 231,
    "PhaseResolution": 1,
    "PixelBandwidth": 240,
    "ProcedureStepDescription": "Ansari_EnumAdapt",
    "ProtocolName": "MPRAGE_SAG_iPAT2",
    "PulseSequenceDetails": "%SiemensSeq%_tfl",
    "ReceiveCoilActiveElements": "HEA;HEP",
    "ReceiveCoilName": "Head_32",
    "ReconMatrixPE": 256,
    "RepetitionTime": 2.3,
    "SAR": 0.0503826,
    "ScanOptions": "IR",
    "ScanningSequence": "GR_IR",
    "SequenceName": "_tfl3d1_16ns",
    "SequenceVariant": "SK_SP_MP",
    "SeriesDescription": "MPRAGE_SAG_iPAT2",
    "SeriesNumber": 5,
    "ShimSetting": [
      5227,
      -6178,
      -3922,
      574,
      -96,
      4,
      88,
      81
    ],
    "SliceThickness": 1,
    "SoftwareVersions": "syngo_MR_E11",
    "StationName": "MRC35368",
    "TxRefAmp": 233.43,
    "dataset": "ds001848",
    "modality": "T1w",
    "session_id": "01",
    "subject_id": "24"
  },
  "cjv": 0.3504506372668837,
  "cnr": 3.829890450342496,
  "efc": 0.5477615491928131,
  "fber": 3928.146992084633,
  "fwhm_avg": 3.88623,
  "fwhm_x": 3.95071,
  "fwhm_y": 4.00963,
  "fwhm_z": 3.69835,
  "icvs_csf": 0.2149615831528154,
  "icvs_gm": 0.43906655320560545,
  "icvs_wm": 0.34597186364157917,
  "inu_med": 0.43464916944503784,
  "inu_range": 0.11860871315002441,
  "provenance": {
    "md5sum": "de3fcb4d4bda258cae7d14065229b284",
    "settings": {
      "testing": false
    },
    "software": "mriqc",
    "version": "22.0.6",
    "warnings": {
      "large_rot_frame": true,
      "small_air_mask": false
    },
    "webapi_port": null,
    "webapi_url": "https://mriqc.nimh.nih.gov/api/v1"
  },
  "qi_1": 0.0,
  "qi_2": 0.0220501620088067,
  "rpve_csf": 24.47197618450956,
  "rpve_gm": 12.500643620713591,
  "rpve_wm": 17.97055422581121,
  "size_x": 192,
  "size_y": 232,
  "size_z": 256,
  "snr_csf": 2.716326547870368,
  "snr_gm": 11.890572860967083,
  "snr_total": 13.360312621284608,
  "snr_wm": 25.474038455016373,
  "snrd_csf": 34.84007957060811,
  "snrd_gm": 86.61322556356009,
  "snrd_total": 80.45921904536702,
  "snrd_wm": 119.92435200193287,
  "spacing_x": 1.0,
  "spacing_y": 1.0,
  "spacing_z": 1.0,
  "summary_bg_k": 4.145531445373291,
  "summary_bg_mad": 0.0,
  "summary_bg_mean": 4.1310201955065695,
  "summary_bg_median": 0.0,
  "summary_bg_n": 2490303.0,
  "summary_bg_p05": 0.0,
  "summary_bg_p95": 12.898602336645126,
  "summary_bg_stdv": 5.462913687485973,
  "summary_csf_k": 0.6150926145090967,
  "summary_csf_mad": 99.158870429275,
  "summary_csf_mean": 302.3148506004722,
  "summary_csf_median": 290.51713133230805,
  "summary_csf_n": 40341.0,
  "summary_csf_p05": 149.5282419025898,
  "summary_csf_p95": 503.85165377520025,
  "summary_csf_stdv": 106.95088584624014,
  "summary_gm_k": -0.03605812357271887,
  "summary_gm_mad": 60.46920402070966,
  "summary_gm_mean": 723.3035451221921,
  "summary_gm_median": 722.2321572247893,
  "summary_gm_n": 33252.0,
  "summary_gm_p05": 624.4774719234556,
  "summary_gm_p95": 825.1223971601576,
  "summary_gm_stdv": 60.73898252061912,
  "summary_wm_k": 0.8585632274182649,
  "summary_wm_mad": 36.87470494088664,
  "summary_wm_mean": 1000.0865627176157,
  "summary_wm_median": 999.9999755993485,
  "summary_wm_n": 190364.0,
  "summary_wm_p05": 936.402700189501,
  "summary_wm_p95": 1063.6271088849753,
  "summary_wm_stdv": 39.25554838172926,
  "tpm_overlap_csf": 0.15293308991863191,
  "tpm_overlap_gm": 0.4739583086296612,
  "tpm_overlap_wm": 0.5057354371909907,
  "wm2max": 0.5744732128065378
}