{
  "aor": 0.002320651041666667,
  "aqi": 0.014523401822916665,
  "bids_meta": {
    "AcquisitionMatrixPE": 84,
    "AcquisitionNumber": 1,
    "AcquisitionTime": "10:09:29.847500",
    "BandwidthPerPixelPhaseEncode": 15.664,
    "BaseResolution": 84,
    "BodyPartExamined": "BRAIN",
    "ConsistencyInfo": "N4_VE11C_LATEST_20160120",
    "ConversionSoftware": "dcm2niix",
    "ConversionSoftwareVersion": "v1.0.20181114  Clang4.0.1",
    "DerivedVendorReportedEchoSpacing": 0.000760008,
    "DeviceSerialNumber": "67007",
    "DwellTime": 3.8e-06,
    "EchoTime": 0.03,
    "EchoTrainLength": 74,
    "EffectiveEchoSpacing": 0.000760008,
    "FlipAngle": 40,
    "ImageComments": "Unaliased_MB4_PE3",
    "ImageOrientationPatientDICOM": [
      1,
      0,
      0,
      0,
      0.919135,
      -0.393942
    ],
    "ImageType": [
      "ORIGINAL",
      "PRIMARY",
      "M",
      "MB",
      "ND",
      "NORM",
      "MOSAIC"
    ],
    "ImagingFrequency": 123.211,
    "InPlanePhaseEncodingDirectionDICOM": "COL",
    "InstitutionAddress": "Perth_Drive_100_London_Ontario_CA_N6A_5K8",
    "InstitutionName": "Robarts_Research_Institute",
    "InstitutionalDepartmentName": "CFMM",
    "MRAcquisitionType": "2D",
    "MagneticFieldStrength": 3,
    "Manufacturer": "Siemens",
    "ManufacturersModelName": "Prisma_fit",
    "Modality": "MR",
    "MultibandAccelerationFactor": 4,
    "PartialFourier": 0.875,
    "PatientPosition": "HFS",
    "PercentPhaseFOV": 100,
    "PhaseEncodingDirection": "j-",
    "PhaseEncodingSteps": 74,
    "PhaseResolution": 1,
    "PixelBandwidth": 1565,
    "ProcedureStepDescription": "Ansari_EnumAdapt",
    "ProtocolName": "ep_bold_mb4_EnumAdapt",
    "PulseSequenceDetails": "%CustomerSeq%_cmrr_mbep2d_bold",
    "ReceiveCoilActiveElements": "HEA;HEP",
    "ReceiveCoilName": "Head_32",
    "ReconMatrixPE": 84,
    "RepetitionTime": 1,
    "SAR": 0.0608874,
    "ScanOptions": "PFP_FS",
    "ScanningSequence": "EP",
    "SequenceName": "epfid2d1_84",
    "SequenceVariant": "SK_SS",
    "SeriesDescription": "ep_bold_mb4_EnumAdapt",
    "SeriesNumber": 2,
    "ShimSetting": [
      5241,
      -6178,
      -3881,
      598,
      51,
      -83,
      66,
      -22
    ],
    "SliceThickness": 2.5,
    "SliceTiming": [
      0,
      0.41,
      0.8175,
      0.245,
      0.655,
      0.0825,
      0.49,
      0.9,
      0.3275,
      0.735,
      0.165,
      0.5725,
      0,
      0.41,
      0.8175,
      0.245,
      0.655,
      0.0825,
      0.49,
      0.9,
      0.3275,
      0.735,
      0.165,
      0.5725,
      0,
      0.41,
      0.8175,
      0.245,
      0.655,
      0.0825,
      0.49,
      0.9,
      0.3275,
      0.735,
      0.165,
      0.5725,
      0,
      0.41,
      0.8175,
      0.245,
      0.655,
      0.0825,
      0.49,
      0.9,
      0.3275,
      0.735,
      0.165,
      0.5725
    ],
    "SoftwareVersions": "syngo_MR_E11",
    "SpacingBetweenSlices": 2.5,
    "StationName": "MRC35368",
    "TaskName": "ParallelAdaptation",
    "TotalReadoutTime": 0.0630806,
    "TxRefAmp": 269.68,
    "WipMemBlock": "828e30d0-ffd1-489b-befd-4027f71e24d5||Sequence: R016 ve11c/master r/e634e98; Dec 19 2017 11:00:25 by eja",
    "dataset": "ds001848",
    "modality": "bold",
    "run_id": 1,
    "session_id": "01",
    "subject_id": "37",
    "task_id": "ParallelAdaptation"
  },
  "dummy_trs": 2,
  "dvars_nstd": 27.402075020208617,
  "dvars_std": 1.027002888983051,
  "dvars_vstd": 0.9566194355801817,
  "efc": 0.5448861683662032,
  "fber": 3607.712158203125,
  "fd_mean": 0.19745367821513443,
  "fd_num": 248,
  "fd_perc": 32.291666666666664,
  "fwhm_avg": 1.9314068967508067,
  "fwhm_x": 1.8567351242030536,
  "fwhm_y": 2.0522733862615223,
  "fwhm_z": 1.8852121797878436,
  "gcor": 0.0186657,
  "gsr_x": -0.010257251560688019,
  "gsr_y": 0.04174195975065231,
  "provenance": {
    "md5sum": "e45a7aca661b7f7de80134079ff32ea0",
    "settings": {
      "fd_thres": 0.2,
      "testing": false
    },
    "software": "mriqc",
    "version": "22.0.6",
    "webapi_port": null,
    "webapi_url": "https://mriqc.nimh.nih.gov/api/v1"
  },
  "size_t": 768,
  "size_x": 84,
  "size_y": 84,
  "size_z": 48,
  "snr": 4.526017842411966,
  "spacing_tr": 1.0,
  "spacing_x": 2.4761905670166016,
  "spacing_y": 2.4761905670166016,
  "spacing_z": 2.499999761581421,
  "summary_bg_k": 14.913424005107775,
  "summary_bg_mad": 37.1669312017832,
  "summary_bg_mean": 165.2176971435547,
  "summary_bg_median": 53.207454681396484,
  "summary_bg_n": 203345.0,
  "summary_bg_p05": 24.027691650390626,
  "summary_bg_p95": 688.6066284179682,
  "summary_bg_stdv": 260.68310546875,
  "summary_fg_k": 2.981277786176258,
  "summary_fg_mad": 647.1710708418499,
  "summary_fg_mean": 3357.970703125,
  "summary_fg_median": 3261.33203125,
  "summary_fg_n": 76719.0,
  "summary_fg_p05": 2418.1541748046875,
  "summary_fg_p95": 4591.974951171869,
  "summary_fg_stdv": 720.569580078125,
  "tsnr": 41.12001037597656
}