{
  "bids_meta": {
    "AcquisitionMatrixPE": 240,
    "AcquisitionNumber": 1,
    "AcquisitionTime": "12:55:36.702500",
    "BaseResolution": 256,
    "BodyPartExamined": "BRAIN",
    "ConsistencyInfo": "N4_VE11C_LATEST_20160120",
    "ConversionSoftware": "dcm2niix",
    "ConversionSoftwareVersion": "v1.0.20181114  Clang4.0.1",
    "DeviceSerialNumber": "67007",
    "DwellTime": 8.2e-06,
    "EchoTime": 0.00298,
    "FlipAngle": 9,
    "ImageOrientationPatientDICOM": [
      0,
      1,
      0,
      0,
      0,
      -1
    ],
    "ImageType": [
      "ORIGINAL",
      "PRIMARY",
      "M",
      "ND",
      "NORM"
    ],
    "ImagingFrequency": 123.211,
    "InPlanePhaseEncodingDirectionDICOM": "ROW",
    "InstitutionAddress": "Perth_Drive_100_London_Ontario_CA_N6A_5K8",
    "InstitutionName": "Robarts_Research_Institute",
    "InstitutionalDepartmentName": "CFMM",
    "InversionTime": 0.9,
    "MRAcquisitionType": "3D",
    "MagneticFieldStrength": 3,
    "Manufacturer": "Siemens",
    "ManufacturersModelName": "Prisma_fit",
    "Modality": "MR",
    "PartialFourier": 1,
    "PatientPosition": "HFS",
    "PercentPhaseFOV": 93.75,
    "PhaseEncodingSteps": 239,
    "PhaseResolution": 1,
    "PixelBandwidth": 240,
    "ProcedureStepDescription": "Ansari_EnumAdapt",
    "ProtocolName": "MPRAGE_SAG_iPAT2",
    "PulseSequenceDetails": "%SiemensSeq%_tfl",
    "ReceiveCoilActiveElements": "HEA;HEP",
    "ReceiveCoilName": "Head_32",
    "ReconMatrixPE": 256,
    "RepetitionTime": 2.3,
    "SAR": 0.0557734,
    "ScanOptions": "IR",
    "ScanningSequence": "GR_IR",
    "SequenceName": "_tfl3d1_16ns",
    "SequenceVariant": "SK_SP_MP",
    "SeriesDescription": "MPRAGE_SAG_iPAT2",
    "SeriesNumber": 5,
    "ShimSetting": [
      5242,
      -6169,
      -3906,
      426,
      -13,
      -152,
      6,
      5
    ],
    "SliceThickness": 1,
    "SoftwareVersions": "syngo_MR_E11",
    "StationName": "MRC35368",
    "TxRefAmp": 245.324,
    "dataset": "ds001848",
    "modality": "T1w",
    "session_id": "01",
    "subject_id": "31"
  },
  "cjv": 0.34808279290475314,
  "cnr": 3.7247646757198214,
  "efc": 0.5984605461524772,
  "fber": 2489.6019126324954,
  "fwhm_avg": 3.5921766666666666,
  "fwhm_x": 3.5835,
  "fwhm_y": 3.76697,
  "fwhm_z": 3.42606,
  "icvs_csf": 0.19812362094190702,
  "icvs_gm": 0.4527857525127148,
  "icvs_wm": 0.3490906265453782,
  "inu_med": 0.4384373426437378,
  "inu_range": 0.12552410066127773,
  "provenance": {
    "md5sum": "a965e33bd69af6c52997200209ef9618",
    "settings": {
      "testing": false
    },
    "software": "mriqc",
    "version": "22.0.6",
    "warnings": {
      "large_rot_frame": true,
      "small_air_mask": false
    },
    "webapi_port": null,
    "webapi_url": "https://mriqc.nimh.nih.gov/api/v1"
  },
  "qi_1": 0.0,
  "qi_2": 0.025840281667748682,
  "rpve_csf": 22.134849694168203,
  "rpve_gm": 10.55267432437834,
  "rpve_wm": 15.494817171626265,
  "size_x": 192,
  "size_y": 240,
  "size_z": 256,
  "snr_csf": 3.1311778352304174,
  "snr_gm": 13.044180075155994,
  "snr_total": 13.814590118231068,
  "snr_wm": 25.268412444306797,
  "snrd_csf": 36.33973805455969,
  "snrd_gm": 84.04259439433885,
  "snrd_total": 77.93037023988909,
  "snrd_wm": 113.40877827076874,
  "spacing_x": 1.0,
  "spacing_y": 1.0,
  "spacing_z": 1.0,
  "summary_bg_k": 2.440085803856358,
  "summary_bg_mad": 5.77676967154439,
  "summary_bg_mean": 5.684975093189194,
  "summary_bg_median": 3.8963719327002764,
  "summary_bg_n": 2406675.0,
  "summary_bg_p05": 0.0,
  "summary_bg_p95": 18.320689219981432,
  "summary_bg_stdv": 6.262179925184888,
  "summary_csf_k": 4.891077803277977,
  "summary_csf_mad": 79.38276204274575,
  "summary_csf_mean": 333.6945347276154,
  "summary_csf_median": 320.4314348362386,
  "summary_csf_n": 37371.0,
  "summary_csf_p05": 189.23207661230117,
  "summary_csf_p95": 523.4556359387934,
  "summary_csf_stdv": 102.33438166152365,
  "summary_gm_k": 0.2547584161584271,
  "summary_gm_mad": 53.521197155566895,
  "summary_gm_mean": 739.9701053108664,
  "summary_gm_median": 741.058977054432,
  "summary_gm_n": 39488.0,
  "summary_gm_p05": 643.0923169240356,
  "summary_gm_p95": 833.1436637937092,
  "summary_gm_stdv": 56.81074543446505,
  "summary_wm_k": 0.8416089321874765,
  "summary_wm_mad": 36.61171242164226,
  "summary_wm_mean": 999.930732114525,
  "summary_wm_median": 999.9999859593809,
  "summary_wm_n": 229344.0,
  "summary_wm_p05": 935.2066752109677,
  "summary_wm_p95": 1063.8127527777106,
  "summary_wm_stdv": 39.57501517081604,
  "tpm_overlap_csf": 0.16482147826325247,
  "tpm_overlap_gm": 0.47185669155323884,
  "tpm_overlap_wm": 0.5087722476035746,
  "wm2max": 0.6639597039473685
}