{
  "bids_meta": {
    "AcquisitionMatrixPE": 216,
    "AcquisitionNumber": 1,
    "AcquisitionTime": "12:19:13.867500",
    "BaseResolution": 256,
    "BodyPartExamined": "BRAIN",
    "ConsistencyInfo": "N4_VE11C_LATEST_20160120",
    "ConversionSoftware": "dcm2niix",
    "ConversionSoftwareVersion": "v1.0.20181114  Clang4.0.1",
    "DeviceSerialNumber": "67007",
    "DwellTime": 8.2e-06,
    "EchoTime": 0.00298,
    "FlipAngle": 9,
    "ImageOrientationPatientDICOM": [
      0,
      1,
      0,
      0.0296663,
      0,
      -0.99956
    ],
    "ImageType": [
      "ORIGINAL",
      "PRIMARY",
      "M",
      "ND",
      "NORM"
    ],
    "ImagingFrequency": 123.211,
    "InPlanePhaseEncodingDirectionDICOM": "ROW",
    "InstitutionAddress": "Perth_Drive_100_London_Ontario_CA_N6A_5K8",
    "InstitutionName": "Robarts-CFMM",
    "InstitutionalDepartmentName": "CFMM",
    "InversionTime": 0.9,
    "MRAcquisitionType": "3D",
    "MagneticFieldStrength": 3,
    "Manufacturer": "Siemens",
    "ManufacturersModelName": "Prisma_fit",
    "Modality": "MR",
    "PartialFourier": 1,
    "PatientPosition": "HFS",
    "PercentPhaseFOV": 84.375,
    "PhaseEncodingSteps": 215,
    "PhaseResolution": 1,
    "PixelBandwidth": 240,
    "ProcedureStepDescription": "Ansari_EnumAdapt",
    "ProtocolName": "MPRAGE_SAG_iPAT2",
    "PulseSequenceDetails": "%SiemensSeq%_tfl",
    "ReceiveCoilActiveElements": "HEA;HEP",
    "ReceiveCoilName": "Head_32",
    "ReconMatrixPE": 256,
    "RepetitionTime": 2.3,
    "SAR": 0.0433714,
    "ScanOptions": "IR",
    "ScanningSequence": "GR_IR",
    "SequenceName": "_tfl3d1_16ns",
    "SequenceVariant": "SK_SP_MP",
    "SeriesDescription": "MPRAGE_SAG_iPAT2",
    "SeriesNumber": 5,
    "ShimSetting": [
      5266,
      -6238,
      -3878,
      424,
      4,
      -258,
      149,
      -8
    ],
    "SliceThickness": 1,
    "SoftwareVersions": "syngo_MR_E11",
    "StationName": "MRC35368",
    "TxRefAmp": 229.726,
    "dataset": "ds001848",
    "modality": "T1w",
    "session_id": "01",
    "subject_id": "15"
  },
  "cjv": 0.3488995917356336,
  "cnr": 3.827072563590969,
  "efc": 0.5314856011243079,
  "fber": 3853.490269563194,
  "fwhm_avg": 3.8165533333333337,
  "fwhm_x": 3.87833,
  "fwhm_y": 3.92665,
  "fwhm_z": 3.64468,
  "icvs_csf": 0.20501739932185917,
  "icvs_gm": 0.44271087941093634,
  "icvs_wm": 0.3522717212672045,
  "inu_med": 0.39788341522216797,
  "inu_range": 0.1060790866613388,
  "provenance": {
    "md5sum": "fa039b0771c80639b0e39d5d23c74482",
    "settings": {
      "testing": false
    },
    "software": "mriqc",
    "version": "22.0.6",
    "warnings": {
      "large_rot_frame": true,
      "small_air_mask": false
    },
    "webapi_port": null,
    "webapi_url": "https://mriqc.nimh.nih.gov/api/v1"
  },
  "qi_1": 0.0,
  "qi_2": 0.01935462886005573,
  "rpve_csf": 25.511431564228918,
  "rpve_gm": 12.542196668797448,
  "rpve_wm": 18.05911185832466,
  "size_x": 192,
  "size_y": 216,
  "size_z": 256,
  "snr_csf": 2.529494201947948,
  "snr_gm": 12.250706820648647,
  "snr_total": 14.286903923282432,
  "snr_wm": 28.080510747250706,
  "snrd_csf": 40.92476480801754,
  "snrd_gm": 92.45511236209828,
  "snrd_total": 86.51376145172792,
  "snrd_wm": 126.16140718506789,
  "spacing_x": 1.0,
  "spacing_y": 1.0,
  "spacing_z": 1.0,
  "summary_bg_k": 7.365067925314049,
  "summary_bg_mad": 0.0,
  "summary_bg_mean": 3.4507096207664456,
  "summary_bg_median": 0.0,
  "summary_bg_n": 2448334.0,
  "summary_bg_p05": 0.0,
  "summary_bg_p95": 14.658551514148712,
  "summary_bg_stdv": 5.192843214354022,
  "summary_csf_k": -0.0673278784333653,
  "summary_csf_mad": 122.05802471840786,
  "summary_csf_mean": 334.0356495117051,
  "summary_csf_median": 324.38418508321047,
  "summary_csf_n": 25958.0,
  "summary_csf_p05": 123.2592983841896,
  "summary_csf_p95": 557.8630442872642,
  "summary_csf_stdv": 128.23826064613934,
  "summary_gm_k": -0.028637358717234385,
  "summary_gm_mad": 60.09591927300747,
  "summary_gm_mean": 732.9410848922898,
  "summary_gm_median": 732.8319764584303,
  "summary_gm_n": 33746.0,
  "summary_gm_p05": 634.3408501707017,
  "summary_gm_p95": 832.1197631545365,
  "summary_gm_stdv": 59.81868059122207,
  "summary_wm_k": 0.6701182656654403,
  "summary_wm_mad": 33.11889890753006,
  "summary_wm_mean": 1000.6214241893327,
  "summary_wm_median": 1000.0000110119581,
  "summary_wm_n": 179988.0,
  "summary_wm_p05": 943.692053347826,
  "summary_wm_p95": 1060.0044729709625,
  "summary_wm_stdv": 35.611789331253554,
  "tpm_overlap_csf": 0.15120564283281715,
  "tpm_overlap_gm": 0.479128657274112,
  "tpm_overlap_wm": 0.5167178834615295,
  "wm2max": 0.5448847062091957
}