{
  "bids_meta": {
    "AcquisitionMatrixPE": 248,
    "AcquisitionNumber": 1,
    "AcquisitionTime": "14:25:56.032500",
    "BaseResolution": 256,
    "BodyPartExamined": "BRAIN",
    "ConsistencyInfo": "N4_VE11C_LATEST_20160120",
    "ConversionSoftware": "dcm2niix",
    "ConversionSoftwareVersion": "v1.0.20181114  Clang4.0.1",
    "DeviceSerialNumber": "67007",
    "DwellTime": 8.2e-06,
    "EchoTime": 0.00298,
    "FlipAngle": 9,
    "ImageOrientationPatientDICOM": [
      0,
      1,
      0,
      0,
      0,
      -1
    ],
    "ImageType": [
      "ORIGINAL",
      "PRIMARY",
      "M",
      "ND",
      "NORM"
    ],
    "ImagingFrequency": 123.211,
    "InPlanePhaseEncodingDirectionDICOM": "ROW",
    "InstitutionAddress": "Perth_Drive_100_London_Ontario_CA_N6A_5K8",
    "InstitutionName": "Robarts_Research_Institute",
    "InstitutionalDepartmentName": "CFMM",
    "InversionTime": 0.9,
    "MRAcquisitionType": "3D",
    "MagneticFieldStrength": 3,
    "Manufacturer": "Siemens",
    "ManufacturersModelName": "Prisma_fit",
    "Modality": "MR",
    "PartialFourier": 1,
    "PatientPosition": "HFS",
    "PercentPhaseFOV": 96.875,
    "PhaseEncodingSteps": 247,
    "PhaseResolution": 1,
    "PixelBandwidth": 240,
    "ProcedureStepDescription": "Ansari_EnumAdapt",
    "ProtocolName": "MPRAGE_SAG_iPAT2",
    "PulseSequenceDetails": "%SiemensSeq%_tfl",
    "ReceiveCoilActiveElements": "HEA;HEP",
    "ReceiveCoilName": "Head_32",
    "ReconMatrixPE": 256,
    "RepetitionTime": 2.3,
    "SAR": 0.0884831,
    "ScanOptions": "IR",
    "ScanningSequence": "GR_IR",
    "SequenceName": "_tfl3d1_16ns",
    "SequenceVariant": "SK_SP_MP",
    "SeriesDescription": "MPRAGE_SAG_iPAT2",
    "SeriesNumber": 7,
    "ShimSetting": [
      5303,
      -6206,
      -3896,
      394,
      64,
      -170,
      -51,
      39
    ],
    "SliceThickness": 1,
    "SoftwareVersions": "syngo_MR_E11",
    "StationName": "MRC35368",
    "TxRefAmp": 293.592,
    "dataset": "ds001848",
    "modality": "T1w",
    "session_id": "01",
    "subject_id": "28"
  },
  "cjv": 0.34698783047674153,
  "cnr": 3.8088898911368623,
  "efc": 0.5804726772141298,
  "fber": 3782.25,
  "fwhm_avg": 3.8034533333333336,
  "fwhm_x": 3.83704,
  "fwhm_y": 3.94716,
  "fwhm_z": 3.62616,
  "icvs_csf": 0.2515591869005027,
  "icvs_gm": 0.4362333202288353,
  "icvs_wm": 0.31220749287066196,
  "inu_med": 0.5353604257106781,
  "inu_range": 0.16521326452493668,
  "provenance": {
    "md5sum": "f483133c5ceedae519e275cf22511758",
    "settings": {
      "testing": false
    },
    "software": "mriqc",
    "version": "22.0.6",
    "warnings": {
      "large_rot_frame": true,
      "small_air_mask": false
    },
    "webapi_port": null,
    "webapi_url": "https://mriqc.nimh.nih.gov/api/v1"
  },
  "qi_1": 0.0,
  "qi_2": 0.010368200338883735,
  "rpve_csf": 23.518852977838527,
  "rpve_gm": 13.696226123304838,
  "rpve_wm": 21.256129772277646,
  "size_x": 192,
  "size_y": 248,
  "size_z": 256,
  "snr_csf": 2.960618946447914,
  "snr_gm": 14.84571308252625,
  "snr_total": 13.407785797279168,
  "snr_wm": 22.417025362863335,
  "snrd_csf": 21.823150447677573,
  "snrd_gm": 53.069878558184925,
  "snrd_total": 48.798344952641436,
  "snrd_wm": 71.50200585206183,
  "spacing_x": 1.0,
  "spacing_y": 1.0,
  "spacing_z": 1.0,
  "summary_bg_k": 3.6735126208394044,
  "summary_bg_mad": 9.162489414680277,
  "summary_bg_mean": 9.080034770240907,
  "summary_bg_median": 6.180005196481943,
  "summary_bg_n": 3017057.0,
  "summary_bg_p05": 0.0,
  "summary_bg_p95": 27.827095221728086,
  "summary_bg_stdv": 9.549319182154408,
  "summary_csf_k": 1.5560394566575653,
  "summary_csf_mad": 85.39845106389849,
  "summary_csf_mean": 309.2206880242125,
  "summary_csf_median": 305.21031188592315,
  "summary_csf_n": 55580.0,
  "summary_csf_p05": 126.74132204055786,
  "summary_csf_p95": 482.8257098533213,
  "summary_csf_stdv": 103.08910795664823,
  "summary_gm_k": 0.4621442078982323,
  "summary_gm_mad": 47.1286057738527,
  "summary_gm_mean": 741.2602574231131,
  "summary_gm_median": 742.2152097299695,
  "summary_gm_n": 22484.0,
  "summary_gm_p05": 657.3732986113057,
  "summary_gm_p95": 820.8139498531818,
  "summary_gm_stdv": 49.99414309114729,
  "summary_wm_k": 0.5231349106410716,
  "summary_wm_mad": 42.319564368357526,
  "summary_wm_mean": 1000.2549117527454,
  "summary_wm_median": 999.9999568760395,
  "summary_wm_n": 158525.0,
  "summary_wm_p05": 927.7860840000212,
  "summary_wm_p95": 1073.374714706093,
  "summary_wm_stdv": 44.608809001535946,
  "tpm_overlap_csf": 0.15179291011480772,
  "tpm_overlap_gm": 0.45705493302788625,
  "tpm_overlap_wm": 0.4835571115588872,
  "wm2max": 0.4957262063946108
}