{
  "bids_meta": {
    "AcquisitionMatrixPE": 232,
    "AcquisitionNumber": 1,
    "AcquisitionTime": "08:59:48.665000",
    "BaseResolution": 256,
    "BodyPartExamined": "BRAIN",
    "ConsistencyInfo": "N4_VE11C_LATEST_20160120",
    "ConversionSoftware": "dcm2niix",
    "ConversionSoftwareVersion": "v1.0.20181114  Clang4.0.1",
    "DeviceSerialNumber": "67007",
    "DwellTime": 8.2e-06,
    "EchoTime": 0.00298,
    "FlipAngle": 9,
    "ImageOrientationPatientDICOM": [
      0.0749788,
      0.997185,
      0,
      0,
      0,
      -1
    ],
    "ImageType": [
      "ORIGINAL",
      "PRIMARY",
      "M",
      "ND",
      "NORM"
    ],
    "ImagingFrequency": 123.211,
    "InPlanePhaseEncodingDirectionDICOM": "ROW",
    "InstitutionAddress": "Perth_Drive_100_London_Ontario_CA_N6A_5K8",
    "InstitutionName": "Robarts_Research_Institute",
    "InstitutionalDepartmentName": "CFMM",
    "InversionTime": 0.9,
    "MRAcquisitionType": "3D",
    "MagneticFieldStrength": 3,
    "Manufacturer": "Siemens",
    "ManufacturersModelName": "Prisma_fit",
    "Modality": "MR",
    "PartialFourier": 1,
    "PatientPosition": "HFS",
    "PercentPhaseFOV": 90.625,
    "PhaseEncodingSteps": 231,
    "PhaseResolution": 1,
    "PixelBandwidth": 240,
    "ProcedureStepDescription": "Ansari_EnumAdapt",
    "ProtocolName": "MPRAGE_SAG_iPAT2",
    "PulseSequenceDetails": "%SiemensSeq%_tfl",
    "ReceiveCoilActiveElements": "HEA;HEP",
    "ReceiveCoilName": "Head_32",
    "ReconMatrixPE": 256,
    "RepetitionTime": 2.3,
    "SAR": 0.064737,
    "ScanOptions": "IR",
    "ScanningSequence": "GR_IR",
    "SequenceName": "_tfl3d1_16ns",
    "SequenceVariant": "SK_SP_MP",
    "SeriesDescription": "MPRAGE_SAG_iPAT2",
    "SeriesNumber": 5,
    "ShimSetting": [
      5260,
      -6192,
      -3902,
      430,
      130,
      -151,
      -11,
      -7
    ],
    "SliceThickness": 1,
    "SoftwareVersions": "syngo_MR_E11",
    "StationName": "MRC35368",
    "TxRefAmp": 250.915,
    "dataset": "ds001848",
    "modality": "T1w",
    "session_id": "01",
    "subject_id": "48"
  },
  "cjv": 0.35783394164846055,
  "cnr": 3.6748248353750994,
  "efc": 0.6143483814462439,
  "fber": 3933.257304882737,
  "fwhm_avg": 3.9502666666666664,
  "fwhm_x": 4.02877,
  "fwhm_y": 4.00333,
  "fwhm_z": 3.8187,
  "icvs_csf": 0.2173462671056739,
  "icvs_gm": 0.41933500899884124,
  "icvs_wm": 0.36331872389548486,
  "inu_med": 0.4009987711906433,
  "inu_range": 0.10753773450851434,
  "provenance": {
    "md5sum": "3152b66a66709664e1b04b22fc4ac150",
    "settings": {
      "testing": false
    },
    "software": "mriqc",
    "version": "22.0.6",
    "warnings": {
      "large_rot_frame": true,
      "small_air_mask": false
    },
    "webapi_port": null,
    "webapi_url": "https://mriqc.nimh.nih.gov/api/v1"
  },
  "qi_1": 0.0,
  "qi_2": 0.010703394623287524,
  "rpve_csf": 20.970155060301227,
  "rpve_gm": 11.124435766768086,
  "rpve_wm": 14.754988013124944,
  "size_x": 192,
  "size_y": 232,
  "size_z": 256,
  "snr_csf": 2.8087082861608024,
  "snr_gm": 12.179184312357995,
  "snr_total": 13.660411015741959,
  "snr_wm": 25.99334044870708,
  "snrd_csf": 35.285813467034366,
  "snrd_gm": 82.5702175377781,
  "snrd_total": 76.69121255010252,
  "snrd_wm": 112.21760664549508,
  "spacing_x": 1.0,
  "spacing_y": 1.0,
  "spacing_z": 1.0,
  "summary_bg_k": 8.676113964123658,
  "summary_bg_mad": 5.838242305763675,
  "summary_bg_mean": 5.112936417868626,
  "summary_bg_median": 3.937834594398737,
  "summary_bg_n": 2183611.0,
  "summary_bg_p05": 0.0,
  "summary_bg_p95": 16.040112914517522,
  "summary_bg_stdv": 6.226130822925944,
  "summary_csf_k": 1.9095856296516969,
  "summary_csf_mad": 95.08550635320438,
  "summary_csf_mean": 315.850782332901,
  "summary_csf_median": 314.4492184780538,
  "summary_csf_n": 53956.0,
  "summary_csf_p05": 120.28772074356675,
  "summary_csf_p95": 505.9658039766364,
  "summary_csf_stdv": 111.95406303771252,
  "summary_gm_k": 0.1336778153870708,
  "summary_gm_mad": 58.8884040574696,
  "summary_gm_mean": 736.6475548874006,
  "summary_gm_median": 735.823772309348,
  "summary_gm_n": 32638.0,
  "summary_gm_p05": 638.8480323646218,
  "summary_gm_p95": 837.1429438116959,
  "summary_gm_stdv": 60.4155812779212,
  "summary_wm_k": 0.8879311488043338,
  "summary_wm_mad": 35.652199680530174,
  "summary_wm_mean": 1000.6247668709605,
  "summary_wm_median": 1000.0262213628739,
  "summary_wm_n": 251224.0,
  "summary_wm_p05": 938.9635329190642,
  "summary_wm_p95": 1063.9241507146508,
  "summary_wm_stdv": 38.4723245950768,
  "tpm_overlap_csf": 0.15667827034431403,
  "tpm_overlap_gm": 0.45862763534516665,
  "tpm_overlap_wm": 0.5105251835108204,
  "wm2max": 0.6627405268102579
}