{
  "aor": 0.00021007822685788788,
  "aqi": 0.012667386336375486,
  "bids_meta": {
    "AcquisitionMatrixPE": 84,
    "AcquisitionNumber": 1,
    "AcquisitionTime": "13:34:56.212500",
    "BandwidthPerPixelPhaseEncode": 15.664,
    "BaseResolution": 84,
    "BodyPartExamined": "BRAIN",
    "ConsistencyInfo": "N4_VE11C_LATEST_20160120",
    "ConversionSoftware": "dcm2niix",
    "ConversionSoftwareVersion": "v1.0.20181114  Clang4.0.1",
    "DerivedVendorReportedEchoSpacing": 0.000760008,
    "DeviceSerialNumber": "67007",
    "DwellTime": 3.8e-06,
    "EchoTime": 0.03,
    "EchoTrainLength": 74,
    "EffectiveEchoSpacing": 0.000760008,
    "FlipAngle": 40,
    "ImageComments": "Unaliased_MB4_PE3",
    "ImageOrientationPatientDICOM": [
      1,
      0,
      0,
      0,
      0.898028,
      -0.439939
    ],
    "ImageType": [
      "ORIGINAL",
      "PRIMARY",
      "M",
      "MB",
      "ND",
      "NORM",
      "MOSAIC"
    ],
    "ImagingFrequency": 123.211,
    "InPlanePhaseEncodingDirectionDICOM": "COL",
    "InstitutionAddress": "Perth_Drive_100_London_Ontario_CA_N6A_5K8",
    "InstitutionName": "Robarts-CFMM",
    "InstitutionalDepartmentName": "CFMM",
    "MRAcquisitionType": "2D",
    "MagneticFieldStrength": 3,
    "Manufacturer": "Siemens",
    "ManufacturersModelName": "Prisma_fit",
    "Modality": "MR",
    "MultibandAccelerationFactor": 4,
    "PartialFourier": 0.875,
    "PatientPosition": "HFS",
    "PercentPhaseFOV": 100,
    "PhaseEncodingDirection": "j-",
    "PhaseEncodingSteps": 74,
    "PhaseResolution": 1,
    "PixelBandwidth": 1565,
    "ProcedureStepDescription": "Ansari_EnumAdapt",
    "ProtocolName": "ep_bold_mb4_EnumAdapt",
    "PulseSequenceDetails": "%CustomerSeq%_cmrr_mbep2d_bold",
    "ReceiveCoilActiveElements": "HEA;HEP",
    "ReceiveCoilName": "Head_32",
    "ReconMatrixPE": 84,
    "RepetitionTime": 1,
    "SAR": 0.0581967,
    "ScanOptions": "PFP_FS",
    "ScanningSequence": "EP",
    "SequenceName": "epfid2d1_84",
    "SequenceVariant": "SK_SS",
    "SeriesDescription": "ep_bold_mb4_EnumAdapt",
    "SeriesNumber": 2,
    "ShimSetting": [
      5266,
      -6244,
      -3862,
      510,
      68,
      225,
      -10,
      -19
    ],
    "SliceThickness": 2.5,
    "SliceTiming": [
      0,
      0.4075,
      0.815,
      0.245,
      0.6525,
      0.08,
      0.49,
      0.8975,
      0.325,
      0.735,
      0.1625,
      0.57,
      0,
      0.4075,
      0.815,
      0.245,
      0.6525,
      0.08,
      0.49,
      0.8975,
      0.325,
      0.735,
      0.1625,
      0.57,
      0,
      0.4075,
      0.815,
      0.245,
      0.6525,
      0.08,
      0.49,
      0.8975,
      0.325,
      0.735,
      0.1625,
      0.57,
      0,
      0.4075,
      0.815,
      0.245,
      0.6525,
      0.08,
      0.49,
      0.8975,
      0.325,
      0.735,
      0.1625,
      0.57
    ],
    "SoftwareVersions": "syngo_MR_E11",
    "SpacingBetweenSlices": 2.5,
    "StationName": "MRC35368",
    "TaskName": "ParallelAdaptation",
    "TotalReadoutTime": 0.0630806,
    "TxRefAmp": 265.551,
    "WipMemBlock": "bf7bde14-494c-4a73-89c6-5506c5ceb91c||Sequence: R016 ve11c/master r/e634e98; Dec 19 2017 11:00:25 by eja",
    "dataset": "ds001848",
    "modality": "bold",
    "run_id": 1,
    "session_id": "01",
    "subject_id": "17",
    "task_id": "ParallelAdaptation"
  },
  "dummy_trs": 3,
  "dvars_nstd": 30.06116487319846,
  "dvars_std": 1.08821611583551,
  "dvars_vstd": 0.9373858129765017,
  "efc": 0.5575486318306664,
  "fber": 3500.488037109375,
  "fd_mean": 0.22432146148978646,
  "fd_num": 457,
  "fd_perc": 59.58279009126467,
  "fwhm_avg": 2.125575165773276,
  "fwhm_x": 2.0586460783354656,
  "fwhm_y": 2.208727418984361,
  "fwhm_z": 2.1093520000000003,
  "gcor": 0.0057394,
  "gsr_x": -0.0008642726461403072,
  "gsr_y": 0.031025785952806473,
  "provenance": {
    "md5sum": "cd686dccc0369fdf2d028f76570b2eb6",
    "settings": {
      "fd_thres": 0.2,
      "testing": false
    },
    "software": "mriqc",
    "version": "22.0.6",
    "webapi_port": null,
    "webapi_url": "https://mriqc.nimh.nih.gov/api/v1"
  },
  "size_t": 767,
  "size_x": 84,
  "size_y": 84,
  "size_z": 48,
  "snr": 4.125185486939388,
  "spacing_tr": 1.0,
  "spacing_x": 2.4761905670166016,
  "spacing_y": 2.4761905670166016,
  "spacing_z": 2.5,
  "summary_bg_k": 30.69283987500488,
  "summary_bg_mad": 40.953391076824566,
  "summary_bg_mean": 147.43890380859375,
  "summary_bg_median": 55.39115905761719,
  "summary_bg_n": 192115.0,
  "summary_bg_p05": 23.299918937683106,
  "summary_bg_p95": 510.93440246581986,
  "summary_bg_stdv": 268.75421142578125,
  "summary_fg_k": 2.589942569626025,
  "summary_fg_mad": 742.101410401511,
  "summary_fg_mean": 3518.802978515625,
  "summary_fg_median": 3388.072509765625,
  "summary_fg_n": 87102.0,
  "summary_fg_p05": 2487.8576904296874,
  "summary_fg_p95": 5037.245849609375,
  "summary_fg_stdv": 821.3092651367188,
  "tsnr": 41.37108612060547
}