{
  "aor": 0.0002433898305084746,
  "aqi": 0.01142204625814863,
  "bids_meta": {
    "AcquisitionMatrixPE": 84,
    "AcquisitionNumber": 1,
    "AcquisitionTime": "13:48:22.007500",
    "BandwidthPerPixelPhaseEncode": 15.664,
    "BaseResolution": 84,
    "BodyPartExamined": "BRAIN",
    "ConsistencyInfo": "N4_VE11C_LATEST_20160120",
    "ConversionSoftware": "dcm2niix",
    "ConversionSoftwareVersion": "v1.0.20181114  Clang4.0.1",
    "DerivedVendorReportedEchoSpacing": 0.000760008,
    "DeviceSerialNumber": "67007",
    "DwellTime": 3.8e-06,
    "EchoTime": 0.03,
    "EchoTrainLength": 74,
    "EffectiveEchoSpacing": 0.000760008,
    "FlipAngle": 40,
    "ImageComments": "Unaliased_MB4_PE3",
    "ImageOrientationPatientDICOM": [
      1,
      0,
      0,
      0,
      0.898028,
      -0.439939
    ],
    "ImageType": [
      "ORIGINAL",
      "PRIMARY",
      "M",
      "MB",
      "ND",
      "NORM",
      "MOSAIC"
    ],
    "ImagingFrequency": 123.211,
    "InPlanePhaseEncodingDirectionDICOM": "COL",
    "InstitutionAddress": "Perth_Drive_100_London_Ontario_CA_N6A_5K8",
    "InstitutionName": "Robarts-CFMM",
    "InstitutionalDepartmentName": "CFMM",
    "MRAcquisitionType": "2D",
    "MagneticFieldStrength": 3,
    "Manufacturer": "Siemens",
    "ManufacturersModelName": "Prisma_fit",
    "Modality": "MR",
    "MultibandAccelerationFactor": 4,
    "PartialFourier": 0.875,
    "PatientPosition": "HFS",
    "PercentPhaseFOV": 100,
    "PhaseEncodingDirection": "j-",
    "PhaseEncodingSteps": 74,
    "PhaseResolution": 1,
    "PixelBandwidth": 1565,
    "ProcedureStepDescription": "Ansari_EnumAdapt",
    "ProtocolName": "ep_bold_mb4_EnumAdapt",
    "PulseSequenceDetails": "%CustomerSeq%_cmrr_mbep2d_bold",
    "ReceiveCoilActiveElements": "HEA;HEP",
    "ReceiveCoilName": "Head_32",
    "ReconMatrixPE": 84,
    "RepetitionTime": 1,
    "SAR": 0.0581967,
    "ScanOptions": "PFP_FS",
    "ScanningSequence": "EP",
    "SequenceName": "epfid2d1_84",
    "SequenceVariant": "SK_SS",
    "SeriesDescription": "ep_bold_mb4_EnumAdapt",
    "SeriesNumber": 3,
    "ShimSetting": [
      5266,
      -6244,
      -3862,
      510,
      68,
      225,
      -10,
      -19
    ],
    "SliceThickness": 2.5,
    "SliceTiming": [
      0,
      0.4075,
      0.8175,
      0.245,
      0.6525,
      0.0825,
      0.49,
      0.8975,
      0.3275,
      0.735,
      0.1625,
      0.5725,
      0,
      0.4075,
      0.8175,
      0.245,
      0.6525,
      0.0825,
      0.49,
      0.8975,
      0.3275,
      0.735,
      0.1625,
      0.5725,
      0,
      0.4075,
      0.8175,
      0.245,
      0.6525,
      0.0825,
      0.49,
      0.8975,
      0.3275,
      0.735,
      0.1625,
      0.5725,
      0,
      0.4075,
      0.8175,
      0.245,
      0.6525,
      0.0825,
      0.49,
      0.8975,
      0.3275,
      0.735,
      0.1625,
      0.5725
    ],
    "SoftwareVersions": "syngo_MR_E11",
    "SpacingBetweenSlices": 2.5,
    "StationName": "MRC35368",
    "TaskName": "ParallelAdaptation",
    "TotalReadoutTime": 0.0630806,
    "TxRefAmp": 265.551,
    "WipMemBlock": "795d9dbd-a06a-43b7-8ef9-60a9959d16d7||Sequence: R016 ve11c/master r/e634e98; Dec 19 2017 11:00:25 by eja",
    "dataset": "ds001848",
    "modality": "bold",
    "run_id": 2,
    "session_id": "01",
    "subject_id": "17",
    "task_id": "ParallelAdaptation"
  },
  "dummy_trs": 3,
  "dvars_nstd": 30.76273150737601,
  "dvars_std": 1.1135691245430819,
  "dvars_vstd": 0.9476082912010443,
  "efc": 0.5566725068740614,
  "fber": 3543.27783203125,
  "fd_mean": 0.23078638182475905,
  "fd_num": 494,
  "fd_perc": 64.40677966101696,
  "fwhm_avg": 2.129591999103399,
  "fwhm_x": 2.060003001362617,
  "fwhm_y": 2.207632995947581,
  "fwhm_z": 2.12114,
  "gcor": 0.00359783,
  "gsr_x": 0.00026083289412781596,
  "gsr_y": 0.031956784427165985,
  "provenance": {
    "md5sum": "c117e39a8651d963f4459813e3aeef24",
    "settings": {
      "fd_thres": 0.2,
      "testing": false
    },
    "software": "mriqc",
    "version": "22.0.6",
    "webapi_port": null,
    "webapi_url": "https://mriqc.nimh.nih.gov/api/v1"
  },
  "size_t": 767,
  "size_x": 84,
  "size_y": 84,
  "size_z": 48,
  "snr": 4.113567859238706,
  "spacing_tr": 1.0,
  "spacing_x": 2.4761905670166016,
  "spacing_y": 2.4761905670166016,
  "spacing_z": 2.5,
  "summary_bg_k": 30.14633277208742,
  "summary_bg_mad": 40.05530607245952,
  "summary_bg_mean": 146.3125457763672,
  "summary_bg_median": 54.9088249206543,
  "summary_bg_n": 192757.0,
  "summary_bg_p05": 23.568860244750976,
  "summary_bg_p95": 512.9827270507808,
  "summary_bg_stdv": 264.081787109375,
  "summary_fg_k": 2.3920610961136486,
  "summary_fg_mad": 742.0074808908414,
  "summary_fg_mean": 3512.532958984375,
  "summary_fg_median": 3382.26806640625,
  "summary_fg_n": 86902.0,
  "summary_fg_p05": 2473.814172363281,
  "summary_fg_p95": 5032.187402343749,
  "summary_fg_stdv": 822.2177734375,
  "tsnr": 43.96048355102539
}