{
  "bids_meta": {
    "AcquisitionMatrixPE": 248,
    "AcquisitionNumber": 1,
    "AcquisitionTime": "13:01:39.050000",
    "BaseResolution": 256,
    "BodyPartExamined": "BRAIN",
    "ConsistencyInfo": "N4_VE11C_LATEST_20160120",
    "ConversionSoftware": "dcm2niix",
    "ConversionSoftwareVersion": "v1.0.20181114  Clang4.0.1",
    "DeviceSerialNumber": "67007",
    "DwellTime": 8.2e-06,
    "EchoTime": 0.00298,
    "FlipAngle": 9,
    "ImageOrientationPatientDICOM": [
      0,
      1,
      0,
      0,
      0,
      -1
    ],
    "ImageType": [
      "ORIGINAL",
      "PRIMARY",
      "M",
      "ND",
      "NORM"
    ],
    "ImagingFrequency": 123.211,
    "InPlanePhaseEncodingDirectionDICOM": "ROW",
    "InstitutionAddress": "Perth_Drive_100_London_Ontario_CA_N6A_5K8",
    "InstitutionName": "Robarts_Research_Institute",
    "InstitutionalDepartmentName": "CFMM",
    "InversionTime": 0.9,
    "MRAcquisitionType": "3D",
    "MagneticFieldStrength": 3,
    "Manufacturer": "Siemens",
    "ManufacturersModelName": "Prisma_fit",
    "Modality": "MR",
    "PartialFourier": 1,
    "PatientPosition": "HFS",
    "PercentPhaseFOV": 96.875,
    "PhaseEncodingSteps": 247,
    "PhaseResolution": 1,
    "PixelBandwidth": 240,
    "ProcedureStepDescription": "Ansari_EnumAdapt",
    "ProtocolName": "MPRAGE_SAG_iPAT2",
    "PulseSequenceDetails": "%SiemensSeq%_tfl",
    "ReceiveCoilActiveElements": "HEA;HEP",
    "ReceiveCoilName": "Head_32",
    "ReconMatrixPE": 256,
    "RepetitionTime": 2.3,
    "SAR": 0.0649664,
    "ScanOptions": "IR",
    "ScanningSequence": "GR_IR",
    "SequenceName": "_tfl3d1_16ns",
    "SequenceVariant": "SK_SP_MP",
    "SeriesDescription": "MPRAGE_SAG_iPAT2",
    "SeriesNumber": 5,
    "ShimSetting": [
      5246,
      -6202,
      -3896,
      368,
      -6,
      -16,
      111,
      -8
    ],
    "SliceThickness": 1,
    "SoftwareVersions": "syngo_MR_E11",
    "StationName": "MRC35368",
    "TxRefAmp": 256.462,
    "dataset": "ds001848",
    "modality": "T1w",
    "session_id": "01",
    "subject_id": "52"
  },
  "cjv": 0.40237289939172305,
  "cnr": 3.388999799037616,
  "efc": 0.5865242275707894,
  "fber": 2446.3297277716897,
  "fwhm_avg": 3.8377866666666667,
  "fwhm_x": 3.78947,
  "fwhm_y": 4.09655,
  "fwhm_z": 3.62734,
  "icvs_csf": 0.23022737654114397,
  "icvs_gm": 0.4136287615317216,
  "icvs_wm": 0.35614386192713443,
  "inu_med": 0.466843917965889,
  "inu_range": 0.12220863848924635,
  "provenance": {
    "md5sum": "c410084ec7f88e2842053b37818a849b",
    "settings": {
      "testing": false
    },
    "software": "mriqc",
    "version": "22.0.6",
    "warnings": {
      "large_rot_frame": true,
      "small_air_mask": false
    },
    "webapi_port": null,
    "webapi_url": "https://mriqc.nimh.nih.gov/api/v1"
  },
  "qi_1": 0.0,
  "qi_2": 0.01351808125035699,
  "rpve_csf": 24.900192258263505,
  "rpve_gm": 14.132663423957773,
  "rpve_wm": 19.08739494474507,
  "size_x": 192,
  "size_y": 248,
  "size_z": 256,
  "snr_csf": 3.088040473287999,
  "snr_gm": 11.57509092675852,
  "snr_total": 12.323176852088473,
  "snr_wm": 22.306399156218898,
  "snrd_csf": 33.40522702578573,
  "snrd_gm": 75.25625146682626,
  "snrd_total": 70.35478013589358,
  "snrd_wm": 102.40286191506875,
  "spacing_x": 1.0,
  "spacing_y": 1.0,
  "spacing_z": 1.0,
  "summary_bg_k": 4.443652380743496,
  "summary_bg_mad": 6.397811172662247,
  "summary_bg_mean": 7.076251875595676,
  "summary_bg_median": 4.31525805965066,
  "summary_bg_n": 2653959.0,
  "summary_bg_p05": 0.0,
  "summary_bg_p95": 24.34456905350089,
  "summary_bg_stdv": 8.842408044472956,
  "summary_csf_k": 0.4725694103278397,
  "summary_csf_mad": 98.58262498756292,
  "summary_csf_mean": 326.7771619992374,
  "summary_csf_median": 326.22265331447124,
  "summary_csf_n": 39469.0,
  "summary_csf_p05": 150.96346811950207,
  "summary_csf_p95": 505.7536725886166,
  "summary_csf_stdv": 105.63932806778811,
  "summary_gm_k": -0.08151001579379624,
  "summary_gm_mad": 64.5414410122657,
  "summary_gm_mean": 733.4231442699455,
  "summary_gm_median": 734.9237295426428,
  "summary_gm_n": 27622.0,
  "summary_gm_p05": 627.0422780513763,
  "summary_gm_p95": 835.7759241946042,
  "summary_gm_stdv": 63.49068278087257,
  "summary_wm_k": 0.47997531662807,
  "summary_wm_mad": 42.128983004889136,
  "summary_wm_mean": 1001.4841278682062,
  "summary_wm_median": 1000.0271303392947,
  "summary_wm_n": 199741.0,
  "summary_wm_p05": 930.1959417387843,
  "summary_wm_p95": 1077.728915400803,
  "summary_wm_stdv": 44.83128899572966,
  "tpm_overlap_csf": 0.15785669498842764,
  "tpm_overlap_gm": 0.46143442098603266,
  "tpm_overlap_wm": 0.5191405654609224,
  "wm2max": 0.6360168467566542
}