{
  "bids_meta": {
    "AcquisitionMatrixPE": 232,
    "AcquisitionNumber": 1,
    "AcquisitionTime": "13:12:14.460000",
    "BaseResolution": 256,
    "BodyPartExamined": "BRAIN",
    "ConsistencyInfo": "N4_VE11C_LATEST_20160120",
    "ConversionSoftware": "dcm2niix",
    "ConversionSoftwareVersion": "v1.0.20181114  Clang4.0.1",
    "DeviceSerialNumber": "67007",
    "DwellTime": 8.2e-06,
    "EchoTime": 0.00298,
    "FlipAngle": 9,
    "ImageOrientationPatientDICOM": [
      0,
      1,
      0,
      0,
      0,
      -1
    ],
    "ImageType": [
      "ORIGINAL",
      "PRIMARY",
      "M",
      "ND",
      "NORM"
    ],
    "ImagingFrequency": 123.211,
    "InPlanePhaseEncodingDirectionDICOM": "ROW",
    "InstitutionAddress": "Perth_Drive_100_London_Ontario_CA_N6A_5K8",
    "InstitutionName": "Robarts_Research_Institute",
    "InstitutionalDepartmentName": "CFMM",
    "InversionTime": 0.9,
    "MRAcquisitionType": "3D",
    "MagneticFieldStrength": 3,
    "Manufacturer": "Siemens",
    "ManufacturersModelName": "Prisma_fit",
    "Modality": "MR",
    "PartialFourier": 1,
    "PatientPosition": "HFS",
    "PercentPhaseFOV": 90.625,
    "PhaseEncodingSteps": 231,
    "PhaseResolution": 1,
    "PixelBandwidth": 240,
    "ProcedureStepDescription": "Ansari_EnumAdapt",
    "ProtocolName": "MPRAGE_SAG_iPAT2",
    "PulseSequenceDetails": "%SiemensSeq%_tfl",
    "ReceiveCoilActiveElements": "HEA;HEP",
    "ReceiveCoilName": "Head_32",
    "ReconMatrixPE": 256,
    "RepetitionTime": 2.3,
    "SAR": 0.0494421,
    "ScanOptions": "IR",
    "ScanningSequence": "GR_IR",
    "SequenceName": "_tfl3d1_16ns",
    "SequenceVariant": "SK_SP_MP",
    "SeriesDescription": "MPRAGE_SAG_iPAT2",
    "SeriesNumber": 5,
    "ShimSetting": [
      5254,
      -6163,
      -3967,
      365,
      4,
      -41,
      136,
      -6
    ],
    "SliceThickness": 1,
    "SoftwareVersions": "syngo_MR_E11",
    "StationName": "MRC35368",
    "TxRefAmp": 233.722,
    "dataset": "ds001848",
    "modality": "T1w",
    "session_id": "01",
    "subject_id": "27"
  },
  "cjv": 0.36767112005411867,
  "cnr": 3.6119929731397047,
  "efc": 0.5645899764333375,
  "fber": 2209.202590851665,
  "fwhm_avg": 3.7279899999999997,
  "fwhm_x": 3.77727,
  "fwhm_y": 3.88439,
  "fwhm_z": 3.52231,
  "icvs_csf": 0.213299172220367,
  "icvs_gm": 0.44720651774612924,
  "icvs_wm": 0.3394943100335038,
  "inu_med": 0.4539171904325485,
  "inu_range": 0.13847879320383072,
  "provenance": {
    "md5sum": "29e50057e7a81a91bf358096f4514c47",
    "settings": {
      "testing": false
    },
    "software": "mriqc",
    "version": "22.0.6",
    "warnings": {
      "large_rot_frame": true,
      "small_air_mask": false
    },
    "webapi_port": null,
    "webapi_url": "https://mriqc.nimh.nih.gov/api/v1"
  },
  "qi_1": 0.0,
  "qi_2": 0.018788720147302138,
  "rpve_csf": 24.601148374403063,
  "rpve_gm": 12.381775577557756,
  "rpve_wm": 18.229037874228855,
  "size_x": 192,
  "size_y": 232,
  "size_z": 256,
  "snr_csf": 2.4429337101687367,
  "snr_gm": 12.825366117706986,
  "snr_total": 13.526658220658291,
  "snr_wm": 25.311674834099147,
  "snrd_csf": 26.71744030934841,
  "snrd_gm": 65.86260406891238,
  "snrd_total": 60.33345794330472,
  "snrd_wm": 88.42032945165336,
  "spacing_x": 1.0,
  "spacing_y": 1.0,
  "spacing_z": 1.0,
  "summary_bg_k": 3.4691203234383847,
  "summary_bg_mad": 0.0,
  "summary_bg_mean": 5.388815031311476,
  "summary_bg_median": 0.0,
  "summary_bg_n": 2680944.0,
  "summary_bg_p05": 0.0,
  "summary_bg_p95": 21.027822844684124,
  "summary_bg_stdv": 7.409341315670309,
  "summary_csf_k": 0.9894605833607453,
  "summary_csf_mad": 109.63750606767023,
  "summary_csf_mean": 313.7138747229668,
  "summary_csf_median": 302.1639987230301,
  "summary_csf_n": 32477.0,
  "summary_csf_p05": 116.03562795370817,
  "summary_csf_p95": 534.6760124891995,
  "summary_csf_stdv": 123.68708387804888,
  "summary_gm_k": 0.004613785062055786,
  "summary_gm_mad": 57.04236139365128,
  "summary_gm_mean": 744.0053912821868,
  "summary_gm_median": 744.8807812929153,
  "summary_gm_n": 31587.0,
  "summary_gm_p05": 646.842765904963,
  "summary_gm_p95": 839.4600718170404,
  "summary_gm_stdv": 58.07779547378345,
  "summary_wm_k": 1.1329711528824546,
  "summary_wm_mad": 36.75760758063447,
  "summary_wm_mean": 1000.8867513674314,
  "summary_wm_median": 1000.000000230968,
  "summary_wm_n": 179114.0,
  "summary_wm_p05": 938.3551163747907,
  "summary_wm_p95": 1065.5321235358715,
  "summary_wm_stdv": 39.507350472188165,
  "tpm_overlap_csf": 0.14796475421710945,
  "tpm_overlap_gm": 0.4738045908923395,
  "tpm_overlap_wm": 0.5126745670459482,
  "wm2max": 0.5735541000195608
}