{
  "bids_meta": {
    "AcquisitionMatrixPE": 240,
    "AcquisitionNumber": 1,
    "AcquisitionTime": "13:52:18.960000",
    "BaseResolution": 256,
    "BodyPartExamined": "BRAIN",
    "ConsistencyInfo": "N4_VE11C_LATEST_20160120",
    "ConversionSoftware": "dcm2niix",
    "ConversionSoftwareVersion": "v1.0.20181114  Clang4.0.1",
    "DeviceSerialNumber": "67007",
    "DwellTime": 8.2e-06,
    "EchoTime": 0.00298,
    "FlipAngle": 9,
    "ImageOrientationPatientDICOM": [
      0,
      1,
      0,
      0,
      0,
      -1
    ],
    "ImageType": [
      "ORIGINAL",
      "PRIMARY",
      "M",
      "ND",
      "NORM"
    ],
    "ImagingFrequency": 123.211,
    "InPlanePhaseEncodingDirectionDICOM": "ROW",
    "InstitutionAddress": "Perth_Drive_100_London_Ontario_CA_N6A_5K8",
    "InstitutionName": "Robarts_Research_Institute",
    "InstitutionalDepartmentName": "CFMM",
    "InversionTime": 0.9,
    "MRAcquisitionType": "3D",
    "MagneticFieldStrength": 3,
    "Manufacturer": "Siemens",
    "ManufacturersModelName": "Prisma_fit",
    "Modality": "MR",
    "PartialFourier": 1,
    "PatientPosition": "HFS",
    "PercentPhaseFOV": 93.75,
    "PhaseEncodingSteps": 239,
    "PhaseResolution": 1,
    "PixelBandwidth": 240,
    "ProcedureStepDescription": "Ansari_EnumAdapt",
    "ProtocolName": "MPRAGE_SAG_iPAT2",
    "PulseSequenceDetails": "%SiemensSeq%_tfl",
    "ReceiveCoilActiveElements": "HEA;HEP",
    "ReceiveCoilName": "Head_32",
    "ReconMatrixPE": 256,
    "RepetitionTime": 2.3,
    "SAR": 0.0482283,
    "ScanOptions": "IR",
    "ScanningSequence": "GR_IR",
    "SequenceName": "_tfl3d1_16ns",
    "SequenceVariant": "SK_SP_MP",
    "SeriesDescription": "MPRAGE_SAG_iPAT2",
    "SeriesNumber": 5,
    "ShimSetting": [
      5242,
      -6191,
      -3881,
      416,
      -9,
      -45,
      130,
      -8
    ],
    "SliceThickness": 1,
    "SoftwareVersions": "syngo_MR_E11",
    "StationName": "MRC35368",
    "TxRefAmp": 237.281,
    "dataset": "ds001848",
    "modality": "T1w",
    "session_id": "01",
    "subject_id": "32"
  },
  "cjv": 0.3565983179418939,
  "cnr": 3.7309347765803103,
  "efc": 0.5717079191831433,
  "fber": 1752.2209872148167,
  "fwhm_avg": 3.8457400000000006,
  "fwhm_x": 3.8386,
  "fwhm_y": 4.04562,
  "fwhm_z": 3.653,
  "icvs_csf": 0.19815264649974376,
  "icvs_gm": 0.43816729419755507,
  "icvs_wm": 0.3636800593027012,
  "inu_med": 0.4090263843536377,
  "inu_range": 0.11106057763099669,
  "provenance": {
    "md5sum": "3d4ad94b673ef1df4ec02b4d9a747f77",
    "settings": {
      "testing": false
    },
    "software": "mriqc",
    "version": "22.0.6",
    "warnings": {
      "large_rot_frame": true,
      "small_air_mask": false
    },
    "webapi_port": null,
    "webapi_url": "https://mriqc.nimh.nih.gov/api/v1"
  },
  "qi_1": 0.0,
  "qi_2": 0.014535071032362231,
  "rpve_csf": 24.526719203406792,
  "rpve_gm": 11.858826095331471,
  "rpve_wm": 16.33891447960204,
  "size_x": 192,
  "size_y": 240,
  "size_z": 256,
  "snr_csf": 2.7871742831325244,
  "snr_gm": 11.44786561379656,
  "snr_total": 13.652168646016316,
  "snr_wm": 26.721466041119864,
  "snrd_csf": 27.164502410687543,
  "snrd_gm": 68.96274353394804,
  "snrd_total": 63.76443873082629,
  "snrd_wm": 95.16607024784328,
  "spacing_x": 1.0,
  "spacing_y": 1.0,
  "spacing_z": 1.0,
  "summary_bg_k": 6.135174589255563,
  "summary_bg_mad": 6.884138449003643,
  "summary_bg_mean": 5.095607341844949,
  "summary_bg_median": 4.643280822783709,
  "summary_bg_n": 2257386.0,
  "summary_bg_p05": 0.0,
  "summary_bg_p95": 18.403660487383604,
  "summary_bg_stdv": 6.25239438668871,
  "summary_csf_k": 1.0329340632087378,
  "summary_csf_mad": 99.9456304749507,
  "summary_csf_mean": 291.0083431933642,
  "summary_csf_median": 285.4431466385722,
  "summary_csf_n": 39518.0,
  "summary_csf_p05": 141.63701137527823,
  "summary_csf_p95": 473.68751292955136,
  "summary_csf_stdv": 102.41179993104078,
  "summary_gm_k": -0.015974239061497197,
  "summary_gm_mad": 63.514970799566456,
  "summary_gm_mean": 726.6073599081984,
  "summary_gm_median": 724.6568414010108,
  "summary_gm_n": 42469.0,
  "summary_gm_p05": 625.5685507915914,
  "summary_gm_p95": 834.062027502805,
  "summary_gm_stdv": 63.299861668520535,
  "summary_wm_k": 0.9319465073956077,
  "summary_wm_mad": 34.67193817381397,
  "summary_wm_mean": 1000.7447012590459,
  "summary_wm_median": 1000.0000049360096,
  "summary_wm_n": 230394.0,
  "summary_wm_p05": 940.959164109081,
  "summary_wm_p95": 1062.4978869594634,
  "summary_wm_stdv": 37.42301538393927,
  "tpm_overlap_csf": 0.1685494240305396,
  "tpm_overlap_gm": 0.47551355897762865,
  "tpm_overlap_wm": 0.529524725626712,
  "wm2max": 0.5268302147278995
}