{
  "bids_meta": {
    "AcquisitionMatrixPE": 216,
    "AcquisitionNumber": 1,
    "AcquisitionTime": "13:38:28.052500",
    "BaseResolution": 256,
    "BodyPartExamined": "BRAIN",
    "ConsistencyInfo": "N4_VE11C_LATEST_20160120",
    "ConversionSoftware": "dcm2niix",
    "ConversionSoftwareVersion": "v1.0.20181114  Clang4.0.1",
    "DeviceSerialNumber": "67007",
    "DwellTime": 8.2e-06,
    "EchoTime": 0.00298,
    "FlipAngle": 9,
    "ImageOrientationPatientDICOM": [
      0,
      1,
      0,
      0,
      0,
      -1
    ],
    "ImageType": [
      "ORIGINAL",
      "PRIMARY",
      "M",
      "ND",
      "NORM"
    ],
    "ImagingFrequency": 123.211,
    "InPlanePhaseEncodingDirectionDICOM": "ROW",
    "InstitutionAddress": "Perth_Drive_100_London_Ontario_CA_N6A_5K8",
    "InstitutionName": "Robarts_Research_Institute",
    "InstitutionalDepartmentName": "CFMM",
    "InversionTime": 0.9,
    "MRAcquisitionType": "3D",
    "MagneticFieldStrength": 3,
    "Manufacturer": "Siemens",
    "ManufacturersModelName": "Prisma_fit",
    "Modality": "MR",
    "PartialFourier": 1,
    "PatientPosition": "HFS",
    "PercentPhaseFOV": 84.375,
    "PhaseEncodingSteps": 215,
    "PhaseResolution": 1,
    "PixelBandwidth": 240,
    "ProcedureStepDescription": "Ansari_EnumAdapt",
    "ProtocolName": "MPRAGE_SAG_iPAT2",
    "PulseSequenceDetails": "%SiemensSeq%_tfl",
    "ReceiveCoilActiveElements": "HEA;HEP",
    "ReceiveCoilName": "Head_32",
    "ReconMatrixPE": 256,
    "RepetitionTime": 2.3,
    "SAR": 0.0573961,
    "ScanOptions": "IR",
    "ScanningSequence": "GR_IR",
    "SequenceName": "_tfl3d1_16ns",
    "SequenceVariant": "SK_SP_MP",
    "SeriesDescription": "MPRAGE_SAG_iPAT2",
    "SeriesNumber": 4,
    "ShimSetting": [
      5234,
      -6221,
      -3890,
      263,
      37,
      -63,
      155,
      -31
    ],
    "SliceThickness": 1,
    "SoftwareVersions": "syngo_MR_E11",
    "StationName": "MRC35368",
    "TxRefAmp": 241.303,
    "dataset": "ds001848",
    "modality": "T1w",
    "session_id": "01",
    "subject_id": "39"
  },
  "cjv": 0.36399490999224227,
  "cnr": 3.6743016329624,
  "efc": 0.5803153856605829,
  "fber": 1678.0065512287335,
  "fwhm_avg": 3.7034233333333333,
  "fwhm_x": 3.68391,
  "fwhm_y": 3.79651,
  "fwhm_z": 3.62985,
  "icvs_csf": 0.21572328788005987,
  "icvs_gm": 0.4418689706759782,
  "icvs_wm": 0.3424077414439619,
  "inu_med": 0.41626614332199097,
  "inu_range": 0.10980395674705506,
  "provenance": {
    "md5sum": "c4ee8dda7ce5db8fff7213381c3a7ae9",
    "settings": {
      "testing": false
    },
    "software": "mriqc",
    "version": "22.0.6",
    "warnings": {
      "large_rot_frame": true,
      "small_air_mask": false
    },
    "webapi_port": null,
    "webapi_url": "https://mriqc.nimh.nih.gov/api/v1"
  },
  "qi_1": 0.0,
  "qi_2": 0.02522782008937259,
  "rpve_csf": 24.66418908805149,
  "rpve_gm": 12.506122029997828,
  "rpve_wm": 18.337482571461354,
  "size_x": 192,
  "size_y": 216,
  "size_z": 256,
  "snr_csf": 2.715742285879125,
  "snr_gm": 11.416002581663776,
  "snr_total": 13.399939324507718,
  "snr_wm": 26.068073105980254,
  "snrd_csf": 30.6074644394563,
  "snrd_gm": 72.66139260570385,
  "snrd_total": 67.7926563022147,
  "snrd_wm": 100.10911186148392,
  "spacing_x": 1.0,
  "spacing_y": 1.0,
  "spacing_z": 1.0,
  "summary_bg_k": 2.2779640607637743,
  "summary_bg_mad": 6.54422358599313,
  "summary_bg_mean": 6.792774005221947,
  "summary_bg_median": 4.414011731743813,
  "summary_bg_n": 2119936.0,
  "summary_bg_p05": 0.0,
  "summary_bg_p95": 21.306095089763403,
  "summary_bg_stdv": 7.380494021129637,
  "summary_csf_k": 0.7280236148108585,
  "summary_csf_mad": 99.73648445960684,
  "summary_csf_mean": 311.9085669567366,
  "summary_csf_median": 305.7410497907549,
  "summary_csf_n": 33174.0,
  "summary_csf_p05": 123.8172733174637,
  "summary_csf_p95": 511.82022251654394,
  "summary_csf_stdv": 112.57932801763891,
  "summary_gm_k": -0.05889948169498682,
  "summary_gm_mad": 63.63837935866397,
  "summary_gm_mean": 725.7293156717866,
  "summary_gm_median": 725.8219804018736,
  "summary_gm_n": 25484.0,
  "summary_gm_p05": 619.0410946721211,
  "summary_gm_p95": 829.4663712568581,
  "summary_gm_stdv": 63.57809875490458,
  "summary_wm_k": 0.5203832470108214,
  "summary_wm_mad": 36.161030327731275,
  "summary_wm_mean": 1000.4062109729814,
  "summary_wm_median": 1000.0000168159604,
  "summary_wm_n": 161079.0,
  "summary_wm_p05": 938.2321475185454,
  "summary_wm_p95": 1064.0031869262457,
  "summary_wm_stdv": 38.36098313360697,
  "tpm_overlap_csf": 0.1529205522237249,
  "tpm_overlap_gm": 0.4668266208174646,
  "tpm_overlap_wm": 0.5054457722100846,
  "wm2max": 0.6164660736089308
}