{
  "aor": 0.0017082727272727275,
  "aqi": 0.00992782461038961,
  "bids_meta": {
    "AcquisitionMatrixPE": 84,
    "AcquisitionNumber": 1,
    "AcquisitionTime": "12:42:56.347500",
    "BandwidthPerPixelPhaseEncode": 15.664,
    "BaseResolution": 84,
    "BodyPartExamined": "BRAIN",
    "ConsistencyInfo": "N4_VE11C_LATEST_20160120",
    "ConversionSoftware": "dcm2niix",
    "ConversionSoftwareVersion": "v1.0.20181114  Clang4.0.1",
    "DerivedVendorReportedEchoSpacing": 0.000760008,
    "DeviceSerialNumber": "67007",
    "DwellTime": 3.8e-06,
    "EchoTime": 0.03,
    "EchoTrainLength": 74,
    "EffectiveEchoSpacing": 0.000760008,
    "FlipAngle": 40,
    "ImageComments": "Unaliased_MB4_PE3",
    "ImageOrientationPatientDICOM": [
      1,
      0,
      0,
      0,
      0.909961,
      -0.414693
    ],
    "ImageType": [
      "ORIGINAL",
      "PRIMARY",
      "M",
      "MB",
      "ND",
      "NORM",
      "MOSAIC"
    ],
    "ImagingFrequency": 123.211,
    "InPlanePhaseEncodingDirectionDICOM": "COL",
    "InstitutionAddress": "Perth_Drive_100_London_Ontario_CA_N6A_5K8",
    "InstitutionName": "Robarts-CFMM",
    "InstitutionalDepartmentName": "CFMM",
    "MRAcquisitionType": "2D",
    "MagneticFieldStrength": 3,
    "Manufacturer": "Siemens",
    "ManufacturersModelName": "Prisma_fit",
    "Modality": "MR",
    "MultibandAccelerationFactor": 4,
    "PartialFourier": 0.875,
    "PatientPosition": "HFS",
    "PercentPhaseFOV": 100,
    "PhaseEncodingDirection": "j-",
    "PhaseEncodingSteps": 74,
    "PhaseResolution": 1,
    "PixelBandwidth": 1565,
    "ProcedureStepDescription": "Ansari_EnumAdapt",
    "ProtocolName": "ep_bold_mb4_EnumAdapt",
    "PulseSequenceDetails": "%CustomerSeq%_cmrr_mbep2d_bold",
    "ReceiveCoilActiveElements": "HEA;HEP",
    "ReceiveCoilName": "Head_32",
    "ReconMatrixPE": 84,
    "RepetitionTime": 1,
    "SAR": 0.0452288,
    "ScanOptions": "PFP_FS",
    "ScanningSequence": "EP",
    "SequenceName": "epfid2d1_84",
    "SequenceVariant": "SK_SS",
    "SeriesDescription": "ep_bold_mb4_EnumAdapt",
    "SeriesNumber": 2,
    "ShimSetting": [
      5209,
      -6182,
      -3917,
      774,
      -140,
      47,
      -26,
      29
    ],
    "SliceThickness": 2.5,
    "SliceTiming": [
      0,
      0.4075,
      0.815,
      0.2425,
      0.6525,
      0.08,
      0.4875,
      0.8975,
      0.325,
      0.7325,
      0.1625,
      0.57,
      0,
      0.4075,
      0.815,
      0.2425,
      0.6525,
      0.08,
      0.4875,
      0.8975,
      0.325,
      0.7325,
      0.1625,
      0.57,
      0,
      0.4075,
      0.815,
      0.2425,
      0.6525,
      0.08,
      0.4875,
      0.8975,
      0.325,
      0.7325,
      0.1625,
      0.57,
      0,
      0.4075,
      0.815,
      0.2425,
      0.6525,
      0.08,
      0.4875,
      0.8975,
      0.325,
      0.7325,
      0.1625,
      0.57
    ],
    "SoftwareVersions": "syngo_MR_E11",
    "SpacingBetweenSlices": 2.5,
    "StationName": "MRC35368",
    "TaskName": "ParallelAdaptation",
    "TotalReadoutTime": 0.0630806,
    "TxRefAmp": 232.172,
    "WipMemBlock": "203ebeef-9fa5-4dd9-be24-3ca768776e7d||Sequence: R016 ve11c/master r/e634e98; Dec 19 2017 11:00:25 by eja",
    "dataset": "ds001848",
    "modality": "bold",
    "run_id": 1,
    "session_id": "01",
    "subject_id": "21",
    "task_id": "ParallelAdaptation"
  },
  "dummy_trs": 0,
  "dvars_nstd": 29.305704506345915,
  "dvars_std": 1.235491802834851,
  "dvars_vstd": 1.0099820202080636,
  "efc": 0.5179328390613668,
  "fber": 4451.056640625,
  "fd_mean": 0.18887487250532117,
  "fd_num": 310,
  "fd_perc": 40.25974025974026,
  "fwhm_avg": 2.0697345386399477,
  "fwhm_x": 1.9723562738082494,
  "fwhm_y": 2.228479533644473,
  "fwhm_z": 2.0083678084671206,
  "gcor": 0.0368244,
  "gsr_x": -0.01259717345237732,
  "gsr_y": 0.034839920699596405,
  "provenance": {
    "md5sum": "67e14b84d3518b472c8d0d300bd01301",
    "settings": {
      "fd_thres": 0.2,
      "testing": false
    },
    "software": "mriqc",
    "version": "22.0.6",
    "webapi_port": null,
    "webapi_url": "https://mriqc.nimh.nih.gov/api/v1"
  },
  "size_t": 770,
  "size_x": 84,
  "size_y": 84,
  "size_z": 48,
  "snr": 5.020506244661936,
  "spacing_tr": 1.0,
  "spacing_x": 2.4761905670166016,
  "spacing_y": 2.4761905670166016,
  "spacing_z": 2.500000238418579,
  "summary_bg_k": 20.42005253303088,
  "summary_bg_mad": 49.26180920988681,
  "summary_bg_mean": 203.90586853027344,
  "summary_bg_median": 62.53124237060547,
  "summary_bg_n": 214182.0,
  "summary_bg_p05": 24.59012794494629,
  "summary_bg_p95": 839.3681182861324,
  "summary_bg_stdv": 363.29425048828125,
  "summary_fg_k": 4.855052520527651,
  "summary_fg_mad": 717.293522645232,
  "summary_fg_mean": 4448.22509765625,
  "summary_fg_median": 4333.86572265625,
  "summary_fg_n": 66469.0,
  "summary_fg_p05": 3354.8837890625,
  "summary_fg_p95": 5870.12392578125,
  "summary_fg_stdv": 863.226318359375,
  "tsnr": 50.224342346191406
}