{
  "bids_meta": {
    "AcquisitionMatrixPE": 248,
    "AcquisitionNumber": 1,
    "AcquisitionTime": "11:43:39.787500",
    "BaseResolution": 256,
    "BodyPartExamined": "BRAIN",
    "ConsistencyInfo": "N4_VE11C_LATEST_20160120",
    "ConversionSoftware": "dcm2niix",
    "ConversionSoftwareVersion": "v1.0.20181114  Clang4.0.1",
    "DeviceSerialNumber": "67007",
    "DwellTime": 8.2e-06,
    "EchoTime": 0.00298,
    "FlipAngle": 9,
    "ImageOrientationPatientDICOM": [
      0.045363,
      0.998971,
      0,
      0,
      0,
      -1
    ],
    "ImageType": [
      "ORIGINAL",
      "PRIMARY",
      "M",
      "ND",
      "NORM"
    ],
    "ImagingFrequency": 123.211,
    "InPlanePhaseEncodingDirectionDICOM": "ROW",
    "InstitutionAddress": "Perth_Drive_100_London_Ontario_CA_N6A_5K8",
    "InstitutionName": "Robarts_Research_Institute",
    "InstitutionalDepartmentName": "CFMM",
    "InversionTime": 0.9,
    "MRAcquisitionType": "3D",
    "MagneticFieldStrength": 3,
    "Manufacturer": "Siemens",
    "ManufacturersModelName": "Prisma_fit",
    "Modality": "MR",
    "PartialFourier": 1,
    "PatientPosition": "HFS",
    "PercentPhaseFOV": 96.875,
    "PhaseEncodingSteps": 247,
    "PhaseResolution": 1,
    "PixelBandwidth": 240,
    "ProcedureStepDescription": "Ansari_EnumAdapt",
    "ProtocolName": "MPRAGE_SAG_iPAT2",
    "PulseSequenceDetails": "%SiemensSeq%_tfl",
    "ReceiveCoilActiveElements": "HEA;HEP",
    "ReceiveCoilName": "Head_32",
    "ReconMatrixPE": 256,
    "RepetitionTime": 2.3,
    "SAR": 0.0560404,
    "ScanOptions": "IR",
    "ScanningSequence": "GR_IR",
    "SequenceName": "_tfl3d1_16ns",
    "SequenceVariant": "SK_SP_MP",
    "SeriesDescription": "MPRAGE_SAG_iPAT2",
    "SeriesNumber": 5,
    "ShimSetting": [
      5265,
      -6207,
      -3909,
      419,
      177,
      -63,
      20,
      -29
    ],
    "SliceThickness": 1,
    "SoftwareVersions": "syngo_MR_E11",
    "StationName": "MRC35368",
    "TxRefAmp": 255.937,
    "dataset": "ds001848",
    "modality": "T1w",
    "session_id": "01",
    "subject_id": "51"
  },
  "cjv": 0.3805774099514962,
  "cnr": 3.4126053304099933,
  "efc": 0.5985819093537073,
  "fber": 2291.629552549428,
  "fwhm_avg": 3.6870666666666665,
  "fwhm_x": 3.69777,
  "fwhm_y": 3.92454,
  "fwhm_z": 3.43889,
  "icvs_csf": 0.20567817186299742,
  "icvs_gm": 0.43078138243489245,
  "icvs_wm": 0.3635404457021101,
  "inu_med": 0.444807305932045,
  "inu_range": 0.13214530646800993,
  "provenance": {
    "md5sum": "20622a2b56b61d48f089a18f6c2ef14b",
    "settings": {
      "testing": false
    },
    "software": "mriqc",
    "version": "22.0.6",
    "warnings": {
      "large_rot_frame": true,
      "small_air_mask": false
    },
    "webapi_port": null,
    "webapi_url": "https://mriqc.nimh.nih.gov/api/v1"
  },
  "qi_1": 0.0,
  "qi_2": 0.02131194311894764,
  "rpve_csf": 20.824133665924766,
  "rpve_gm": 10.630393266687571,
  "rpve_wm": 14.664729278714828,
  "size_x": 192,
  "size_y": 248,
  "size_z": 256,
  "snr_csf": 3.078880754024232,
  "snr_gm": 11.763973632322225,
  "snr_total": 13.23892293656823,
  "snr_wm": 24.87391442335823,
  "snrd_csf": 27.941818454864684,
  "snrd_gm": 63.39855140859273,
  "snrd_total": 59.06935985170401,
  "snrd_wm": 85.8677096916546,
  "spacing_x": 1.0,
  "spacing_y": 1.0,
  "spacing_z": 1.0,
  "summary_bg_k": 6025.827659565376,
  "summary_bg_mad": 7.629601138041964,
  "summary_bg_mean": 8.111656513415927,
  "summary_bg_median": 5.1460877656936646,
  "summary_bg_n": 2792595.0,
  "summary_bg_p05": 0.0,
  "summary_bg_p95": 22.514133974909782,
  "summary_bg_stdv": 18.008893768110816,
  "summary_csf_k": 1.5868300856428146,
  "summary_csf_mad": 81.7923358844696,
  "summary_csf_mean": 336.50711631106304,
  "summary_csf_median": 325.40541157871485,
  "summary_csf_n": 41356.0,
  "summary_csf_p05": 165.68201975896955,
  "summary_csf_p95": 529.3868509754539,
  "summary_csf_stdv": 105.68823652273524,
  "summary_gm_k": 0.01763349805679848,
  "summary_gm_mad": 61.839925013603285,
  "summary_gm_mean": 738.5048956746953,
  "summary_gm_median": 738.3281710147858,
  "summary_gm_n": 38551.0,
  "summary_gm_p05": 633.2057860642672,
  "summary_gm_p95": 842.2825294658542,
  "summary_gm_stdv": 62.76098689405814,
  "summary_wm_k": 0.8731579152874698,
  "summary_wm_mad": 37.74644773557603,
  "summary_wm_mean": 1000.8632505097519,
  "summary_wm_median": 999.9999627321959,
  "summary_wm_n": 269672.0,
  "summary_wm_p05": 936.9603876024485,
  "summary_wm_p95": 1067.3730854541063,
  "summary_wm_stdv": 40.202683486248446,
  "tpm_overlap_csf": 0.16293439585456052,
  "tpm_overlap_gm": 0.45174444865884134,
  "tpm_overlap_wm": 0.5101002662692818,
  "wm2max": 0.5575859400071734
}