{
  "bids_meta": {
    "AcquisitionMatrixPE": 240,
    "AcquisitionNumber": 1,
    "AcquisitionTime": "15:47:48.155000",
    "BaseResolution": 256,
    "BodyPartExamined": "BRAIN",
    "ConsistencyInfo": "N4_VE11C_LATEST_20160120",
    "ConversionSoftware": "dcm2niix",
    "ConversionSoftwareVersion": "v1.0.20181114  Clang4.0.1",
    "DeviceSerialNumber": "67007",
    "DwellTime": 8.2e-06,
    "EchoTime": 0.00298,
    "FlipAngle": 9,
    "ImageOrientationPatientDICOM": [
      0,
      1,
      0,
      0,
      0,
      -1
    ],
    "ImageType": [
      "ORIGINAL",
      "PRIMARY",
      "M",
      "ND",
      "NORM"
    ],
    "ImagingFrequency": 123.211,
    "InPlanePhaseEncodingDirectionDICOM": "ROW",
    "InstitutionAddress": "Perth_Drive_100_London_Ontario_CA_N6A_5K8",
    "InstitutionName": "Robarts_Research_Institute",
    "InstitutionalDepartmentName": "CFMM",
    "InversionTime": 0.9,
    "MRAcquisitionType": "3D",
    "MagneticFieldStrength": 3,
    "Manufacturer": "Siemens",
    "ManufacturersModelName": "Prisma_fit",
    "Modality": "MR",
    "PartialFourier": 1,
    "PatientPosition": "HFS",
    "PercentPhaseFOV": 93.75,
    "PhaseEncodingSteps": 239,
    "PhaseResolution": 1,
    "PixelBandwidth": 240,
    "ProcedureStepDescription": "Ansari_EnumAdapt",
    "ProtocolName": "MPRAGE_SAG_iPAT2",
    "PulseSequenceDetails": "%SiemensSeq%_tfl",
    "ReceiveCoilActiveElements": "HEA;HEP",
    "ReceiveCoilName": "Head_32",
    "ReconMatrixPE": 256,
    "RepetitionTime": 2.3,
    "SAR": 0.059402,
    "ScanOptions": "IR",
    "ScanningSequence": "GR_IR",
    "SequenceName": "_tfl3d1_16ns",
    "SequenceVariant": "SK_SP_MP",
    "SeriesDescription": "MPRAGE_SAG_iPAT2",
    "SeriesNumber": 5,
    "ShimSetting": [
      5242,
      -6204,
      -3976,
      287,
      52,
      -108,
      92,
      26
    ],
    "SliceThickness": 1,
    "SoftwareVersions": "syngo_MR_E11",
    "StationName": "MRC35368",
    "TxRefAmp": 252.16,
    "dataset": "ds001848",
    "modality": "T1w",
    "session_id": "01",
    "subject_id": "46"
  },
  "cjv": 0.3787226266590021,
  "cnr": 3.495119344519305,
  "efc": 0.5976724330098652,
  "fber": 1890.4881501720758,
  "fwhm_avg": 4.02162,
  "fwhm_x": 4.04936,
  "fwhm_y": 4.23056,
  "fwhm_z": 3.78494,
  "icvs_csf": 0.2247401059881069,
  "icvs_gm": 0.4196293518360631,
  "icvs_wm": 0.35563054217583,
  "inu_med": 0.44261687994003296,
  "inu_range": 0.12482654452323905,
  "provenance": {
    "md5sum": "16c8c8c608eb1bbe1ba3b41f0fb4650c",
    "settings": {
      "testing": false
    },
    "software": "mriqc",
    "version": "22.0.6",
    "warnings": {
      "large_rot_frame": true,
      "small_air_mask": false
    },
    "webapi_port": null,
    "webapi_url": "https://mriqc.nimh.nih.gov/api/v1"
  },
  "qi_1": 0.0,
  "qi_2": 0.013645641479038621,
  "rpve_csf": 23.416454732703492,
  "rpve_gm": 12.786557767568487,
  "rpve_wm": 17.18371299023237,
  "size_x": 192,
  "size_y": 240,
  "size_z": 256,
  "snr_csf": 3.0167953164695254,
  "snr_gm": 12.271986142667835,
  "snr_total": 12.990521075016566,
  "snr_wm": 23.68278176591234,
  "snrd_csf": 20.71355419977991,
  "snrd_gm": 53.13103086022882,
  "snrd_total": 48.54022698892151,
  "snrd_wm": 71.7760959067558,
  "spacing_x": 1.0,
  "spacing_y": 1.0,
  "spacing_z": 1.0,
  "summary_bg_k": 3.9442124109121526,
  "summary_bg_mad": 9.127805396606549,
  "summary_bg_mean": 9.152388043565523,
  "summary_bg_median": 6.156611181795597,
  "summary_bg_n": 2356683.0,
  "summary_bg_p05": 0.0,
  "summary_bg_p95": 29.88452346622944,
  "summary_bg_stdv": 10.134934227680596,
  "summary_csf_k": 1.9972520777546716,
  "summary_csf_mad": 72.03565340024628,
  "summary_csf_mean": 301.69756539705566,
  "summary_csf_median": 288.59530901908875,
  "summary_csf_n": 57685.0,
  "summary_csf_p05": 156.81720654517414,
  "summary_csf_p95": 480.08255626261234,
  "summary_csf_stdv": 95.66204440736851,
  "summary_gm_k": 0.08019190637215301,
  "summary_gm_mad": 58.91134942458496,
  "summary_gm_mean": 740.401922826538,
  "summary_gm_median": 740.2576169073582,
  "summary_gm_n": 28702.0,
  "summary_gm_p05": 640.7201896384358,
  "summary_gm_p95": 840.6253547113388,
  "summary_gm_stdv": 60.31987916330827,
  "summary_wm_k": 1.0061522275287658,
  "summary_wm_mad": 39.47159090424453,
  "summary_wm_mean": 1001.0635583493445,
  "summary_wm_median": 1000.0333297997713,
  "summary_wm_n": 224499.0,
  "summary_wm_p05": 934.4737404584885,
  "summary_wm_p95": 1070.9508348181844,
  "summary_wm_stdv": 42.22608274763716,
  "tpm_overlap_csf": 0.15351129211490297,
  "tpm_overlap_gm": 0.4699181820704652,
  "tpm_overlap_wm": 0.5213098706011301,
  "wm2max": 0.5145812284877648
}