{
  "aor": 0.0006228366013071895,
  "aqi": 0.013905024862745098,
  "bids_meta": {
    "AcquisitionMatrixPE": 84,
    "AcquisitionNumber": 1,
    "AcquisitionTime": "11:03:5.962500",
    "BandwidthPerPixelPhaseEncode": 15.664,
    "BaseResolution": 84,
    "BodyPartExamined": "BRAIN",
    "ConsistencyInfo": "N4_VE11C_LATEST_20160120",
    "ConversionSoftware": "dcm2niix",
    "ConversionSoftwareVersion": "v1.0.20181114  Clang4.0.1",
    "DerivedVendorReportedEchoSpacing": 0.000760008,
    "DeviceSerialNumber": "67007",
    "DwellTime": 3.8e-06,
    "EchoTime": 0.03,
    "EchoTrainLength": 74,
    "EffectiveEchoSpacing": 0.000760008,
    "FlipAngle": 40,
    "ImageComments": "Unaliased_MB4_PE3",
    "ImageOrientationPatientDICOM": [
      1,
      0,
      0,
      0,
      0.928486,
      -0.371368
    ],
    "ImageType": [
      "ORIGINAL",
      "PRIMARY",
      "M",
      "MB",
      "ND",
      "NORM",
      "MOSAIC"
    ],
    "ImagingFrequency": 123.211,
    "InPlanePhaseEncodingDirectionDICOM": "COL",
    "InstitutionAddress": "Perth_Drive_100_London_Ontario_CA_N6A_5K8",
    "InstitutionName": "Robarts_Research_Institute",
    "InstitutionalDepartmentName": "CFMM",
    "MRAcquisitionType": "2D",
    "MagneticFieldStrength": 3,
    "Manufacturer": "Siemens",
    "ManufacturersModelName": "Prisma_fit",
    "Modality": "MR",
    "MultibandAccelerationFactor": 4,
    "PartialFourier": 0.875,
    "PatientPosition": "HFS",
    "PercentPhaseFOV": 100,
    "PhaseEncodingDirection": "j-",
    "PhaseEncodingSteps": 74,
    "PhaseResolution": 1,
    "PixelBandwidth": 1565,
    "ProcedureStepDescription": "Ansari_EnumAdapt",
    "ProtocolName": "ep_bold_mb4_EnumAdapt",
    "PulseSequenceDetails": "%CustomerSeq%_cmrr_mbep2d_bold",
    "ReceiveCoilActiveElements": "HEA;HEP",
    "ReceiveCoilName": "Head_32",
    "ReconMatrixPE": 84,
    "RepetitionTime": 1,
    "SAR": 0.0564083,
    "ScanOptions": "PFP_FS",
    "ScanningSequence": "EP",
    "SequenceName": "epfid2d1_84",
    "SequenceVariant": "SK_SS",
    "SeriesDescription": "ep_bold_mb4_EnumAdapt",
    "SeriesNumber": 2,
    "ShimSetting": [
      5251,
      -6220,
      -3936,
      623,
      232,
      122,
      25,
      -35
    ],
    "SliceThickness": 2.5,
    "SliceTiming": [
      0,
      0.4075,
      0.815,
      0.245,
      0.6525,
      0.08,
      0.49,
      0.8975,
      0.325,
      0.735,
      0.1625,
      0.57,
      0,
      0.4075,
      0.815,
      0.245,
      0.6525,
      0.08,
      0.49,
      0.8975,
      0.325,
      0.735,
      0.1625,
      0.57,
      0,
      0.4075,
      0.815,
      0.245,
      0.6525,
      0.08,
      0.49,
      0.8975,
      0.325,
      0.735,
      0.1625,
      0.57,
      0,
      0.4075,
      0.815,
      0.245,
      0.6525,
      0.08,
      0.49,
      0.8975,
      0.325,
      0.735,
      0.1625,
      0.57
    ],
    "SoftwareVersions": "syngo_MR_E11",
    "SpacingBetweenSlices": 2.5,
    "StationName": "MRC35368",
    "TaskName": "ParallelAdaptation",
    "TotalReadoutTime": 0.0630806,
    "TxRefAmp": 255.937,
    "WipMemBlock": "3b7af9ca-5702-4c50-88bf-9f0893fb9cd0||Sequence: R016 ve11c/master r/e634e98; Dec 19 2017 11:00:25 by eja",
    "dataset": "ds001848",
    "modality": "bold",
    "run_id": 1,
    "session_id": "01",
    "subject_id": "51",
    "task_id": "ParallelAdaptation"
  },
  "dummy_trs": 5,
  "dvars_nstd": 26.492123466557622,
  "dvars_std": 1.0845190294371725,
  "dvars_vstd": 0.9515537538743455,
  "efc": 0.5824091387314526,
  "fber": 4207.1318359375,
  "fd_mean": 0.11676842545697393,
  "fd_num": 45,
  "fd_perc": 5.882352941176471,
  "fwhm_avg": 2.0223566889365574,
  "fwhm_x": 1.8922574305924111,
  "fwhm_y": 2.155136828828555,
  "fwhm_z": 2.0196758073887056,
  "gcor": 0.0185351,
  "gsr_x": 0.0033812217880040407,
  "gsr_y": 0.052492208778858185,
  "provenance": {
    "md5sum": "6c91f38ac36974715f6d69ee1a11ca50",
    "settings": {
      "fd_thres": 0.2,
      "testing": false
    },
    "software": "mriqc",
    "version": "22.0.6",
    "webapi_port": null,
    "webapi_url": "https://mriqc.nimh.nih.gov/api/v1"
  },
  "size_t": 765,
  "size_x": 84,
  "size_y": 84,
  "size_z": 48,
  "snr": 4.800935493015829,
  "spacing_tr": 1.0,
  "spacing_x": 2.4761905670166016,
  "spacing_y": 2.4761908054351807,
  "spacing_z": 2.500000238418579,
  "summary_bg_k": 16.214951265079705,
  "summary_bg_mad": 39.50859989779276,
  "summary_bg_mean": 193.32386779785156,
  "summary_bg_median": 58.29541015625,
  "summary_bg_n": 186991.0,
  "summary_bg_p05": 25.992198944091797,
  "summary_bg_p95": 838.6638793945312,
  "summary_bg_stdv": 343.9166564941406,
  "summary_fg_k": 3.7013740232860126,
  "summary_fg_mad": 714.2318549535255,
  "summary_fg_mean": 3997.8984375,
  "summary_fg_median": 3894.615234375,
  "summary_fg_n": 92746.0,
  "summary_fg_p05": 2968.5916137695312,
  "summary_fg_p95": 5345.1865234375,
  "summary_fg_stdv": 811.2156982421875,
  "tsnr": 44.636192321777344
}