{
  "aor": 0.0003366057441253264,
  "aqi": 0.005594312284595299,
  "bids_meta": {
    "AcquisitionMatrixPE": 84,
    "AcquisitionNumber": 1,
    "AcquisitionTime": "11:46:24.935000",
    "BandwidthPerPixelPhaseEncode": 15.664,
    "BaseResolution": 84,
    "BodyPartExamined": "BRAIN",
    "ConsistencyInfo": "N4_VE11C_LATEST_20160120",
    "ConversionSoftware": "dcm2niix",
    "ConversionSoftwareVersion": "v1.0.20181114  Clang4.0.1",
    "DerivedVendorReportedEchoSpacing": 0.000760008,
    "DeviceSerialNumber": "67007",
    "DwellTime": 3.8e-06,
    "EchoTime": 0.03,
    "EchoTrainLength": 74,
    "EffectiveEchoSpacing": 0.000760008,
    "FlipAngle": 40,
    "ImageComments": "Unaliased_MB4_PE3",
    "ImageOrientationPatientDICOM": [
      1,
      0,
      0,
      0,
      0.899558,
      -0.436802
    ],
    "ImageType": [
      "ORIGINAL",
      "PRIMARY",
      "M",
      "MB",
      "ND",
      "NORM",
      "MOSAIC"
    ],
    "ImagingFrequency": 123.211,
    "InPlanePhaseEncodingDirectionDICOM": "COL",
    "InstitutionAddress": "Perth_Drive_100_London_Ontario_CA_N6A_5K8",
    "InstitutionName": "Robarts_Research_Institute",
    "InstitutionalDepartmentName": "CFMM",
    "MRAcquisitionType": "2D",
    "MagneticFieldStrength": 3,
    "Manufacturer": "Siemens",
    "ManufacturersModelName": "Prisma_fit",
    "Modality": "MR",
    "MultibandAccelerationFactor": 4,
    "PartialFourier": 0.875,
    "PatientPosition": "HFS",
    "PercentPhaseFOV": 100,
    "PhaseEncodingDirection": "j-",
    "PhaseEncodingSteps": 74,
    "PhaseResolution": 1,
    "PixelBandwidth": 1565,
    "ProcedureStepDescription": "Ansari_EnumAdapt",
    "ProtocolName": "ep_bold_mb4_EnumAdapt",
    "PulseSequenceDetails": "%CustomerSeq%_cmrr_mbep2d_bold",
    "ReceiveCoilActiveElements": "HEA;HEP",
    "ReceiveCoilName": "Head_32",
    "ReconMatrixPE": 84,
    "RepetitionTime": 1,
    "SAR": 0.0484062,
    "ScanOptions": "PFP_FS",
    "ScanningSequence": "EP",
    "SequenceName": "epfid2d1_84",
    "SequenceVariant": "SK_SS",
    "SeriesDescription": "ep_bold_mb4_EnumAdapt",
    "SeriesNumber": 3,
    "ShimSetting": [
      5239,
      -6187,
      -3907,
      672,
      20,
      59,
      52,
      41
    ],
    "SliceThickness": 2.5,
    "SliceTiming": [
      0,
      0.4075,
      0.815,
      0.245,
      0.6525,
      0.08,
      0.49,
      0.8975,
      0.325,
      0.735,
      0.1625,
      0.57,
      0,
      0.4075,
      0.815,
      0.245,
      0.6525,
      0.08,
      0.49,
      0.8975,
      0.325,
      0.735,
      0.1625,
      0.57,
      0,
      0.4075,
      0.815,
      0.245,
      0.6525,
      0.08,
      0.49,
      0.8975,
      0.325,
      0.735,
      0.1625,
      0.57,
      0,
      0.4075,
      0.815,
      0.245,
      0.6525,
      0.08,
      0.49,
      0.8975,
      0.325,
      0.735,
      0.1625,
      0.57
    ],
    "SoftwareVersions": "syngo_MR_E11",
    "SpacingBetweenSlices": 2.5,
    "StationName": "MRC35368",
    "TaskName": "ParallelAdaptation",
    "TotalReadoutTime": 0.0630806,
    "TxRefAmp": 238.705,
    "WipMemBlock": "68b6f6ac-0a95-4269-af74-5a2cf3b5381f||Sequence: R016 ve11c/master r/e634e98; Dec 19 2017 11:00:25 by eja",
    "dataset": "ds001848",
    "modality": "bold",
    "run_id": 2,
    "session_id": "01",
    "subject_id": "26",
    "task_id": "ParallelAdaptation"
  },
  "dummy_trs": 4,
  "dvars_nstd": 25.380214374418312,
  "dvars_std": 1.1669873584967327,
  "dvars_vstd": 1.0036717676862745,
  "efc": 0.5214599404867722,
  "fber": 5924.47509765625,
  "fd_mean": 0.16069096027333676,
  "fd_num": 254,
  "fd_perc": 33.15926892950392,
  "fwhm_avg": 1.8264961605849575,
  "fwhm_x": 1.790229742027072,
  "fwhm_y": 1.8529147397278,
  "fwhm_z": 1.836344,
  "gcor": 0.0110886,
  "gsr_x": -0.0037251687608659267,
  "gsr_y": 0.035405322909355164,
  "provenance": {
    "md5sum": "ae93ba4121d0d8573d1fd2857da5ad3e",
    "settings": {
      "fd_thres": 0.2,
      "testing": false
    },
    "software": "mriqc",
    "version": "22.0.6",
    "webapi_port": null,
    "webapi_url": "https://mriqc.nimh.nih.gov/api/v1"
  },
  "size_t": 766,
  "size_x": 84,
  "size_y": 84,
  "size_z": 48,
  "snr": 5.056769025392095,
  "spacing_tr": 1.0,
  "spacing_x": 2.4761905670166016,
  "spacing_y": 2.4761905670166016,
  "spacing_z": 2.5,
  "summary_bg_k": 25.681920797042732,
  "summary_bg_mad": 32.1284751625724,
  "summary_bg_mean": 153.24488830566406,
  "summary_bg_median": 50.38719177246094,
  "summary_bg_n": 207626.0,
  "summary_bg_p05": 24.141221523284912,
  "summary_bg_p95": 669.5814514160156,
  "summary_bg_stdv": 290.42193603515625,
  "summary_fg_k": 3.882362502714771,
  "summary_fg_mad": 661.340310379084,
  "summary_fg_mean": 4077.116455078125,
  "summary_fg_median": 3970.17041015625,
  "summary_fg_n": 73256.0,
  "summary_fg_p05": 3079.9219970703125,
  "summary_fg_p95": 5412.431640625,
  "summary_fg_stdv": 785.1146240234375,
  "tsnr": 65.377685546875
}