{
  "aor": 0.0005627734375,
  "aqi": 0.011863849088541668,
  "bids_meta": {
    "AcquisitionMatrixPE": 84,
    "AcquisitionNumber": 1,
    "AcquisitionTime": "12:35:26.217500",
    "BandwidthPerPixelPhaseEncode": 15.664,
    "BaseResolution": 84,
    "BodyPartExamined": "BRAIN",
    "ConsistencyInfo": "N4_VE11C_LATEST_20160120",
    "ConversionSoftware": "dcm2niix",
    "ConversionSoftwareVersion": "v1.0.20181114  Clang4.0.1",
    "DerivedVendorReportedEchoSpacing": 0.000760008,
    "DeviceSerialNumber": "67007",
    "DwellTime": 3.8e-06,
    "EchoTime": 0.03,
    "EchoTrainLength": 74,
    "EffectiveEchoSpacing": 0.000760008,
    "FlipAngle": 40,
    "ImageComments": "Unaliased_MB4_PE3",
    "ImageOrientationPatientDICOM": [
      1,
      0,
      0,
      0,
      0.890213,
      -0.455545
    ],
    "ImageType": [
      "ORIGINAL",
      "PRIMARY",
      "M",
      "MB",
      "ND",
      "NORM",
      "MOSAIC"
    ],
    "ImagingFrequency": 123.211,
    "InPlanePhaseEncodingDirectionDICOM": "COL",
    "InstitutionAddress": "Perth_Drive_100_London_Ontario_CA_N6A_5K8",
    "InstitutionName": "Robarts-CFMM",
    "InstitutionalDepartmentName": "CFMM",
    "MRAcquisitionType": "2D",
    "MagneticFieldStrength": 3,
    "Manufacturer": "Siemens",
    "ManufacturersModelName": "Prisma_fit",
    "Modality": "MR",
    "MultibandAccelerationFactor": 4,
    "PartialFourier": 0.875,
    "PatientPosition": "HFS",
    "PercentPhaseFOV": 100,
    "PhaseEncodingDirection": "j-",
    "PhaseEncodingSteps": 74,
    "PhaseResolution": 1,
    "PixelBandwidth": 1565,
    "ProcedureStepDescription": "Ansari_EnumAdapt",
    "ProtocolName": "ep_bold_mb4_EnumAdapt",
    "PulseSequenceDetails": "%CustomerSeq%_cmrr_mbep2d_bold",
    "ReceiveCoilActiveElements": "HEA;HEP",
    "ReceiveCoilName": "Head_32",
    "ReconMatrixPE": 84,
    "RepetitionTime": 1,
    "SAR": 0.0634606,
    "ScanOptions": "PFP_FS",
    "ScanningSequence": "EP",
    "SequenceName": "epfid2d1_84",
    "SequenceVariant": "SK_SS",
    "SeriesDescription": "ep_bold_mb4_EnumAdapt",
    "SeriesNumber": 2,
    "ShimSetting": [
      5234,
      -6205,
      -3951,
      594,
      50,
      46,
      109,
      4
    ],
    "SliceThickness": 2.5,
    "SliceTiming": [
      0,
      0.4075,
      0.815,
      0.245,
      0.6525,
      0.08,
      0.49,
      0.8975,
      0.325,
      0.7325,
      0.1625,
      0.57,
      0,
      0.4075,
      0.815,
      0.245,
      0.6525,
      0.08,
      0.49,
      0.8975,
      0.325,
      0.7325,
      0.1625,
      0.57,
      0,
      0.4075,
      0.815,
      0.245,
      0.6525,
      0.08,
      0.49,
      0.8975,
      0.325,
      0.7325,
      0.1625,
      0.57,
      0,
      0.4075,
      0.815,
      0.245,
      0.6525,
      0.08,
      0.49,
      0.8975,
      0.325,
      0.7325,
      0.1625,
      0.57
    ],
    "SoftwareVersions": "syngo_MR_E11",
    "SpacingBetweenSlices": 2.5,
    "StationName": "MRC35368",
    "TaskName": "ParallelAdaptation",
    "TotalReadoutTime": 0.0630806,
    "TxRefAmp": 247.551,
    "WipMemBlock": "79b1180a-ecab-44f0-a22e-14bda0a5292a||Sequence: R016 ve11c/master r/e634e98; Dec 19 2017 11:00:25 by eja",
    "dataset": "ds001848",
    "modality": "bold",
    "run_id": 1,
    "session_id": "01",
    "subject_id": "16",
    "task_id": "ParallelAdaptation"
  },
  "dummy_trs": 2,
  "dvars_nstd": 25.842290860756194,
  "dvars_std": 1.089823199243807,
  "dvars_vstd": 0.959338047835722,
  "efc": 0.5372673867978689,
  "fber": 3527.853271484375,
  "fd_mean": 0.1100506437821694,
  "fd_num": 17,
  "fd_perc": 2.2135416666666665,
  "fwhm_avg": 2.024045218926899,
  "fwhm_x": 1.9390914673360875,
  "fwhm_y": 2.1752081894446085,
  "fwhm_z": 1.957836,
  "gcor": 0.00856981,
  "gsr_x": -0.017249975353479385,
  "gsr_y": 0.0385296493768692,
  "provenance": {
    "md5sum": "c51989e2f87e0b09d76873f88d31601c",
    "settings": {
      "fd_thres": 0.2,
      "testing": false
    },
    "software": "mriqc",
    "version": "22.0.6",
    "webapi_port": null,
    "webapi_url": "https://mriqc.nimh.nih.gov/api/v1"
  },
  "size_t": 768,
  "size_x": 84,
  "size_y": 84,
  "size_z": 48,
  "snr": 5.133615923795075,
  "spacing_tr": 1.0,
  "spacing_x": 2.4761905670166016,
  "spacing_y": 2.4761905670166016,
  "spacing_z": 2.5,
  "summary_bg_k": 15.74095261032215,
  "summary_bg_mad": 36.32660198757692,
  "summary_bg_mean": 177.71456909179688,
  "summary_bg_median": 55.77902603149414,
  "summary_bg_n": 208602.0,
  "summary_bg_p05": 26.16785192489624,
  "summary_bg_p95": 777.6081665039045,
  "summary_bg_stdv": 299.57598876953125,
  "summary_fg_k": 4.741322771811615,
  "summary_fg_mad": 569.646104885475,
  "summary_fg_mean": 3493.457763671875,
  "summary_fg_median": 3429.99609375,
  "summary_fg_n": 71255.0,
  "summary_fg_p05": 2626.927905273438,
  "summary_fg_p95": 4536.791601562501,
  "summary_fg_stdv": 668.1395874023438,
  "tsnr": 47.55340576171875
}