{
  "bids_meta": {
    "AcquisitionMatrixPE": 224,
    "AcquisitionNumber": 1,
    "AcquisitionTime": "10:45:57.027500",
    "BaseResolution": 256,
    "BodyPartExamined": "BRAIN",
    "ConsistencyInfo": "N4_VE11C_LATEST_20160120",
    "ConversionSoftware": "dcm2niix",
    "ConversionSoftwareVersion": "v1.0.20181114  Clang4.0.1",
    "DeviceSerialNumber": "67007",
    "DwellTime": 8.2e-06,
    "EchoTime": 0.00298,
    "FlipAngle": 9,
    "ImageOrientationPatientDICOM": [
      0,
      1,
      0,
      0,
      0,
      -1
    ],
    "ImageType": [
      "ORIGINAL",
      "PRIMARY",
      "M",
      "ND",
      "NORM"
    ],
    "ImagingFrequency": 123.211,
    "InPlanePhaseEncodingDirectionDICOM": "ROW",
    "InstitutionAddress": "Perth_Drive_100_London_Ontario_CA_N6A_5K8",
    "InstitutionName": "Robarts_Research_Institute",
    "InstitutionalDepartmentName": "CFMM",
    "InversionTime": 0.9,
    "MRAcquisitionType": "3D",
    "MagneticFieldStrength": 3,
    "Manufacturer": "Siemens",
    "ManufacturersModelName": "Prisma_fit",
    "Modality": "MR",
    "PartialFourier": 1,
    "PatientPosition": "HFS",
    "PercentPhaseFOV": 87.5,
    "PhaseEncodingSteps": 223,
    "PhaseResolution": 1,
    "PixelBandwidth": 240,
    "ProcedureStepDescription": "Ansari_EnumAdapt",
    "ProtocolName": "MPRAGE_SAG_iPAT2",
    "PulseSequenceDetails": "%SiemensSeq%_tfl",
    "ReceiveCoilActiveElements": "HEA;HEP",
    "ReceiveCoilName": "Head_32",
    "ReconMatrixPE": 256,
    "RepetitionTime": 2.3,
    "SAR": 0.0524532,
    "ScanOptions": "IR",
    "ScanningSequence": "GR_IR",
    "SequenceName": "_tfl3d1_16ns",
    "SequenceVariant": "SK_SP_MP",
    "SeriesDescription": "MPRAGE_SAG_iPAT2",
    "SeriesNumber": 5,
    "ShimSetting": [
      5246,
      -6216,
      -3897,
      500,
      21,
      -211,
      159,
      -63
    ],
    "SliceThickness": 1,
    "SoftwareVersions": "syngo_MR_E11",
    "StationName": "MRC35368",
    "TxRefAmp": 245.105,
    "dataset": "ds001848",
    "modality": "T1w",
    "session_id": "01",
    "subject_id": "50"
  },
  "cjv": 0.3213888342149229,
  "cnr": 4.112590796995276,
  "efc": 0.5585315804642424,
  "fber": 3181.50905023886,
  "fwhm_avg": 3.988813333333333,
  "fwhm_x": 4.09837,
  "fwhm_y": 4.1296,
  "fwhm_z": 3.73847,
  "icvs_csf": 0.25550507423990804,
  "icvs_gm": 0.41814965712157326,
  "icvs_wm": 0.3263452686385187,
  "inu_med": 0.44663313031196594,
  "inu_range": 0.1265256479382515,
  "provenance": {
    "md5sum": "52b34e67d9311099953465e95a4e8bd1",
    "settings": {
      "testing": false
    },
    "software": "mriqc",
    "version": "22.0.6",
    "warnings": {
      "large_rot_frame": true,
      "small_air_mask": false
    },
    "webapi_port": null,
    "webapi_url": "https://mriqc.nimh.nih.gov/api/v1"
  },
  "qi_1": 0.0,
  "qi_2": 0.03224796456789973,
  "rpve_csf": 20.54815314460505,
  "rpve_gm": 12.3566877387666,
  "rpve_wm": 17.953867159870615,
  "size_x": 192,
  "size_y": 224,
  "size_z": 256,
  "snr_csf": 2.7868264833513994,
  "snr_gm": 13.153353614955474,
  "snr_total": 14.149529144820994,
  "snr_wm": 26.5084073361561,
  "snrd_csf": 28.92297266893292,
  "snrd_gm": 82.07100627366019,
  "snrd_total": 74.78866166257596,
  "snrd_wm": 113.37200604513478,
  "spacing_x": 1.0,
  "spacing_y": 1.0,
  "spacing_z": 1.0,
  "summary_bg_k": 202.06680046994146,
  "summary_bg_mad": 5.778643532086064,
  "summary_bg_mean": 6.257966417189521,
  "summary_bg_median": 3.897635832428932,
  "summary_bg_n": 2591320.0,
  "summary_bg_p05": 0.0,
  "summary_bg_p95": 18.898405319079757,
  "summary_bg_stdv": 7.408989208507417,
  "summary_csf_k": 2.482634139549659,
  "summary_csf_mad": 66.41638322733127,
  "summary_csf_mean": 272.157591529014,
  "summary_csf_median": 255.1156506370753,
  "summary_csf_n": 80309.0,
  "summary_csf_p05": 157.83886580877007,
  "summary_csf_p95": 456.8849750518797,
  "summary_csf_stdv": 91.54285845147871,
  "summary_gm_k": 0.26735750783277545,
  "summary_gm_mad": 52.958226580236094,
  "summary_gm_mean": 723.1376626778363,
  "summary_gm_median": 723.9089288506657,
  "summary_gm_n": 33891.0,
  "summary_gm_p05": 632.1862750835717,
  "summary_gm_p95": 813.7725128950551,
  "summary_gm_stdv": 55.03526096877475,
  "summary_wm_k": 0.5728546656010636,
  "summary_wm_mad": 35.77436555061175,
  "summary_wm_mean": 1000.3226913750322,
  "summary_wm_median": 1000.0000144280493,
  "summary_wm_n": 192704.0,
  "summary_wm_p05": 939.5866590254009,
  "summary_wm_p95": 1062.5160417929292,
  "summary_wm_stdv": 37.72378351858815,
  "tpm_overlap_csf": 0.15955520635132792,
  "tpm_overlap_gm": 0.4771261716465733,
  "tpm_overlap_wm": 0.5279890815985745,
  "wm2max": 0.681045021130942
}