{
  "bids_meta": {
    "AcquisitionMatrixPE": 216,
    "AcquisitionNumber": 1,
    "AcquisitionTime": "10:26:34.542500",
    "BaseResolution": 256,
    "BodyPartExamined": "BRAIN",
    "ConsistencyInfo": "N4_VE11C_LATEST_20160120",
    "ConversionSoftware": "dcm2niix",
    "ConversionSoftwareVersion": "v1.0.20181114  Clang4.0.1",
    "DeviceSerialNumber": "67007",
    "DwellTime": 8.2e-06,
    "EchoTime": 0.00298,
    "FlipAngle": 9,
    "ImageOrientationPatientDICOM": [
      0,
      1,
      0,
      0,
      0,
      -1
    ],
    "ImageType": [
      "ORIGINAL",
      "PRIMARY",
      "M",
      "ND",
      "NORM"
    ],
    "ImagingFrequency": 123.211,
    "InPlanePhaseEncodingDirectionDICOM": "ROW",
    "InstitutionAddress": "Perth_Drive_100_London_Ontario_CA_N6A_5K8",
    "InstitutionName": "Robarts-CFMM",
    "InstitutionalDepartmentName": "CFMM",
    "InversionTime": 0.9,
    "MRAcquisitionType": "3D",
    "MagneticFieldStrength": 3,
    "Manufacturer": "Siemens",
    "ManufacturersModelName": "Prisma_fit",
    "Modality": "MR",
    "PartialFourier": 1,
    "PatientPosition": "HFS",
    "PercentPhaseFOV": 84.375,
    "PhaseEncodingSteps": 215,
    "PhaseResolution": 1,
    "PixelBandwidth": 240,
    "ProcedureStepDescription": "Ansari_EnumAdapt",
    "ProtocolName": "MPRAGE_SAG_iPAT2",
    "PulseSequenceDetails": "%SiemensSeq%_tfl",
    "ReceiveCoilActiveElements": "HEA;HEP",
    "ReceiveCoilName": "Head_32",
    "ReconMatrixPE": 256,
    "RepetitionTime": 2.3,
    "SAR": 0.0485052,
    "ScanOptions": "IR",
    "ScanningSequence": "GR_IR",
    "SequenceName": "_tfl3d1_16ns",
    "SequenceVariant": "SK_SP_MP",
    "SeriesDescription": "MPRAGE_SAG_iPAT2",
    "SeriesNumber": 3,
    "ShimSetting": [
      5244,
      -6197,
      -3882,
      257,
      42,
      -266,
      -57,
      -13
    ],
    "SliceThickness": 1,
    "SoftwareVersions": "syngo_MR_E11",
    "StationName": "MRC35368",
    "TxRefAmp": 237.743,
    "dataset": "ds001848",
    "modality": "T1w",
    "session_id": "01",
    "subject_id": "09"
  },
  "cjv": 0.37618518445405025,
  "cnr": 3.5804346386958352,
  "efc": 0.5751637853523437,
  "fber": 3009.6039629656793,
  "fwhm_avg": 3.764476666666667,
  "fwhm_x": 3.87375,
  "fwhm_y": 3.89781,
  "fwhm_z": 3.52187,
  "icvs_csf": 0.2006276314351248,
  "icvs_gm": 0.44347339411446773,
  "icvs_wm": 0.35589897445040747,
  "inu_med": 0.39983174204826355,
  "inu_range": 0.10361305475234983,
  "provenance": {
    "md5sum": "d5293079a319a8a1590de9dc2a992bf3",
    "settings": {
      "testing": false
    },
    "software": "mriqc",
    "version": "22.0.6",
    "warnings": {
      "large_rot_frame": true,
      "small_air_mask": false
    },
    "webapi_port": null,
    "webapi_url": "https://mriqc.nimh.nih.gov/api/v1"
  },
  "qi_1": 0.0,
  "qi_2": 0.013558926860723146,
  "rpve_csf": 25.020554299367213,
  "rpve_gm": 12.038983343104459,
  "rpve_wm": 16.96733312519915,
  "size_x": 192,
  "size_y": 216,
  "size_z": 256,
  "snr_csf": 2.376153790777192,
  "snr_gm": 12.212078018178747,
  "snr_total": 13.125629399993718,
  "snr_wm": 24.788656391025214,
  "snrd_csf": 26.244597935340106,
  "snrd_gm": 63.40484030217534,
  "snrd_total": 58.50816268592697,
  "snrd_wm": 85.87504982026546,
  "spacing_x": 1.0,
  "spacing_y": 1.0,
  "spacing_z": 1.0,
  "summary_bg_k": 15.226663578741523,
  "summary_bg_mad": 0.0,
  "summary_bg_mean": 5.333071189011171,
  "summary_bg_median": 0.0,
  "summary_bg_n": 2370219.0,
  "summary_bg_p05": 0.0,
  "summary_bg_p95": 18.353292955085635,
  "summary_bg_stdv": 7.628949095451412,
  "summary_csf_k": 0.21150385280029615,
  "summary_csf_mad": 121.22714244545925,
  "summary_csf_mean": 315.84591187539,
  "summary_csf_median": 305.6137648271397,
  "summary_csf_n": 30108.0,
  "summary_csf_p05": 107.92514700684697,
  "summary_csf_p95": 544.9999863971025,
  "summary_csf_stdv": 128.61486099068577,
  "summary_gm_k": -0.09121410445119205,
  "summary_gm_mad": 61.057464091442405,
  "summary_gm_mean": 738.1222806005308,
  "summary_gm_median": 738.3383049247786,
  "summary_gm_n": 27280.0,
  "summary_gm_p05": 638.0538762900978,
  "summary_gm_p95": 835.8083623722196,
  "summary_gm_stdv": 60.4585698771441,
  "summary_wm_k": 1.0934385058502425,
  "summary_wm_mad": 37.37577954561578,
  "summary_wm_mean": 1000.7345881460409,
  "summary_wm_median": 999.999975040555,
  "summary_wm_n": 184335.0,
  "summary_wm_p05": 936.4969826135784,
  "summary_wm_p95": 1066.9460811540484,
  "summary_wm_stdv": 40.340922348099674,
  "tpm_overlap_csf": 0.1374992790896446,
  "tpm_overlap_gm": 0.46039346405021264,
  "tpm_overlap_wm": 0.4966362540664293,
  "wm2max": 0.5735915907145116
}