{
  "bids_meta": {
    "AcquisitionMatrixPE": 240,
    "AcquisitionNumber": 1,
    "AcquisitionTime": "11:53:3.907500",
    "BaseResolution": 256,
    "BodyPartExamined": "BRAIN",
    "ConsistencyInfo": "N4_VE11C_LATEST_20160120",
    "ConversionSoftware": "dcm2niix",
    "ConversionSoftwareVersion": "v1.0.20181114  Clang4.0.1",
    "DeviceSerialNumber": "67007",
    "DwellTime": 8.2e-06,
    "EchoTime": 0.00298,
    "FlipAngle": 9,
    "ImageOrientationPatientDICOM": [
      0,
      1,
      0,
      0,
      0,
      -1
    ],
    "ImageType": [
      "ORIGINAL",
      "PRIMARY",
      "M",
      "ND",
      "NORM"
    ],
    "ImagingFrequency": 123.211,
    "InPlanePhaseEncodingDirectionDICOM": "ROW",
    "InstitutionAddress": "Perth_Drive_100_London_Ontario_CA_N6A_5K8",
    "InstitutionName": "Robarts_Research_Institute",
    "InstitutionalDepartmentName": "CFMM",
    "InversionTime": 0.9,
    "MRAcquisitionType": "3D",
    "MagneticFieldStrength": 3,
    "Manufacturer": "Siemens",
    "ManufacturersModelName": "Prisma_fit",
    "Modality": "MR",
    "PartialFourier": 1,
    "PatientPosition": "HFS",
    "PercentPhaseFOV": 93.75,
    "PhaseEncodingSteps": 239,
    "PhaseResolution": 1,
    "PixelBandwidth": 240,
    "ProcedureStepDescription": "Ansari_EnumAdapt",
    "ProtocolName": "MPRAGE_SAG_iPAT2",
    "PulseSequenceDetails": "%SiemensSeq%_tfl",
    "ReceiveCoilActiveElements": "HEA;HEP",
    "ReceiveCoilName": "Head_32",
    "ReconMatrixPE": 256,
    "RepetitionTime": 2.3,
    "SAR": 0.076066,
    "ScanOptions": "IR",
    "ScanningSequence": "GR_IR",
    "SequenceName": "_tfl3d1_16ns",
    "SequenceVariant": "SK_SP_MP",
    "SeriesDescription": "MPRAGE_SAG_iPAT2",
    "SeriesNumber": 5,
    "ShimSetting": [
      5234,
      -6185,
      -3913,
      389,
      35,
      -238,
      81,
      -6
    ],
    "SliceThickness": 1,
    "SoftwareVersions": "syngo_MR_E11",
    "StationName": "MRC35368",
    "TxRefAmp": 265.119,
    "dataset": "ds001848",
    "modality": "T1w",
    "session_id": "01",
    "subject_id": "03"
  },
  "cjv": 0.327745318010958,
  "cnr": 4.024151263975406,
  "efc": 0.5986242221302421,
  "fber": 3449.2043262827,
  "fwhm_avg": 3.8042766666666665,
  "fwhm_x": 3.8059,
  "fwhm_y": 3.98003,
  "fwhm_z": 3.6269,
  "icvs_csf": 0.20704925848209213,
  "icvs_gm": 0.4657350786977468,
  "icvs_wm": 0.3272156628201611,
  "inu_med": 0.5006179511547089,
  "inu_range": 0.16841153204441067,
  "provenance": {
    "md5sum": "f1df6e6272253b0ff9f4988f129f8eed",
    "settings": {
      "testing": false
    },
    "software": "mriqc",
    "version": "22.0.6",
    "warnings": {
      "large_rot_frame": true,
      "small_air_mask": false
    },
    "webapi_port": null,
    "webapi_url": "https://mriqc.nimh.nih.gov/api/v1"
  },
  "qi_1": 0.0,
  "qi_2": 0.01973500583073637,
  "rpve_csf": 22.934867468794007,
  "rpve_gm": 11.037330412307037,
  "rpve_wm": 17.37449271406873,
  "size_x": 192,
  "size_y": 240,
  "size_z": 256,
  "snr_csf": 2.8167093039266278,
  "snr_gm": 12.96822437946556,
  "snr_total": 12.955563282060481,
  "snr_wm": 23.081756162789254,
  "snrd_csf": 31.04264695550508,
  "snrd_gm": 72.14163782223879,
  "snrd_total": 67.96614781635536,
  "snrd_wm": 100.71415867132218,
  "spacing_x": 1.0,
  "spacing_y": 1.0,
  "spacing_z": 1.0,
  "summary_bg_k": 3.474124259834757,
  "summary_bg_mad": 0.0,
  "summary_bg_mean": 4.608505040062172,
  "summary_bg_median": 0.0,
  "summary_bg_n": 2388707.0,
  "summary_bg_p05": 0.0,
  "summary_bg_p95": 17.958098128437996,
  "summary_bg_stdv": 6.504908760110629,
  "summary_csf_k": 1.6887171026777246,
  "summary_csf_mad": 96.43242090467294,
  "summary_csf_mean": 318.8558786322898,
  "summary_csf_median": 308.2252583093941,
  "summary_csf_n": 36523.0,
  "summary_csf_p05": 155.08535946998745,
  "summary_csf_p95": 518.5622539501638,
  "summary_csf_stdv": 109.4259312616862,
  "summary_gm_k": 0.2251373698043455,
  "summary_gm_mad": 52.79746947699392,
  "summary_gm_mean": 716.2735739996212,
  "summary_gm_median": 716.300867786631,
  "summary_gm_n": 36944.0,
  "summary_gm_p05": 624.8475902806967,
  "summary_gm_p95": 807.6668489822187,
  "summary_gm_stdv": 55.23432910685527,
  "summary_wm_k": 0.7341359607019937,
  "summary_wm_mad": 40.183599337354124,
  "summary_wm_mean": 1000.2800888550969,
  "summary_wm_median": 1000.0000198557973,
  "summary_wm_n": 196237.0,
  "summary_wm_p05": 929.5255699474365,
  "summary_wm_p95": 1071.0010189376771,
  "summary_wm_stdv": 43.32415024490828,
  "tpm_overlap_csf": 0.14630542297624932,
  "tpm_overlap_gm": 0.47572613066721203,
  "tpm_overlap_wm": 0.5023741107546572,
  "wm2max": 0.6345943507209207
}