{
  "bids_meta": {
    "AcquisitionMatrixPE": 240,
    "AcquisitionNumber": 1,
    "AcquisitionTime": "16:24:59.035000",
    "BaseResolution": 256,
    "BodyPartExamined": "BRAIN",
    "ConsistencyInfo": "N4_VE11C_LATEST_20160120",
    "ConversionSoftware": "dcm2niix",
    "ConversionSoftwareVersion": "v1.0.20181114  Clang4.0.1",
    "DeviceSerialNumber": "67007",
    "DwellTime": 8.2e-06,
    "EchoTime": 0.00298,
    "FlipAngle": 9,
    "ImageOrientationPatientDICOM": [
      0,
      1,
      0,
      0,
      0,
      -1
    ],
    "ImageType": [
      "ORIGINAL",
      "PRIMARY",
      "M",
      "ND",
      "NORM"
    ],
    "ImagingFrequency": 123.211,
    "InPlanePhaseEncodingDirectionDICOM": "ROW",
    "InstitutionAddress": "Perth_Drive_100_London_Ontario_CA_N6A_5K8",
    "InstitutionName": "Robarts_Research_Institute",
    "InstitutionalDepartmentName": "CFMM",
    "InversionTime": 0.9,
    "MRAcquisitionType": "3D",
    "MagneticFieldStrength": 3,
    "Manufacturer": "Siemens",
    "ManufacturersModelName": "Prisma_fit",
    "Modality": "MR",
    "PartialFourier": 1,
    "PatientPosition": "HFS",
    "PercentPhaseFOV": 93.75,
    "PhaseEncodingSteps": 239,
    "PhaseResolution": 1,
    "PixelBandwidth": 240,
    "ProcedureStepDescription": "Ansari_EnumAdapt",
    "ProtocolName": "MPRAGE_SAG_iPAT2",
    "PulseSequenceDetails": "%SiemensSeq%_tfl",
    "ReceiveCoilActiveElements": "HEA;HEP",
    "ReceiveCoilName": "Head_32",
    "ReconMatrixPE": 256,
    "RepetitionTime": 2.3,
    "SAR": 0.0908427,
    "ScanOptions": "IR",
    "ScanningSequence": "GR_IR",
    "SequenceName": "_tfl3d1_16ns",
    "SequenceVariant": "SK_SP_MP",
    "SeriesDescription": "MPRAGE_SAG_iPAT2",
    "SeriesNumber": 5,
    "ShimSetting": [
      5264,
      -6234,
      -3862,
      281,
      35,
      -172,
      193,
      4
    ],
    "SliceThickness": 1,
    "SoftwareVersions": "syngo_MR_E11",
    "StationName": "MRC35368",
    "TxRefAmp": 315.264,
    "dataset": "ds001848",
    "modality": "T1w",
    "session_id": "01",
    "subject_id": "30"
  },
  "cjv": 0.34864698391363935,
  "cnr": 3.7720121993407405,
  "efc": 0.6302931054575042,
  "fber": 4045.3986325802616,
  "fwhm_avg": 4.008686666666667,
  "fwhm_x": 4.06805,
  "fwhm_y": 4.1239,
  "fwhm_z": 3.83411,
  "icvs_csf": 0.20776933245302526,
  "icvs_gm": 0.42732406041242604,
  "icvs_wm": 0.3649066071345487,
  "inu_med": 0.421466588973999,
  "inu_range": 0.106654591858387,
  "provenance": {
    "md5sum": "6aeef6295b3e461f85b18fcec0bf8358",
    "settings": {
      "testing": false
    },
    "software": "mriqc",
    "version": "22.0.6",
    "warnings": {
      "large_rot_frame": true,
      "small_air_mask": false
    },
    "webapi_port": null,
    "webapi_url": "https://mriqc.nimh.nih.gov/api/v1"
  },
  "qi_1": 0.0,
  "qi_2": 0.009302629411928989,
  "rpve_csf": 22.80813516554976,
  "rpve_gm": 11.569147931042028,
  "rpve_wm": 15.452050909301976,
  "size_x": 192,
  "size_y": 240,
  "size_z": 256,
  "snr_csf": 2.8074435806439664,
  "snr_gm": 11.75199079916809,
  "snr_total": 13.05989889790437,
  "snr_wm": 24.620262313901055,
  "snrd_csf": 26.46230548604425,
  "snrd_gm": 66.37248329843602,
  "snrd_total": 61.63467422573789,
  "snrd_wm": 92.06923389273341,
  "spacing_x": 1.0,
  "spacing_y": 1.0,
  "spacing_z": 1.0,
  "summary_bg_k": 4.7797821594864685,
  "summary_bg_mad": 7.115692994889257,
  "summary_bg_mean": 6.4457669116915906,
  "summary_bg_median": 4.799461990594864,
  "summary_bg_n": 2487800.0,
  "summary_bg_p05": 0.0,
  "summary_bg_p95": 23.99730995297432,
  "summary_bg_stdv": 7.900297808040268,
  "summary_csf_k": 1.4077130072280921,
  "summary_csf_mad": 82.7142657049229,
  "summary_csf_mean": 302.0582887606645,
  "summary_csf_median": 287.4174626469612,
  "summary_csf_n": 51632.0,
  "summary_csf_p05": 154.34702923893929,
  "summary_csf_p95": 496.83449700027694,
  "summary_csf_stdv": 102.37594133261946,
  "summary_gm_k": 0.1472096438012871,
  "summary_gm_mad": 59.599594192862256,
  "summary_gm_mean": 722.9046661372198,
  "summary_gm_median": 720.8975328803062,
  "summary_gm_n": 39576.0,
  "summary_gm_p05": 624.50324293226,
  "summary_gm_p95": 827.3492941334844,
  "summary_gm_stdv": 61.34181326217265,
  "summary_wm_k": 0.9840694446181422,
  "summary_wm_mad": 37.708640584381286,
  "summary_wm_mean": 1001.1449959465452,
  "summary_wm_median": 1000.0000040531158,
  "summary_wm_n": 251836.0,
  "summary_wm_p05": 937.263087682426,
  "summary_wm_p95": 1068.8432422876358,
  "summary_wm_stdv": 40.616871009836366,
  "tpm_overlap_csf": 0.14897448827321466,
  "tpm_overlap_gm": 0.45561505898427557,
  "tpm_overlap_wm": 0.5118524264239012,
  "wm2max": 0.5541589022530916
}