{
  "bids_meta": {
    "AcquisitionMatrixPE": 224,
    "AcquisitionNumber": 1,
    "AcquisitionTime": "09:56:46.952500",
    "BaseResolution": 256,
    "BodyPartExamined": "BRAIN",
    "ConsistencyInfo": "N4_VE11C_LATEST_20160120",
    "ConversionSoftware": "dcm2niix",
    "ConversionSoftwareVersion": "v1.0.20181114  Clang4.0.1",
    "DeviceSerialNumber": "67007",
    "DwellTime": 8.2e-06,
    "EchoTime": 0.00298,
    "FlipAngle": 9,
    "ImageOrientationPatientDICOM": [
      0,
      1,
      0,
      0,
      0,
      -1
    ],
    "ImageType": [
      "ORIGINAL",
      "PRIMARY",
      "M",
      "ND",
      "NORM"
    ],
    "ImagingFrequency": 123.211,
    "InPlanePhaseEncodingDirectionDICOM": "ROW",
    "InstitutionAddress": "Perth_Drive_100_London_Ontario_CA_N6A_5K8",
    "InstitutionName": "Robarts_Research_Institute",
    "InstitutionalDepartmentName": "CFMM",
    "InversionTime": 0.9,
    "MRAcquisitionType": "3D",
    "MagneticFieldStrength": 3,
    "Manufacturer": "Siemens",
    "ManufacturersModelName": "Prisma_fit",
    "Modality": "MR",
    "PartialFourier": 1,
    "PatientPosition": "HFS",
    "PercentPhaseFOV": 87.5,
    "PhaseEncodingSteps": 223,
    "PhaseResolution": 1,
    "PixelBandwidth": 240,
    "ProcedureStepDescription": "Ansari_EnumAdapt",
    "ProtocolName": "MPRAGE_SAG_iPAT2",
    "PulseSequenceDetails": "%SiemensSeq%_tfl",
    "ReceiveCoilActiveElements": "HEA;HEP",
    "ReceiveCoilName": "Head_32",
    "ReconMatrixPE": 256,
    "RepetitionTime": 2.3,
    "SAR": 0.0533044,
    "ScanOptions": "IR",
    "ScanningSequence": "GR_IR",
    "SequenceName": "_tfl3d1_16ns",
    "SequenceVariant": "SK_SP_MP",
    "SeriesDescription": "MPRAGE_SAG_iPAT2",
    "SeriesNumber": 5,
    "ShimSetting": [
      5235,
      -6191,
      -3919,
      380,
      1,
      -53,
      289,
      18
    ],
    "SliceThickness": 1,
    "SoftwareVersions": "syngo_MR_E11",
    "StationName": "MRC35368",
    "TxRefAmp": 239.877,
    "dataset": "ds001848",
    "modality": "T1w",
    "session_id": "01",
    "subject_id": "36"
  },
  "cjv": 0.33141699913162087,
  "cnr": 3.9941759588282157,
  "efc": 0.5574579579080383,
  "fber": 3440.361643686812,
  "fwhm_avg": 3.869616666666667,
  "fwhm_x": 3.89529,
  "fwhm_y": 4.01703,
  "fwhm_z": 3.69653,
  "icvs_csf": 0.22560879517550333,
  "icvs_gm": 0.4428532405342578,
  "icvs_wm": 0.33153796429023885,
  "inu_med": 0.41383902728557587,
  "inu_range": 0.11012265086174011,
  "provenance": {
    "md5sum": "4bfd732b4b714475d7038946256691f8",
    "settings": {
      "testing": false
    },
    "software": "mriqc",
    "version": "22.0.6",
    "warnings": {
      "large_rot_frame": true,
      "small_air_mask": false
    },
    "webapi_port": null,
    "webapi_url": "https://mriqc.nimh.nih.gov/api/v1"
  },
  "qi_1": 0.0,
  "qi_2": 0.015043287471429571,
  "rpve_csf": 24.544994905813656,
  "rpve_gm": 13.066705764437533,
  "rpve_wm": 19.79168957236271,
  "size_x": 192,
  "size_y": 224,
  "size_z": 256,
  "snr_csf": 2.615712227375429,
  "snr_gm": 12.536708626153592,
  "snr_total": 14.06491004471093,
  "snr_wm": 27.042309280603767,
  "snrd_csf": 38.79589759160529,
  "snrd_gm": 98.70104858822057,
  "snrd_total": 91.20420584548226,
  "snrd_wm": 136.11567135662094,
  "spacing_x": 1.0,
  "spacing_y": 1.0,
  "spacing_z": 1.0,
  "summary_bg_k": 8.876115382640425,
  "summary_bg_mad": 0.0,
  "summary_bg_mean": 3.0859693887649366,
  "summary_bg_median": 0.0,
  "summary_bg_n": 2110356.0,
  "summary_bg_p05": 0.0,
  "summary_bg_p95": 12.363275706768036,
  "summary_bg_stdv": 4.813085725949302,
  "summary_csf_k": 0.37751815752354867,
  "summary_csf_mad": 108.89934408098144,
  "summary_csf_mean": 291.94189617626097,
  "summary_csf_median": 285.0215328037739,
  "summary_csf_n": 35956.0,
  "summary_csf_p05": 133.28478810191154,
  "summary_csf_p95": 488.1479836702347,
  "summary_csf_stdv": 108.96365674963764,
  "summary_gm_k": 0.2104425919104651,
  "summary_gm_mad": 56.59733891911796,
  "summary_gm_mean": 725.2980084427672,
  "summary_gm_median": 725.1262608766556,
  "summary_gm_n": 33404.0,
  "summary_gm_p05": 629.9693192839622,
  "summary_gm_p95": 820.2212311625481,
  "summary_gm_stdv": 57.83937622982122,
  "summary_wm_k": 0.6982999205494864,
  "summary_wm_mad": 34.500488253455835,
  "summary_wm_mean": 1000.475633300046,
  "summary_wm_median": 999.9999921917915,
  "summary_wm_n": 170265.0,
  "summary_wm_p05": 940.4455663561821,
  "summary_wm_p95": 1061.8163707256317,
  "summary_wm_stdv": 36.97898153638545,
  "tpm_overlap_csf": 0.15068581246563426,
  "tpm_overlap_gm": 0.4839504193545716,
  "tpm_overlap_wm": 0.5085432583898991,
  "wm2max": 0.5639569426484465
}