{
  "bids_meta": {
    "AcquisitionMatrixPE": 240,
    "AcquisitionNumber": 1,
    "AcquisitionTime": "11:20:31.437500",
    "BaseResolution": 256,
    "BodyPartExamined": "BRAIN",
    "ConsistencyInfo": "N4_VE11C_LATEST_20160120",
    "ConversionSoftware": "dcm2niix",
    "ConversionSoftwareVersion": "v1.0.20181114  Clang4.0.1",
    "DeviceSerialNumber": "67007",
    "DwellTime": 8.2e-06,
    "EchoTime": 0.00298,
    "FlipAngle": 9,
    "ImageOrientationPatientDICOM": [
      0,
      1,
      0,
      0,
      0,
      -1
    ],
    "ImageType": [
      "ORIGINAL",
      "PRIMARY",
      "M",
      "ND",
      "NORM"
    ],
    "ImagingFrequency": 123.211,
    "InPlanePhaseEncodingDirectionDICOM": "ROW",
    "InstitutionAddress": "Perth_Drive_100_London_Ontario_CA_N6A_5K8",
    "InstitutionName": "Robarts_Research_Institute",
    "InstitutionalDepartmentName": "CFMM",
    "InversionTime": 0.9,
    "MRAcquisitionType": "3D",
    "MagneticFieldStrength": 3,
    "Manufacturer": "Siemens",
    "ManufacturersModelName": "Prisma_fit",
    "Modality": "MR",
    "PartialFourier": 1,
    "PatientPosition": "HFS",
    "PercentPhaseFOV": 93.75,
    "PhaseEncodingSteps": 239,
    "PhaseResolution": 1,
    "PixelBandwidth": 240,
    "ProcedureStepDescription": "Ansari_EnumAdapt",
    "ProtocolName": "MPRAGE_SAG_iPAT2",
    "PulseSequenceDetails": "%SiemensSeq%_tfl",
    "ReceiveCoilActiveElements": "HEA;HEP",
    "ReceiveCoilName": "Head_32",
    "ReconMatrixPE": 256,
    "RepetitionTime": 2.3,
    "SAR": 0.0508837,
    "ScanOptions": "IR",
    "ScanningSequence": "GR_IR",
    "SequenceName": "_tfl3d1_16ns",
    "SequenceVariant": "SK_SP_MP",
    "SeriesDescription": "MPRAGE_SAG_iPAT2",
    "SeriesNumber": 5,
    "ShimSetting": [
      5251,
      -6186,
      -3890,
      334,
      0,
      -126,
      74,
      14
    ],
    "SliceThickness": 1,
    "SoftwareVersions": "syngo_MR_E11",
    "StationName": "MRC35368",
    "TxRefAmp": 257.969,
    "dataset": "ds001848",
    "modality": "T1w",
    "session_id": "01",
    "subject_id": "25"
  },
  "cjv": 0.39241325376992187,
  "cnr": 3.4625025058274175,
  "efc": 0.570931800993361,
  "fber": 2774.794245152355,
  "fwhm_avg": 3.7604599999999997,
  "fwhm_x": 3.65929,
  "fwhm_y": 4.02729,
  "fwhm_z": 3.5948,
  "icvs_csf": 0.20465156290973696,
  "icvs_gm": 0.4289190187748286,
  "icvs_wm": 0.36642941831543446,
  "inu_med": 0.38764292001724243,
  "inu_range": 0.0972592830657959,
  "provenance": {
    "md5sum": "d6bc5f57f633fa5398d03cae3554ef56",
    "settings": {
      "testing": false
    },
    "software": "mriqc",
    "version": "22.0.6",
    "warnings": {
      "large_rot_frame": true,
      "small_air_mask": false
    },
    "webapi_port": null,
    "webapi_url": "https://mriqc.nimh.nih.gov/api/v1"
  },
  "qi_1": 0.0,
  "qi_2": 0.023090863803096214,
  "rpve_csf": 24.82031201995097,
  "rpve_gm": 12.504863435839294,
  "rpve_wm": 16.932653471155472,
  "size_x": 192,
  "size_y": 240,
  "size_z": 256,
  "snr_csf": 3.1497344067012256,
  "snr_gm": 12.021484207202759,
  "snr_total": 13.08796883908324,
  "snr_wm": 24.09268790334574,
  "snrd_csf": 29.22176922167382,
  "snrd_gm": 65.65893956447353,
  "snrd_total": 61.15940251186985,
  "snrd_wm": 88.59749874946222,
  "spacing_x": 1.0,
  "spacing_y": 1.0,
  "spacing_z": 1.0,
  "summary_bg_k": 3.102093334104068,
  "summary_bg_mad": 7.394777261952029,
  "summary_bg_mean": 7.154883506533574,
  "summary_bg_median": 4.987701468169689,
  "summary_bg_n": 2867788.0,
  "summary_bg_p05": 0.0,
  "summary_bg_p95": 20.97567603737116,
  "summary_bg_stdv": 8.260086182866594,
  "summary_csf_k": 1.3943996054145256,
  "summary_csf_mad": 80.1269700575898,
  "summary_csf_mean": 341.8235035265517,
  "summary_csf_median": 329.837381336838,
  "summary_csf_n": 34122.0,
  "summary_csf_p05": 174.70620074123144,
  "summary_csf_p95": 535.6945107338947,
  "summary_csf_stdv": 104.71757472396679,
  "summary_gm_k": -0.1260246380193153,
  "summary_gm_mad": 62.45041345196474,
  "summary_gm_mean": 740.3507016346751,
  "summary_gm_median": 741.1177784278989,
  "summary_gm_n": 27955.0,
  "summary_gm_p05": 638.0055911581964,
  "summary_gm_p95": 841.008457146585,
  "summary_gm_stdv": 61.648338090874816,
  "summary_wm_k": 0.7014723817592756,
  "summary_wm_mad": 39.151800160883006,
  "summary_wm_mean": 1001.103111077718,
  "summary_wm_median": 1000.0341443680227,
  "summary_wm_n": 216122.0,
  "summary_wm_p05": 934.9890512488782,
  "summary_wm_p95": 1070.2035883106291,
  "summary_wm_stdv": 41.50769041586962,
  "tpm_overlap_csf": 0.15915222885579597,
  "tpm_overlap_gm": 0.46407545800446426,
  "tpm_overlap_wm": 0.5072320406476458,
  "wm2max": 0.5251987010423955
}