{
  "bids_meta": {
    "AcquisitionMatrixPE": 256,
    "AcquisitionNumber": 1,
    "AcquisitionTime": "11:59:19.590000",
    "BaseResolution": 256,
    "BodyPartExamined": "BRAIN",
    "ConsistencyInfo": "N4_VE11C_LATEST_20160120",
    "ConversionSoftware": "dcm2niix",
    "ConversionSoftwareVersion": "v1.0.20181114  Clang4.0.1",
    "DeviceSerialNumber": "67007",
    "DwellTime": 8.2e-06,
    "EchoTime": 0.00298,
    "FlipAngle": 9,
    "ImageOrientationPatientDICOM": [
      0,
      1,
      0,
      0,
      0,
      -1
    ],
    "ImageType": [
      "ORIGINAL",
      "PRIMARY",
      "M",
      "ND",
      "NORM"
    ],
    "ImagingFrequency": 123.211,
    "InPlanePhaseEncodingDirectionDICOM": "ROW",
    "InstitutionAddress": "Perth_Drive_100_London_Ontario_CA_N6A_5K8",
    "InstitutionName": "Robarts-CFMM",
    "InstitutionalDepartmentName": "CFMM",
    "InversionTime": 0.9,
    "MRAcquisitionType": "3D",
    "MagneticFieldStrength": 3,
    "Manufacturer": "Siemens",
    "ManufacturersModelName": "Prisma_fit",
    "Modality": "MR",
    "PartialFourier": 1,
    "PatientPosition": "HFS",
    "PercentPhaseFOV": 100,
    "PhaseEncodingSteps": 255,
    "PhaseResolution": 1,
    "PixelBandwidth": 240,
    "ProcedureStepDescription": "Ansari_EnumAdapt",
    "ProtocolName": "MPRAGE_SAG_iPAT2",
    "PulseSequenceDetails": "%SiemensSeq%_tfl",
    "ReceiveCoilActiveElements": "HEA;HEP",
    "ReceiveCoilName": "Head_32",
    "ReconMatrixPE": 256,
    "RepetitionTime": 2.3,
    "SAR": 0.0571139,
    "ScanOptions": "IR",
    "ScanningSequence": "GR_IR",
    "SequenceName": "_tfl3d1_16ns",
    "SequenceVariant": "SK_SP_MP",
    "SeriesDescription": "MPRAGE_SAG_iPAT2",
    "SeriesNumber": 5,
    "ShimSetting": [
      5242,
      -6199,
      -3924,
      424,
      -1,
      -18,
      89,
      23
    ],
    "SliceThickness": 1,
    "SoftwareVersions": "syngo_MR_E11",
    "StationName": "MRC35368",
    "TxRefAmp": 254.464,
    "dataset": "ds001848",
    "modality": "T1w",
    "session_id": "01",
    "subject_id": "10"
  },
  "cjv": 0.3427765634128371,
  "cnr": 3.8521731915931916,
  "efc": 0.5915123733771213,
  "fber": 3465.2143654336737,
  "fwhm_avg": 3.79589,
  "fwhm_x": 3.84033,
  "fwhm_y": 3.9625,
  "fwhm_z": 3.58484,
  "icvs_csf": 0.21818685517166228,
  "icvs_gm": 0.4411587176581145,
  "icvs_wm": 0.3406544271702232,
  "inu_med": 0.4677203595638275,
  "inu_range": 0.13190984129905703,
  "provenance": {
    "md5sum": "133f47e8cf0dbc5917cd8d7afcfa7014",
    "settings": {
      "testing": false
    },
    "software": "mriqc",
    "version": "22.0.6",
    "warnings": {
      "large_rot_frame": true,
      "small_air_mask": false
    },
    "webapi_port": null,
    "webapi_url": "https://mriqc.nimh.nih.gov/api/v1"
  },
  "qi_1": 0.0,
  "qi_2": 0.019138600649098263,
  "rpve_csf": 24.017023288350444,
  "rpve_gm": 12.531733757842268,
  "rpve_wm": 18.409999852791803,
  "size_x": 192,
  "size_y": 256,
  "size_z": 256,
  "snr_csf": 3.224844682939063,
  "snr_gm": 11.90607792624004,
  "snr_total": 13.236426506282633,
  "snr_wm": 24.578356909668795,
  "snrd_csf": 37.17300850446093,
  "snrd_gm": 86.15800101968514,
  "snrd_total": 81.0951416879304,
  "snrd_wm": 119.95441553964511,
  "spacing_x": 1.0,
  "spacing_y": 1.0,
  "spacing_z": 1.0,
  "summary_bg_k": 759.970330425566,
  "summary_bg_mad": 5.461683245999621,
  "summary_bg_mean": 5.40197916244805,
  "summary_bg_median": 3.6838493682444096,
  "summary_bg_n": 2637312.0,
  "summary_bg_p05": 0.0,
  "summary_bg_p95": 19.86738073080778,
  "summary_bg_stdv": 7.398568255701048,
  "summary_csf_k": 1.806752315217028,
  "summary_csf_mad": 85.95559425773197,
  "summary_csf_mean": 320.7805169036431,
  "summary_csf_median": 309.90065237134695,
  "summary_csf_n": 41834.0,
  "summary_csf_p05": 186.19063912127166,
  "summary_csf_p95": 495.90582873132075,
  "summary_csf_stdv": 96.09670507726389,
  "summary_gm_k": 0.11532348986327312,
  "summary_gm_mad": 59.0991793998166,
  "summary_gm_mean": 720.0154424433136,
  "summary_gm_median": 718.2744092345238,
  "summary_gm_n": 29937.0,
  "summary_gm_p05": 622.7991959527135,
  "summary_gm_p95": 821.4780844323336,
  "summary_gm_stdv": 60.32737372889911,
  "summary_wm_k": 0.9874180673375115,
  "summary_wm_mad": 37.47844710185947,
  "summary_wm_mean": 1000.4751554154226,
  "summary_wm_median": 1000.025371260941,
  "summary_wm_n": 212177.0,
  "summary_wm_p05": 934.9609696604311,
  "summary_wm_p95": 1066.817371185869,
  "summary_wm_stdv": 40.687138621617514,
  "tpm_overlap_csf": 0.16893371768533938,
  "tpm_overlap_gm": 0.4601314739838269,
  "tpm_overlap_wm": 0.5050745408160986,
  "wm2max": 0.6484678747940692
}