{
  "bids_meta": {
    "AcquisitionMatrixPE": 248,
    "AcquisitionNumber": 1,
    "AcquisitionTime": "12:54:21.600000",
    "BaseResolution": 256,
    "BodyPartExamined": "BRAIN",
    "ConsistencyInfo": "N4_VE11C_LATEST_20160120",
    "ConversionSoftware": "dcm2niix",
    "ConversionSoftwareVersion": "v1.0.20181114  Clang4.0.1",
    "DeviceSerialNumber": "67007",
    "DwellTime": 8.2e-06,
    "EchoTime": 0.00298,
    "FlipAngle": 9,
    "ImageOrientationPatientDICOM": [
      0,
      1,
      0,
      0,
      0,
      -1
    ],
    "ImageType": [
      "ORIGINAL",
      "PRIMARY",
      "M",
      "ND",
      "NORM"
    ],
    "ImagingFrequency": 123.211,
    "InPlanePhaseEncodingDirectionDICOM": "ROW",
    "InstitutionAddress": "Perth_Drive_100_London_Ontario_CA_N6A_5K8",
    "InstitutionName": "Robarts-CFMM",
    "InstitutionalDepartmentName": "CFMM",
    "InversionTime": 0.9,
    "MRAcquisitionType": "3D",
    "MagneticFieldStrength": 3,
    "Manufacturer": "Siemens",
    "ManufacturersModelName": "Prisma_fit",
    "Modality": "MR",
    "PartialFourier": 1,
    "PatientPosition": "HFS",
    "PercentPhaseFOV": 96.875,
    "PhaseEncodingSteps": 247,
    "PhaseResolution": 1,
    "PixelBandwidth": 240,
    "ProcedureStepDescription": "Ansari_EnumAdapt",
    "ProtocolName": "MPRAGE_SAG_iPAT2",
    "PulseSequenceDetails": "%SiemensSeq%_tfl",
    "ReceiveCoilActiveElements": "HEA;HEP",
    "ReceiveCoilName": "Head_32",
    "ReconMatrixPE": 256,
    "RepetitionTime": 2.3,
    "SAR": 0.105605,
    "ScanOptions": "IR",
    "ScanningSequence": "GR_IR",
    "SequenceName": "_tfl3d1_16ns",
    "SequenceVariant": "SK_SP_MP",
    "SeriesDescription": "MPRAGE_SAG_iPAT2",
    "SeriesNumber": 6,
    "ShimSetting": [
      5258,
      -6207,
      -3759,
      315,
      16,
      -67,
      167,
      31
    ],
    "SliceThickness": 1,
    "SoftwareVersions": "syngo_MR_E11",
    "StationName": "MRC35368",
    "TxRefAmp": 308.164,
    "dataset": "ds001848",
    "modality": "T1w",
    "session_id": "01",
    "subject_id": "11"
  },
  "cjv": 0.3939224927134428,
  "cnr": 3.365401354100555,
  "efc": 0.6298731522707048,
  "fber": 1860.8415150367991,
  "fwhm_avg": 3.85385,
  "fwhm_x": 3.9949,
  "fwhm_y": 3.99509,
  "fwhm_z": 3.57156,
  "icvs_csf": 0.19849881507454395,
  "icvs_gm": 0.4325683456501809,
  "icvs_wm": 0.36893283927527515,
  "inu_med": 0.5040044784545898,
  "inu_range": 0.1859167143702507,
  "provenance": {
    "md5sum": "614e48b1c33a9d097e56fc09f6175183",
    "settings": {
      "testing": false
    },
    "software": "mriqc",
    "version": "22.0.6",
    "warnings": {
      "large_rot_frame": true,
      "small_air_mask": false
    },
    "webapi_port": null,
    "webapi_url": "https://mriqc.nimh.nih.gov/api/v1"
  },
  "qi_1": 0.0,
  "qi_2": 0.012522420812496302,
  "rpve_csf": 24.954304821432988,
  "rpve_gm": 12.192281706943461,
  "rpve_wm": 16.40861442516269,
  "size_x": 192,
  "size_y": 248,
  "size_z": 256,
  "snr_csf": 2.734208392091848,
  "snr_gm": 12.521264331701953,
  "snr_total": 12.661971705469975,
  "snr_wm": 22.730442392616123,
  "snrd_csf": 29.363257500358504,
  "snrd_gm": 66.48726434205156,
  "snrd_total": 61.554369744373226,
  "snrd_wm": 88.81258739070962,
  "spacing_x": 1.0,
  "spacing_y": 1.0,
  "spacing_z": 1.0,
  "summary_bg_k": 7.74539117323558,
  "summary_bg_mad": 7.37661631451588,
  "summary_bg_mean": 6.516558947366212,
  "summary_bg_median": 4.975452095270157,
  "summary_bg_n": 2161773.0,
  "summary_bg_p05": 0.0,
  "summary_bg_p95": 21.812909185886383,
  "summary_bg_stdv": 8.32314792494926,
  "summary_csf_k": 0.5720032611003116,
  "summary_csf_mad": 124.37659030965186,
  "summary_csf_mean": 332.8276324461425,
  "summary_csf_median": 330.6204392313957,
  "summary_csf_n": 30163.0,
  "summary_csf_p05": 149.39536291360855,
  "summary_csf_p95": 538.5317317873239,
  "summary_csf_stdv": 120.91798107974489,
  "summary_gm_k": 0.02163065784513929,
  "summary_gm_mad": 59.30604109816078,
  "summary_gm_mean": 748.3616121341497,
  "summary_gm_median": 748.6243152618408,
  "summary_gm_n": 23914.0,
  "summary_gm_p05": 649.4777235090733,
  "summary_gm_p95": 847.1119067370892,
  "summary_gm_stdv": 59.78698658849276,
  "summary_wm_k": 1.2932422336325118,
  "summary_wm_mad": 39.71648386557226,
  "summary_wm_mean": 1002.3552888786242,
  "summary_wm_median": 999.9999711215496,
  "summary_wm_n": 224629.0,
  "summary_wm_p05": 935.5167939662933,
  "summary_wm_p95": 1078.1244540214539,
  "summary_wm_stdv": 43.9937651874083,
  "tpm_overlap_csf": 0.13851203738274123,
  "tpm_overlap_gm": 0.45528321428336826,
  "tpm_overlap_wm": 0.4942520115437029,
  "wm2max": 0.5650935430535651
}