{
  "bids_meta": {
    "AcquisitionMatrixPE": 216,
    "AcquisitionNumber": 1,
    "AcquisitionTime": "12:50:35.887500",
    "BaseResolution": 256,
    "BodyPartExamined": "BRAIN",
    "ConsistencyInfo": "N4_VE11C_LATEST_20160120",
    "ConversionSoftware": "dcm2niix",
    "ConversionSoftwareVersion": "v1.0.20181114  Clang4.0.1",
    "DeviceSerialNumber": "67007",
    "DwellTime": 8.2e-06,
    "EchoTime": 0.00298,
    "FlipAngle": 9,
    "ImageOrientationPatientDICOM": [
      0,
      1,
      0,
      0,
      0,
      -1
    ],
    "ImageType": [
      "ORIGINAL",
      "PRIMARY",
      "M",
      "ND",
      "NORM"
    ],
    "ImagingFrequency": 123.211,
    "InPlanePhaseEncodingDirectionDICOM": "ROW",
    "InstitutionAddress": "Perth_Drive_100_London_Ontario_CA_N6A_5K8",
    "InstitutionName": "Robarts_Research_Institute",
    "InstitutionalDepartmentName": "CFMM",
    "InversionTime": 0.9,
    "MRAcquisitionType": "3D",
    "MagneticFieldStrength": 3,
    "Manufacturer": "Siemens",
    "ManufacturersModelName": "Prisma_fit",
    "Modality": "MR",
    "PartialFourier": 1,
    "PatientPosition": "HFS",
    "PercentPhaseFOV": 84.375,
    "PhaseEncodingSteps": 215,
    "PhaseResolution": 1,
    "PixelBandwidth": 240,
    "ProcedureStepDescription": "Ansari_EnumAdapt",
    "ProtocolName": "MPRAGE_SAG_iPAT2",
    "PulseSequenceDetails": "%SiemensSeq%_tfl",
    "ReceiveCoilActiveElements": "HEA;HEP",
    "ReceiveCoilName": "Head_32",
    "ReconMatrixPE": 256,
    "RepetitionTime": 2.3,
    "SAR": 0.0736444,
    "ScanOptions": "IR",
    "ScanningSequence": "GR_IR",
    "SequenceName": "_tfl3d1_16ns",
    "SequenceVariant": "SK_SP_MP",
    "SeriesDescription": "MPRAGE_SAG_iPAT2",
    "SeriesNumber": 5,
    "ShimSetting": [
      5236,
      -6194,
      -3920,
      397,
      32,
      -281,
      24,
      -25
    ],
    "SliceThickness": 1,
    "SoftwareVersions": "syngo_MR_E11",
    "StationName": "MRC35368",
    "TxRefAmp": 266.303,
    "dataset": "ds001848",
    "modality": "T1w",
    "session_id": "01",
    "subject_id": "43"
  },
  "cjv": 0.3459662706861951,
  "cnr": 3.779336254300999,
  "efc": 0.6209424372220496,
  "fber": 5881.091001752781,
  "fwhm_avg": 3.727726666666667,
  "fwhm_x": 3.85428,
  "fwhm_y": 3.79443,
  "fwhm_z": 3.53447,
  "icvs_csf": 0.2216866618469112,
  "icvs_gm": 0.42691677049163274,
  "icvs_wm": 0.3513965676614561,
  "inu_med": 0.4702606797218323,
  "inu_range": 0.14522119611501694,
  "provenance": {
    "md5sum": "e6a5efb401d33e7bfc7ba2ec1f777493",
    "settings": {
      "testing": false
    },
    "software": "mriqc",
    "version": "22.0.6",
    "warnings": {
      "large_rot_frame": true,
      "small_air_mask": false
    },
    "webapi_port": null,
    "webapi_url": "https://mriqc.nimh.nih.gov/api/v1"
  },
  "qi_1": 0.0,
  "qi_2": 0.030066693514106242,
  "rpve_csf": 21.121800499492892,
  "rpve_gm": 11.379010803470766,
  "rpve_wm": 15.872706717227903,
  "size_x": 192,
  "size_y": 216,
  "size_z": 256,
  "snr_csf": 2.938320151790077,
  "snr_gm": 12.313080152341106,
  "snr_total": 13.336470664777638,
  "snr_wm": 24.75801169020173,
  "snrd_csf": 34.91282785131827,
  "snrd_gm": 82.32491515604994,
  "snrd_total": 76.7529818189554,
  "snrd_wm": 113.021202449498,
  "spacing_x": 1.0,
  "spacing_y": 1.0,
  "spacing_z": 1.0,
  "summary_bg_k": 4.181750069030242,
  "summary_bg_mad": 0.0,
  "summary_bg_mean": 3.7552344719940254,
  "summary_bg_median": 0.0,
  "summary_bg_n": 2044817.0,
  "summary_bg_p05": 0.0,
  "summary_bg_p95": 16.332654390484095,
  "summary_bg_stdv": 5.796579774818751,
  "summary_csf_k": 4.037627641173236,
  "summary_csf_mad": 92.07510609309679,
  "summary_csf_mean": 318.031535565438,
  "summary_csf_median": 308.90512541309,
  "summary_csf_n": 45705.0,
  "summary_csf_p05": 166.80820159986615,
  "summary_csf_p95": 508.7126484833656,
  "summary_csf_stdv": 105.12868921726584,
  "summary_gm_k": 0.28450600545618476,
  "summary_gm_mad": 56.61318054675824,
  "summary_gm_mean": 729.9395992083821,
  "summary_gm_median": 728.402418423444,
  "summary_gm_n": 25229.0,
  "summary_gm_p05": 635.2468454614282,
  "summary_gm_p95": 829.6422307163476,
  "summary_gm_stdv": 59.155627467073096,
  "summary_wm_k": 0.9924745161043842,
  "summary_wm_mad": 37.35043045709031,
  "summary_wm_mean": 1000.7544042394827,
  "summary_wm_median": 1000.0000247955322,
  "summary_wm_n": 213308.0,
  "summary_wm_p05": 936.3111645206809,
  "summary_wm_p95": 1067.2837674058974,
  "summary_wm_stdv": 40.39087198428516,
  "tpm_overlap_csf": 0.16239160257521051,
  "tpm_overlap_gm": 0.4593052477748946,
  "tpm_overlap_wm": 0.5134664206483268,
  "wm2max": 0.6155820835399161
}