{
  "bids_meta": {
    "AcquisitionMatrixPE": 240,
    "AcquisitionNumber": 1,
    "AcquisitionTime": "16:46:20.002500",
    "BaseResolution": 256,
    "BodyPartExamined": "BRAIN",
    "ConsistencyInfo": "N4_VE11C_LATEST_20160120",
    "ConversionSoftware": "dcm2niix",
    "ConversionSoftwareVersion": "v1.0.20181114  Clang4.0.1",
    "DeviceSerialNumber": "67007",
    "DwellTime": 8.2e-06,
    "EchoTime": 0.00298,
    "FlipAngle": 9,
    "ImageOrientationPatientDICOM": [
      0,
      1,
      0,
      0,
      0,
      -1
    ],
    "ImageType": [
      "ORIGINAL",
      "PRIMARY",
      "M",
      "ND",
      "NORM"
    ],
    "ImagingFrequency": 123.211,
    "InPlanePhaseEncodingDirectionDICOM": "ROW",
    "InstitutionAddress": "Perth_Drive_100_London_Ontario_CA_N6A_5K8",
    "InstitutionName": "Robarts_Research_Institute",
    "InstitutionalDepartmentName": "CFMM",
    "InversionTime": 0.9,
    "MRAcquisitionType": "3D",
    "MagneticFieldStrength": 3,
    "Manufacturer": "Siemens",
    "ManufacturersModelName": "Prisma_fit",
    "Modality": "MR",
    "PartialFourier": 1,
    "PatientPosition": "HFS",
    "PercentPhaseFOV": 93.75,
    "PhaseEncodingSteps": 239,
    "PhaseResolution": 1,
    "PixelBandwidth": 240,
    "ProcedureStepDescription": "Ansari_EnumAdapt",
    "ProtocolName": "MPRAGE_SAG_iPAT2",
    "PulseSequenceDetails": "%SiemensSeq%_tfl",
    "ReceiveCoilActiveElements": "HEA;HEP",
    "ReceiveCoilName": "Head_32",
    "ReconMatrixPE": 256,
    "RepetitionTime": 2.3,
    "SAR": 0.058853,
    "ScanOptions": "IR",
    "ScanningSequence": "GR_IR",
    "SequenceName": "_tfl3d1_16ns",
    "SequenceVariant": "SK_SP_MP",
    "SeriesDescription": "MPRAGE_SAG_iPAT2",
    "SeriesNumber": 5,
    "ShimSetting": [
      5226,
      -6175,
      -3880,
      341,
      -6,
      -91,
      69,
      -2
    ],
    "SliceThickness": 1,
    "SoftwareVersions": "syngo_MR_E11",
    "StationName": "MRC35368",
    "TxRefAmp": 262.741,
    "dataset": "ds001848",
    "modality": "T1w",
    "session_id": "01",
    "subject_id": "47"
  },
  "cjv": 0.3599455151568155,
  "cnr": 3.699384350018163,
  "efc": 0.6026811079144505,
  "fber": 2502.0458729338843,
  "fwhm_avg": 3.9997166666666666,
  "fwhm_x": 3.98561,
  "fwhm_y": 4.17806,
  "fwhm_z": 3.83548,
  "icvs_csf": 0.20923107736066124,
  "icvs_gm": 0.4395701749809918,
  "icvs_wm": 0.3511987476583469,
  "inu_med": 0.48294880986213684,
  "inu_range": 0.14592360854148861,
  "provenance": {
    "md5sum": "2c67231d252db3d8d534a97e0a639ba1",
    "settings": {
      "testing": false
    },
    "software": "mriqc",
    "version": "22.0.6",
    "warnings": {
      "large_rot_frame": true,
      "small_air_mask": false
    },
    "webapi_port": null,
    "webapi_url": "https://mriqc.nimh.nih.gov/api/v1"
  },
  "qi_1": 0.0,
  "qi_2": 0.014785860165428266,
  "rpve_csf": 24.359802159207806,
  "rpve_gm": 12.180047676876715,
  "rpve_wm": 16.88731647346567,
  "size_x": 192,
  "size_y": 240,
  "size_z": 256,
  "snr_csf": 3.3468148967348488,
  "snr_gm": 14.273554800799202,
  "snr_total": 13.334553225733051,
  "snr_wm": 22.3832899796651,
  "snrd_csf": 26.356524232619872,
  "snrd_gm": 64.60545911815466,
  "snrd_total": 59.26810057141217,
  "snrd_wm": 86.84231836346198,
  "spacing_x": 1.0,
  "spacing_y": 1.0,
  "spacing_z": 1.0,
  "summary_bg_k": 2.5073512961269024,
  "summary_bg_mad": 7.54421518167009,
  "summary_bg_mean": 7.99998134313487,
  "summary_bg_median": 5.088495813310146,
  "summary_bg_n": 2390780.0,
  "summary_bg_p05": 0.0,
  "summary_bg_p95": 25.189634554088116,
  "summary_bg_stdv": 8.865919183650274,
  "summary_csf_k": 2.4631478685738832,
  "summary_csf_mad": 67.56992727930603,
  "summary_csf_mean": 311.6777663607048,
  "summary_csf_median": 303.50823164731264,
  "summary_csf_n": 54350.0,
  "summary_csf_p05": 179.20354820787907,
  "summary_csf_p95": 475.94818914681673,
  "summary_csf_stdv": 90.68485973530363,
  "summary_gm_k": 0.24366006646142635,
  "summary_gm_mad": 50.37286534344936,
  "summary_gm_mean": 744.6182505672855,
  "summary_gm_median": 743.9633723571897,
  "summary_gm_n": 37153.0,
  "summary_gm_p05": 659.2035706669092,
  "summary_gm_p95": 831.9848682582378,
  "summary_gm_stdv": 52.12109880929595,
  "summary_wm_k": 0.7351248727678037,
  "summary_wm_mad": 41.79776361521566,
  "summary_wm_mean": 1000.7298540706163,
  "summary_wm_median": 1000.031652353704,
  "summary_wm_n": 219470.0,
  "summary_wm_p05": 928.7294998392463,
  "summary_wm_p95": 1074.5259668380022,
  "summary_wm_stdv": 44.67749714058161,
  "tpm_overlap_csf": 0.153766309344015,
  "tpm_overlap_gm": 0.45702760536498466,
  "tpm_overlap_wm": 0.4922615314129502,
  "wm2max": 0.5462974153559281
}