{
  "aor": 0.0001789646133682831,
  "aqi": 0.005506499344692005,
  "bids_meta": {
    "AcquisitionMatrixPE": 84,
    "AcquisitionNumber": 1,
    "AcquisitionTime": "13:43:51.807500",
    "BandwidthPerPixelPhaseEncode": 15.664,
    "BaseResolution": 84,
    "BodyPartExamined": "BRAIN",
    "ConsistencyInfo": "N4_VE11C_LATEST_20160120",
    "ConversionSoftware": "dcm2niix",
    "ConversionSoftwareVersion": "v1.0.20181114  Clang4.0.1",
    "DerivedVendorReportedEchoSpacing": 0.000760008,
    "DeviceSerialNumber": "67007",
    "DwellTime": 3.8e-06,
    "EchoTime": 0.03,
    "EchoTrainLength": 74,
    "EffectiveEchoSpacing": 0.000760008,
    "FlipAngle": 40,
    "ImageComments": "Unaliased_MB4_PE3",
    "ImageOrientationPatientDICOM": [
      1,
      0,
      0,
      0,
      0.943801,
      -0.330514
    ],
    "ImageType": [
      "ORIGINAL",
      "PRIMARY",
      "M",
      "MB",
      "ND",
      "NORM",
      "MOSAIC"
    ],
    "ImagingFrequency": 123.211,
    "InPlanePhaseEncodingDirectionDICOM": "COL",
    "InstitutionAddress": "Perth_Drive_100_London_Ontario_CA_N6A_5K8",
    "InstitutionName": "Robarts_Research_Institute",
    "InstitutionalDepartmentName": "CFMM",
    "MRAcquisitionType": "2D",
    "MagneticFieldStrength": 3,
    "Manufacturer": "Siemens",
    "ManufacturersModelName": "Prisma_fit",
    "Modality": "MR",
    "MultibandAccelerationFactor": 4,
    "PartialFourier": 0.875,
    "PatientPosition": "HFS",
    "PercentPhaseFOV": 100,
    "PhaseEncodingDirection": "j-",
    "PhaseEncodingSteps": 74,
    "PhaseResolution": 1,
    "PixelBandwidth": 1565,
    "ProcedureStepDescription": "Ansari_EnumAdapt",
    "ProtocolName": "ep_bold_mb4_EnumAdapt",
    "PulseSequenceDetails": "%CustomerSeq%_cmrr_mbep2d_bold",
    "ReceiveCoilActiveElements": "HEA;HEP",
    "ReceiveCoilName": "Head_32",
    "ReconMatrixPE": 84,
    "RepetitionTime": 1,
    "SAR": 0.0578082,
    "ScanOptions": "PFP_FS",
    "ScanningSequence": "EP",
    "SequenceName": "epfid2d1_84",
    "SequenceVariant": "SK_SS",
    "SeriesDescription": "ep_bold_mb4_EnumAdapt",
    "SeriesNumber": 5,
    "ShimSetting": [
      5238,
      -6231,
      -3891,
      592,
      36,
      225,
      237,
      -11
    ],
    "SliceThickness": 2.5,
    "SliceTiming": [
      0,
      0.4075,
      0.815,
      0.245,
      0.6525,
      0.08,
      0.49,
      0.8975,
      0.325,
      0.735,
      0.1625,
      0.57,
      0,
      0.4075,
      0.815,
      0.245,
      0.6525,
      0.08,
      0.49,
      0.8975,
      0.325,
      0.735,
      0.1625,
      0.57,
      0,
      0.4075,
      0.815,
      0.245,
      0.6525,
      0.08,
      0.49,
      0.8975,
      0.325,
      0.735,
      0.1625,
      0.57,
      0,
      0.4075,
      0.815,
      0.245,
      0.6525,
      0.08,
      0.49,
      0.8975,
      0.325,
      0.735,
      0.1625,
      0.57
    ],
    "SoftwareVersions": "syngo_MR_E11",
    "SpacingBetweenSlices": 2.5,
    "StationName": "MRC35368",
    "TaskName": "ParallelAdaptation",
    "TotalReadoutTime": 0.0630806,
    "TxRefAmp": 241.303,
    "WipMemBlock": "092d41a0-4c1d-4d2a-adb2-e3214ef03c89||Sequence: R016 ve11c/master r/e634e98; Dec 19 2017 11:00:25 by eja",
    "dataset": "ds001848",
    "modality": "bold",
    "run_id": 3,
    "session_id": "01",
    "subject_id": "39",
    "task_id": "ParallelAdaptation"
  },
  "dummy_trs": 7,
  "dvars_nstd": 28.947123780354264,
  "dvars_std": 1.2164556476115487,
  "dvars_vstd": 0.9956960586876644,
  "efc": 0.5117616141301187,
  "fber": 4575.14794921875,
  "fd_mean": 0.17110465229453953,
  "fd_num": 290,
  "fd_perc": 38.00786369593709,
  "fwhm_avg": 2.0472505718625964,
  "fwhm_x": 1.9210395449213047,
  "fwhm_y": 2.145428368580971,
  "fwhm_z": 2.0752838020855138,
  "gcor": 0.0278125,
  "gsr_x": -0.00992878433316946,
  "gsr_y": 0.0296935997903347,
  "provenance": {
    "md5sum": "b9be3526a34aa2ed40d28c3e332151b1",
    "settings": {
      "fd_thres": 0.2,
      "testing": false
    },
    "software": "mriqc",
    "version": "22.0.6",
    "webapi_port": null,
    "webapi_url": "https://mriqc.nimh.nih.gov/api/v1"
  },
  "size_t": 763,
  "size_x": 84,
  "size_y": 84,
  "size_z": 48,
  "snr": 4.623041839719785,
  "spacing_tr": 1.0,
  "spacing_x": 2.4761905670166016,
  "spacing_y": 2.4761908054351807,
  "spacing_z": 2.500000238418579,
  "summary_bg_k": 27.541074608153643,
  "summary_bg_mad": 30.777456549128125,
  "summary_bg_mean": 153.30294799804688,
  "summary_bg_median": 50.51820755004883,
  "summary_bg_n": 214205.0,
  "summary_bg_p05": 25.50690269470215,
  "summary_bg_p95": 611.0214965820311,
  "summary_bg_stdv": 293.089111328125,
  "summary_fg_k": 2.9063814217565227,
  "summary_fg_mad": 682.3253213456297,
  "summary_fg_mean": 3607.89208984375,
  "summary_fg_median": 3525.6767578125,
  "summary_fg_n": 67571.0,
  "summary_fg_p05": 2570.7708740234375,
  "summary_fg_p95": 4893.7099609375,
  "summary_fg_stdv": 762.625732421875,
  "tsnr": 59.336544036865234
}