{
  "aor": 0.00018698162729658793,
  "aqi": 0.005247346062992125,
  "bids_meta": {
    "AcquisitionMatrixPE": 84,
    "AcquisitionNumber": 1,
    "AcquisitionTime": "12:35:25.252500",
    "BandwidthPerPixelPhaseEncode": 15.664,
    "BaseResolution": 84,
    "BodyPartExamined": "BRAIN",
    "ConsistencyInfo": "N4_VE11C_LATEST_20160120",
    "ConversionSoftware": "dcm2niix",
    "ConversionSoftwareVersion": "v1.0.20181114  Clang4.0.1",
    "DerivedVendorReportedEchoSpacing": 0.000760008,
    "DeviceSerialNumber": "67007",
    "DwellTime": 3.8e-06,
    "EchoTime": 0.03,
    "EchoTrainLength": 74,
    "EffectiveEchoSpacing": 0.000760008,
    "FlipAngle": 40,
    "ImageComments": "Unaliased_MB4_PE3",
    "ImageOrientationPatientDICOM": [
      1,
      0,
      0,
      0,
      0.890213,
      -0.455545
    ],
    "ImageType": [
      "ORIGINAL",
      "PRIMARY",
      "M",
      "MB",
      "ND",
      "NORM",
      "MOSAIC"
    ],
    "ImagingFrequency": 123.211,
    "InPlanePhaseEncodingDirectionDICOM": "COL",
    "InstitutionAddress": "Perth_Drive_100_London_Ontario_CA_N6A_5K8",
    "InstitutionName": "Robarts_Research_Institute",
    "InstitutionalDepartmentName": "CFMM",
    "MRAcquisitionType": "2D",
    "MagneticFieldStrength": 3,
    "Manufacturer": "Siemens",
    "ManufacturersModelName": "Prisma_fit",
    "Modality": "MR",
    "MultibandAccelerationFactor": 4,
    "PartialFourier": 0.875,
    "PatientPosition": "HFS",
    "PercentPhaseFOV": 100,
    "PhaseEncodingDirection": "j-",
    "PhaseEncodingSteps": 74,
    "PhaseResolution": 1,
    "PixelBandwidth": 1565,
    "ProcedureStepDescription": "Ansari_EnumAdapt",
    "ProtocolName": "ep_bold_mb4_EnumAdapt",
    "PulseSequenceDetails": "%CustomerSeq%_cmrr_mbep2d_bold",
    "ReceiveCoilActiveElements": "HEA;HEP",
    "ReceiveCoilName": "Head_32",
    "ReconMatrixPE": 84,
    "RepetitionTime": 1,
    "SAR": 0.121213,
    "ScanOptions": "PFP_FS",
    "ScanningSequence": "EP",
    "SequenceName": "epfid2d1_84",
    "SequenceVariant": "SK_SS",
    "SeriesDescription": "ep_bold_mb4_EnumAdapt",
    "SeriesNumber": 4,
    "ShimSetting": [
      5249,
      -6202,
      -3890,
      520,
      93,
      -77,
      85,
      -26
    ],
    "SliceThickness": 2.5,
    "SliceTiming": [
      0,
      0.4075,
      0.8175,
      0.245,
      0.6525,
      0.0825,
      0.49,
      0.8975,
      0.3275,
      0.735,
      0.1625,
      0.5725,
      0,
      0.4075,
      0.8175,
      0.245,
      0.6525,
      0.0825,
      0.49,
      0.8975,
      0.3275,
      0.735,
      0.1625,
      0.5725,
      0,
      0.4075,
      0.8175,
      0.245,
      0.6525,
      0.0825,
      0.49,
      0.8975,
      0.3275,
      0.735,
      0.1625,
      0.5725,
      0,
      0.4075,
      0.8175,
      0.245,
      0.6525,
      0.0825,
      0.49,
      0.8975,
      0.3275,
      0.735,
      0.1625,
      0.5725
    ],
    "SoftwareVersions": "syngo_MR_E11",
    "SpacingBetweenSlices": 2.5,
    "StationName": "MRC35368",
    "TaskName": "ParallelAdaptation",
    "TotalReadoutTime": 0.0630806,
    "TxRefAmp": 298.431,
    "WipMemBlock": "039c2dea-e0d6-42d8-983e-9c8f3882937a||Sequence: R016 ve11c/master r/e634e98; Dec 19 2017 11:00:25 by eja",
    "dataset": "ds001848",
    "modality": "bold",
    "run_id": 3,
    "session_id": "01",
    "subject_id": "04",
    "task_id": "ParallelAdaptation"
  },
  "dummy_trs": 8,
  "dvars_nstd": 28.22144067006572,
  "dvars_std": 1.1427487834559789,
  "dvars_vstd": 0.9957384459132708,
  "efc": 0.5627816597754419,
  "fber": 3435.16455078125,
  "fd_mean": 0.19586081295558108,
  "fd_num": 384,
  "fd_perc": 50.39370078740158,
  "fwhm_avg": 1.897299184791888,
  "fwhm_x": 1.807603202928279,
  "fwhm_y": 1.9528343514473858,
  "fwhm_z": 1.93146,
  "gcor": 0.00838955,
  "gsr_x": -0.010352917946875095,
  "gsr_y": 0.04397163912653923,
  "provenance": {
    "md5sum": "0ecc96158b2b1832c9cef40cb39e037c",
    "settings": {
      "fd_thres": 0.2,
      "testing": false
    },
    "software": "mriqc",
    "version": "22.0.6",
    "webapi_port": null,
    "webapi_url": "https://mriqc.nimh.nih.gov/api/v1"
  },
  "size_t": 762,
  "size_x": 84,
  "size_y": 84,
  "size_z": 48,
  "snr": 4.63457426460451,
  "spacing_tr": 1.0,
  "spacing_x": 2.4761905670166016,
  "spacing_y": 2.4761905670166016,
  "spacing_z": 2.5,
  "summary_bg_k": 20.00104744824192,
  "summary_bg_mad": 36.871998872641086,
  "summary_bg_mean": 171.16769409179688,
  "summary_bg_median": 54.399452209472656,
  "summary_bg_n": 195068.0,
  "summary_bg_p05": 24.64033203125,
  "summary_bg_p95": 689.8412261962887,
  "summary_bg_stdv": 297.6362609863281,
  "summary_fg_k": 2.688897734764887,
  "summary_fg_mad": 597.1408471993631,
  "summary_fg_mean": 3424.103515625,
  "summary_fg_median": 3308.4951171875,
  "summary_fg_n": 83494.0,
  "summary_fg_p05": 2518.9284912109374,
  "summary_fg_p95": 4736.433496093749,
  "summary_fg_stdv": 713.8682250976562,
  "tsnr": 58.98929214477539
}