{
  "bids_meta": {
    "AcquisitionMatrixPE": 232,
    "AcquisitionNumber": 1,
    "AcquisitionTime": "09:48:14.147500",
    "BaseResolution": 256,
    "BodyPartExamined": "BRAIN",
    "ConsistencyInfo": "N4_VE11C_LATEST_20160120",
    "ConversionSoftware": "dcm2niix",
    "ConversionSoftwareVersion": "v1.0.20181114  Clang4.0.1",
    "DeviceSerialNumber": "67007",
    "DwellTime": 8.2e-06,
    "EchoTime": 0.00298,
    "FlipAngle": 9,
    "ImageOrientationPatientDICOM": [
      0,
      1,
      0,
      0,
      0,
      -1
    ],
    "ImageType": [
      "ORIGINAL",
      "PRIMARY",
      "M",
      "ND",
      "NORM"
    ],
    "ImagingFrequency": 123.211,
    "InPlanePhaseEncodingDirectionDICOM": "ROW",
    "InstitutionAddress": "Perth_Drive_100_London_Ontario_CA_N6A_5K8",
    "InstitutionName": "Robarts_Research_Institute",
    "InstitutionalDepartmentName": "CFMM",
    "InversionTime": 0.9,
    "MRAcquisitionType": "3D",
    "MagneticFieldStrength": 3,
    "Manufacturer": "Siemens",
    "ManufacturersModelName": "Prisma_fit",
    "Modality": "MR",
    "PartialFourier": 1,
    "PatientPosition": "HFS",
    "PercentPhaseFOV": 90.625,
    "PhaseEncodingSteps": 238,
    "PhaseOversampling": 0.03,
    "PhaseResolution": 1,
    "PixelBandwidth": 240,
    "ProcedureStepDescription": "Ansari_EnumAdapt",
    "ProtocolName": "MPRAGE_SAG_iPAT2",
    "PulseSequenceDetails": "%SiemensSeq%_tfl",
    "ReceiveCoilActiveElements": "HEA;HEP",
    "ReceiveCoilName": "Head_32",
    "ReconMatrixPE": 256,
    "RepetitionTime": 2.3,
    "SAR": 0.0571129,
    "ScanOptions": "IR",
    "ScanningSequence": "GR_IR",
    "SequenceName": "_tfl3d1_16ns",
    "SequenceVariant": "SK_SP_MP_OSP",
    "SeriesDescription": "MPRAGE_SAG_iPAT2",
    "SeriesNumber": 5,
    "ShimSetting": [
      5264,
      -6220,
      -3977,
      423,
      -36,
      -283,
      244,
      26
    ],
    "SliceThickness": 1,
    "SoftwareVersions": "syngo_MR_E11",
    "StationName": "MRC35368",
    "TxRefAmp": 251.228,
    "dataset": "ds001848",
    "modality": "T1w",
    "session_id": "01",
    "subject_id": "01"
  },
  "cjv": 0.3426873359087361,
  "cnr": 3.9126276795189665,
  "efc": 0.5461784155484811,
  "fber": 5226.610693212018,
  "fwhm_avg": 4.0116000000000005,
  "fwhm_x": 4.02812,
  "fwhm_y": 4.19693,
  "fwhm_z": 3.80975,
  "icvs_csf": 0.2550564922279941,
  "icvs_gm": 0.4139872007894644,
  "icvs_wm": 0.3309563069825415,
  "inu_med": 0.40939030051231384,
  "inu_range": 0.11286397129297254,
  "provenance": {
    "md5sum": "f8e7ebd341584da07c5e9a7df5ad0963",
    "settings": {
      "testing": false
    },
    "software": "mriqc",
    "version": "22.0.6",
    "warnings": {
      "large_rot_frame": true,
      "small_air_mask": false
    },
    "webapi_port": null,
    "webapi_url": "https://mriqc.nimh.nih.gov/api/v1"
  },
  "qi_1": 0.0,
  "qi_2": 0.012761305544033819,
  "rpve_csf": 21.400993427513786,
  "rpve_gm": 12.842917278244041,
  "rpve_wm": 18.169959510924034,
  "size_x": 192,
  "size_y": 232,
  "size_z": 256,
  "snr_csf": 3.068075641529902,
  "snr_gm": 12.384963648954896,
  "snr_total": 13.699990353629817,
  "snr_wm": 25.646931770404652,
  "snrd_csf": 29.124985457567742,
  "snrd_gm": 74.98587231371313,
  "snrd_total": 69.22939433086577,
  "snrd_wm": 103.57732522131644,
  "spacing_x": 1.0,
  "spacing_y": 1.0,
  "spacing_z": 1.0,
  "summary_bg_k": 5.251830072337457,
  "summary_bg_mad": 6.325094665471529,
  "summary_bg_mean": 5.0164968438648,
  "summary_bg_median": 4.266211520880461,
  "summary_bg_n": 3189338.0,
  "summary_bg_p05": 0.0,
  "summary_bg_p95": 17.696877419948578,
  "summary_bg_stdv": 6.349429711492321,
  "summary_csf_k": 1.269692744425134,
  "summary_csf_mad": 79.13396214801047,
  "summary_csf_mean": 289.48078156681277,
  "summary_csf_median": 281.19074157625437,
  "summary_csf_n": 84374.0,
  "summary_csf_p05": 162.35778977964074,
  "summary_csf_p95": 466.028305914253,
  "summary_csf_stdv": 91.6499813204888,
  "summary_gm_k": 0.020619908061880743,
  "summary_gm_mad": 57.95660815695023,
  "summary_gm_mean": 724.4241739094813,
  "summary_gm_median": 723.9602943100035,
  "summary_gm_n": 26689.0,
  "summary_gm_p05": 627.8283280394971,
  "summary_gm_p95": 820.8380575574934,
  "summary_gm_stdv": 58.453682368898434,
  "summary_wm_k": 0.6182668200319976,
  "summary_wm_mad": 36.638696506657304,
  "summary_wm_mean": 999.3291519670038,
  "summary_wm_median": 999.99998049438,
  "summary_wm_n": 188394.0,
  "summary_wm_p05": 934.2687215059996,
  "summary_wm_p95": 1061.4966295287013,
  "summary_wm_stdv": 38.990914602600675,
  "tpm_overlap_csf": 0.1475418659965998,
  "tpm_overlap_gm": 0.4561283647401168,
  "tpm_overlap_wm": 0.49190177461992646,
  "wm2max": 0.5527819023495502
}