{
  "bids_meta": {
    "AcquisitionMatrixPE": 232,
    "AcquisitionNumber": 1,
    "AcquisitionTime": "14:52:20.115000",
    "BaseResolution": 256,
    "BodyPartExamined": "BRAIN",
    "ConsistencyInfo": "N4_VE11C_LATEST_20160120",
    "ConversionSoftware": "dcm2niix",
    "ConversionSoftwareVersion": "v1.0.20181114  Clang4.0.1",
    "DeviceSerialNumber": "67007",
    "DwellTime": 8.2e-06,
    "EchoTime": 0.00298,
    "FlipAngle": 9,
    "ImageOrientationPatientDICOM": [
      0,
      1,
      0,
      0,
      0,
      -1
    ],
    "ImageType": [
      "ORIGINAL",
      "PRIMARY",
      "M",
      "ND",
      "NORM"
    ],
    "ImagingFrequency": 123.211,
    "InPlanePhaseEncodingDirectionDICOM": "ROW",
    "InstitutionAddress": "Perth_Drive_100_London_Ontario_CA_N6A_5K8",
    "InstitutionName": "Robarts_Research_Institute",
    "InstitutionalDepartmentName": "CFMM",
    "InversionTime": 0.9,
    "MRAcquisitionType": "3D",
    "MagneticFieldStrength": 3,
    "Manufacturer": "Siemens",
    "ManufacturersModelName": "Prisma_fit",
    "Modality": "MR",
    "PartialFourier": 1,
    "PatientPosition": "HFS",
    "PercentPhaseFOV": 90.625,
    "PhaseEncodingSteps": 231,
    "PhaseResolution": 1,
    "PixelBandwidth": 240,
    "ProcedureStepDescription": "Ansari_EnumAdapt",
    "ProtocolName": "MPRAGE_SAG_iPAT2",
    "PulseSequenceDetails": "%SiemensSeq%_tfl",
    "ReceiveCoilActiveElements": "HEA;HEP",
    "ReceiveCoilName": "Head_32",
    "ReconMatrixPE": 256,
    "RepetitionTime": 2.3,
    "SAR": 0.0818545,
    "ScanOptions": "IR",
    "ScanningSequence": "GR_IR",
    "SequenceName": "_tfl3d1_16ns",
    "SequenceVariant": "SK_SP_MP",
    "SeriesDescription": "MPRAGE_SAG_iPAT2",
    "SeriesNumber": 6,
    "ShimSetting": [
      5251,
      -6209,
      -3912,
      449,
      25,
      -169,
      175,
      15
    ],
    "SliceThickness": 1,
    "SoftwareVersions": "syngo_MR_E11",
    "StationName": "MRC35368",
    "TxRefAmp": 277.274,
    "dataset": "ds001848",
    "modality": "T1w",
    "session_id": "01",
    "subject_id": "06"
  },
  "cjv": 0.33625656949401533,
  "cnr": 3.950758113686825,
  "efc": 0.6000011411193376,
  "fber": 2199.015831985422,
  "fwhm_avg": 3.72108,
  "fwhm_x": 3.72594,
  "fwhm_y": 3.85138,
  "fwhm_z": 3.58592,
  "icvs_csf": 0.18703720354482384,
  "icvs_gm": 0.4726783330198879,
  "icvs_wm": 0.3402844634352883,
  "inu_med": 0.48223012685775757,
  "inu_range": 0.17167131304740885,
  "provenance": {
    "md5sum": "65b4bda51ac47dac0ea983ac63bd4ba0",
    "settings": {
      "testing": false
    },
    "software": "mriqc",
    "version": "22.0.6",
    "warnings": {
      "large_rot_frame": true,
      "small_air_mask": false
    },
    "webapi_port": null,
    "webapi_url": "https://mriqc.nimh.nih.gov/api/v1"
  },
  "qi_1": 0.0,
  "qi_2": 0.014234812909612699,
  "rpve_csf": 23.45380809725658,
  "rpve_gm": 10.280773011233117,
  "rpve_wm": 15.508150296623644,
  "size_x": 192,
  "size_y": 232,
  "size_z": 256,
  "snr_csf": 2.6610888842243834,
  "snr_gm": 13.463892071819743,
  "snr_total": 12.974738572114108,
  "snr_wm": 22.799234760298198,
  "snrd_csf": 28.43663027193878,
  "snrd_gm": 63.43669287018851,
  "snrd_total": 59.82307363607356,
  "snrd_wm": 87.5958977660934,
  "spacing_x": 1.0,
  "spacing_y": 1.0,
  "spacing_z": 1.0,
  "summary_bg_k": 4.4852949982349495,
  "summary_bg_mad": 7.479327901101401,
  "summary_bg_mean": 7.038035433475061,
  "summary_bg_median": 5.044730007648468,
  "summary_bg_n": 2369274.0,
  "summary_bg_p05": 0.0,
  "summary_bg_p95": 19.640815496444702,
  "summary_bg_stdv": 7.520666272616768,
  "summary_csf_k": 1.442983583454276,
  "summary_csf_mad": 108.15108144992625,
  "summary_csf_mean": 332.35665420718607,
  "summary_csf_median": 324.6451917588711,
  "summary_csf_n": 34437.0,
  "summary_csf_p05": 131.35804309248925,
  "summary_csf_p95": 541.3869718074795,
  "summary_csf_stdv": 121.99535311990596,
  "summary_gm_k": 0.19770930341841542,
  "summary_gm_mad": 52.25557093569512,
  "summary_gm_mean": 725.1512057908426,
  "summary_gm_median": 724.2214398980141,
  "summary_gm_n": 57137.0,
  "summary_gm_p05": 638.1852511942386,
  "summary_gm_p95": 814.7575277686119,
  "summary_gm_stdv": 53.78943164576329,
  "summary_wm_k": 0.9679279494844546,
  "summary_wm_mad": 40.48809503796225,
  "summary_wm_mean": 1001.213330283233,
  "summary_wm_median": 1000.033645182848,
  "summary_wm_n": 213546.0,
  "summary_wm_p05": 931.862527012825,
  "summary_wm_p95": 1074.5190837457776,
  "summary_wm_stdv": 43.862494254712814,
  "tpm_overlap_csf": 0.1557731549860597,
  "tpm_overlap_gm": 0.4828708951811666,
  "tpm_overlap_wm": 0.5049566605989377,
  "wm2max": 0.5474647420554554
}